{
  "bids_meta": {
    "AcquisitionMatrixPE": 240,
    "AcquisitionNumber": 1,
    "AcquisitionTime": "16:45:29.165000",
    "BaseResolution": 256,
    "BodyPartExamined": "BRAIN",
    "ConsistencyInfo": "N4_VE11C_LATEST_20160120",
    "ConversionSoftware": "dcm2niix",
    "ConversionSoftwareVersion": "v1.0.20181114  Clang4.0.1",
    "DeviceSerialNumber": "67007",
    "DwellTime": 8.2e-06,
    "EchoTime": 0.00298,
    "FlipAngle": 9,
    "ImageOrientationPatientDICOM": [
      0,
      1,
      0,
      -0.0366437,
      0,
      -0.999328
    ],
    "ImageType": [
      "ORIGINAL",
      "PRIMARY",
      "M",
      "ND",
      "NORM"
    ],
    "ImagingFrequency": 123.211,
    "InPlanePhaseEncodingDirectionDICOM": "ROW",
    "InstitutionAddress": "Perth_Drive_100_London_Ontario_CA_N6A_5K8",
    "InstitutionName": "Robarts_Research_Institute",
    "InstitutionalDepartmentName": "CFMM",
    "InversionTime": 0.9,
    "MRAcquisitionType": "3D",
    "MagneticFieldStrength": 3,
    "Manufacturer": "Siemens",
    "ManufacturersModelName": "Prisma_fit",
    "Modality": "MR",
    "PartialFourier": 1,
    "PatientPosition": "HFS",
    "PercentPhaseFOV": 93.75,
    "PhaseEncodingSteps": 239,
    "PhaseResolution": 1,
    "PixelBandwidth": 240,
    "ProcedureStepDescription": "Ansari_NCNS",
    "ProtocolName": "MPRAGE_SAG_iPAT2",
    "PulseSequenceDetails": "%SiemensSeq%_tfl",
    "ReceiveCoilActiveElements": "HEA;HEP",
    "ReceiveCoilName": "Head_32",
    "ReconMatrixPE": 256,
    "RepetitionTime": 2.3,
    "SAR": 0.0647191,
    "ScanOptions": "IR",
    "ScanningSequence": "GR_IR",
    "SequenceName": "_tfl3d1_16ns",
    "SequenceVariant": "SK_SP_MP",
    "SeriesDescription": "MPRAGE_SAG_iPAT2",
    "SeriesNumber": 13,
    "ShimSetting": [
      5240,
      -6193,
      -3861,
      207,
      -4,
      -152,
      9,
      72
    ],
    "SliceThickness": 1,
    "SoftwareVersions": "syngo_MR_E11",
    "StationName": "MRC35368",
    "TxRefAmp": 259.431,
    "dataset": "ds001838",
    "modality": "T1w",
    "session_id": "01",
    "subject_id": "104"
  },
  "cjv": 0.3537819604676757,
  "cnr": 3.7433147041448263,
  "efc": 0.563956072770534,
  "fber": 4249.250384467513,
  "fwhm_avg": 3.75621,
  "fwhm_x": 3.8053,
  "fwhm_y": 3.82605,
  "fwhm_z": 3.63728,
  "icvs_csf": 0.2025174520599967,
  "icvs_gm": 0.4523849235165765,
  "icvs_wm": 0.3450976244234268,
  "inu_med": 0.4280230402946472,
  "inu_range": 0.12233204245567325,
  "provenance": {
    "md5sum": "9603f9954682cb363ff2a3aeeaf499ab",
    "settings": {
      "testing": false
    },
    "software": "mriqc",
    "version": "22.0.1",
    "warnings": {
      "large_rot_frame": true,
      "small_air_mask": false
    },
    "webapi_port": null,
    "webapi_url": "https://mriqc.nimh.nih.gov/api/v1"
  },
  "qi_1": 0.0,
  "qi_2": 0.015278594759177257,
  "rpve_csf": 27.86452078912916,
  "rpve_gm": 13.345860022095147,
  "rpve_wm": 19.488532110091743,
  "size_x": 192,
  "size_y": 240,
  "size_z": 256,
  "snr_csf": 2.806320205447408,
  "snr_gm": 12.813329933937752,
  "snr_total": 13.360670032572445,
  "snr_wm": 24.462359958332176,
  "snrd_csf": 29.151362240298507,
  "snrd_gm": 68.68374454813416,
  "snrd_total": 63.762826019925626,
  "snrd_wm": 93.45337127134422,
  "spacing_x": 1.0,
  "spacing_y": 1.0,
  "spacing_z": 1.0,
  "summary_bg_k": 5.418681973436064,
  "summary_bg_mad": 7.010302234908851,
  "summary_bg_mean": 5.638339526996824,
  "summary_bg_median": 4.728377003222704,
  "summary_bg_n": 2736641.0,
  "summary_bg_p05": 0.0,
  "summary_bg_p95": 19.086076516658068,
  "summary_bg_stdv": 7.24364478334342,
  "summary_csf_k": 1.2753528705207486,
  "summary_csf_mad": 94.357644680087,
  "summary_csf_mean": 313.99746233217394,
  "summary_csf_median": 311.93482740968466,
  "summary_csf_n": 29602.0,
  "summary_csf_p05": 116.27665783837438,
  "summary_csf_p95": 500.3744564684105,
  "summary_csf_stdv": 111.15251849960411,
  "summary_gm_k": 0.1797371180451517,
  "summary_gm_mad": 55.49396185225291,
  "summary_gm_mean": 735.6360502263135,
  "summary_gm_median": 734.9520006943494,
  "summary_gm_n": 31478.0,
  "summary_gm_p05": 641.7477518096566,
  "summary_gm_p95": 831.8837292604148,
  "summary_gm_stdv": 57.357480868182805,
  "summary_wm_k": 0.6142225590933434,
  "summary_wm_mad": 38.275226800816206,
  "summary_wm_mean": 1001.095046889084,
  "summary_wm_median": 999.9999656304717,
  "summary_wm_n": 185003.0,
  "summary_wm_p05": 936.115105535835,
  "summary_wm_p95": 1069.9247233569622,
  "summary_wm_stdv": 40.879018405067065,
  "tpm_overlap_csf": 0.14265619342413344,
  "tpm_overlap_gm": 0.47141742287656674,
  "tpm_overlap_wm": 0.5101946827892229,
  "wm2max": 0.5015513531746905
}