{
  "bids_meta": {
    "AcquisitionMatrixPE": 256,
    "AcquisitionNumber": 1,
    "AcquisitionTime": "14:35:0.452500",
    "BaseResolution": 256,
    "BodyPartExamined": "BRAIN",
    "ConsistencyInfo": "N4_VE11C_LATEST_20160120",
    "ConversionSoftware": "dcm2niix",
    "ConversionSoftwareVersion": "v1.0.20181114  Clang4.0.1",
    "DeviceSerialNumber": "67007",
    "DwellTime": 8.2e-06,
    "EchoTime": 0.00298,
    "FlipAngle": 9,
    "ImageOrientationPatientDICOM": [
      0,
      1,
      0,
      0,
      0,
      -1
    ],
    "ImageType": [
      "ORIGINAL",
      "PRIMARY",
      "M",
      "ND",
      "NORM"
    ],
    "ImagingFrequency": 123.211,
    "InPlanePhaseEncodingDirectionDICOM": "ROW",
    "InstitutionAddress": "Perth_Drive_100_London_Ontario_CA_N6A_5K8",
    "InstitutionName": "Robarts_Research_Institute",
    "InstitutionalDepartmentName": "CFMM",
    "InversionTime": 0.9,
    "MRAcquisitionType": "3D",
    "MagneticFieldStrength": 3,
    "Manufacturer": "Siemens",
    "ManufacturersModelName": "Prisma_fit",
    "Modality": "MR",
    "PartialFourier": 1,
    "PatientPosition": "HFS",
    "PercentPhaseFOV": 100,
    "PhaseEncodingSteps": 255,
    "PhaseResolution": 1,
    "PixelBandwidth": 240,
    "ProcedureStepDescription": "Ansari_NCNS",
    "ProtocolName": "MPRAGE_SAG_iPAT2",
    "PulseSequenceDetails": "%SiemensSeq%_tfl",
    "ReceiveCoilActiveElements": "HEA;HEP",
    "ReceiveCoilName": "Head_32",
    "ReconMatrixPE": 256,
    "RepetitionTime": 2.3,
    "SAR": 0.0628666,
    "ScanOptions": "IR",
    "ScanningSequence": "GR_IR",
    "SequenceName": "_tfl3d1_16ns",
    "SequenceVariant": "SK_SP_MP",
    "SeriesDescription": "MPRAGE_SAG_iPAT2",
    "SeriesNumber": 10,
    "ShimSetting": [
      5255,
      -6199,
      -3899,
      357,
      10,
      -72,
      101,
      3
    ],
    "SliceThickness": 1,
    "SoftwareVersions": "syngo_MR_E11",
    "StationName": "MRC35368",
    "TxRefAmp": 270.337,
    "dataset": "ds001838",
    "modality": "T1w",
    "session_id": "01",
    "subject_id": "110"
  },
  "cjv": 0.3510289987964266,
  "cnr": 3.8168809290843364,
  "efc": 0.5825770644289077,
  "fber": 6549.864327879081,
  "fwhm_avg": 3.7840833333333332,
  "fwhm_x": 3.77315,
  "fwhm_y": 3.98214,
  "fwhm_z": 3.59696,
  "icvs_csf": 0.23309762313935783,
  "icvs_gm": 0.4254577551760165,
  "icvs_wm": 0.34144462168462564,
  "inu_med": 0.48042282462120056,
  "inu_range": 0.12893883883953094,
  "provenance": {
    "md5sum": "c883d4ae30dc26a25c87714278254eb4",
    "settings": {
      "testing": false
    },
    "software": "mriqc",
    "version": "22.0.1",
    "warnings": {
      "large_rot_frame": true,
      "small_air_mask": false
    },
    "webapi_port": null,
    "webapi_url": "https://mriqc.nimh.nih.gov/api/v1"
  },
  "qi_1": 0.0,
  "qi_2": 0.01085503692781639,
  "rpve_csf": 25.171000814979525,
  "rpve_gm": 13.865072674191685,
  "rpve_wm": 19.49640893409182,
  "size_x": 192,
  "size_y": 256,
  "size_z": 256,
  "snr_csf": 2.938487693956038,
  "snr_gm": 12.435012090640315,
  "snr_total": 12.831146999974434,
  "snr_wm": 23.11994121532695,
  "snrd_csf": 37.244406314344644,
  "snrd_gm": 91.07294415703791,
  "snrd_total": 84.827467036852,
  "snrd_wm": 126.16505063917346,
  "spacing_x": 1.0,
  "spacing_y": 1.0,
  "spacing_z": 1.0,
  "summary_bg_k": 7.907872480941476,
  "summary_bg_mad": 5.192817022819779,
  "summary_bg_mean": 5.960650598460782,
  "summary_bg_median": 3.502501856535673,
  "summary_bg_n": 3269477.0,
  "summary_bg_p05": 0.0,
  "summary_bg_p95": 22.96878768503666,
  "summary_bg_stdv": 8.35875761258934,
  "summary_csf_k": 1.1734571579885449,
  "summary_csf_mad": 85.41654123250493,
  "summary_csf_mean": 301.5164725356085,
  "summary_csf_median": 295.2108707651496,
  "summary_csf_n": 54784.0,
  "summary_csf_p05": 143.32737954352052,
  "summary_csf_p95": 483.6990803690627,
  "summary_csf_stdv": 100.46262131488318,
  "summary_gm_k": 0.19654958470307538,
  "summary_gm_mad": 56.41448153362712,
  "summary_gm_mean": 722.9675292043338,
  "summary_gm_median": 721.8727805949748,
  "summary_gm_n": 26104.0,
  "summary_gm_p05": 628.4489045441151,
  "summary_gm_p95": 819.605686991103,
  "summary_gm_stdv": 58.05052285751084,
  "summary_wm_k": 0.4684994594319698,
  "summary_wm_mad": 41.22460860973253,
  "summary_wm_mean": 999.8819214572314,
  "summary_wm_median": 1000.023846399039,
  "summary_wm_n": 188757.0,
  "summary_wm_p05": 928.5442166738212,
  "summary_wm_p95": 1070.1691897027194,
  "summary_wm_stdv": 43.25362197551924,
  "tpm_overlap_csf": 0.15249785079482223,
  "tpm_overlap_gm": 0.46611799974533025,
  "tpm_overlap_wm": 0.4967284938908693,
  "wm2max": 0.7214363064441274
}