{
  "bids_meta": {
    "AcquisitionMatrixPE": 256,
    "AcquisitionNumber": 1,
    "AcquisitionTime": "15:35:56.877500",
    "BaseResolution": 256,
    "BodyPartExamined": "BRAIN",
    "ConsistencyInfo": "N4_VE11C_LATEST_20160120",
    "ConversionSoftware": "dcm2niix",
    "ConversionSoftwareVersion": "v1.0.20181114  Clang4.0.1",
    "DeviceSerialNumber": "67007",
    "DwellTime": 8.2e-06,
    "EchoTime": 0.00298,
    "FlipAngle": 9,
    "ImageOrientationPatientDICOM": [
      -0.0697565,
      0.997564,
      0,
      0,
      0,
      -1
    ],
    "ImageType": [
      "ORIGINAL",
      "PRIMARY",
      "M",
      "ND",
      "NORM"
    ],
    "ImagingFrequency": 123.211,
    "InPlanePhaseEncodingDirectionDICOM": "ROW",
    "InstitutionAddress": "Perth_Drive_100_London_Ontario_CA_N6A_5K8",
    "InstitutionName": "Robarts-CFMM",
    "InstitutionalDepartmentName": "CFMM",
    "InversionTime": 0.9,
    "MRAcquisitionType": "3D",
    "MagneticFieldStrength": 3,
    "Manufacturer": "Siemens",
    "ManufacturersModelName": "Prisma_fit",
    "Modality": "MR",
    "PartialFourier": 1,
    "PatientPosition": "HFS",
    "PercentPhaseFOV": 100,
    "PhaseEncodingSteps": 255,
    "PhaseResolution": 1,
    "PixelBandwidth": 240,
    "ProcedureStepDescription": "Ansari_NCNS",
    "ProtocolName": "MPRAGE_SAG_iPAT2",
    "PulseSequenceDetails": "%SiemensSeq%_tfl",
    "ReceiveCoilActiveElements": "HEA;HEP",
    "ReceiveCoilName": "Head_32",
    "ReconMatrixPE": 256,
    "RepetitionTime": 2.3,
    "SAR": 0.0702706,
    "ScanOptions": "IR",
    "ScanningSequence": "GR_IR",
    "SequenceName": "_tfl3d1_16ns",
    "SequenceVariant": "SK_SP_MP",
    "SeriesDescription": "MPRAGE_SAG_iPAT2",
    "SeriesNumber": 10,
    "ShimSetting": [
      5251,
      -6182,
      -3889,
      338,
      41,
      -196,
      88,
      -13
    ],
    "SliceThickness": 1,
    "SoftwareVersions": "syngo_MR_E11",
    "StationName": "MRC35368",
    "TxRefAmp": 245.131,
    "dataset": "ds001838",
    "modality": "T1w",
    "session_id": "01",
    "subject_id": "125"
  },
  "cjv": 0.3409075117113927,
  "cnr": 3.8884862231950406,
  "efc": 0.5299140087089288,
  "fber": 5410.304236536853,
  "fwhm_avg": 4.078203333333334,
  "fwhm_x": 4.06153,
  "fwhm_y": 4.39158,
  "fwhm_z": 3.7815,
  "icvs_csf": 0.24724900980405232,
  "icvs_gm": 0.4154658041237774,
  "icvs_wm": 0.33728518607217023,
  "inu_med": 0.413287028670311,
  "inu_range": 0.10800490230321885,
  "provenance": {
    "md5sum": "2480b75580e03891d24f83bd309c1055",
    "settings": {
      "testing": false
    },
    "software": "mriqc",
    "version": "22.0.1",
    "warnings": {
      "large_rot_frame": true,
      "small_air_mask": false
    },
    "webapi_port": null,
    "webapi_url": "https://mriqc.nimh.nih.gov/api/v1"
  },
  "qi_1": 0.0,
  "qi_2": 0.010793835032971414,
  "rpve_csf": 23.621751851565023,
  "rpve_gm": 13.881302421331023,
  "rpve_wm": 19.50445938529089,
  "size_x": 192,
  "size_y": 256,
  "size_z": 256,
  "snr_csf": 2.8393660645416894,
  "snr_gm": 12.254338781934441,
  "snr_total": 13.825837045727544,
  "snr_wm": 26.3838062907065,
  "snrd_csf": 28.00633750083115,
  "snrd_gm": 75.02331109862173,
  "snrd_total": 68.81007356868572,
  "snrd_wm": 103.4005721066043,
  "spacing_x": 1.0,
  "spacing_y": 1.0,
  "spacing_z": 1.0,
  "summary_bg_k": 10.0562519474548,
  "summary_bg_mad": 6.335906798627938,
  "summary_bg_mean": 4.943941538749561,
  "summary_bg_median": 4.273504193872213,
  "summary_bg_n": 3554263.0,
  "summary_bg_p05": 0.0,
  "summary_bg_p95": 17.000436391681433,
  "summary_bg_stdv": 6.254536332082886,
  "summary_csf_k": 1.4122379471118043,
  "summary_csf_mad": 77.18706895554764,
  "summary_csf_mean": 279.31624917798047,
  "summary_csf_median": 270.85282419994473,
  "summary_csf_n": 71801.0,
  "summary_csf_p05": 141.18160570412874,
  "summary_csf_p95": 464.8449598327279,
  "summary_csf_stdv": 95.3913415534313,
  "summary_gm_k": 0.15726308895593144,
  "summary_gm_mad": 57.716873610858876,
  "summary_gm_mean": 726.6313958767314,
  "summary_gm_median": 725.5599091202021,
  "summary_gm_n": 31056.0,
  "summary_gm_p05": 630.0455307140946,
  "summary_gm_p95": 826.0340478681028,
  "summary_gm_stdv": 59.207456269988604,
  "summary_wm_k": 0.5777415857576345,
  "summary_wm_mad": 35.84180853238432,
  "summary_wm_mean": 999.4558013309808,
  "summary_wm_median": 999.9999813660979,
  "summary_wm_n": 201642.0,
  "summary_wm_p05": 936.2093530707061,
  "summary_wm_p95": 1060.1409746930003,
  "summary_wm_stdv": 37.90194222556787,
  "tpm_overlap_csf": 0.14134965825730017,
  "tpm_overlap_gm": 0.4465189445594063,
  "tpm_overlap_wm": 0.4732039444583857,
  "wm2max": 0.5554054054054054
}