{
  "aor": 0.0007561197916666667,
  "aqi": 0.005991967812499999,
  "bids_meta": {
    "AcquisitionMatrixPE": 84,
    "AcquisitionNumber": 1,
    "AcquisitionTime": "16:07:12.790000",
    "BandwidthPerPixelPhaseEncode": 15.664,
    "BaseResolution": 84,
    "BodyPartExamined": "BRAIN",
    "ConsistencyInfo": "N4_VE11C_LATEST_20160120",
    "ConversionSoftware": "dcm2niix",
    "ConversionSoftwareVersion": "v1.0.20181114  Clang4.0.1",
    "DerivedVendorReportedEchoSpacing": 0.000760008,
    "DeviceSerialNumber": "67007",
    "DwellTime": 3.8e-06,
    "EchoTime": 0.03,
    "EchoTrainLength": 74,
    "EffectiveEchoSpacing": 0.000760008,
    "FlipAngle": 40,
    "ImageComments": "Unaliased_MB4_PE3",
    "ImageOrientationPatientDICOM": [
      0.999966,
      -0.00281645,
      -0.00769587,
      5.29674e-08,
      0.93909,
      -0.343671
    ],
    "ImageType": [
      "ORIGINAL",
      "PRIMARY",
      "M",
      "MB",
      "ND",
      "NORM",
      "MOSAIC"
    ],
    "ImagingFrequency": 123.211,
    "InPlanePhaseEncodingDirectionDICOM": "COL",
    "InstitutionAddress": "Perth_Drive_100_London_Ontario_CA_N6A_5K8",
    "InstitutionName": "Robarts_Research_Institute",
    "InstitutionalDepartmentName": "CFMM",
    "MRAcquisitionType": "2D",
    "MagneticFieldStrength": 3,
    "Manufacturer": "Siemens",
    "ManufacturersModelName": "Prisma_fit",
    "Modality": "MR",
    "MultibandAccelerationFactor": 4,
    "PartialFourier": 0.875,
    "PatientPosition": "HFS",
    "PercentPhaseFOV": 100,
    "PhaseEncodingDirection": "j-",
    "PhaseEncodingSteps": 74,
    "PhaseResolution": 1,
    "PixelBandwidth": 1565,
    "ProcedureStepDescription": "Ansari_NCNS",
    "ProtocolName": "ep_bold_mb4_adaptation_3",
    "PulseSequenceDetails": "%CustomerSeq%_cmrr_mbep2d_bold",
    "ReceiveCoilActiveElements": "HEA;HEP",
    "ReceiveCoilName": "Head_32",
    "ReconMatrixPE": 84,
    "RepetitionTime": 1,
    "SAR": 0.0402822,
    "ScanOptions": "PFP_FS",
    "ScanningSequence": "EP",
    "SequenceName": "epfid2d1_84",
    "SequenceVariant": "SK_SS",
    "SeriesDescription": "ep_bold_mb4_adaptation_3",
    "SeriesNumber": 6,
    "ShimSetting": [
      5258,
      -6199,
      -4073,
      328,
      -39,
      210,
      50,
      -46
    ],
    "SliceThickness": 2.5,
    "SliceTiming": [
      0,
      0.4075,
      0.815,
      0.245,
      0.6525,
      0.08,
      0.49,
      0.8975,
      0.325,
      0.735,
      0.1625,
      0.57,
      0,
      0.4075,
      0.815,
      0.245,
      0.6525,
      0.08,
      0.49,
      0.8975,
      0.325,
      0.735,
      0.1625,
      0.57,
      0,
      0.4075,
      0.815,
      0.245,
      0.6525,
      0.08,
      0.49,
      0.8975,
      0.325,
      0.735,
      0.1625,
      0.57,
      0,
      0.4075,
      0.815,
      0.245,
      0.6525,
      0.08,
      0.49,
      0.8975,
      0.325,
      0.735,
      0.1625,
      0.57
    ],
    "SoftwareVersions": "syngo_MR_E11",
    "SpacingBetweenSlices": 2.5,
    "StationName": "MRC35368",
    "TaskName": "Adaptation",
    "TotalReadoutTime": 0.0630806,
    "TxRefAmp": 232.103,
    "WipMemBlock": "60730afe-fb2e-4067-8d5e-f2130ce672ae||Sequence: R016 ve11c/master r/e634e98; Dec 19 2017 11:00:25 by eja",
    "dataset": "ds001838",
    "modality": "bold",
    "run_id": 3,
    "session_id": "01",
    "subject_id": "101",
    "task_id": "Adaptation"
  },
  "dummy_trs": 2,
  "dvars_nstd": 23.446247310026088,
  "dvars_std": 1.0845776794516961,
  "dvars_vstd": 0.9990626424543086,
  "efc": 0.5267269037769637,
  "fber": 6495.38427734375,
  "fd_mean": 0.23097736531721622,
  "fd_num": 230,
  "fd_perc": 59.895833333333336,
  "fwhm_avg": 1.9280790935543097,
  "fwhm_x": 1.8304891636272882,
  "fwhm_y": 2.0521401170356413,
  "fwhm_z": 1.901608,
  "gcor": 0.00460899,
  "gsr_x": -0.01886875554919243,
  "gsr_y": 0.04085296019911766,
  "provenance": {
    "md5sum": "97ea1c2fdcc519ed9c8cb6f14ce411da",
    "settings": {
      "fd_thres": 0.2,
      "testing": false
    },
    "software": "mriqc",
    "version": "22.0.1",
    "webapi_port": null,
    "webapi_url": "https://mriqc.nimh.nih.gov/api/v1"
  },
  "size_t": 384,
  "size_x": 84,
  "size_y": 84,
  "size_z": 48,
  "snr": 4.831168316228596,
  "spacing_tr": 1.0,
  "spacing_x": 2.4761905670166016,
  "spacing_y": 2.4761905670166016,
  "spacing_z": 2.5,
  "summary_bg_k": 30.618208083424513,
  "summary_bg_mad": 2.216845924529268,
  "summary_bg_mean": 10.202255249023438,
  "summary_bg_median": 3.0572118759155273,
  "summary_bg_n": 204737.0,
  "summary_bg_p05": 1.0763753175735473,
  "summary_bg_p95": 44.002288818359354,
  "summary_bg_stdv": 18.814685821533203,
  "summary_fg_k": 3.4472129279968904,
  "summary_fg_mad": 44.722165644793236,
  "summary_fg_mean": 263.43719482421875,
  "summary_fg_median": 255.27728271484375,
  "summary_fg_n": 74177.0,
  "summary_fg_p05": 196.46759948730468,
  "summary_fg_p95": 354.1560546875,
  "summary_fg_stdv": 52.83930206298828,
  "tsnr": 59.92565155029297
}