{
  "aor": 0.000386328125,
  "aqi": 0.0055208105729166665,
  "bids_meta": {
    "AcquisitionMatrixPE": 84,
    "AcquisitionNumber": 1,
    "AcquisitionTime": "16:14:20.367500",
    "BandwidthPerPixelPhaseEncode": 15.664,
    "BaseResolution": 84,
    "BodyPartExamined": "BRAIN",
    "ConsistencyInfo": "N4_VE11C_LATEST_20160120",
    "ConversionSoftware": "dcm2niix",
    "ConversionSoftwareVersion": "v1.0.20181114  Clang4.0.1",
    "DerivedVendorReportedEchoSpacing": 0.000760008,
    "DeviceSerialNumber": "67007",
    "DwellTime": 3.8e-06,
    "EchoTime": 0.03,
    "EchoTrainLength": 74,
    "EffectiveEchoSpacing": 0.000760008,
    "FlipAngle": 40,
    "ImageComments": "Unaliased_MB4_PE3",
    "ImageOrientationPatientDICOM": [
      0.999966,
      -0.00281645,
      -0.00769587,
      5.29674e-08,
      0.93909,
      -0.343671
    ],
    "ImageType": [
      "ORIGINAL",
      "PRIMARY",
      "M",
      "MB",
      "ND",
      "NORM",
      "MOSAIC"
    ],
    "ImagingFrequency": 123.211,
    "InPlanePhaseEncodingDirectionDICOM": "COL",
    "InstitutionAddress": "Perth_Drive_100_London_Ontario_CA_N6A_5K8",
    "InstitutionName": "Robarts_Research_Institute",
    "InstitutionalDepartmentName": "CFMM",
    "MRAcquisitionType": "2D",
    "MagneticFieldStrength": 3,
    "Manufacturer": "Siemens",
    "ManufacturersModelName": "Prisma_fit",
    "Modality": "MR",
    "MultibandAccelerationFactor": 4,
    "PartialFourier": 0.875,
    "PatientPosition": "HFS",
    "PercentPhaseFOV": 100,
    "PhaseEncodingDirection": "j-",
    "PhaseEncodingSteps": 74,
    "PhaseResolution": 1,
    "PixelBandwidth": 1565,
    "ProcedureStepDescription": "Ansari_NCNS",
    "ProtocolName": "ep_bold_mb4_adaptation_4",
    "PulseSequenceDetails": "%CustomerSeq%_cmrr_mbep2d_bold",
    "ReceiveCoilActiveElements": "HEA;HEP",
    "ReceiveCoilName": "Head_32",
    "ReconMatrixPE": 84,
    "RepetitionTime": 1,
    "SAR": 0.0402822,
    "ScanOptions": "PFP_FS",
    "ScanningSequence": "EP",
    "SequenceName": "epfid2d1_84",
    "SequenceVariant": "SK_SS",
    "SeriesDescription": "ep_bold_mb4_adaptation_4",
    "SeriesNumber": 8,
    "ShimSetting": [
      5258,
      -6199,
      -4073,
      328,
      -39,
      210,
      50,
      -46
    ],
    "SliceThickness": 2.5,
    "SliceTiming": [
      0,
      0.4075,
      0.815,
      0.245,
      0.6525,
      0.08,
      0.49,
      0.8975,
      0.325,
      0.735,
      0.1625,
      0.57,
      0,
      0.4075,
      0.815,
      0.245,
      0.6525,
      0.08,
      0.49,
      0.8975,
      0.325,
      0.735,
      0.1625,
      0.57,
      0,
      0.4075,
      0.815,
      0.245,
      0.6525,
      0.08,
      0.49,
      0.8975,
      0.325,
      0.735,
      0.1625,
      0.57,
      0,
      0.4075,
      0.815,
      0.245,
      0.6525,
      0.08,
      0.49,
      0.8975,
      0.325,
      0.735,
      0.1625,
      0.57
    ],
    "SoftwareVersions": "syngo_MR_E11",
    "SpacingBetweenSlices": 2.5,
    "StationName": "MRC35368",
    "TaskName": "Adaptation",
    "TotalReadoutTime": 0.0630806,
    "TxRefAmp": 232.103,
    "WipMemBlock": "a03fbbc5-6b7f-44da-ae50-d0877ca9102e||Sequence: R016 ve11c/master r/e634e98; Dec 19 2017 11:00:25 by eja",
    "dataset": "ds001838",
    "modality": "bold",
    "run_id": 4,
    "session_id": "01",
    "subject_id": "101",
    "task_id": "Adaptation"
  },
  "dummy_trs": 2,
  "dvars_nstd": 23.78647329182768,
  "dvars_std": 1.0776083875456925,
  "dvars_vstd": 0.9846998608355095,
  "efc": 0.5274190530357016,
  "fber": 6346.98974609375,
  "fd_mean": 0.2156701753806971,
  "fd_num": 211,
  "fd_perc": 54.947916666666664,
  "fwhm_avg": 1.9249961963401134,
  "fwhm_x": 1.827904548337476,
  "fwhm_y": 2.0365920406828644,
  "fwhm_z": 1.910492,
  "gcor": 0.00485614,
  "gsr_x": -0.019487235695123672,
  "gsr_y": 0.04018866643309593,
  "provenance": {
    "md5sum": "2228c1ad849135fdf2a9b178a216eb2f",
    "settings": {
      "fd_thres": 0.2,
      "testing": false
    },
    "software": "mriqc",
    "version": "22.0.1",
    "webapi_port": null,
    "webapi_url": "https://mriqc.nimh.nih.gov/api/v1"
  },
  "size_t": 384,
  "size_x": 84,
  "size_y": 84,
  "size_z": 48,
  "snr": 4.834460068908544,
  "spacing_tr": 1.0,
  "spacing_x": 2.4761905670166016,
  "spacing_y": 2.4761905670166016,
  "spacing_z": 2.5,
  "summary_bg_k": 29.157654372871193,
  "summary_bg_mad": 2.2233848610940905,
  "summary_bg_mean": 10.28463077545166,
  "summary_bg_median": 3.0880372524261475,
  "summary_bg_n": 204632.0,
  "summary_bg_p05": 1.0909012138843537,
  "summary_bg_p95": 44.480673217773436,
  "summary_bg_stdv": 18.750782012939453,
  "summary_fg_k": 3.442377146994329,
  "summary_fg_mad": 44.47704853301485,
  "summary_fg_mean": 263.27392578125,
  "summary_fg_median": 255.3394012451172,
  "summary_fg_n": 74261.0,
  "summary_fg_p05": 196.05972290039062,
  "summary_fg_p95": 353.9087829589844,
  "summary_fg_stdv": 52.8161735534668,
  "tsnr": 61.38273239135742
}