{
  "aor": 0.0004046997389033943,
  "aqi": 0.0065037228198433425,
  "bids_meta": {
    "AcquisitionMatrixPE": 84,
    "AcquisitionNumber": 1,
    "AcquisitionTime": "15:53:5.272500",
    "BandwidthPerPixelPhaseEncode": 15.664,
    "BaseResolution": 84,
    "BodyPartExamined": "BRAIN",
    "ConsistencyInfo": "N4_VE11C_LATEST_20160120",
    "ConversionSoftware": "dcm2niix",
    "ConversionSoftwareVersion": "v1.0.20181114  Clang4.0.1",
    "DerivedVendorReportedEchoSpacing": 0.000760008,
    "DeviceSerialNumber": "67007",
    "DwellTime": 3.8e-06,
    "EchoTime": 0.03,
    "EchoTrainLength": 74,
    "EffectiveEchoSpacing": 0.000760008,
    "FlipAngle": 40,
    "ImageComments": "Unaliased_MB4_PE3",
    "ImageOrientationPatientDICOM": [
      0.999966,
      -0.00281645,
      -0.00769587,
      5.29674e-08,
      0.93909,
      -0.343671
    ],
    "ImageType": [
      "ORIGINAL",
      "PRIMARY",
      "M",
      "MB",
      "ND",
      "NORM",
      "MOSAIC"
    ],
    "ImagingFrequency": 123.211,
    "InPlanePhaseEncodingDirectionDICOM": "COL",
    "InstitutionAddress": "Perth_Drive_100_London_Ontario_CA_N6A_5K8",
    "InstitutionName": "Robarts_Research_Institute",
    "InstitutionalDepartmentName": "CFMM",
    "MRAcquisitionType": "2D",
    "MagneticFieldStrength": 3,
    "Manufacturer": "Siemens",
    "ManufacturersModelName": "Prisma_fit",
    "Modality": "MR",
    "MultibandAccelerationFactor": 4,
    "PartialFourier": 0.875,
    "PatientPosition": "HFS",
    "PercentPhaseFOV": 100,
    "PhaseEncodingDirection": "j-",
    "PhaseEncodingSteps": 74,
    "PhaseResolution": 1,
    "PixelBandwidth": 1565,
    "ProcedureStepDescription": "Ansari_NCNS",
    "ProtocolName": "ep_bold_mb4_adaptation_1",
    "PulseSequenceDetails": "%CustomerSeq%_cmrr_mbep2d_bold",
    "ReceiveCoilActiveElements": "HEA;HEP",
    "ReceiveCoilName": "Head_32",
    "ReconMatrixPE": 84,
    "RepetitionTime": 1,
    "SAR": 0.0402822,
    "ScanOptions": "PFP_FS",
    "ScanningSequence": "EP",
    "SequenceName": "epfid2d1_84",
    "SequenceVariant": "SK_SS",
    "SeriesDescription": "ep_bold_mb4_adaptation_1",
    "SeriesNumber": 2,
    "ShimSetting": [
      5258,
      -6199,
      -4073,
      328,
      -39,
      210,
      50,
      -46
    ],
    "SliceThickness": 2.5,
    "SliceTiming": [
      0,
      0.41,
      0.8175,
      0.245,
      0.655,
      0.0825,
      0.49,
      0.9,
      0.3275,
      0.735,
      0.165,
      0.5725,
      0,
      0.41,
      0.8175,
      0.245,
      0.655,
      0.0825,
      0.49,
      0.9,
      0.3275,
      0.735,
      0.165,
      0.5725,
      0,
      0.41,
      0.8175,
      0.245,
      0.655,
      0.0825,
      0.49,
      0.9,
      0.3275,
      0.735,
      0.165,
      0.5725,
      0,
      0.41,
      0.8175,
      0.245,
      0.655,
      0.0825,
      0.49,
      0.9,
      0.3275,
      0.735,
      0.165,
      0.5725
    ],
    "SoftwareVersions": "syngo_MR_E11",
    "SpacingBetweenSlices": 2.5,
    "StationName": "MRC35368",
    "TaskName": "Adaptation",
    "TotalReadoutTime": 0.0630806,
    "TxRefAmp": 232.103,
    "WipMemBlock": "1d09a369-1b37-439a-ad19-49b12bb7be4d||Sequence: R016 ve11c/master r/e634e98; Dec 19 2017 11:00:25 by eja",
    "dataset": "ds001838",
    "modality": "bold",
    "run_id": 1,
    "session_id": "01",
    "subject_id": "101",
    "task_id": "Adaptation"
  },
  "dummy_trs": 3,
  "dvars_nstd": 26.119687075287953,
  "dvars_std": 1.0925534360209421,
  "dvars_vstd": 0.9760251630366485,
  "efc": 0.5248339045476207,
  "fber": 6655.88525390625,
  "fd_mean": 0.2575309631343731,
  "fd_num": 245,
  "fd_perc": 63.9686684073107,
  "fwhm_avg": 1.9394338754408222,
  "fwhm_x": 1.8490014706405686,
  "fwhm_y": 2.047104155681898,
  "fwhm_z": 1.922196,
  "gcor": 0.0093465,
  "gsr_x": -0.018325606361031532,
  "gsr_y": 0.04138367623090744,
  "provenance": {
    "md5sum": "4239c3ac156cbfa77e519ff8bd6a3654",
    "settings": {
      "fd_thres": 0.2,
      "testing": false
    },
    "software": "mriqc",
    "version": "22.0.1",
    "webapi_port": null,
    "webapi_url": "https://mriqc.nimh.nih.gov/api/v1"
  },
  "size_t": 383,
  "size_x": 84,
  "size_y": 84,
  "size_z": 48,
  "snr": 4.854594762569376,
  "spacing_tr": 1.0,
  "spacing_x": 2.4761905670166016,
  "spacing_y": 2.4761905670166016,
  "spacing_z": 2.5,
  "summary_bg_k": 31.246680147953143,
  "summary_bg_mad": 2.1601737270478174,
  "summary_bg_mean": 9.889134407043457,
  "summary_bg_median": 3.029782295227051,
  "summary_bg_n": 204875.0,
  "summary_bg_p05": 1.0742397904396057,
  "summary_bg_p95": 42.38332252502441,
  "summary_bg_stdv": 18.26642417907715,
  "summary_fg_k": 3.520953277883744,
  "summary_fg_mad": 44.3245827485358,
  "summary_fg_mean": 264.126953125,
  "summary_fg_median": 255.80935668945312,
  "summary_fg_n": 74020.0,
  "summary_fg_p05": 198.11446075439454,
  "summary_fg_p95": 354.94859313964844,
  "summary_fg_stdv": 52.69392013549805,
  "tsnr": 58.86175537109375
}