{
  "aor": 0.0019743896103896104,
  "aqi": 0.005728517090909091,
  "bids_meta": {
    "AcquisitionMatrixPE": 84,
    "AcquisitionNumber": 1,
    "AcquisitionTime": "15:15:11.470000",
    "BandwidthPerPixelPhaseEncode": 15.664,
    "BaseResolution": 84,
    "BodyPartExamined": "BRAIN",
    "ConsistencyInfo": "N4_VE11C_LATEST_20160120",
    "ConversionSoftware": "dcm2niix",
    "ConversionSoftwareVersion": "v1.0.20181114  Clang4.0.1",
    "DerivedVendorReportedEchoSpacing": 0.000760008,
    "DeviceSerialNumber": "67007",
    "DwellTime": 3.8e-06,
    "EchoTime": 0.03,
    "EchoTrainLength": 74,
    "EffectiveEchoSpacing": 0.000760008,
    "FlipAngle": 40,
    "ImageComments": "Unaliased_MB4_PE3",
    "ImageOrientationPatientDICOM": [
      1,
      0,
      0,
      0,
      0.971134,
      -0.238533
    ],
    "ImageType": [
      "ORIGINAL",
      "PRIMARY",
      "M",
      "MB",
      "ND",
      "NORM",
      "MOSAIC"
    ],
    "ImagingFrequency": 123.211,
    "InPlanePhaseEncodingDirectionDICOM": "COL",
    "InstitutionAddress": "Perth_Drive_100_London_Ontario_CA_N6A_5K8",
    "InstitutionName": "Robarts_Research_Institute",
    "InstitutionalDepartmentName": "CFMM",
    "MRAcquisitionType": "2D",
    "MagneticFieldStrength": 3,
    "Manufacturer": "Siemens",
    "ManufacturersModelName": "Prisma_fit",
    "Modality": "MR",
    "MultibandAccelerationFactor": 4,
    "PartialFourier": 0.875,
    "PatientPosition": "HFS",
    "PercentPhaseFOV": 100,
    "PhaseEncodingDirection": "j-",
    "PhaseEncodingSteps": 74,
    "PhaseResolution": 1,
    "PixelBandwidth": 1565,
    "ProcedureStepDescription": "Ansari_NCNS",
    "ProtocolName": "ep_bold_mb4_adaptation_3",
    "PulseSequenceDetails": "%CustomerSeq%_cmrr_mbep2d_bold",
    "ReceiveCoilActiveElements": "HEA;HEP",
    "ReceiveCoilName": "Head_32",
    "ReconMatrixPE": 84,
    "RepetitionTime": 1,
    "SAR": 0.047409,
    "ScanOptions": "PFP_FS",
    "ScanningSequence": "EP",
    "SequenceName": "epfid2d1_84",
    "SequenceVariant": "SK_SS",
    "SeriesDescription": "ep_bold_mb4_adaptation_3",
    "SeriesNumber": 6,
    "ShimSetting": [
      5215,
      -6166,
      -3933,
      527,
      86,
      -9,
      114,
      20
    ],
    "SliceThickness": 2.5,
    "SliceTiming": [
      0,
      0.4075,
      0.815,
      0.245,
      0.6525,
      0.08,
      0.49,
      0.8975,
      0.325,
      0.735,
      0.1625,
      0.57,
      0,
      0.4075,
      0.815,
      0.245,
      0.6525,
      0.08,
      0.49,
      0.8975,
      0.325,
      0.735,
      0.1625,
      0.57,
      0,
      0.4075,
      0.815,
      0.245,
      0.6525,
      0.08,
      0.49,
      0.8975,
      0.325,
      0.735,
      0.1625,
      0.57,
      0,
      0.4075,
      0.815,
      0.245,
      0.6525,
      0.08,
      0.49,
      0.8975,
      0.325,
      0.735,
      0.1625,
      0.57
    ],
    "SoftwareVersions": "syngo_MR_E11",
    "SpacingBetweenSlices": 2.5,
    "StationName": "MRC35368",
    "TaskName": "Adaptation",
    "TotalReadoutTime": 0.0630806,
    "TxRefAmp": 232.404,
    "WipMemBlock": "29590a37-4b86-4629-9044-77c095909b71||Sequence: R016 ve11c/master r/e634e98; Dec 19 2017 11:00:25 by eja",
    "dataset": "ds001838",
    "modality": "bold",
    "run_id": 3,
    "session_id": "01",
    "subject_id": "118",
    "task_id": "Adaptation"
  },
  "dummy_trs": 1,
  "dvars_nstd": 22.291953906171894,
  "dvars_std": 1.0949385786458323,
  "dvars_vstd": 1.0065915911458336,
  "efc": 0.5143843880205928,
  "fber": 6458.38134765625,
  "fd_mean": 0.14730323428424988,
  "fd_num": 114,
  "fd_perc": 29.61038961038961,
  "fwhm_avg": 1.86737206953738,
  "fwhm_x": 1.7573485893869918,
  "fwhm_y": 1.992447619225149,
  "fwhm_z": 1.85232,
  "gcor": 0.0073129,
  "gsr_x": -0.014535883441567421,
  "gsr_y": 0.048618681728839874,
  "provenance": {
    "md5sum": "28783c55b16f5c52725f0f2e6b1dd81b",
    "settings": {
      "fd_thres": 0.2,
      "testing": false
    },
    "software": "mriqc",
    "version": "22.0.1",
    "webapi_port": null,
    "webapi_url": "https://mriqc.nimh.nih.gov/api/v1"
  },
  "size_t": 385,
  "size_x": 84,
  "size_y": 84,
  "size_z": 48,
  "snr": 4.6618555501073775,
  "spacing_tr": 1.0,
  "spacing_x": 2.4761905670166016,
  "spacing_y": 2.4761905670166016,
  "spacing_z": 2.5,
  "summary_bg_k": 43.16427094168472,
  "summary_bg_mad": 1.8865337023939954,
  "summary_bg_mean": 9.082544326782227,
  "summary_bg_median": 2.834589719772339,
  "summary_bg_n": 208918.0,
  "summary_bg_p05": 1.06648331284523,
  "summary_bg_p95": 40.47448329925537,
  "summary_bg_stdv": 18.5207462310791,
  "summary_fg_k": 4.35142766523277,
  "summary_fg_mad": 44.17029583553824,
  "summary_fg_mean": 240.30972290039062,
  "summary_fg_median": 233.6116943359375,
  "summary_fg_n": 71730.0,
  "summary_fg_p05": 177.09693450927733,
  "summary_fg_p95": 322.65258026123047,
  "summary_fg_stdv": 50.1109619140625,
  "tsnr": 60.66560745239258
}