{
  "aor": 0.0002713541666666667,
  "aqi": 0.0041447046875,
  "bids_meta": {
    "AcquisitionMatrixPE": 84,
    "AcquisitionNumber": 1,
    "AcquisitionTime": "16:26:13.065000",
    "BandwidthPerPixelPhaseEncode": 15.664,
    "BaseResolution": 84,
    "BodyPartExamined": "BRAIN",
    "ConsistencyInfo": "N4_VE11C_LATEST_20160120",
    "ConversionSoftware": "dcm2niix",
    "ConversionSoftwareVersion": "v1.0.20181114  Clang4.0.1",
    "DerivedVendorReportedEchoSpacing": 0.000760008,
    "DeviceSerialNumber": "67007",
    "DwellTime": 3.8e-06,
    "EchoTime": 0.03,
    "EchoTrainLength": 74,
    "EffectiveEchoSpacing": 0.000760008,
    "FlipAngle": 40,
    "ImageComments": "Unaliased_MB4_PE3",
    "ImageOrientationPatientDICOM": [
      0.999763,
      -0.00607975,
      -0.020921,
      6.36056e-08,
      0.960274,
      -0.279057
    ],
    "ImageType": [
      "ORIGINAL",
      "PRIMARY",
      "M",
      "MB",
      "ND",
      "NORM",
      "MOSAIC"
    ],
    "ImagingFrequency": 123.211,
    "InPlanePhaseEncodingDirectionDICOM": "COL",
    "InstitutionAddress": "Perth_Drive_100_London_Ontario_CA_N6A_5K8",
    "InstitutionName": "Robarts",
    "InstitutionalDepartmentName": "CFMM",
    "MRAcquisitionType": "2D",
    "MagneticFieldStrength": 3,
    "Manufacturer": "Siemens",
    "ManufacturersModelName": "Prisma_fit",
    "Modality": "MR",
    "MultibandAccelerationFactor": 4,
    "PartialFourier": 0.875,
    "PatientPosition": "HFS",
    "PercentPhaseFOV": 100,
    "PhaseEncodingDirection": "j-",
    "PhaseEncodingSteps": 74,
    "PhaseResolution": 1,
    "PixelBandwidth": 1565,
    "ProcedureStepDescription": "Ansari_NCNS",
    "ProtocolName": "ep_bold_mb4_adaptation_3",
    "PulseSequenceDetails": "%CustomerSeq%_cmrr_mbep2d_bold",
    "ReceiveCoilActiveElements": "HEA;HEP",
    "ReceiveCoilName": "Head_32",
    "ReconMatrixPE": 84,
    "RepetitionTime": 1,
    "SAR": 0.0488237,
    "ScanOptions": "PFP_FS",
    "ScanningSequence": "EP",
    "SequenceName": "epfid2d1_84",
    "SequenceVariant": "SK_SS",
    "SeriesDescription": "ep_bold_mb4_adaptation_3",
    "SeriesNumber": 6,
    "ShimSetting": [
      5234,
      -6254,
      -3991,
      640,
      -28,
      72,
      49,
      9
    ],
    "SliceThickness": 2.5,
    "SliceTiming": [
      0,
      0.4075,
      0.8175,
      0.245,
      0.6525,
      0.0825,
      0.49,
      0.8975,
      0.3275,
      0.735,
      0.1625,
      0.5725,
      0,
      0.4075,
      0.8175,
      0.245,
      0.6525,
      0.0825,
      0.49,
      0.8975,
      0.3275,
      0.735,
      0.1625,
      0.5725,
      0,
      0.4075,
      0.8175,
      0.245,
      0.6525,
      0.0825,
      0.49,
      0.8975,
      0.3275,
      0.735,
      0.1625,
      0.5725,
      0,
      0.4075,
      0.8175,
      0.245,
      0.6525,
      0.0825,
      0.49,
      0.8975,
      0.3275,
      0.735,
      0.1625,
      0.5725
    ],
    "SoftwareVersions": "syngo_MR_E11",
    "SpacingBetweenSlices": 2.5,
    "StationName": "MRC35368",
    "TaskName": "Adaptation",
    "TotalReadoutTime": 0.0630806,
    "TxRefAmp": 241.521,
    "WipMemBlock": "4c23cd1e-9c57-4c80-8715-4da9cbbde5f6||Sequence: R016 ve11c/master r/e634e98; Dec 19 2017 11:00:25 by eja",
    "dataset": "ds001838",
    "modality": "bold",
    "run_id": 3,
    "session_id": "01",
    "subject_id": "20",
    "task_id": "Adaptation"
  },
  "dummy_trs": 2,
  "dvars_nstd": 21.659176574986947,
  "dvars_std": 1.084083155718016,
  "dvars_vstd": 0.9956642921409918,
  "efc": 0.5065054244884233,
  "fber": 6991.56982421875,
  "fd_mean": 0.08938531638274413,
  "fd_num": 0,
  "fd_perc": 0.0,
  "fwhm_avg": 2.0893534007350785,
  "fwhm_x": 1.9542437744726118,
  "fwhm_y": 2.2328166261922298,
  "fwhm_z": 2.0809998015403934,
  "gcor": 0.0107438,
  "gsr_x": -0.0036256222520023584,
  "gsr_y": 0.03301391750574112,
  "provenance": {
    "md5sum": "0de654161206e7f253831a2480686b40",
    "settings": {
      "fd_thres": 0.2,
      "testing": false
    },
    "software": "mriqc",
    "version": "22.0.1",
    "webapi_port": null,
    "webapi_url": "https://mriqc.nimh.nih.gov/api/v1"
  },
  "size_t": 384,
  "size_x": 84,
  "size_y": 84,
  "size_z": 48,
  "snr": 4.865103194931982,
  "spacing_tr": 1.0,
  "spacing_x": 2.4761905670166016,
  "spacing_y": 2.4761908054351807,
  "spacing_z": 2.500000238418579,
  "summary_bg_k": 29.036049262048863,
  "summary_bg_mad": 1.706104917223781,
  "summary_bg_mean": 7.749106407165527,
  "summary_bg_median": 2.5267271995544434,
  "summary_bg_n": 212209.0,
  "summary_bg_p05": 1.0353352069854735,
  "summary_bg_p95": 32.48720932006836,
  "summary_bg_stdv": 15.860716819763184,
  "summary_fg_k": 4.28257168504457,
  "summary_fg_mad": 36.542877966187014,
  "summary_fg_mean": 222.593994140625,
  "summary_fg_median": 216.27435302734375,
  "summary_fg_n": 69987.0,
  "summary_fg_p05": 167.42947387695312,
  "summary_fg_p95": 296.93000488281245,
  "summary_fg_stdv": 44.45389938354492,
  "tsnr": 70.41211700439453
}