{
  "bids_meta": {
    "AcquisitionMatrixPE": 256,
    "AcquisitionNumber": 1,
    "AcquisitionTime": "15:01:28.305000",
    "BaseResolution": 256,
    "BodyPartExamined": "BRAIN",
    "ConsistencyInfo": "N4_VE11C_LATEST_20160120",
    "ConversionSoftware": "dcm2niix",
    "ConversionSoftwareVersion": "v1.0.20181114  Clang4.0.1",
    "DeviceSerialNumber": "67007",
    "DwellTime": 8.2e-06,
    "EchoTime": 0.00298,
    "FlipAngle": 9,
    "ImageOrientationPatientDICOM": [
      0,
      1,
      0,
      0,
      0,
      -1
    ],
    "ImageType": [
      "ORIGINAL",
      "PRIMARY",
      "M",
      "ND",
      "NORM"
    ],
    "ImagingFrequency": 123.211,
    "InPlanePhaseEncodingDirectionDICOM": "ROW",
    "InstitutionAddress": "Perth_Drive_100_London_Ontario_CA_N6A_5K8",
    "InstitutionName": "Robarts_Research_Institute",
    "InstitutionalDepartmentName": "CFMM",
    "InversionTime": 0.9,
    "MRAcquisitionType": "3D",
    "MagneticFieldStrength": 3,
    "Manufacturer": "Siemens",
    "ManufacturersModelName": "Prisma_fit",
    "Modality": "MR",
    "PartialFourier": 1,
    "PatientPosition": "HFS",
    "PercentPhaseFOV": 100,
    "PhaseEncodingSteps": 255,
    "PhaseResolution": 1,
    "PixelBandwidth": 240,
    "ProcedureStepDescription": "Ansari_NCNS",
    "ProtocolName": "MPRAGE_SAG_iPAT2",
    "PulseSequenceDetails": "%SiemensSeq%_tfl",
    "ReceiveCoilActiveElements": "HEA;HEP",
    "ReceiveCoilName": "Head_32",
    "ReconMatrixPE": 256,
    "RepetitionTime": 2.3,
    "SAR": 0.0596917,
    "ScanOptions": "IR",
    "ScanningSequence": "GR_IR",
    "SequenceName": "_tfl3d1_16ns",
    "SequenceVariant": "SK_SP_MP",
    "SeriesDescription": "MPRAGE_SAG_iPAT2",
    "SeriesNumber": 10,
    "ShimSetting": [
      5244,
      -6138,
      -3895,
      389,
      28,
      -217,
      -21,
      23
    ],
    "SliceThickness": 1,
    "SoftwareVersions": "syngo_MR_E11",
    "StationName": "MRC35368",
    "TxRefAmp": 256.645,
    "dataset": "ds001838",
    "modality": "T1w",
    "session_id": "01",
    "subject_id": "116"
  },
  "cjv": 0.35715988052217,
  "cnr": 3.767653938197149,
  "efc": 0.5259336641460216,
  "fber": 10084.38781163435,
  "fwhm_avg": 3.704806666666667,
  "fwhm_x": 3.7185,
  "fwhm_y": 3.91958,
  "fwhm_z": 3.47634,
  "icvs_csf": 0.1849722105368587,
  "icvs_gm": 0.4384034348212124,
  "icvs_wm": 0.3766243546419289,
  "inu_med": 0.3840385377407074,
  "inu_range": 0.09924901127815244,
  "provenance": {
    "md5sum": "a5a86c47e94751d03a009e2875eb8722",
    "settings": {
      "testing": false
    },
    "software": "mriqc",
    "version": "22.0.1",
    "warnings": {
      "large_rot_frame": true,
      "small_air_mask": false
    },
    "webapi_port": null,
    "webapi_url": "https://mriqc.nimh.nih.gov/api/v1"
  },
  "qi_1": 0.0,
  "qi_2": 0.017731207693908173,
  "rpve_csf": 27.526030956207755,
  "rpve_gm": 12.583752641999226,
  "rpve_wm": 16.88713547309803,
  "size_x": 192,
  "size_y": 256,
  "size_z": 256,
  "snr_csf": 2.5521958780408744,
  "snr_gm": 12.194738461890644,
  "snr_total": 13.1266153774112,
  "snr_wm": 24.632911792302085,
  "snrd_csf": 35.5023140483385,
  "snrd_gm": 85.32294944145553,
  "snrd_total": 79.40699631097817,
  "snrd_wm": 117.39572544314049,
  "spacing_x": 1.0,
  "spacing_y": 1.0,
  "spacing_z": 1.0,
  "summary_bg_k": 2.714419042014703,
  "summary_bg_mad": 5.580581533945516,
  "summary_bg_mean": 6.34906406884726,
  "summary_bg_median": 3.7640450447797775,
  "summary_bg_n": 4389838.0,
  "summary_bg_p05": 0.0,
  "summary_bg_p95": 21.741573616862297,
  "summary_bg_stdv": 7.6214968734352375,
  "summary_csf_k": 1.63441511974235,
  "summary_csf_mad": 95.5362241706792,
  "summary_csf_mean": 309.03275962330986,
  "summary_csf_median": 302.41573844850063,
  "summary_csf_n": 27393.0,
  "summary_csf_p05": 106.74157589673996,
  "summary_csf_p95": 519.5281038224696,
  "summary_csf_stdv": 118.49020721900128,
  "summary_gm_k": 0.10714764397614296,
  "summary_gm_mad": 58.76269062982928,
  "summary_gm_mean": 727.3309179647765,
  "summary_gm_median": 726.7977723032236,
  "summary_gm_n": 28079.0,
  "summary_gm_p05": 629.7472079023719,
  "summary_gm_p95": 825.8146288916469,
  "summary_gm_stdv": 59.59823020744319,
  "summary_wm_k": 0.5754926234573867,
  "summary_wm_mad": 38.814193952516575,
  "summary_wm_mean": 1000.4949559498625,
  "summary_wm_median": 1000.0000268220901,
  "summary_wm_n": 236398.0,
  "summary_wm_p05": 935.056204855442,
  "summary_wm_p95": 1067.0828937899319,
  "summary_wm_stdv": 40.59600911879145,
  "tpm_overlap_csf": 0.1463426260441605,
  "tpm_overlap_gm": 0.4595672327988389,
  "tpm_overlap_wm": 0.512669115964986,
  "wm2max": 0.6238390635404619
}