{
  "bids_meta": {
    "AcquisitionMatrixPE": 232,
    "AcquisitionNumber": 1,
    "AcquisitionTime": "11:35:4.195000",
    "BaseResolution": 256,
    "BodyPartExamined": "BRAIN",
    "ConsistencyInfo": "N4_VE11C_LATEST_20160120",
    "ConversionSoftware": "dcm2niix",
    "ConversionSoftwareVersion": "v1.0.20181114  Clang4.0.1",
    "DeviceSerialNumber": "67007",
    "DwellTime": 8.2e-06,
    "EchoTime": 0.00298,
    "FlipAngle": 9,
    "ImageOrientationPatientDICOM": [
      0,
      1,
      0,
      0,
      0,
      -1
    ],
    "ImageType": [
      "ORIGINAL",
      "PRIMARY",
      "M",
      "ND",
      "NORM"
    ],
    "ImagingFrequency": 123.211,
    "InPlanePhaseEncodingDirectionDICOM": "ROW",
    "InstitutionAddress": "Perth_Drive_100_London_Ontario_CA_N6A_5K8",
    "InstitutionName": "Robarts_Research_Institute",
    "InstitutionalDepartmentName": "CFMM",
    "InversionTime": 0.9,
    "MRAcquisitionType": "3D",
    "MagneticFieldStrength": 3,
    "Manufacturer": "Siemens",
    "ManufacturersModelName": "Prisma_fit",
    "Modality": "MR",
    "PartialFourier": 1,
    "PatientPosition": "HFS",
    "PercentPhaseFOV": 90.625,
    "PhaseEncodingSteps": 231,
    "PhaseResolution": 1,
    "PixelBandwidth": 240,
    "ProcedureStepDescription": "Ansari_NCNS",
    "ProtocolName": "MPRAGE_SAG_iPAT2",
    "PulseSequenceDetails": "%SiemensSeq%_tfl",
    "ReceiveCoilActiveElements": "HEA;HEP;SP1",
    "ReceiveCoilName": "Spine_32",
    "ReconMatrixPE": 256,
    "RepetitionTime": 2.3,
    "SAR": 0.0766491,
    "ScanOptions": "IR",
    "ScanningSequence": "GR_IR",
    "SequenceName": "_tfl3d1_16ns",
    "SequenceVariant": "SK_SP_MP",
    "SeriesDescription": "MPRAGE_SAG_iPAT2",
    "SeriesNumber": 10,
    "ShimSetting": [
      5231,
      -6170,
      -3954,
      411,
      -9,
      -284,
      2,
      13
    ],
    "SliceThickness": 1,
    "SoftwareVersions": "syngo_MR_E11",
    "StationName": "MRC35368",
    "TxRefAmp": 273.329,
    "dataset": "ds001838",
    "modality": "T1w",
    "session_id": "01",
    "subject_id": "05"
  },
  "cjv": 0.3406864676954589,
  "cnr": 3.7981050980214093,
  "efc": 0.5729512116557238,
  "fber": 2589.3149642320723,
  "fwhm_avg": 3.807536666666666,
  "fwhm_x": 3.94772,
  "fwhm_y": 3.88122,
  "fwhm_z": 3.59367,
  "icvs_csf": 0.22233132132484304,
  "icvs_gm": 0.44381282602584443,
  "icvs_wm": 0.33385585264931256,
  "inu_med": 0.46253801882267,
  "inu_range": 0.1278736144304276,
  "provenance": {
    "md5sum": "d89e5d5bf9f1008bea98d46802f73ade",
    "settings": {
      "testing": false
    },
    "software": "mriqc",
    "version": "22.0.1",
    "warnings": {
      "large_rot_frame": true,
      "small_air_mask": false
    },
    "webapi_port": null,
    "webapi_url": "https://mriqc.nimh.nih.gov/api/v1"
  },
  "qi_1": 0.000199332763509285,
  "qi_2": 0.013218692209759558,
  "rpve_csf": 22.838573759613386,
  "rpve_gm": 12.083355527681364,
  "rpve_wm": 18.144184579319532,
  "size_x": 192,
  "size_y": 232,
  "size_z": 256,
  "snr_csf": 3.032098094015701,
  "snr_gm": 13.646035357090602,
  "snr_total": 13.833943921983883,
  "snr_wm": 24.82369831484535,
  "snrd_csf": 17.47873243679121,
  "snrd_gm": 43.54141604339557,
  "snrd_total": 40.042757274045876,
  "snrd_wm": 59.108123341950844,
  "spacing_x": 1.0,
  "spacing_y": 1.0,
  "spacing_z": 1.0,
  "summary_bg_k": 122.90142083291006,
  "summary_bg_mad": 11.083694528618246,
  "summary_bg_mean": 12.170590108831302,
  "summary_bg_median": 8.186469376087189,
  "summary_bg_n": 2622027.0,
  "summary_bg_p05": 0.0,
  "summary_bg_p95": 39.79533724486828,
  "summary_bg_stdv": 16.469209870886345,
  "summary_csf_k": 4.699917338654907,
  "summary_csf_mad": 68.35647348067982,
  "summary_csf_mean": 310.97310509800695,
  "summary_csf_median": 295.7077809702605,
  "summary_csf_n": 44817.0,
  "summary_csf_p05": 180.94939845241606,
  "summary_csf_p95": 506.83910019882,
  "summary_csf_stdv": 97.52470821352833,
  "summary_gm_k": 0.30203298928881894,
  "summary_gm_mad": 52.00486330157762,
  "summary_gm_mean": 735.7693020283957,
  "summary_gm_median": 736.640117643401,
  "summary_gm_n": 36040.0,
  "summary_gm_p05": 644.5991876441985,
  "summary_gm_p95": 822.1162382592446,
  "summary_gm_stdv": 53.981239132015716,
  "summary_wm_k": 0.8613090189808736,
  "summary_wm_mad": 37.71827605746513,
  "summary_wm_mean": 1001.0729913691571,
  "summary_wm_median": 999.9999744817615,
  "summary_wm_n": 193883.0,
  "summary_wm_p05": 937.2654678393155,
  "summary_wm_p95": 1067.9931506887078,
  "summary_wm_stdv": 40.2839811747786,
  "tpm_overlap_csf": 0.16992893562399095,
  "tpm_overlap_gm": 0.4636508709854433,
  "tpm_overlap_wm": 0.4992734699774531,
  "wm2max": 0.6138826632739224
}