{
  "aor": 0.0006694545454545453,
  "aqi": 0.004578830441558442,
  "bids_meta": {
    "AcquisitionMatrixPE": 84,
    "AcquisitionNumber": 1,
    "AcquisitionTime": "12:23:23.882500",
    "BandwidthPerPixelPhaseEncode": 15.664,
    "BaseResolution": 84,
    "BodyPartExamined": "BRAIN",
    "ConsistencyInfo": "N4_VE11C_LATEST_20160120",
    "ConversionSoftware": "dcm2niix",
    "ConversionSoftwareVersion": "v1.0.20181114  Clang4.0.1",
    "DerivedVendorReportedEchoSpacing": 0.000760008,
    "DeviceSerialNumber": "67007",
    "DwellTime": 3.8e-06,
    "EchoTime": 0.03,
    "EchoTrainLength": 74,
    "EffectiveEchoSpacing": 0.000760008,
    "FlipAngle": 40,
    "ImageComments": "Unaliased_MB4_PE3",
    "ImageOrientationPatientDICOM": [
      1,
      0,
      0,
      0,
      0.986856,
      -0.161604
    ],
    "ImageType": [
      "ORIGINAL",
      "PRIMARY",
      "M",
      "MB",
      "ND",
      "NORM",
      "MOSAIC"
    ],
    "ImagingFrequency": 123.211,
    "InPlanePhaseEncodingDirectionDICOM": "COL",
    "InstitutionAddress": "Perth_Drive_100_London_Ontario_CA_N6A_5K8",
    "InstitutionName": "Robarts_Research_Institute",
    "InstitutionalDepartmentName": "CFMM",
    "MRAcquisitionType": "2D",
    "MagneticFieldStrength": 3,
    "Manufacturer": "Siemens",
    "ManufacturersModelName": "Prisma_fit",
    "Modality": "MR",
    "MultibandAccelerationFactor": 4,
    "PartialFourier": 0.875,
    "PatientPosition": "HFS",
    "PercentPhaseFOV": 100,
    "PhaseEncodingDirection": "j-",
    "PhaseEncodingSteps": 74,
    "PhaseResolution": 1,
    "PixelBandwidth": 1565,
    "ProcedureStepDescription": "Ansari_NCNS",
    "ProtocolName": "ep_bold_mb4_adaptation_4",
    "PulseSequenceDetails": "%CustomerSeq%_cmrr_mbep2d_bold",
    "ReceiveCoilActiveElements": "HEA;HEP",
    "ReceiveCoilName": "Head_32",
    "ReconMatrixPE": 84,
    "RepetitionTime": 1,
    "SAR": 0.0498922,
    "ScanOptions": "PFP_FS",
    "ScanningSequence": "EP",
    "SequenceName": "epfid2d1_84",
    "SequenceVariant": "SK_SS",
    "SeriesDescription": "ep_bold_mb4_adaptation_4",
    "SeriesNumber": 8,
    "ShimSetting": [
      5250,
      -6170,
      -3879,
      589,
      33,
      -6,
      39,
      35
    ],
    "SliceThickness": 2.5,
    "SliceTiming": [
      0,
      0.41,
      0.8175,
      0.245,
      0.655,
      0.0825,
      0.49,
      0.9,
      0.3275,
      0.735,
      0.165,
      0.5725,
      0,
      0.41,
      0.8175,
      0.245,
      0.655,
      0.0825,
      0.49,
      0.9,
      0.3275,
      0.735,
      0.165,
      0.5725,
      0,
      0.41,
      0.8175,
      0.245,
      0.655,
      0.0825,
      0.49,
      0.9,
      0.3275,
      0.735,
      0.165,
      0.5725,
      0,
      0.41,
      0.8175,
      0.245,
      0.655,
      0.0825,
      0.49,
      0.9,
      0.3275,
      0.735,
      0.165,
      0.5725
    ],
    "SoftwareVersions": "syngo_MR_E11",
    "SpacingBetweenSlices": 2.5,
    "StationName": "MRC35368",
    "TaskName": "Adaptation",
    "TotalReadoutTime": 0.0630806,
    "TxRefAmp": 239.483,
    "WipMemBlock": "6040f01e-4d77-4523-8c78-f83545015dfa||Sequence: R016 ve11c/master r/e634e98; Dec 19 2017 11:00:25 by eja",
    "dataset": "ds001838",
    "modality": "bold",
    "run_id": 4,
    "session_id": "01",
    "subject_id": "112",
    "task_id": "Adaptation"
  },
  "dummy_trs": 1,
  "dvars_nstd": 24.865250055989602,
  "dvars_std": 1.2092747172916667,
  "dvars_vstd": 1.0163462084635417,
  "efc": 0.5469720719134209,
  "fber": 7150.25634765625,
  "fd_mean": 0.10459516147868396,
  "fd_num": 2,
  "fd_perc": 0.5194805194805194,
  "fwhm_avg": 1.8372593391612366,
  "fwhm_x": 1.7413320515129362,
  "fwhm_y": 1.976313965970774,
  "fwhm_z": 1.794132,
  "gcor": 0.00833902,
  "gsr_x": -0.0035922511015087366,
  "gsr_y": 0.0494859553873539,
  "provenance": {
    "md5sum": "62f1313f28912d0ac9c1a693459e544f",
    "settings": {
      "fd_thres": 0.2,
      "testing": false
    },
    "software": "mriqc",
    "version": "22.0.1",
    "webapi_port": null,
    "webapi_url": "https://mriqc.nimh.nih.gov/api/v1"
  },
  "size_t": 385,
  "size_x": 84,
  "size_y": 84,
  "size_z": 48,
  "snr": 5.6285752255748935,
  "spacing_tr": 1.0,
  "spacing_x": 2.4761905670166016,
  "spacing_y": 2.4761905670166016,
  "spacing_z": 2.5,
  "summary_bg_k": 15.85603832985819,
  "summary_bg_mad": 2.5268085731077115,
  "summary_bg_mean": 14.37906265258789,
  "summary_bg_median": 3.3571524620056152,
  "summary_bg_n": 201718.0,
  "summary_bg_p05": 1.0560947895050048,
  "summary_bg_p95": 73.78832702636714,
  "summary_bg_stdv": 28.26109504699707,
  "summary_fg_k": 4.545252139218077,
  "summary_fg_mad": 46.282951964665344,
  "summary_fg_mean": 298.6758117675781,
  "summary_fg_median": 293.3081970214844,
  "summary_fg_n": 77462.0,
  "summary_fg_p05": 229.04048767089844,
  "summary_fg_p95": 383.73381958007803,
  "summary_fg_stdv": 52.11022186279297,
  "tsnr": 72.39002227783203
}