{
  "aor": 0.001110987012987013,
  "aqi": 0.006096323090909091,
  "bids_meta": {
    "AcquisitionMatrixPE": 84,
    "AcquisitionNumber": 1,
    "AcquisitionTime": "11:20:18.977500",
    "BandwidthPerPixelPhaseEncode": 15.664,
    "BaseResolution": 84,
    "BodyPartExamined": "BRAIN",
    "ConsistencyInfo": "N4_VE11C_LATEST_20160120",
    "ConversionSoftware": "dcm2niix",
    "ConversionSoftwareVersion": "v1.0.20181114  Clang4.0.1",
    "DerivedVendorReportedEchoSpacing": 0.000760008,
    "DeviceSerialNumber": "67007",
    "DwellTime": 3.8e-06,
    "EchoTime": 0.03,
    "EchoTrainLength": 74,
    "EffectiveEchoSpacing": 0.000760008,
    "FlipAngle": 40,
    "ImageComments": "Unaliased_MB4_PE3",
    "ImageOrientationPatientDICOM": [
      1,
      0,
      0,
      0,
      0.904827,
      -0.425779
    ],
    "ImageType": [
      "ORIGINAL",
      "PRIMARY",
      "M",
      "MB",
      "ND",
      "NORM",
      "MOSAIC"
    ],
    "ImagingFrequency": 123.211,
    "InPlanePhaseEncodingDirectionDICOM": "COL",
    "InstitutionAddress": "Perth_Drive_100_London_Ontario_CA_N6A_5K8",
    "InstitutionName": "Robarts_Research_Institute",
    "InstitutionalDepartmentName": "CFMM",
    "MRAcquisitionType": "2D",
    "MagneticFieldStrength": 3,
    "Manufacturer": "Siemens",
    "ManufacturersModelName": "Prisma_fit",
    "Modality": "MR",
    "MultibandAccelerationFactor": 4,
    "PartialFourier": 0.875,
    "PatientPosition": "HFS",
    "PercentPhaseFOV": 100,
    "PhaseEncodingDirection": "j-",
    "PhaseEncodingSteps": 74,
    "PhaseResolution": 1,
    "PixelBandwidth": 1565,
    "ProcedureStepDescription": "Ansari_NCNS",
    "ProtocolName": "ep_bold_mb4_adaptation_3",
    "PulseSequenceDetails": "%CustomerSeq%_cmrr_mbep2d_bold",
    "ReceiveCoilActiveElements": "HEA;HEP",
    "ReceiveCoilName": "Head_32",
    "ReconMatrixPE": 84,
    "RepetitionTime": 1,
    "SAR": 0.0752738,
    "ScanOptions": "PFP_FS",
    "ScanningSequence": "EP",
    "SequenceName": "epfid2d1_84",
    "SequenceVariant": "SK_SS",
    "SeriesDescription": "ep_bold_mb4_adaptation_3",
    "SeriesNumber": 6,
    "ShimSetting": [
      5235,
      -6196,
      -3977,
      607,
      -32,
      29,
      88,
      -25
    ],
    "SliceThickness": 2.5,
    "SliceTiming": [
      0,
      0.4075,
      0.8175,
      0.245,
      0.6525,
      0.0825,
      0.49,
      0.8975,
      0.3275,
      0.735,
      0.1625,
      0.5725,
      0,
      0.4075,
      0.8175,
      0.245,
      0.6525,
      0.0825,
      0.49,
      0.8975,
      0.3275,
      0.735,
      0.1625,
      0.5725,
      0,
      0.4075,
      0.8175,
      0.245,
      0.6525,
      0.0825,
      0.49,
      0.8975,
      0.3275,
      0.735,
      0.1625,
      0.5725,
      0,
      0.4075,
      0.8175,
      0.245,
      0.6525,
      0.0825,
      0.49,
      0.8975,
      0.3275,
      0.735,
      0.1625,
      0.5725
    ],
    "SoftwareVersions": "syngo_MR_E11",
    "SpacingBetweenSlices": 2.5,
    "StationName": "MRC35368",
    "TaskName": "Adaptation",
    "TotalReadoutTime": 0.0630806,
    "TxRefAmp": 272.812,
    "WipMemBlock": "c4363b6d-1d84-43aa-881e-db6dcd84e5a3||Sequence: R016 ve11c/master r/e634e98; Dec 19 2017 11:00:25 by eja",
    "dataset": "ds001838",
    "modality": "bold",
    "run_id": 3,
    "session_id": "01",
    "subject_id": "05",
    "task_id": "Adaptation"
  },
  "dummy_trs": 1,
  "dvars_nstd": 27.254277780729172,
  "dvars_std": 1.1569887294531254,
  "dvars_vstd": 1.0114765313541676,
  "efc": 0.5531672822150213,
  "fber": 3558.107177734375,
  "fd_mean": 0.129727372759224,
  "fd_num": 53,
  "fd_perc": 13.766233766233766,
  "fwhm_avg": 2.0191650920625435,
  "fwhm_x": 1.9104345453102938,
  "fwhm_y": 2.094204730877336,
  "fwhm_z": 2.052856,
  "gcor": 0.00890822,
  "gsr_x": 0.008657548576593399,
  "gsr_y": 0.01802058145403862,
  "provenance": {
    "md5sum": "df626ed3a7dd5574552eb1b253ca9f7c",
    "settings": {
      "fd_thres": 0.2,
      "testing": false
    },
    "software": "mriqc",
    "version": "22.0.1",
    "webapi_port": null,
    "webapi_url": "https://mriqc.nimh.nih.gov/api/v1"
  },
  "size_t": 385,
  "size_x": 84,
  "size_y": 84,
  "size_z": 48,
  "snr": 4.601507271596905,
  "spacing_tr": 1.0,
  "spacing_x": 2.4761905670166016,
  "spacing_y": 2.4761905670166016,
  "spacing_z": 2.5,
  "summary_bg_k": 14.34963939580257,
  "summary_bg_mad": 2.7182363276615407,
  "summary_bg_mean": 11.612092018127441,
  "summary_bg_median": 3.4053797721862793,
  "summary_bg_n": 200208.0,
  "summary_bg_p05": 1.0179514288902283,
  "summary_bg_p95": 53.94392127990722,
  "summary_bg_stdv": 20.81844139099121,
  "summary_fg_k": 4.034800665868272,
  "summary_fg_mad": 38.023885283319245,
  "summary_fg_mean": 217.07359313964844,
  "summary_fg_median": 210.4699249267578,
  "summary_fg_n": 77212.0,
  "summary_fg_p05": 160.02105712890625,
  "summary_fg_p95": 294.40785827636716,
  "summary_fg_stdv": 45.73904800415039,
  "tsnr": 56.01998519897461
}