{
  "bids_meta": {
    "AcquisitionMatrixPE": 256,
    "AcquisitionNumber": 1,
    "AcquisitionTime": "15:28:50.087500",
    "BaseResolution": 256,
    "BodyPartExamined": "BRAIN",
    "ConsistencyInfo": "N4_VE11C_LATEST_20160120",
    "ConversionSoftware": "dcm2niix",
    "ConversionSoftwareVersion": "v1.0.20181114  Clang4.0.1",
    "DeviceSerialNumber": "67007",
    "DwellTime": 8.2e-06,
    "EchoTime": 0.00298,
    "FlipAngle": 9,
    "ImageOrientationPatientDICOM": [
      0,
      1,
      0,
      0,
      0,
      -1
    ],
    "ImageType": [
      "ORIGINAL",
      "PRIMARY",
      "M",
      "ND",
      "NORM"
    ],
    "ImagingFrequency": 123.211,
    "InPlanePhaseEncodingDirectionDICOM": "ROW",
    "InstitutionAddress": "Perth_Drive_100_London_Ontario_CA_N6A_5K8",
    "InstitutionName": "Robarts_Research_Institute",
    "InstitutionalDepartmentName": "CFMM",
    "InversionTime": 0.9,
    "MRAcquisitionType": "3D",
    "MagneticFieldStrength": 3,
    "Manufacturer": "Siemens",
    "ManufacturersModelName": "Prisma_fit",
    "Modality": "MR",
    "PartialFourier": 1,
    "PatientPosition": "HFS",
    "PercentPhaseFOV": 100,
    "PhaseEncodingSteps": 255,
    "PhaseResolution": 1,
    "PixelBandwidth": 240,
    "ProcedureStepDescription": "Ansari_NCNS",
    "ProtocolName": "MPRAGE_SAG_iPAT2",
    "PulseSequenceDetails": "%SiemensSeq%_tfl",
    "ReceiveCoilActiveElements": "HEA;HEP",
    "ReceiveCoilName": "Head_32",
    "ReconMatrixPE": 256,
    "RepetitionTime": 2.3,
    "SAR": 0.0639848,
    "ScanOptions": "IR",
    "ScanningSequence": "GR_IR",
    "SequenceName": "_tfl3d1_16ns",
    "SequenceVariant": "SK_SP_MP",
    "SeriesDescription": "MPRAGE_SAG_iPAT2",
    "SeriesNumber": 10,
    "ShimSetting": [
      5233,
      -6220,
      -3934,
      484,
      -8,
      -74,
      165,
      -8
    ],
    "SliceThickness": 1,
    "SoftwareVersions": "syngo_MR_E11",
    "StationName": "MRC35368",
    "TxRefAmp": 262.341,
    "dataset": "ds001838",
    "modality": "T1w",
    "session_id": "01",
    "subject_id": "111"
  },
  "cjv": 0.32952721565764315,
  "cnr": 4.027690912583998,
  "efc": 0.5733171077212743,
  "fber": 3325.975466255609,
  "fwhm_avg": 3.8273466666666667,
  "fwhm_x": 3.87812,
  "fwhm_y": 4.03721,
  "fwhm_z": 3.56671,
  "icvs_csf": 0.19836703008961226,
  "icvs_gm": 0.4585469208990572,
  "icvs_wm": 0.34308604901133055,
  "inu_med": 0.47422337532043457,
  "inu_range": 0.16091965436935424,
  "provenance": {
    "md5sum": "eafc0fefab1de0b242e93ea614de73e9",
    "settings": {
      "testing": false
    },
    "software": "mriqc",
    "version": "22.0.1",
    "warnings": {
      "large_rot_frame": true,
      "small_air_mask": false
    },
    "webapi_port": null,
    "webapi_url": "https://mriqc.nimh.nih.gov/api/v1"
  },
  "qi_1": 0.0,
  "qi_2": 0.01801682007180344,
  "rpve_csf": 25.246351931330473,
  "rpve_gm": 11.858364726795728,
  "rpve_wm": 17.60477799839466,
  "size_x": 192,
  "size_y": 256,
  "size_z": 256,
  "snr_csf": 3.145105155320599,
  "snr_gm": 13.37647524569768,
  "snr_total": 13.847376601690902,
  "snr_wm": 25.02054940405442,
  "snrd_csf": 30.483317022370525,
  "snrd_gm": 71.90817946666071,
  "snrd_total": 67.14529858327937,
  "snrd_wm": 99.04439926080686,
  "spacing_x": 1.0,
  "spacing_y": 1.0,
  "spacing_z": 1.0,
  "summary_bg_k": 2268.394619643358,
  "summary_bg_mad": 6.614573246908872,
  "summary_bg_mean": 7.463771770592043,
  "summary_bg_median": 4.46146185696125,
  "summary_bg_n": 3305236.0,
  "summary_bg_p05": 0.0,
  "summary_bg_p95": 22.806726656854153,
  "summary_bg_stdv": 9.17163111250499,
  "summary_csf_k": 2.2923072353754392,
  "summary_csf_mad": 74.43863027118343,
  "summary_csf_mean": 316.19967966309616,
  "summary_csf_median": 307.77427914738655,
  "summary_csf_n": 46492.0,
  "summary_csf_p05": 162.14417345821857,
  "summary_csf_p95": 494.6046533059328,
  "summary_csf_stdv": 97.85713162519254,
  "summary_gm_k": 0.24806728346480567,
  "summary_gm_mad": 52.32423613226421,
  "summary_gm_mean": 725.6643358302032,
  "summary_gm_median": 726.0196809917688,
  "summary_gm_n": 45662.0,
  "summary_gm_p05": 636.2244374975562,
  "summary_gm_p95": 814.3150076452641,
  "summary_gm_stdv": 54.275264423544996,
  "summary_wm_k": 0.5151068618619368,
  "summary_wm_mad": 37.95975243935017,
  "summary_wm_mean": 1000.0072767198536,
  "summary_wm_median": 1000.0000512972474,
  "summary_wm_n": 221703.0,
  "summary_wm_p05": 934.6762590333819,
  "summary_wm_p95": 1065.290549069643,
  "summary_wm_stdv": 39.9670598705202,
  "tpm_overlap_csf": 0.15362358467308124,
  "tpm_overlap_gm": 0.46357461987115467,
  "tpm_overlap_wm": 0.5010966211519947,
  "wm2max": 0.5686449765763529
}