{
  "bids_meta": {
    "AcquisitionMatrixPE": 240,
    "AcquisitionNumber": 1,
    "AcquisitionTime": "11:41:6.620000",
    "BaseResolution": 256,
    "BodyPartExamined": "BRAIN",
    "ConsistencyInfo": "N4_VE11C_LATEST_20160120",
    "ConversionSoftware": "dcm2niix",
    "ConversionSoftwareVersion": "v1.0.20181114  Clang4.0.1",
    "DeviceSerialNumber": "67007",
    "DwellTime": 8.2e-06,
    "EchoTime": 0.00298,
    "FlipAngle": 9,
    "ImageOrientationPatientDICOM": [
      0,
      1,
      0,
      0,
      0,
      -1
    ],
    "ImageType": [
      "ORIGINAL",
      "PRIMARY",
      "M",
      "ND",
      "NORM"
    ],
    "ImagingFrequency": 123.211,
    "InPlanePhaseEncodingDirectionDICOM": "ROW",
    "InstitutionAddress": "Perth_Drive_100_London_Ontario_CA_N6A_5K8",
    "InstitutionName": "Robarts_Research_Institute",
    "InstitutionalDepartmentName": "CFMM",
    "InversionTime": 0.9,
    "MRAcquisitionType": "3D",
    "MagneticFieldStrength": 3,
    "Manufacturer": "Siemens",
    "ManufacturersModelName": "Prisma_fit",
    "Modality": "MR",
    "PartialFourier": 1,
    "PatientPosition": "HFS",
    "PercentPhaseFOV": 93.75,
    "PhaseEncodingSteps": 239,
    "PhaseResolution": 1,
    "PixelBandwidth": 240,
    "ProcedureStepDescription": "Ansari_NCNS",
    "ProtocolName": "MPRAGE_SAG_iPAT2",
    "PulseSequenceDetails": "%SiemensSeq%_tfl",
    "ReceiveCoilActiveElements": "HEA;HEP",
    "ReceiveCoilName": "Head_32",
    "ReconMatrixPE": 256,
    "RepetitionTime": 2.3,
    "SAR": 0.0594089,
    "ScanOptions": "IR",
    "ScanningSequence": "GR_IR",
    "SequenceName": "_tfl3d1_16ns",
    "SequenceVariant": "SK_SP_MP",
    "SeriesDescription": "MPRAGE_SAG_iPAT2",
    "SeriesNumber": 10,
    "ShimSetting": [
      5237,
      -6180,
      -3929,
      502,
      -7,
      -204,
      84,
      -15
    ],
    "SliceThickness": 1,
    "SoftwareVersions": "syngo_MR_E11",
    "StationName": "MRC35368",
    "TxRefAmp": 245.941,
    "dataset": "ds001838",
    "modality": "T1w",
    "session_id": "01",
    "subject_id": "108"
  },
  "cjv": 0.3301363833005999,
  "cnr": 3.966414398559969,
  "efc": 0.5583791567934399,
  "fber": 3954.3884725765306,
  "fwhm_avg": 3.6516933333333337,
  "fwhm_x": 3.67478,
  "fwhm_y": 3.81897,
  "fwhm_z": 3.46133,
  "icvs_csf": 0.19923758390670385,
  "icvs_gm": 0.44797382969789273,
  "icvs_wm": 0.35278858639540345,
  "inu_med": 0.4095730483531952,
  "inu_range": 0.11558547616004944,
  "provenance": {
    "md5sum": "cdde82b5c0df22488084c64fe24a09c2",
    "settings": {
      "testing": false
    },
    "software": "mriqc",
    "version": "22.0.1",
    "warnings": {
      "large_rot_frame": true,
      "small_air_mask": false
    },
    "webapi_port": null,
    "webapi_url": "https://mriqc.nimh.nih.gov/api/v1"
  },
  "qi_1": 2.0370155684906044e-05,
  "qi_2": 0.017192194179911104,
  "rpve_csf": 23.44160071751608,
  "rpve_gm": 11.290693834738356,
  "rpve_wm": 16.227780010253994,
  "size_x": 192,
  "size_y": 240,
  "size_z": 256,
  "snr_csf": 2.7492021806249287,
  "snr_gm": 14.122142689927054,
  "snr_total": 14.177644207197439,
  "snr_wm": 25.661587751040333,
  "snrd_csf": 26.293373017049667,
  "snrd_gm": 59.84009031466476,
  "snrd_total": 55.73246648267294,
  "snrd_wm": 81.06393611630438,
  "spacing_x": 1.0,
  "spacing_y": 1.0,
  "spacing_z": 1.0,
  "summary_bg_k": 186.18938706503252,
  "summary_bg_mad": 8.081724195585192,
  "summary_bg_mean": 8.022203724057208,
  "summary_bg_median": 5.451040133833885,
  "summary_bg_n": 3106051.0,
  "summary_bg_p05": 0.0,
  "summary_bg_p95": 23.831681560724974,
  "summary_bg_stdv": 10.31248156382574,
  "summary_csf_k": 15.100735922198862,
  "summary_csf_mad": 87.39596256628255,
  "summary_csf_mean": 338.1004903275988,
  "summary_csf_median": 324.35350698791444,
  "summary_csf_n": 30548.0,
  "summary_csf_p05": 178.02465554159136,
  "summary_csf_p95": 541.6572276402263,
  "summary_csf_stdv": 117.9790269026872,
  "summary_gm_k": 0.39852138430094897,
  "summary_gm_mad": 49.52520010099462,
  "summary_gm_mean": 737.7320039052663,
  "summary_gm_median": 738.1838434897363,
  "summary_gm_n": 24892.0,
  "summary_gm_p05": 650.8010111004114,
  "summary_gm_p95": 821.8772523738444,
  "summary_gm_stdv": 52.27032694795343,
  "summary_wm_k": 0.5559497208576061,
  "summary_wm_mad": 36.909825746910414,
  "summary_wm_mean": 1000.0350546592863,
  "summary_wm_median": 999.9999601617455,
  "summary_wm_n": 210803.0,
  "summary_wm_p05": 936.3823332339525,
  "summary_wm_p95": 1063.5511109903455,
  "summary_wm_stdv": 38.96865610880736,
  "tpm_overlap_csf": 0.15087975937470852,
  "tpm_overlap_gm": 0.4481586388406584,
  "tpm_overlap_wm": 0.4789884632404698,
  "wm2max": 0.5392336093486755
}