{
  "bids_meta": {
    "AcquisitionMatrixPE": 240,
    "AcquisitionNumber": 1,
    "AcquisitionTime": "12:35:7.320000",
    "BaseResolution": 256,
    "BodyPartExamined": "BRAIN",
    "ConsistencyInfo": "N4_VE11C_LATEST_20160120",
    "ConversionSoftware": "dcm2niix",
    "ConversionSoftwareVersion": "v1.0.20181114  Clang4.0.1",
    "DeviceSerialNumber": "67007",
    "DwellTime": 8.2e-06,
    "EchoTime": 0.00298,
    "FlipAngle": 9,
    "ImageOrientationPatientDICOM": [
      0,
      1,
      0,
      0,
      0,
      -1
    ],
    "ImageType": [
      "ORIGINAL",
      "PRIMARY",
      "M",
      "ND",
      "NORM"
    ],
    "ImagingFrequency": 123.211,
    "InPlanePhaseEncodingDirectionDICOM": "ROW",
    "InstitutionAddress": "Perth_Drive_100_London_Ontario_CA_N6A_5K8",
    "InstitutionName": "Robarts_Research_Institute",
    "InstitutionalDepartmentName": "CFMM",
    "InversionTime": 0.9,
    "MRAcquisitionType": "3D",
    "MagneticFieldStrength": 3,
    "Manufacturer": "Siemens",
    "ManufacturersModelName": "Prisma_fit",
    "Modality": "MR",
    "PartialFourier": 1,
    "PatientPosition": "HFS",
    "PercentPhaseFOV": 93.75,
    "PhaseEncodingSteps": 239,
    "PhaseResolution": 1,
    "PixelBandwidth": 240,
    "ProcedureStepDescription": "Ansari_NCNS",
    "ProtocolName": "MPRAGE_SAG_iPAT2",
    "PulseSequenceDetails": "%SiemensSeq%_tfl",
    "ReceiveCoilActiveElements": "HEA;HEP",
    "ReceiveCoilName": "Head_32",
    "ReconMatrixPE": 256,
    "RepetitionTime": 2.3,
    "SAR": 0.0500987,
    "ScanOptions": "IR",
    "ScanningSequence": "GR_IR",
    "SequenceName": "_tfl3d1_16ns",
    "SequenceVariant": "SK_SP_MP",
    "SeriesDescription": "MPRAGE_SAG_iPAT2",
    "SeriesNumber": 10,
    "ShimSetting": [
      5262,
      -6187,
      -3917,
      394,
      -4,
      -78,
      59,
      17
    ],
    "SliceThickness": 1,
    "SoftwareVersions": "syngo_MR_E11",
    "StationName": "MRC35368",
    "TxRefAmp": 237.344,
    "dataset": "ds001838",
    "modality": "T1w",
    "session_id": "01",
    "subject_id": "109"
  },
  "cjv": 0.3888857165102878,
  "cnr": 3.472849958857424,
  "efc": 0.5730718801763326,
  "fber": 2268.36959712463,
  "fwhm_avg": 3.8790600000000004,
  "fwhm_x": 3.939,
  "fwhm_y": 4.0502,
  "fwhm_z": 3.64798,
  "icvs_csf": 0.20909682255381593,
  "icvs_gm": 0.42935467281923256,
  "icvs_wm": 0.36154850462695154,
  "inu_med": 0.42680974304676056,
  "inu_range": 0.11392288208007806,
  "provenance": {
    "md5sum": "7bcd3e939c2dea9ecfa54d1f53e2d4c2",
    "settings": {
      "testing": false
    },
    "software": "mriqc",
    "version": "22.0.1",
    "warnings": {
      "large_rot_frame": true,
      "small_air_mask": false
    },
    "webapi_port": null,
    "webapi_url": "https://mriqc.nimh.nih.gov/api/v1"
  },
  "qi_1": 0.0,
  "qi_2": 0.014947808960383044,
  "rpve_csf": 23.49698858610959,
  "rpve_gm": 11.852253069125362,
  "rpve_wm": 16.100571398724146,
  "size_x": 192,
  "size_y": 240,
  "size_z": 256,
  "snr_csf": 2.745465270950893,
  "snr_gm": 12.097262241389606,
  "snr_total": 13.589222227584244,
  "snr_wm": 25.92493917041223,
  "snrd_csf": 33.86339560994517,
  "snrd_gm": 88.37268004846578,
  "snrd_total": 80.20424494245974,
  "snrd_wm": 118.37665916896825,
  "spacing_x": 1.0,
  "spacing_y": 1.0,
  "spacing_z": 1.0,
  "summary_bg_k": 9.734889212675252,
  "summary_bg_mad": 0.0,
  "summary_bg_mean": 3.769554497320374,
  "summary_bg_median": 0.0,
  "summary_bg_n": 2233300.0,
  "summary_bg_p05": 0.0,
  "summary_bg_p95": 16.267813950777054,
  "summary_bg_stdv": 5.534337643056842,
  "summary_csf_k": 0.9764112203266149,
  "summary_csf_mad": 91.34209028792546,
  "summary_csf_mean": 297.64027391970865,
  "summary_csf_median": 286.0648027583957,
  "summary_csf_n": 45059.0,
  "summary_csf_p05": 145.76835190728306,
  "summary_csf_p95": 496.13471431285143,
  "summary_csf_stdv": 104.19422581361027,
  "summary_gm_k": -0.0877722511504162,
  "summary_gm_mad": 62.68867953202958,
  "summary_gm_mean": 746.6766067897863,
  "summary_gm_median": 746.5380488857627,
  "summary_gm_n": 28045.0,
  "summary_gm_p05": 645.8725472688675,
  "summary_gm_p95": 848.3396085843443,
  "summary_gm_stdv": 61.710222050644546,
  "summary_wm_k": 0.6817820711529432,
  "summary_wm_mad": 35.87905346825222,
  "summary_wm_mean": 1001.4649481030002,
  "summary_wm_median": 1000.0000013709068,
  "summary_wm_n": 220894.0,
  "summary_wm_p05": 940.6090359762311,
  "summary_wm_p95": 1067.054317139089,
  "summary_wm_stdv": 38.572809419761796,
  "tpm_overlap_csf": 0.15604611593620515,
  "tpm_overlap_gm": 0.4535404309169148,
  "tpm_overlap_wm": 0.49258680537591365,
  "wm2max": 0.5309917724117007
}