{
  "aor": 0.000661974025974026,
  "aqi": 0.005668637844155845,
  "bids_meta": {
    "AcquisitionMatrixPE": 84,
    "AcquisitionNumber": 1,
    "AcquisitionTime": "12:30:41.287500",
    "BandwidthPerPixelPhaseEncode": 15.664,
    "BaseResolution": 84,
    "BodyPartExamined": "BRAIN",
    "ConsistencyInfo": "N4_VE11C_LATEST_20160120",
    "ConversionSoftware": "dcm2niix",
    "ConversionSoftwareVersion": "v1.0.20181114  Clang4.0.1",
    "DerivedVendorReportedEchoSpacing": 0.000760008,
    "DeviceSerialNumber": "67007",
    "DwellTime": 3.8e-06,
    "EchoTime": 0.03,
    "EchoTrainLength": 74,
    "EffectiveEchoSpacing": 0.000760008,
    "FlipAngle": 40,
    "ImageComments": "Unaliased_MB4_PE3",
    "ImageOrientationPatientDICOM": [
      0.999492,
      -0.0157457,
      -0.0276989,
      4.25763e-09,
      0.869352,
      -0.494193
    ],
    "ImageType": [
      "ORIGINAL",
      "PRIMARY",
      "M",
      "MB",
      "ND",
      "NORM",
      "MOSAIC"
    ],
    "ImagingFrequency": 123.211,
    "InPlanePhaseEncodingDirectionDICOM": "COL",
    "InstitutionAddress": "Perth_Drive_100_London_Ontario_CA_N6A_5K8",
    "InstitutionName": "Robarts_Research_Institute",
    "InstitutionalDepartmentName": "CFMM",
    "MRAcquisitionType": "2D",
    "MagneticFieldStrength": 3,
    "Manufacturer": "Siemens",
    "ManufacturersModelName": "Prisma_fit",
    "Modality": "MR",
    "MultibandAccelerationFactor": 4,
    "PartialFourier": 0.875,
    "PatientPosition": "HFS",
    "PercentPhaseFOV": 100,
    "PhaseEncodingDirection": "j-",
    "PhaseEncodingSteps": 74,
    "PhaseResolution": 1,
    "PixelBandwidth": 1565,
    "ProcedureStepDescription": "Ansari_NCNS",
    "ProtocolName": "ep_bold_mb4_adaptation_3",
    "PulseSequenceDetails": "%CustomerSeq%_cmrr_mbep2d_bold",
    "ReceiveCoilActiveElements": "HEA;HEP",
    "ReceiveCoilName": "Head_32",
    "ReconMatrixPE": 84,
    "RepetitionTime": 1,
    "SAR": 0.0598535,
    "ScanOptions": "PFP_FS",
    "ScanningSequence": "EP",
    "SequenceName": "epfid2d1_84",
    "SequenceVariant": "SK_SS",
    "SeriesDescription": "ep_bold_mb4_adaptation_3",
    "SeriesNumber": 6,
    "ShimSetting": [
      5230,
      -6201,
      -4115,
      701,
      243,
      216,
      -140,
      -19
    ],
    "SliceThickness": 2.5,
    "SliceTiming": [
      0,
      0.4075,
      0.815,
      0.245,
      0.6525,
      0.08,
      0.49,
      0.8975,
      0.325,
      0.735,
      0.1625,
      0.57,
      0,
      0.4075,
      0.815,
      0.245,
      0.6525,
      0.08,
      0.49,
      0.8975,
      0.325,
      0.735,
      0.1625,
      0.57,
      0,
      0.4075,
      0.815,
      0.245,
      0.6525,
      0.08,
      0.49,
      0.8975,
      0.325,
      0.735,
      0.1625,
      0.57,
      0,
      0.4075,
      0.815,
      0.245,
      0.6525,
      0.08,
      0.49,
      0.8975,
      0.325,
      0.735,
      0.1625,
      0.57
    ],
    "SoftwareVersions": "syngo_MR_E11",
    "SpacingBetweenSlices": 2.5,
    "StationName": "MRC35368",
    "TaskName": "Adaptation",
    "TotalReadoutTime": 0.0630806,
    "TxRefAmp": 246.37,
    "WipMemBlock": "722bbf66-cfb8-43e9-b9f8-6c6bb6977c2e||Sequence: R016 ve11c/master r/e634e98; Dec 19 2017 11:00:25 by eja",
    "dataset": "ds001838",
    "modality": "bold",
    "run_id": 3,
    "session_id": "01",
    "subject_id": "102",
    "task_id": "Adaptation"
  },
  "dummy_trs": 1,
  "dvars_nstd": 25.740528886406256,
  "dvars_std": 1.1161569532812499,
  "dvars_vstd": 1.0059514830729173,
  "efc": 0.5173573219606608,
  "fber": 5960.61572265625,
  "fd_mean": 0.17813870397203577,
  "fd_num": 163,
  "fd_perc": 42.33766233766234,
  "fwhm_avg": 2.019731270652944,
  "fwhm_x": 1.9024747379099503,
  "fwhm_y": 2.175511074048883,
  "fwhm_z": 1.981208,
  "gcor": 0.0245351,
  "gsr_x": -0.014316984452307224,
  "gsr_y": 0.039178892970085144,
  "provenance": {
    "md5sum": "a42dc1e94fd60bda624edeb856142695",
    "settings": {
      "fd_thres": 0.2,
      "testing": false
    },
    "software": "mriqc",
    "version": "22.0.1",
    "webapi_port": null,
    "webapi_url": "https://mriqc.nimh.nih.gov/api/v1"
  },
  "size_t": 385,
  "size_x": 84,
  "size_y": 84,
  "size_z": 48,
  "snr": 4.995051670847709,
  "spacing_tr": 1.0,
  "spacing_x": 2.4761905670166016,
  "spacing_y": 2.4761905670166016,
  "spacing_z": 2.5,
  "summary_bg_k": 30.096990739998702,
  "summary_bg_mad": 2.0101695766920225,
  "summary_bg_mean": 7.384690761566162,
  "summary_bg_median": 2.5191421508789062,
  "summary_bg_n": 208687.0,
  "summary_bg_p05": 1.003696346282959,
  "summary_bg_p95": 28.373796081542945,
  "summary_bg_stdv": 13.123858451843262,
  "summary_fg_k": 3.972140341088542,
  "summary_fg_mad": 33.85247164239888,
  "summary_fg_mean": 206.33946228027344,
  "summary_fg_median": 200.7683868408203,
  "summary_fg_n": 71983.0,
  "summary_fg_p05": 155.93181762695312,
  "summary_fg_p95": 275.2300476074218,
  "summary_fg_stdv": 40.19317626953125,
  "tsnr": 60.968650817871094
}