{
  "aor": 0.00018334203655352482,
  "aqi": 0.006405711122715405,
  "bids_meta": {
    "AcquisitionMatrixPE": 84,
    "AcquisitionNumber": 1,
    "AcquisitionTime": "12:23:49.095000",
    "BandwidthPerPixelPhaseEncode": 15.664,
    "BaseResolution": 84,
    "BodyPartExamined": "BRAIN",
    "ConsistencyInfo": "N4_VE11C_LATEST_20160120",
    "ConversionSoftware": "dcm2niix",
    "ConversionSoftwareVersion": "v1.0.20181114  Clang4.0.1",
    "DerivedVendorReportedEchoSpacing": 0.000760008,
    "DeviceSerialNumber": "67007",
    "DwellTime": 3.8e-06,
    "EchoTime": 0.03,
    "EchoTrainLength": 74,
    "EffectiveEchoSpacing": 0.000760008,
    "FlipAngle": 40,
    "ImageComments": "Unaliased_MB4_PE3",
    "ImageOrientationPatientDICOM": [
      0.999492,
      -0.0157457,
      -0.0276989,
      4.25763e-09,
      0.869352,
      -0.494193
    ],
    "ImageType": [
      "ORIGINAL",
      "PRIMARY",
      "M",
      "MB",
      "ND",
      "NORM",
      "MOSAIC"
    ],
    "ImagingFrequency": 123.211,
    "InPlanePhaseEncodingDirectionDICOM": "COL",
    "InstitutionAddress": "Perth_Drive_100_London_Ontario_CA_N6A_5K8",
    "InstitutionName": "Robarts_Research_Institute",
    "InstitutionalDepartmentName": "CFMM",
    "MRAcquisitionType": "2D",
    "MagneticFieldStrength": 3,
    "Manufacturer": "Siemens",
    "ManufacturersModelName": "Prisma_fit",
    "Modality": "MR",
    "MultibandAccelerationFactor": 4,
    "PartialFourier": 0.875,
    "PatientPosition": "HFS",
    "PercentPhaseFOV": 100,
    "PhaseEncodingDirection": "j-",
    "PhaseEncodingSteps": 74,
    "PhaseResolution": 1,
    "PixelBandwidth": 1565,
    "ProcedureStepDescription": "Ansari_NCNS",
    "ProtocolName": "ep_bold_mb4_adaptation_2",
    "PulseSequenceDetails": "%CustomerSeq%_cmrr_mbep2d_bold",
    "ReceiveCoilActiveElements": "HEA;HEP",
    "ReceiveCoilName": "Head_32",
    "ReconMatrixPE": 84,
    "RepetitionTime": 1,
    "SAR": 0.0598535,
    "ScanOptions": "PFP_FS",
    "ScanningSequence": "EP",
    "SequenceName": "epfid2d1_84",
    "SequenceVariant": "SK_SS",
    "SeriesDescription": "ep_bold_mb4_adaptation_2",
    "SeriesNumber": 4,
    "ShimSetting": [
      5230,
      -6201,
      -4115,
      701,
      243,
      216,
      -140,
      -19
    ],
    "SliceThickness": 2.5,
    "SliceTiming": [
      0,
      0.41,
      0.8175,
      0.245,
      0.655,
      0.0825,
      0.49,
      0.9,
      0.3275,
      0.735,
      0.165,
      0.5725,
      0,
      0.41,
      0.8175,
      0.245,
      0.655,
      0.0825,
      0.49,
      0.9,
      0.3275,
      0.735,
      0.165,
      0.5725,
      0,
      0.41,
      0.8175,
      0.245,
      0.655,
      0.0825,
      0.49,
      0.9,
      0.3275,
      0.735,
      0.165,
      0.5725,
      0,
      0.41,
      0.8175,
      0.245,
      0.655,
      0.0825,
      0.49,
      0.9,
      0.3275,
      0.735,
      0.165,
      0.5725
    ],
    "SoftwareVersions": "syngo_MR_E11",
    "SpacingBetweenSlices": 2.5,
    "StationName": "MRC35368",
    "TaskName": "Adaptation",
    "TotalReadoutTime": 0.0630806,
    "TxRefAmp": 246.37,
    "WipMemBlock": "5f999228-6ad7-4a63-9bea-7ec9a2bc7cd2||Sequence: R016 ve11c/master r/e634e98; Dec 19 2017 11:00:25 by eja",
    "dataset": "ds001838",
    "modality": "bold",
    "run_id": 2,
    "session_id": "01",
    "subject_id": "102",
    "task_id": "Adaptation"
  },
  "dummy_trs": 3,
  "dvars_nstd": 25.940435514528815,
  "dvars_std": 1.1061629425392678,
  "dvars_vstd": 0.9865839341361257,
  "efc": 0.5164149407131514,
  "fber": 6028.87841796875,
  "fd_mean": 0.1591287353813652,
  "fd_num": 142,
  "fd_perc": 37.0757180156658,
  "fwhm_avg": 2.0343419241653615,
  "fwhm_x": 1.916795122000066,
  "fwhm_y": 2.188486650496019,
  "fwhm_z": 1.9977440000000002,
  "gcor": 0.0180498,
  "gsr_x": -0.014188402332365513,
  "gsr_y": 0.03921373561024666,
  "provenance": {
    "md5sum": "6605ca1305d7c07359e1fabc1d6c9774",
    "settings": {
      "fd_thres": 0.2,
      "testing": false
    },
    "software": "mriqc",
    "version": "22.0.1",
    "webapi_port": null,
    "webapi_url": "https://mriqc.nimh.nih.gov/api/v1"
  },
  "size_t": 383,
  "size_x": 84,
  "size_y": 84,
  "size_z": 48,
  "snr": 4.977206013438681,
  "spacing_tr": 1.0,
  "spacing_x": 2.4761905670166016,
  "spacing_y": 2.4761905670166016,
  "spacing_z": 2.5,
  "summary_bg_k": 30.156888068391012,
  "summary_bg_mad": 2.0006104193693663,
  "summary_bg_mean": 7.263082504272461,
  "summary_bg_median": 2.5053582191467285,
  "summary_bg_n": 208753.0,
  "summary_bg_p05": 1.0064340353012085,
  "summary_bg_p95": 27.774069213867158,
  "summary_bg_stdv": 12.903399467468262,
  "summary_fg_k": 3.8173068900584024,
  "summary_fg_mad": 34.139157992099996,
  "summary_fg_mean": 206.10032653808594,
  "summary_fg_median": 200.69293212890625,
  "summary_fg_n": 72052.0,
  "summary_fg_p05": 155.23726501464844,
  "summary_fg_p95": 275.05851287841796,
  "summary_fg_stdv": 40.32212829589844,
  "tsnr": 57.745758056640625
}