{
  "aor": 0.0003681558441558442,
  "aqi": 0.008116879766233766,
  "bids_meta": {
    "AcquisitionMatrixPE": 84,
    "AcquisitionNumber": 1,
    "AcquisitionTime": "12:16:53.365000",
    "BandwidthPerPixelPhaseEncode": 15.664,
    "BaseResolution": 84,
    "BodyPartExamined": "BRAIN",
    "ConsistencyInfo": "N4_VE11C_LATEST_20160120",
    "ConversionSoftware": "dcm2niix",
    "ConversionSoftwareVersion": "v1.0.20181114  Clang4.0.1",
    "DerivedVendorReportedEchoSpacing": 0.000760008,
    "DeviceSerialNumber": "67007",
    "DwellTime": 3.8e-06,
    "EchoTime": 0.03,
    "EchoTrainLength": 74,
    "EffectiveEchoSpacing": 0.000760008,
    "FlipAngle": 40,
    "ImageComments": "Unaliased_MB4_PE3",
    "ImageOrientationPatientDICOM": [
      0.999492,
      -0.0157457,
      -0.0276989,
      4.25763e-09,
      0.869352,
      -0.494193
    ],
    "ImageType": [
      "ORIGINAL",
      "PRIMARY",
      "M",
      "MB",
      "ND",
      "NORM",
      "MOSAIC"
    ],
    "ImagingFrequency": 123.211,
    "InPlanePhaseEncodingDirectionDICOM": "COL",
    "InstitutionAddress": "Perth_Drive_100_London_Ontario_CA_N6A_5K8",
    "InstitutionName": "Robarts_Research_Institute",
    "InstitutionalDepartmentName": "CFMM",
    "MRAcquisitionType": "2D",
    "MagneticFieldStrength": 3,
    "Manufacturer": "Siemens",
    "ManufacturersModelName": "Prisma_fit",
    "Modality": "MR",
    "MultibandAccelerationFactor": 4,
    "PartialFourier": 0.875,
    "PatientPosition": "HFS",
    "PercentPhaseFOV": 100,
    "PhaseEncodingDirection": "j-",
    "PhaseEncodingSteps": 74,
    "PhaseResolution": 1,
    "PixelBandwidth": 1565,
    "ProcedureStepDescription": "Ansari_NCNS",
    "ProtocolName": "ep_bold_mb4_adaptation_1",
    "PulseSequenceDetails": "%CustomerSeq%_cmrr_mbep2d_bold",
    "ReceiveCoilActiveElements": "HEA;HEP",
    "ReceiveCoilName": "Head_32",
    "ReconMatrixPE": 84,
    "RepetitionTime": 1,
    "SAR": 0.0598535,
    "ScanOptions": "PFP_FS",
    "ScanningSequence": "EP",
    "SequenceName": "epfid2d1_84",
    "SequenceVariant": "SK_SS",
    "SeriesDescription": "ep_bold_mb4_adaptation_1",
    "SeriesNumber": 2,
    "ShimSetting": [
      5230,
      -6201,
      -4115,
      701,
      243,
      216,
      -140,
      -19
    ],
    "SliceThickness": 2.5,
    "SliceTiming": [
      0,
      0.41,
      0.8175,
      0.245,
      0.655,
      0.0825,
      0.49,
      0.9,
      0.3275,
      0.735,
      0.165,
      0.5725,
      0,
      0.41,
      0.8175,
      0.245,
      0.655,
      0.0825,
      0.49,
      0.9,
      0.3275,
      0.735,
      0.165,
      0.5725,
      0,
      0.41,
      0.8175,
      0.245,
      0.655,
      0.0825,
      0.49,
      0.9,
      0.3275,
      0.735,
      0.165,
      0.5725,
      0,
      0.41,
      0.8175,
      0.245,
      0.655,
      0.0825,
      0.49,
      0.9,
      0.3275,
      0.735,
      0.165,
      0.5725
    ],
    "SoftwareVersions": "syngo_MR_E11",
    "SpacingBetweenSlices": 2.5,
    "StationName": "MRC35368",
    "TaskName": "Adaptation",
    "TotalReadoutTime": 0.0630806,
    "TxRefAmp": 246.37,
    "WipMemBlock": "bc9a98ef-6053-4fa6-85cc-10aa305c12d8||Sequence: R016 ve11c/master r/e634e98; Dec 19 2017 11:00:25 by eja",
    "dataset": "ds001838",
    "modality": "bold",
    "run_id": 1,
    "session_id": "01",
    "subject_id": "102",
    "task_id": "Adaptation"
  },
  "dummy_trs": 1,
  "dvars_nstd": 26.745158727083354,
  "dvars_std": 1.0955495737760417,
  "dvars_vstd": 0.9801158691406248,
  "efc": 0.5152562957692237,
  "fber": 6136.96484375,
  "fd_mean": 0.19840406710049385,
  "fd_num": 195,
  "fd_perc": 50.64935064935065,
  "fwhm_avg": 2.043045218721492,
  "fwhm_x": 1.928954929246355,
  "fwhm_y": 2.2021447269181205,
  "fwhm_z": 1.9980360000000001,
  "gcor": 0.0185542,
  "gsr_x": -0.013720602728426456,
  "gsr_y": 0.03840441629290581,
  "provenance": {
    "md5sum": "bd46a98d73e905d1a318ad3b09740326",
    "settings": {
      "fd_thres": 0.2,
      "testing": false
    },
    "software": "mriqc",
    "version": "22.0.1",
    "webapi_port": null,
    "webapi_url": "https://mriqc.nimh.nih.gov/api/v1"
  },
  "size_t": 385,
  "size_x": 84,
  "size_y": 84,
  "size_z": 48,
  "snr": 4.969559995092169,
  "spacing_tr": 1.0,
  "spacing_x": 2.4761905670166016,
  "spacing_y": 2.4761905670166016,
  "spacing_z": 2.5,
  "summary_bg_k": 31.123119446120405,
  "summary_bg_mad": 1.9691837573678592,
  "summary_bg_mean": 7.137845993041992,
  "summary_bg_median": 2.482475996017456,
  "summary_bg_n": 208896.0,
  "summary_bg_p05": 1.000641256570816,
  "summary_bg_p95": 27.15107774734497,
  "summary_bg_stdv": 12.660744667053223,
  "summary_fg_k": 3.754061216629559,
  "summary_fg_mad": 34.11715740223341,
  "summary_fg_mean": 206.05087280273438,
  "summary_fg_median": 200.52407836914062,
  "summary_fg_n": 72013.0,
  "summary_fg_p05": 155.34368896484375,
  "summary_fg_p95": 275.6182678222656,
  "summary_fg_stdv": 40.350189208984375,
  "tsnr": 53.9211311340332
}