{
  "bids_meta": {
    "AcquisitionMatrixPE": 240,
    "AcquisitionNumber": 1,
    "AcquisitionTime": "14:05:1.062500",
    "BaseResolution": 256,
    "BodyPartExamined": "BRAIN",
    "ConsistencyInfo": "N4_VE11C_LATEST_20160120",
    "ConversionSoftware": "dcm2niix",
    "ConversionSoftwareVersion": "v1.0.20181114  Clang4.0.1",
    "DeviceSerialNumber": "67007",
    "DwellTime": 8.2e-06,
    "EchoTime": 0.00298,
    "FlipAngle": 9,
    "ImageOrientationPatientDICOM": [
      -0.0314108,
      0.999507,
      0,
      0,
      0,
      -1
    ],
    "ImageType": [
      "ORIGINAL",
      "PRIMARY",
      "M",
      "ND",
      "NORM"
    ],
    "ImagingFrequency": 123.211,
    "InPlanePhaseEncodingDirectionDICOM": "ROW",
    "InstitutionAddress": "Perth_Drive_100_London_Ontario_CA_N6A_5K8",
    "InstitutionName": "Robarts",
    "InstitutionalDepartmentName": "CFMM",
    "InversionTime": 0.9,
    "MRAcquisitionType": "3D",
    "MagneticFieldStrength": 3,
    "Manufacturer": "Siemens",
    "ManufacturersModelName": "Prisma_fit",
    "Modality": "MR",
    "PartialFourier": 1,
    "PatientPosition": "HFS",
    "PercentPhaseFOV": 93.75,
    "PhaseEncodingSteps": 239,
    "PhaseResolution": 1,
    "PixelBandwidth": 240,
    "ProcedureStepDescription": "Ansari_NCNS",
    "ProtocolName": "MPRAGE_SAG_iPAT2",
    "PulseSequenceDetails": "%SiemensSeq%_tfl",
    "ReceiveCoilActiveElements": "HEA;HEP",
    "ReceiveCoilName": "Head_32",
    "ReconMatrixPE": 256,
    "RepetitionTime": 2.3,
    "SAR": 0.0619933,
    "ScanOptions": "IR",
    "ScanningSequence": "GR_IR",
    "SequenceName": "_tfl3d1_16ns",
    "SequenceVariant": "SK_SP_MP",
    "SeriesDescription": "MPRAGE_SAG_iPAT2",
    "SeriesNumber": 10,
    "ShimSetting": [
      5242,
      -6170,
      -4038,
      365,
      20,
      -201,
      151,
      -12
    ],
    "SliceThickness": 1,
    "SoftwareVersions": "syngo_MR_E11",
    "StationName": "MRC35368",
    "TxRefAmp": 248.064,
    "dataset": "ds001838",
    "modality": "T1w",
    "session_id": "01",
    "subject_id": "22"
  },
  "cjv": 0.32409812202927724,
  "cnr": 4.166546444890422,
  "efc": 0.572514588822543,
  "fber": 1711.538250850398,
  "fwhm_avg": 4.0386066666666665,
  "fwhm_x": 4.10792,
  "fwhm_y": 4.16799,
  "fwhm_z": 3.83991,
  "icvs_csf": 0.1987661182944447,
  "icvs_gm": 0.46404638444115115,
  "icvs_wm": 0.33718749726440417,
  "inu_med": 0.4326341301202774,
  "inu_range": 0.1269985795021057,
  "provenance": {
    "md5sum": "13ffa0eaa5e90923252515e745cc482a",
    "settings": {
      "testing": false
    },
    "software": "mriqc",
    "version": "22.0.1",
    "warnings": {
      "large_rot_frame": true,
      "small_air_mask": false
    },
    "webapi_port": null,
    "webapi_url": "https://mriqc.nimh.nih.gov/api/v1"
  },
  "qi_1": 0.0,
  "qi_2": 0.011409575498187455,
  "rpve_csf": 29.01631863633778,
  "rpve_gm": 13.31762492847443,
  "rpve_wm": 19.978580228716126,
  "size_x": 192,
  "size_y": 240,
  "size_z": 256,
  "snr_csf": 2.511850179685337,
  "snr_gm": 13.401400897142773,
  "snr_total": 13.835452309545609,
  "snr_wm": 25.593105851808716,
  "snrd_csf": 27.076748693403456,
  "snrd_gm": 67.6476834548306,
  "snrd_total": 62.85096961764242,
  "snrd_wm": 93.82847670469319,
  "spacing_x": 1.0,
  "spacing_y": 1.0,
  "spacing_z": 1.0,
  "summary_bg_k": 2.7727983826644067,
  "summary_bg_mad": 6.982277121168986,
  "summary_bg_mean": 7.336521795536906,
  "summary_bg_median": 4.709474351257086,
  "summary_bg_n": 2718935.0,
  "summary_bg_p05": 0.0,
  "summary_bg_p95": 23.7422465570271,
  "summary_bg_stdv": 7.995290542394895,
  "summary_csf_k": 0.34356588529435506,
  "summary_csf_mad": 102.85616504011692,
  "summary_csf_mean": 305.2077813716544,
  "summary_csf_median": 288.57710076496005,
  "summary_csf_n": 32663.0,
  "summary_csf_p05": 128.0002649538219,
  "summary_csf_p95": 515.9277870502323,
  "summary_csf_stdv": 114.88451244931217,
  "summary_gm_k": 0.029763744236792622,
  "summary_gm_mad": 53.498688838749956,
  "summary_gm_mean": 721.9813243647712,
  "summary_gm_median": 720.9718044772744,
  "summary_gm_n": 48230.0,
  "summary_gm_p05": 635.6637364959345,
  "summary_gm_p95": 812.7253564931452,
  "summary_gm_stdv": 53.79768396329931,
  "summary_wm_k": 0.5591282932644552,
  "summary_wm_mad": 36.933838289218016,
  "summary_wm_mean": 999.7903268085767,
  "summary_wm_median": 1000.0000400058925,
  "summary_wm_n": 175067.0,
  "summary_wm_p05": 935.2691270262003,
  "summary_wm_p95": 1063.0745171792805,
  "summary_wm_stdv": 39.072912437535585,
  "tpm_overlap_csf": 0.1340261017191621,
  "tpm_overlap_gm": 0.48319744129704395,
  "tpm_overlap_wm": 0.5049779942907292,
  "wm2max": 0.5412213472085501
}