{
  "aor": 0.0009046373056994819,
  "aqi": 0.005502220414507773,
  "bids_meta": {
    "AcquisitionMatrixPE": 84,
    "AcquisitionNumber": 1,
    "AcquisitionTime": "13:28:17.462500",
    "BandwidthPerPixelPhaseEncode": 15.664,
    "BaseResolution": 84,
    "BodyPartExamined": "BRAIN",
    "ConsistencyInfo": "N4_VE11C_LATEST_20160120",
    "ConversionSoftware": "dcm2niix",
    "ConversionSoftwareVersion": "v1.0.20181114  Clang4.0.1",
    "DerivedVendorReportedEchoSpacing": 0.000760008,
    "DeviceSerialNumber": "67007",
    "DwellTime": 3.8e-06,
    "EchoTime": 0.03,
    "EchoTrainLength": 74,
    "EffectiveEchoSpacing": 0.000760008,
    "FlipAngle": 40,
    "ImageComments": "Unaliased_MB4_PE3",
    "ImageOrientationPatientDICOM": [
      0.999067,
      -0.00601723,
      -0.0427737,
      4.67393e-08,
      0.99025,
      -0.139303
    ],
    "ImageType": [
      "ORIGINAL",
      "PRIMARY",
      "M",
      "MB",
      "ND",
      "NORM",
      "MOSAIC"
    ],
    "ImagingFrequency": 123.211,
    "InPlanePhaseEncodingDirectionDICOM": "COL",
    "InstitutionAddress": "Perth_Drive_100_London_Ontario_CA_N6A_5K8",
    "InstitutionName": "Robarts_Research_Institute",
    "InstitutionalDepartmentName": "CFMM",
    "MRAcquisitionType": "2D",
    "MagneticFieldStrength": 3,
    "Manufacturer": "Siemens",
    "ManufacturersModelName": "Prisma_fit",
    "Modality": "MR",
    "MultibandAccelerationFactor": 4,
    "PartialFourier": 0.875,
    "PatientPosition": "HFS",
    "PercentPhaseFOV": 100,
    "PhaseEncodingDirection": "j-",
    "PhaseEncodingSteps": 74,
    "PhaseResolution": 1,
    "PixelBandwidth": 1565,
    "ProcedureStepDescription": "Ansari_NCNS",
    "ProtocolName": "ep_bold_mb4_adaptation_3",
    "PulseSequenceDetails": "%CustomerSeq%_cmrr_mbep2d_bold",
    "ReceiveCoilActiveElements": "HEA;HEP",
    "ReceiveCoilName": "Head_32",
    "ReconMatrixPE": 84,
    "RepetitionTime": 1,
    "SAR": 0.0511596,
    "ScanOptions": "PFP_FS",
    "ScanningSequence": "EP",
    "SequenceName": "epfid2d1_84",
    "SequenceVariant": "SK_SS",
    "SeriesDescription": "ep_bold_mb4_adaptation_3",
    "SeriesNumber": 6,
    "ShimSetting": [
      5250,
      -6159,
      -4019,
      813,
      -24,
      54,
      265,
      -6
    ],
    "SliceThickness": 2.5,
    "SliceTiming": [
      0,
      0.4075,
      0.815,
      0.245,
      0.6525,
      0.08,
      0.49,
      0.8975,
      0.325,
      0.735,
      0.1625,
      0.57,
      0,
      0.4075,
      0.815,
      0.245,
      0.6525,
      0.08,
      0.49,
      0.8975,
      0.325,
      0.735,
      0.1625,
      0.57,
      0,
      0.4075,
      0.815,
      0.245,
      0.6525,
      0.08,
      0.49,
      0.8975,
      0.325,
      0.735,
      0.1625,
      0.57,
      0,
      0.4075,
      0.815,
      0.245,
      0.6525,
      0.08,
      0.49,
      0.8975,
      0.325,
      0.735,
      0.1625,
      0.57
    ],
    "SoftwareVersions": "syngo_MR_E11",
    "SpacingBetweenSlices": 2.5,
    "StationName": "MRC35368",
    "TaskName": "Adaptation",
    "TotalReadoutTime": 0.0630806,
    "TxRefAmp": 240.361,
    "WipMemBlock": "a4a83f58-ba4a-4c75-9759-7f3dad6cdd42||Sequence: R016 ve11c/master r/e634e98; Dec 19 2017 11:00:25 by eja",
    "dataset": "ds001838",
    "modality": "bold",
    "run_id": 3,
    "session_id": "01",
    "subject_id": "13",
    "task_id": "Adaptation"
  },
  "dummy_trs": 0,
  "dvars_nstd": 27.469083766233773,
  "dvars_std": 1.2060699129350654,
  "dvars_vstd": 1.0109903275844156,
  "efc": 0.5317900902599726,
  "fber": 4881.02734375,
  "fd_mean": 0.14922287545213717,
  "fd_num": 112,
  "fd_perc": 29.015544041450777,
  "fwhm_avg": 2.1579548704639246,
  "fwhm_x": 2.0261685767459467,
  "fwhm_y": 2.342796034645828,
  "fwhm_z": 2.1048999999999998,
  "gcor": 0.0104253,
  "gsr_x": -0.013820024207234383,
  "gsr_y": 0.027484586462378502,
  "provenance": {
    "md5sum": "471e9e7b4f4ab25d79f746c3546fc609",
    "settings": {
      "fd_thres": 0.2,
      "testing": false
    },
    "software": "mriqc",
    "version": "22.0.1",
    "webapi_port": null,
    "webapi_url": "https://mriqc.nimh.nih.gov/api/v1"
  },
  "size_t": 386,
  "size_x": 84,
  "size_y": 84,
  "size_z": 48,
  "snr": 5.128767885440664,
  "spacing_tr": 1.0,
  "spacing_x": 2.4761908054351807,
  "spacing_y": 2.4761908054351807,
  "spacing_z": 2.5,
  "summary_bg_k": 20.457686540197216,
  "summary_bg_mad": 2.637158286236587,
  "summary_bg_mean": 10.750282287597656,
  "summary_bg_median": 3.3251590728759766,
  "summary_bg_n": 206219.0,
  "summary_bg_p05": 1.1263394951820374,
  "summary_bg_p95": 44.370242309570294,
  "summary_bg_stdv": 18.79740333557129,
  "summary_fg_k": 3.2290595661002595,
  "summary_fg_mad": 42.70881192103312,
  "summary_fg_mean": 247.75267028808594,
  "summary_fg_median": 242.4282684326172,
  "summary_fg_n": 73019.0,
  "summary_fg_p05": 183.75430603027343,
  "summary_fg_p95": 329.0431213378905,
  "summary_fg_stdv": 47.268001556396484,
  "tsnr": 62.616241455078125
}