{
  "aor": 0.0009058090185676393,
  "aqi": 0.006318213448275862,
  "bids_meta": {
    "AcquisitionMatrixPE": 84,
    "AcquisitionNumber": 1,
    "AcquisitionTime": "13:14:11.587500",
    "BandwidthPerPixelPhaseEncode": 15.664,
    "BaseResolution": 84,
    "BodyPartExamined": "BRAIN",
    "ConsistencyInfo": "N4_VE11C_LATEST_20160120",
    "ConversionSoftware": "dcm2niix",
    "ConversionSoftwareVersion": "v1.0.20181114  Clang4.0.1",
    "DerivedVendorReportedEchoSpacing": 0.000760008,
    "DeviceSerialNumber": "67007",
    "DwellTime": 3.8e-06,
    "EchoTime": 0.03,
    "EchoTrainLength": 74,
    "EffectiveEchoSpacing": 0.000760008,
    "FlipAngle": 40,
    "ImageComments": "Unaliased_MB4_PE3",
    "ImageOrientationPatientDICOM": [
      0.999067,
      -0.00601723,
      -0.0427737,
      4.67393e-08,
      0.99025,
      -0.139303
    ],
    "ImageType": [
      "ORIGINAL",
      "PRIMARY",
      "M",
      "MB",
      "ND",
      "NORM",
      "MOSAIC"
    ],
    "ImagingFrequency": 123.211,
    "InPlanePhaseEncodingDirectionDICOM": "COL",
    "InstitutionAddress": "Perth_Drive_100_London_Ontario_CA_N6A_5K8",
    "InstitutionName": "Robarts_Research_Institute",
    "InstitutionalDepartmentName": "CFMM",
    "MRAcquisitionType": "2D",
    "MagneticFieldStrength": 3,
    "Manufacturer": "Siemens",
    "ManufacturersModelName": "Prisma_fit",
    "Modality": "MR",
    "MultibandAccelerationFactor": 4,
    "PartialFourier": 0.875,
    "PatientPosition": "HFS",
    "PercentPhaseFOV": 100,
    "PhaseEncodingDirection": "j-",
    "PhaseEncodingSteps": 74,
    "PhaseResolution": 1,
    "PixelBandwidth": 1565,
    "ProcedureStepDescription": "Ansari_NCNS",
    "ProtocolName": "ep_bold_mb4_adaptation_1",
    "PulseSequenceDetails": "%CustomerSeq%_cmrr_mbep2d_bold",
    "ReceiveCoilActiveElements": "HEA;HEP",
    "ReceiveCoilName": "Head_32",
    "ReconMatrixPE": 84,
    "RepetitionTime": 1,
    "SAR": 0.0511596,
    "ScanOptions": "PFP_FS",
    "ScanningSequence": "EP",
    "SequenceName": "epfid2d1_84",
    "SequenceVariant": "SK_SS",
    "SeriesDescription": "ep_bold_mb4_adaptation_1",
    "SeriesNumber": 2,
    "ShimSetting": [
      5250,
      -6159,
      -4019,
      813,
      -24,
      54,
      265,
      -6
    ],
    "SliceThickness": 2.5,
    "SliceTiming": [
      0,
      0.41,
      0.8175,
      0.245,
      0.655,
      0.0825,
      0.49,
      0.9,
      0.3275,
      0.735,
      0.165,
      0.5725,
      0,
      0.41,
      0.8175,
      0.245,
      0.655,
      0.0825,
      0.49,
      0.9,
      0.3275,
      0.735,
      0.165,
      0.5725,
      0,
      0.41,
      0.8175,
      0.245,
      0.655,
      0.0825,
      0.49,
      0.9,
      0.3275,
      0.735,
      0.165,
      0.5725,
      0,
      0.41,
      0.8175,
      0.245,
      0.655,
      0.0825,
      0.49,
      0.9,
      0.3275,
      0.735,
      0.165,
      0.5725
    ],
    "SoftwareVersions": "syngo_MR_E11",
    "SpacingBetweenSlices": 2.5,
    "StationName": "MRC35368",
    "TaskName": "Adaptation",
    "TotalReadoutTime": 0.0630806,
    "TxRefAmp": 240.361,
    "WipMemBlock": "8e1ba00c-0f09-4d7a-bcf0-32a84a257496||Sequence: R016 ve11c/master r/e634e98; Dec 19 2017 11:00:25 by eja",
    "dataset": "ds001838",
    "modality": "bold",
    "run_id": 1,
    "session_id": "01",
    "subject_id": "13",
    "task_id": "Adaptation"
  },
  "dummy_trs": 9,
  "dvars_nstd": 27.408634013218077,
  "dvars_std": 1.1914003281648937,
  "dvars_vstd": 1.0043105275797868,
  "efc": 0.5308715625950663,
  "fber": 4890.056640625,
  "fd_mean": 0.16084669316471029,
  "fd_num": 126,
  "fd_perc": 33.42175066312998,
  "fwhm_avg": 2.174970343210734,
  "fwhm_x": 2.04213261308484,
  "fwhm_y": 2.3632064165473623,
  "fwhm_z": 2.1195720000000002,
  "gcor": 0.00767071,
  "gsr_x": -0.013480836525559425,
  "gsr_y": 0.026868540793657303,
  "provenance": {
    "md5sum": "9efd155a4904c2ad29adec2d69ee7d8e",
    "settings": {
      "fd_thres": 0.2,
      "testing": false
    },
    "software": "mriqc",
    "version": "22.0.1",
    "webapi_port": null,
    "webapi_url": "https://mriqc.nimh.nih.gov/api/v1"
  },
  "size_t": 377,
  "size_x": 84,
  "size_y": 84,
  "size_z": 48,
  "snr": 5.092953384678143,
  "spacing_tr": 1.0,
  "spacing_x": 2.4761908054351807,
  "spacing_y": 2.4761908054351807,
  "spacing_z": 2.5,
  "summary_bg_k": 20.990622897821343,
  "summary_bg_mad": 2.6265881763590073,
  "summary_bg_mean": 10.594239234924316,
  "summary_bg_median": 3.313138961791992,
  "summary_bg_n": 206244.0,
  "summary_bg_p05": 1.1237567484378814,
  "summary_bg_p95": 43.411091804504345,
  "summary_bg_stdv": 18.52359390258789,
  "summary_fg_k": 3.0878915757325895,
  "summary_fg_mad": 43.075390387046674,
  "summary_fg_mean": 247.62620544433594,
  "summary_fg_median": 242.09548950195312,
  "summary_fg_n": 72933.0,
  "summary_fg_p05": 183.16004333496093,
  "summary_fg_p95": 329.8797973632812,
  "summary_fg_stdv": 47.535057067871094,
  "tsnr": 59.78840637207031
}