{
  "aor": 0.0006110103626943005,
  "aqi": 0.005675453341968912,
  "bids_meta": {
    "AcquisitionMatrixPE": 84,
    "AcquisitionNumber": 1,
    "AcquisitionTime": "13:21:19.345000",
    "BandwidthPerPixelPhaseEncode": 15.664,
    "BaseResolution": 84,
    "BodyPartExamined": "BRAIN",
    "ConsistencyInfo": "N4_VE11C_LATEST_20160120",
    "ConversionSoftware": "dcm2niix",
    "ConversionSoftwareVersion": "v1.0.20181114  Clang4.0.1",
    "DerivedVendorReportedEchoSpacing": 0.000760008,
    "DeviceSerialNumber": "67007",
    "DwellTime": 3.8e-06,
    "EchoTime": 0.03,
    "EchoTrainLength": 74,
    "EffectiveEchoSpacing": 0.000760008,
    "FlipAngle": 40,
    "ImageComments": "Unaliased_MB4_PE3",
    "ImageOrientationPatientDICOM": [
      0.999067,
      -0.00601723,
      -0.0427737,
      4.67393e-08,
      0.99025,
      -0.139303
    ],
    "ImageType": [
      "ORIGINAL",
      "PRIMARY",
      "M",
      "MB",
      "ND",
      "NORM",
      "MOSAIC"
    ],
    "ImagingFrequency": 123.211,
    "InPlanePhaseEncodingDirectionDICOM": "COL",
    "InstitutionAddress": "Perth_Drive_100_London_Ontario_CA_N6A_5K8",
    "InstitutionName": "Robarts_Research_Institute",
    "InstitutionalDepartmentName": "CFMM",
    "MRAcquisitionType": "2D",
    "MagneticFieldStrength": 3,
    "Manufacturer": "Siemens",
    "ManufacturersModelName": "Prisma_fit",
    "Modality": "MR",
    "MultibandAccelerationFactor": 4,
    "PartialFourier": 0.875,
    "PatientPosition": "HFS",
    "PercentPhaseFOV": 100,
    "PhaseEncodingDirection": "j-",
    "PhaseEncodingSteps": 74,
    "PhaseResolution": 1,
    "PixelBandwidth": 1565,
    "ProcedureStepDescription": "Ansari_NCNS",
    "ProtocolName": "ep_bold_mb4_adaptation_2",
    "PulseSequenceDetails": "%CustomerSeq%_cmrr_mbep2d_bold",
    "ReceiveCoilActiveElements": "HEA;HEP",
    "ReceiveCoilName": "Head_32",
    "ReconMatrixPE": 84,
    "RepetitionTime": 1,
    "SAR": 0.0511596,
    "ScanOptions": "PFP_FS",
    "ScanningSequence": "EP",
    "SequenceName": "epfid2d1_84",
    "SequenceVariant": "SK_SS",
    "SeriesDescription": "ep_bold_mb4_adaptation_2",
    "SeriesNumber": 4,
    "ShimSetting": [
      5250,
      -6159,
      -4019,
      813,
      -24,
      54,
      265,
      -6
    ],
    "SliceThickness": 2.5,
    "SliceTiming": [
      0,
      0.41,
      0.8175,
      0.245,
      0.655,
      0.0825,
      0.49,
      0.9,
      0.3275,
      0.735,
      0.165,
      0.5725,
      0,
      0.41,
      0.8175,
      0.245,
      0.655,
      0.0825,
      0.49,
      0.9,
      0.3275,
      0.735,
      0.165,
      0.5725,
      0,
      0.41,
      0.8175,
      0.245,
      0.655,
      0.0825,
      0.49,
      0.9,
      0.3275,
      0.735,
      0.165,
      0.5725,
      0,
      0.41,
      0.8175,
      0.245,
      0.655,
      0.0825,
      0.49,
      0.9,
      0.3275,
      0.735,
      0.165,
      0.5725
    ],
    "SoftwareVersions": "syngo_MR_E11",
    "SpacingBetweenSlices": 2.5,
    "StationName": "MRC35368",
    "TaskName": "Adaptation",
    "TotalReadoutTime": 0.0630806,
    "TxRefAmp": 240.361,
    "WipMemBlock": "0be164c9-2cfd-41fb-9b3d-30f0d2252821||Sequence: R016 ve11c/master r/e634e98; Dec 19 2017 11:00:25 by eja",
    "dataset": "ds001838",
    "modality": "bold",
    "run_id": 2,
    "session_id": "01",
    "subject_id": "13",
    "task_id": "Adaptation"
  },
  "dummy_trs": 0,
  "dvars_nstd": 27.481967024389608,
  "dvars_std": 1.2023297093246763,
  "dvars_vstd": 1.0015423966753243,
  "efc": 0.5318049493286936,
  "fber": 4798.26220703125,
  "fd_mean": 0.1381195164416909,
  "fd_num": 75,
  "fd_perc": 19.430051813471504,
  "fwhm_avg": 2.166126908161712,
  "fwhm_x": 2.0336033834496914,
  "fwhm_y": 2.3525933410354445,
  "fwhm_z": 2.112184,
  "gcor": 0.00920689,
  "gsr_x": -0.013923999853432178,
  "gsr_y": 0.027157723903656006,
  "provenance": {
    "md5sum": "4e3bf55c2dbd0a60fd68c58ad44b4ce1",
    "settings": {
      "fd_thres": 0.2,
      "testing": false
    },
    "software": "mriqc",
    "version": "22.0.1",
    "webapi_port": null,
    "webapi_url": "https://mriqc.nimh.nih.gov/api/v1"
  },
  "size_t": 386,
  "size_x": 84,
  "size_y": 84,
  "size_z": 48,
  "snr": 5.12171704189947,
  "spacing_tr": 1.0,
  "spacing_x": 2.4761908054351807,
  "spacing_y": 2.4761908054351807,
  "spacing_z": 2.5,
  "summary_bg_k": 20.65685980308273,
  "summary_bg_mad": 2.6594706453875956,
  "summary_bg_mean": 10.67403793334961,
  "summary_bg_median": 3.3433473110198975,
  "summary_bg_n": 206169.0,
  "summary_bg_p05": 1.1280579805374147,
  "summary_bg_p95": 44.0047660827636,
  "summary_bg_stdv": 18.611661911010742,
  "summary_fg_k": 3.169653901837978,
  "summary_fg_mad": 42.81375869367178,
  "summary_fg_mean": 247.7519073486328,
  "summary_fg_median": 242.28497314453125,
  "summary_fg_n": 73045.0,
  "summary_fg_p05": 183.92413330078125,
  "summary_fg_p95": 329.4829895019531,
  "summary_fg_stdv": 47.30509567260742,
  "tsnr": 62.1325569152832
}