{
  "aor": 0.003734921875,
  "aqi": 0.019353979348958335,
  "bids_meta": {
    "AcquisitionMatrixPE": 84,
    "AcquisitionNumber": 1,
    "AcquisitionTime": "10:25:9.960000",
    "BandwidthPerPixelPhaseEncode": 15.664,
    "BaseResolution": 84,
    "BodyPartExamined": "BRAIN",
    "ConsistencyInfo": "N4_VE11C_LATEST_20160120",
    "ConversionSoftware": "dcm2niix",
    "ConversionSoftwareVersion": "v1.0.20181114  Clang4.0.1",
    "DerivedVendorReportedEchoSpacing": 0.000760008,
    "DeviceSerialNumber": "67007",
    "DwellTime": 3.8e-06,
    "EchoTime": 0.03,
    "EchoTrainLength": 74,
    "EffectiveEchoSpacing": 0.000760008,
    "FlipAngle": 40,
    "ImageComments": "Unaliased_MB4_PE3",
    "ImageOrientationPatientDICOM": [
      1,
      0,
      0,
      0,
      0.910684,
      -0.413104
    ],
    "ImageType": [
      "ORIGINAL",
      "PRIMARY",
      "M",
      "MB",
      "ND",
      "NORM",
      "MOSAIC"
    ],
    "ImagingFrequency": 123.211,
    "InPlanePhaseEncodingDirectionDICOM": "COL",
    "InstitutionAddress": "Perth_Drive_100_London_Ontario_CA_N6A_5K8",
    "InstitutionName": "Robarts_Research_Institute",
    "InstitutionalDepartmentName": "CFMM",
    "MRAcquisitionType": "2D",
    "MagneticFieldStrength": 3,
    "Manufacturer": "Siemens",
    "ManufacturersModelName": "Prisma_fit",
    "Modality": "MR",
    "MultibandAccelerationFactor": 4,
    "PartialFourier": 0.875,
    "PatientPosition": "HFS",
    "PercentPhaseFOV": 100,
    "PhaseEncodingDirection": "j-",
    "PhaseEncodingSteps": 74,
    "PhaseResolution": 1,
    "PixelBandwidth": 1565,
    "ProcedureStepDescription": "Ansari_NCNS",
    "ProtocolName": "ep_bold_mb4_adaptation_1",
    "PulseSequenceDetails": "%CustomerSeq%_cmrr_mbep2d_bold",
    "ReceiveCoilActiveElements": "HEA;HEP",
    "ReceiveCoilName": "Head_32",
    "ReconMatrixPE": 84,
    "RepetitionTime": 1,
    "SAR": 0.0661631,
    "ScanOptions": "PFP_FS",
    "ScanningSequence": "EP",
    "SequenceName": "epfid2d1_84",
    "SequenceVariant": "SK_SS",
    "SeriesDescription": "ep_bold_mb4_adaptation_1",
    "SeriesNumber": 8,
    "ShimSetting": [
      5257,
      -6199,
      -3910,
      451,
      -11,
      -66,
      195,
      8
    ],
    "SliceThickness": 2.5,
    "SliceTiming": [
      0,
      0.41,
      0.8175,
      0.245,
      0.655,
      0.0825,
      0.49,
      0.9,
      0.3275,
      0.735,
      0.165,
      0.5725,
      0,
      0.41,
      0.8175,
      0.245,
      0.655,
      0.0825,
      0.49,
      0.9,
      0.3275,
      0.735,
      0.165,
      0.5725,
      0,
      0.41,
      0.8175,
      0.245,
      0.655,
      0.0825,
      0.49,
      0.9,
      0.3275,
      0.735,
      0.165,
      0.5725,
      0,
      0.41,
      0.8175,
      0.245,
      0.655,
      0.0825,
      0.49,
      0.9,
      0.3275,
      0.735,
      0.165,
      0.5725
    ],
    "SoftwareVersions": "syngo_MR_E11",
    "SpacingBetweenSlices": 2.5,
    "StationName": "MRC35368",
    "TaskName": "Adaptation",
    "TotalReadoutTime": 0.0630806,
    "TxRefAmp": 256.972,
    "WipMemBlock": "99e6f0b8-8d6b-494e-8aba-514570ff3919||Sequence: R016 ve11c/master r/e634e98; Dec 19 2017 11:00:25 by eja",
    "dataset": "ds001838",
    "modality": "bold",
    "run_id": 1,
    "session_id": "01",
    "subject_id": "12",
    "task_id": "Adaptation"
  },
  "dummy_trs": 2,
  "dvars_nstd": 33.37753849668407,
  "dvars_std": 1.1242057503394252,
  "dvars_vstd": 0.9953786600261094,
  "efc": 0.5356889319789014,
  "fber": 4734.4775390625,
  "fd_mean": 0.3480645010231779,
  "fd_num": 286,
  "fd_perc": 74.47916666666667,
  "fwhm_avg": 1.991823285950715,
  "fwhm_x": 1.8651108931266016,
  "fwhm_y": 2.146119152050049,
  "fwhm_z": 1.9642398126754939,
  "gcor": 0.00963722,
  "gsr_x": -0.0054912930354475975,
  "gsr_y": 0.03976798802614212,
  "provenance": {
    "md5sum": "dcf6bd2e68aa49a19a5c14cf94574dd4",
    "settings": {
      "fd_thres": 0.2,
      "testing": false
    },
    "software": "mriqc",
    "version": "22.0.1",
    "webapi_port": null,
    "webapi_url": "https://mriqc.nimh.nih.gov/api/v1"
  },
  "size_t": 384,
  "size_x": 84,
  "size_y": 84,
  "size_z": 48,
  "snr": 4.869772097413457,
  "spacing_tr": 1.0,
  "spacing_x": 2.4761905670166016,
  "spacing_y": 2.4761905670166016,
  "spacing_z": 2.500000238418579,
  "summary_bg_k": 17.200359958891337,
  "summary_bg_mad": 2.872688139039128,
  "summary_bg_mean": 11.206134796142578,
  "summary_bg_median": 3.2830758094787598,
  "summary_bg_n": 207328.0,
  "summary_bg_p05": 1.0806619942188262,
  "summary_bg_p95": 44.501190948486325,
  "summary_bg_stdv": 18.652484893798828,
  "summary_fg_k": 4.432656534776968,
  "summary_fg_mad": 41.08918392070549,
  "summary_fg_mean": 240.23965454101562,
  "summary_fg_median": 233.60763549804688,
  "summary_fg_n": 74006.0,
  "summary_fg_p05": 180.48350143432617,
  "summary_fg_p95": 319.4149627685547,
  "summary_fg_stdv": 47.97063446044922,
  "tsnr": 39.12153625488281
}