{
  "bids_meta": {
    "AcquisitionMatrixPE": 256,
    "AcquisitionNumber": 1,
    "AcquisitionTime": "13:30:23.842500",
    "BaseResolution": 256,
    "BodyPartExamined": "BRAIN",
    "ConsistencyInfo": "N4_VE11C_LATEST_20160120",
    "ConversionSoftware": "dcm2niix",
    "ConversionSoftwareVersion": "v1.0.20181114  Clang4.0.1",
    "DeviceSerialNumber": "67007",
    "DwellTime": 8.2e-06,
    "EchoTime": 0.00298,
    "FlipAngle": 9,
    "ImageOrientationPatientDICOM": [
      0,
      1,
      0,
      0,
      0,
      -1
    ],
    "ImageType": [
      "ORIGINAL",
      "PRIMARY",
      "M",
      "ND",
      "NORM"
    ],
    "ImagingFrequency": 123.211,
    "InPlanePhaseEncodingDirectionDICOM": "ROW",
    "InstitutionAddress": "Perth_Drive_100_London_Ontario_CA_N6A_5K8",
    "InstitutionName": "Robarts-CFMM",
    "InstitutionalDepartmentName": "CFMM",
    "InversionTime": 0.9,
    "MRAcquisitionType": "3D",
    "MagneticFieldStrength": 3,
    "Manufacturer": "Siemens",
    "ManufacturersModelName": "Prisma_fit",
    "Modality": "MR",
    "PartialFourier": 1,
    "PatientPosition": "HFS",
    "PercentPhaseFOV": 100,
    "PhaseEncodingSteps": 255,
    "PhaseResolution": 1,
    "PixelBandwidth": 240,
    "ProcedureStepDescription": "Ansari_NCNS",
    "ProtocolName": "MPRAGE_SAG_iPAT2",
    "PulseSequenceDetails": "%SiemensSeq%_tfl",
    "ReceiveCoilActiveElements": "HEA;HEP",
    "ReceiveCoilName": "Head_32",
    "ReconMatrixPE": 256,
    "RepetitionTime": 2.3,
    "SAR": 0.0533181,
    "ScanOptions": "IR",
    "ScanningSequence": "GR_IR",
    "SequenceName": "_tfl3d1_16ns",
    "SequenceVariant": "SK_SP_MP",
    "SeriesDescription": "MPRAGE_SAG_iPAT2",
    "SeriesNumber": 10,
    "ShimSetting": [
      5266,
      -6192,
      -3950,
      466,
      -44,
      -105,
      47,
      4
    ],
    "SliceThickness": 1,
    "SoftwareVersions": "syngo_MR_E11",
    "StationName": "MRC35368",
    "TxRefAmp": 253.257,
    "dataset": "ds001838",
    "modality": "T1w",
    "session_id": "01",
    "subject_id": "123"
  },
  "cjv": 0.32968732380257193,
  "cnr": 4.0168340803954665,
  "efc": 0.526066974641288,
  "fber": 22293.513900016023,
  "fwhm_avg": 3.95134,
  "fwhm_x": 3.9825,
  "fwhm_y": 4.0999,
  "fwhm_z": 3.77162,
  "icvs_csf": 0.2287433381006291,
  "icvs_gm": 0.4404985505383242,
  "icvs_wm": 0.33075811136104666,
  "inu_med": 0.4563315808773041,
  "inu_range": 0.14658659249544137,
  "provenance": {
    "md5sum": "4101cfe7be30b41de3ae4de9db2e0825",
    "settings": {
      "testing": false
    },
    "software": "mriqc",
    "version": "22.0.1",
    "warnings": {
      "large_rot_frame": true,
      "small_air_mask": false
    },
    "webapi_port": null,
    "webapi_url": "https://mriqc.nimh.nih.gov/api/v1"
  },
  "qi_1": 0.0,
  "qi_2": 0.014409122252270224,
  "rpve_csf": 22.21716894295329,
  "rpve_gm": 11.838599405373758,
  "rpve_wm": 17.477457382986756,
  "size_x": 192,
  "size_y": 256,
  "size_z": 256,
  "snr_csf": 3.346915975519248,
  "snr_gm": 12.704920354840588,
  "snr_total": 13.155312002589687,
  "snr_wm": 23.41409967740922,
  "snrd_csf": 35.39237564669153,
  "snrd_gm": 84.74755147723806,
  "snrd_total": 79.57717493270566,
  "snrd_wm": 118.5915976741874,
  "spacing_x": 1.0,
  "spacing_y": 1.0,
  "spacing_z": 1.0,
  "summary_bg_k": 6.01813221890232,
  "summary_bg_mad": 5.524469193417094,
  "summary_bg_mean": 6.091549036498545,
  "summary_bg_median": 3.7261978462338448,
  "summary_bg_n": 4711545.0,
  "summary_bg_p05": 0.0,
  "summary_bg_p95": 20.714139208197594,
  "summary_bg_stdv": 7.73982589664814,
  "summary_csf_k": 1.7729828334643525,
  "summary_csf_mad": 73.6885890838469,
  "summary_csf_mean": 303.78514185989775,
  "summary_csf_median": 298.4479093849659,
  "summary_csf_n": 73397.0,
  "summary_csf_p05": 165.24367141723633,
  "summary_csf_p95": 458.2343146651983,
  "summary_csf_stdv": 89.17041194161929,
  "summary_gm_k": 0.21669275089920337,
  "summary_gm_mad": 53.591701151888664,
  "summary_gm_mean": 715.9711555099101,
  "summary_gm_median": 714.637802682817,
  "summary_gm_n": 37453.0,
  "summary_gm_p05": 625.0212774738669,
  "summary_gm_p95": 811.3253017574549,
  "summary_gm_stdv": 56.24814970882088,
  "summary_wm_k": 0.605346783895631,
  "summary_wm_mad": 40.498274165915866,
  "summary_wm_mean": 999.6773722388053,
  "summary_wm_median": 1000.0293495357037,
  "summary_wm_n": 213609.0,
  "summary_wm_p05": 928.9675291925669,
  "summary_wm_p95": 1068.333196669817,
  "summary_wm_stdv": 42.710461752402274,
  "tpm_overlap_csf": 0.14986022677012925,
  "tpm_overlap_gm": 0.456394299066545,
  "tpm_overlap_wm": 0.494111107279486,
  "wm2max": 0.6165418091419349
}