{
  "aor": 0.00017633507853403142,
  "aqi": 0.006222715078534032,
  "bids_meta": {
    "AcquisitionMatrixPE": 84,
    "AcquisitionNumber": 1,
    "AcquisitionTime": "15:56:54.802500",
    "BandwidthPerPixelPhaseEncode": 15.664,
    "BaseResolution": 84,
    "BodyPartExamined": "BRAIN",
    "ConsistencyInfo": "N4_VE11C_LATEST_20160120",
    "ConversionSoftware": "dcm2niix",
    "ConversionSoftwareVersion": "v1.0.20181114  Clang4.0.1",
    "DerivedVendorReportedEchoSpacing": 0.000760008,
    "DeviceSerialNumber": "67007",
    "DwellTime": 3.8e-06,
    "EchoTime": 0.03,
    "EchoTrainLength": 74,
    "EffectiveEchoSpacing": 0.000760008,
    "FlipAngle": 40,
    "ImageComments": "Unaliased_MB4_PE3",
    "ImageOrientationPatientDICOM": [
      1,
      0,
      0,
      0,
      0.990748,
      -0.135716
    ],
    "ImageType": [
      "ORIGINAL",
      "PRIMARY",
      "M",
      "MB",
      "ND",
      "NORM",
      "MOSAIC"
    ],
    "ImagingFrequency": 123.211,
    "InPlanePhaseEncodingDirectionDICOM": "COL",
    "InstitutionAddress": "Perth_Drive_100_London_Ontario_CA_N6A_5K8",
    "InstitutionName": "Robarts_Research_Institute",
    "InstitutionalDepartmentName": "CFMM",
    "MRAcquisitionType": "2D",
    "MagneticFieldStrength": 3,
    "Manufacturer": "Siemens",
    "ManufacturersModelName": "Prisma_fit",
    "Modality": "MR",
    "MultibandAccelerationFactor": 4,
    "PartialFourier": 0.875,
    "PatientPosition": "HFS",
    "PercentPhaseFOV": 100,
    "PhaseEncodingDirection": "j-",
    "PhaseEncodingSteps": 74,
    "PhaseResolution": 1,
    "PixelBandwidth": 1565,
    "ProcedureStepDescription": "Ansari_NCNS",
    "ProtocolName": "ep_bold_mb4_adaptation_4",
    "PulseSequenceDetails": "%CustomerSeq%_cmrr_mbep2d_bold",
    "ReceiveCoilActiveElements": "HEA;HEP",
    "ReceiveCoilName": "Head_32",
    "ReconMatrixPE": 84,
    "RepetitionTime": 1,
    "SAR": 0.0490193,
    "ScanOptions": "PFP_FS",
    "ScanningSequence": "EP",
    "SequenceName": "epfid2d1_84",
    "SequenceVariant": "SK_SS",
    "SeriesDescription": "ep_bold_mb4_adaptation_4",
    "SeriesNumber": 8,
    "ShimSetting": [
      5253,
      -6204,
      -3867,
      551,
      -109,
      -90,
      101,
      39
    ],
    "SliceThickness": 2.5,
    "SliceTiming": [
      0,
      0.4075,
      0.815,
      0.245,
      0.6525,
      0.08,
      0.49,
      0.8975,
      0.325,
      0.735,
      0.1625,
      0.57,
      0,
      0.4075,
      0.815,
      0.245,
      0.6525,
      0.08,
      0.49,
      0.8975,
      0.325,
      0.735,
      0.1625,
      0.57,
      0,
      0.4075,
      0.815,
      0.245,
      0.6525,
      0.08,
      0.49,
      0.8975,
      0.325,
      0.735,
      0.1625,
      0.57,
      0,
      0.4075,
      0.815,
      0.245,
      0.6525,
      0.08,
      0.49,
      0.8975,
      0.325,
      0.735,
      0.1625,
      0.57
    ],
    "SoftwareVersions": "syngo_MR_E11",
    "SpacingBetweenSlices": 2.5,
    "StationName": "MRC35368",
    "TaskName": "Adaptation",
    "TotalReadoutTime": 0.0630806,
    "TxRefAmp": 232.646,
    "WipMemBlock": "e027e8d5-5c78-49f5-a14c-2e0c9a791c84||Sequence: R016 ve11c/master r/e634e98; Dec 19 2017 11:00:25 by eja",
    "dataset": "ds001838",
    "modality": "bold",
    "run_id": 4,
    "session_id": "01",
    "subject_id": "117",
    "task_id": "Adaptation"
  },
  "dummy_trs": 4,
  "dvars_nstd": 26.39191980433071,
  "dvars_std": 1.1413232274540681,
  "dvars_vstd": 0.9742188617060361,
  "efc": 0.4829942264577031,
  "fber": 7918.76025390625,
  "fd_mean": 0.1342229471517734,
  "fd_num": 62,
  "fd_perc": 16.230366492146597,
  "fwhm_avg": 1.8264561474204377,
  "fwhm_x": 1.7183572446633395,
  "fwhm_y": 1.9529231975979735,
  "fwhm_z": 1.8080880000000001,
  "gcor": 0.00401542,
  "gsr_x": -0.012924103066325188,
  "gsr_y": 0.0352252759039402,
  "provenance": {
    "md5sum": "c2d7e14ec19b558ae50ccb85d4387159",
    "settings": {
      "fd_thres": 0.2,
      "testing": false
    },
    "software": "mriqc",
    "version": "22.0.1",
    "webapi_port": null,
    "webapi_url": "https://mriqc.nimh.nih.gov/api/v1"
  },
  "size_t": 382,
  "size_x": 84,
  "size_y": 84,
  "size_z": 48,
  "snr": 5.021596717119118,
  "spacing_tr": 1.0,
  "spacing_x": 2.4761905670166016,
  "spacing_y": 2.4761905670166016,
  "spacing_z": 2.5,
  "summary_bg_k": 27.578503919989164,
  "summary_bg_mad": 2.1244392937006062,
  "summary_bg_mean": 8.838247299194336,
  "summary_bg_median": 2.686021327972412,
  "summary_bg_n": 222046.0,
  "summary_bg_p05": 1.0119547843933105,
  "summary_bg_p95": 36.35978317260742,
  "summary_bg_stdv": 17.8846378326416,
  "summary_fg_k": 3.5826278040321213,
  "summary_fg_mad": 44.70727989864186,
  "summary_fg_mean": 250.0954132080078,
  "summary_fg_median": 244.80715942382812,
  "summary_fg_n": 61153.0,
  "summary_fg_p05": 186.12327575683594,
  "summary_fg_p95": 331.60328979492186,
  "summary_fg_stdv": 48.75046157836914,
  "tsnr": 58.36042022705078
}