{
  "aor": 0.00034866141732283466,
  "aqi": 0.004053901942257218,
  "bids_meta": {
    "AcquisitionMatrixPE": 84,
    "AcquisitionNumber": 1,
    "AcquisitionTime": "15:42:35.522500",
    "BandwidthPerPixelPhaseEncode": 15.664,
    "BaseResolution": 84,
    "BodyPartExamined": "BRAIN",
    "ConsistencyInfo": "N4_VE11C_LATEST_20160120",
    "ConversionSoftware": "dcm2niix",
    "ConversionSoftwareVersion": "v1.0.20181114  Clang4.0.1",
    "DerivedVendorReportedEchoSpacing": 0.000760008,
    "DeviceSerialNumber": "67007",
    "DwellTime": 3.8e-06,
    "EchoTime": 0.03,
    "EchoTrainLength": 74,
    "EffectiveEchoSpacing": 0.000760008,
    "FlipAngle": 40,
    "ImageComments": "Unaliased_MB4_PE3",
    "ImageOrientationPatientDICOM": [
      1,
      0,
      0,
      0,
      0.990748,
      -0.135716
    ],
    "ImageType": [
      "ORIGINAL",
      "PRIMARY",
      "M",
      "MB",
      "ND",
      "NORM",
      "MOSAIC"
    ],
    "ImagingFrequency": 123.211,
    "InPlanePhaseEncodingDirectionDICOM": "COL",
    "InstitutionAddress": "Perth_Drive_100_London_Ontario_CA_N6A_5K8",
    "InstitutionName": "Robarts_Research_Institute",
    "InstitutionalDepartmentName": "CFMM",
    "MRAcquisitionType": "2D",
    "MagneticFieldStrength": 3,
    "Manufacturer": "Siemens",
    "ManufacturersModelName": "Prisma_fit",
    "Modality": "MR",
    "MultibandAccelerationFactor": 4,
    "PartialFourier": 0.875,
    "PatientPosition": "HFS",
    "PercentPhaseFOV": 100,
    "PhaseEncodingDirection": "j-",
    "PhaseEncodingSteps": 74,
    "PhaseResolution": 1,
    "PixelBandwidth": 1565,
    "ProcedureStepDescription": "Ansari_NCNS",
    "ProtocolName": "ep_bold_mb4_adaptation_2",
    "PulseSequenceDetails": "%CustomerSeq%_cmrr_mbep2d_bold",
    "ReceiveCoilActiveElements": "HEA;HEP",
    "ReceiveCoilName": "Head_32",
    "ReconMatrixPE": 84,
    "RepetitionTime": 1,
    "SAR": 0.0490193,
    "ScanOptions": "PFP_FS",
    "ScanningSequence": "EP",
    "SequenceName": "epfid2d1_84",
    "SequenceVariant": "SK_SS",
    "SeriesDescription": "ep_bold_mb4_adaptation_2",
    "SeriesNumber": 4,
    "ShimSetting": [
      5253,
      -6204,
      -3867,
      551,
      -109,
      -90,
      101,
      39
    ],
    "SliceThickness": 2.5,
    "SliceTiming": [
      0,
      0.4075,
      0.8175,
      0.245,
      0.6525,
      0.0825,
      0.49,
      0.8975,
      0.3275,
      0.735,
      0.1625,
      0.5725,
      0,
      0.4075,
      0.8175,
      0.245,
      0.6525,
      0.0825,
      0.49,
      0.8975,
      0.3275,
      0.735,
      0.1625,
      0.5725,
      0,
      0.4075,
      0.8175,
      0.245,
      0.6525,
      0.0825,
      0.49,
      0.8975,
      0.3275,
      0.735,
      0.1625,
      0.5725,
      0,
      0.4075,
      0.8175,
      0.245,
      0.6525,
      0.0825,
      0.49,
      0.8975,
      0.3275,
      0.735,
      0.1625,
      0.5725
    ],
    "SoftwareVersions": "syngo_MR_E11",
    "SpacingBetweenSlices": 2.5,
    "StationName": "MRC35368",
    "TaskName": "Adaptation",
    "TotalReadoutTime": 0.0630806,
    "TxRefAmp": 232.646,
    "WipMemBlock": "6b776263-f654-47f0-b90b-44beb763b005||Sequence: R016 ve11c/master r/e634e98; Dec 19 2017 11:00:25 by eja",
    "dataset": "ds001838",
    "modality": "bold",
    "run_id": 2,
    "session_id": "01",
    "subject_id": "117",
    "task_id": "Adaptation"
  },
  "dummy_trs": 5,
  "dvars_nstd": 27.367637333000015,
  "dvars_std": 1.1991522873421048,
  "dvars_vstd": 0.999560681210526,
  "efc": 0.4834603267796454,
  "fber": 7723.90966796875,
  "fd_mean": 0.13031859806982307,
  "fd_num": 37,
  "fd_perc": 9.711286089238845,
  "fwhm_avg": 1.8197207116389382,
  "fwhm_x": 1.7147751294101155,
  "fwhm_y": 1.9470230055066988,
  "fwhm_z": 1.797364,
  "gcor": 0.00585745,
  "gsr_x": -0.012745032086968422,
  "gsr_y": 0.03461301326751709,
  "provenance": {
    "md5sum": "49ff606e4f9aeaaee8db3a4a3978097b",
    "settings": {
      "fd_thres": 0.2,
      "testing": false
    },
    "software": "mriqc",
    "version": "22.0.1",
    "webapi_port": null,
    "webapi_url": "https://mriqc.nimh.nih.gov/api/v1"
  },
  "size_t": 381,
  "size_x": 84,
  "size_y": 84,
  "size_z": 48,
  "snr": 5.006366227607867,
  "spacing_tr": 1.0,
  "spacing_x": 2.4761905670166016,
  "spacing_y": 2.4761905670166016,
  "spacing_z": 2.5,
  "summary_bg_k": 28.13589144560225,
  "summary_bg_mad": 2.1681735077285,
  "summary_bg_mean": 8.882926940917969,
  "summary_bg_median": 2.7146170139312744,
  "summary_bg_n": 221903.0,
  "summary_bg_p05": 1.0102728843688964,
  "summary_bg_p95": 36.41182060241699,
  "summary_bg_stdv": 18.052309036254883,
  "summary_fg_k": 3.505414422835357,
  "summary_fg_mad": 44.807272296801564,
  "summary_fg_mean": 249.77835083007812,
  "summary_fg_median": 244.2786865234375,
  "summary_fg_n": 61273.0,
  "summary_fg_p05": 185.66685180664064,
  "summary_fg_p95": 331.5764343261718,
  "summary_fg_stdv": 48.793212890625,
  "tsnr": 67.44084930419922
}