{
  "bids_meta": {
    "AcquisitionMatrixPE": 248,
    "AcquisitionNumber": 1,
    "AcquisitionTime": "12:11:0.352500",
    "BaseResolution": 256,
    "BodyPartExamined": "BRAIN",
    "ConsistencyInfo": "N4_VE11C_LATEST_20160120",
    "ConversionSoftware": "dcm2niix",
    "ConversionSoftwareVersion": "v1.0.20181114  Clang4.0.1",
    "DeviceSerialNumber": "67007",
    "DwellTime": 8.2e-06,
    "EchoTime": 0.00298,
    "FlipAngle": 9,
    "ImageOrientationPatientDICOM": [
      0,
      1,
      0,
      0,
      0,
      -1
    ],
    "ImageType": [
      "ORIGINAL",
      "PRIMARY",
      "M",
      "ND",
      "NORM"
    ],
    "ImagingFrequency": 123.211,
    "InPlanePhaseEncodingDirectionDICOM": "ROW",
    "InstitutionAddress": "Perth_Drive_100_London_Ontario_CA_N6A_5K8",
    "InstitutionName": "Robarts",
    "InstitutionalDepartmentName": "CFMM",
    "InversionTime": 0.9,
    "MRAcquisitionType": "3D",
    "MagneticFieldStrength": 3,
    "Manufacturer": "Siemens",
    "ManufacturersModelName": "Prisma_fit",
    "Modality": "MR",
    "PartialFourier": 1,
    "PatientPosition": "HFS",
    "PercentPhaseFOV": 96.875,
    "PhaseEncodingSteps": 247,
    "PhaseResolution": 1,
    "PixelBandwidth": 240,
    "ProcedureStepDescription": "Ansari_NCNS",
    "ProtocolName": "MPRAGE_SAG_iPAT2",
    "PulseSequenceDetails": "%SiemensSeq%_tfl",
    "ReceiveCoilActiveElements": "HEA;HEP",
    "ReceiveCoilName": "Head_32",
    "ReconMatrixPE": 256,
    "RepetitionTime": 2.3,
    "SAR": 0.0694607,
    "ScanOptions": "IR",
    "ScanningSequence": "GR_IR",
    "SequenceName": "_tfl3d1_16ns",
    "SequenceVariant": "SK_SP_MP",
    "SeriesDescription": "MPRAGE_SAG_iPAT2",
    "SeriesNumber": 10,
    "ShimSetting": [
      5256,
      -6200,
      -3883,
      389,
      59,
      -62,
      66,
      -1
    ],
    "SliceThickness": 1,
    "SoftwareVersions": "syngo_MR_E11",
    "StationName": "MRC35368",
    "TxRefAmp": 273.27,
    "dataset": "ds001838",
    "modality": "T1w",
    "session_id": "01",
    "subject_id": "127"
  },
  "cjv": 0.3372578625560373,
  "cnr": 3.9043980358070773,
  "efc": 0.6135516931755325,
  "fber": 2500.8791981644727,
  "fwhm_avg": 3.7205433333333335,
  "fwhm_x": 3.74168,
  "fwhm_y": 3.88955,
  "fwhm_z": 3.5304,
  "icvs_csf": 0.20246440784667377,
  "icvs_gm": 0.4652236160204492,
  "icvs_wm": 0.33231197613287705,
  "inu_med": 0.4956757426261902,
  "inu_range": 0.17123639583587646,
  "provenance": {
    "md5sum": "68a678038877ea0a2099a2496da948b6",
    "settings": {
      "testing": false
    },
    "software": "mriqc",
    "version": "22.0.1",
    "warnings": {
      "large_rot_frame": true,
      "small_air_mask": false
    },
    "webapi_port": null,
    "webapi_url": "https://mriqc.nimh.nih.gov/api/v1"
  },
  "qi_1": 0.0,
  "qi_2": 0.010275406519799983,
  "rpve_csf": 22.075238674047267,
  "rpve_gm": 10.517004151754008,
  "rpve_wm": 16.30634379290876,
  "size_x": 192,
  "size_y": 248,
  "size_z": 256,
  "snr_csf": 3.2453431623378455,
  "snr_gm": 13.018143922883372,
  "snr_total": 13.40543261472952,
  "snr_wm": 23.95281075896734,
  "snrd_csf": 29.358122182349355,
  "snrd_gm": 67.19469215750381,
  "snrd_total": 63.0419442473314,
  "snrd_wm": 92.57301840214102,
  "spacing_x": 1.0,
  "spacing_y": 1.0,
  "spacing_z": 1.0,
  "summary_bg_k": 1.616696719941161,
  "summary_bg_mad": 7.076969157052679,
  "summary_bg_mean": 8.07317715897331,
  "summary_bg_median": 4.773343158885837,
  "summary_bg_n": 2792150.0,
  "summary_bg_p05": 0.0,
  "summary_bg_p95": 26.391968304291368,
  "summary_bg_stdv": 8.846793429603572,
  "summary_csf_k": 3.2255858145697918,
  "summary_csf_mad": 74.14837361970034,
  "summary_csf_mean": 324.69171129204346,
  "summary_csf_median": 317.1347603239119,
  "summary_csf_n": 42932.0,
  "summary_csf_p05": 171.34762152284384,
  "summary_csf_p95": 496.5508715733886,
  "summary_csf_stdv": 97.71880845403389,
  "summary_gm_k": 0.18387549088915467,
  "summary_gm_mad": 53.876281324659104,
  "summary_gm_mean": 725.7182120768558,
  "summary_gm_median": 725.8561177738011,
  "summary_gm_n": 46953.0,
  "summary_gm_p05": 633.2101464241744,
  "summary_gm_p95": 817.559738796577,
  "summary_gm_stdv": 55.75667256632087,
  "summary_wm_k": 1.0071745894597361,
  "summary_wm_mad": 38.580896372319444,
  "summary_wm_mean": 1000.7746025236244,
  "summary_wm_median": 999.9999939054251,
  "summary_wm_n": 219882.0,
  "summary_wm_p05": 934.1894498374313,
  "summary_wm_p95": 1069.5676209758967,
  "summary_wm_stdv": 41.74865864464545,
  "tpm_overlap_csf": 0.16235168906225375,
  "tpm_overlap_gm": 0.4697129860963924,
  "tpm_overlap_wm": 0.5027685126122172,
  "wm2max": 0.6011090027929871
}