{
  "bids_meta": {
    "AcquisitionMatrixPE": 232,
    "AcquisitionNumber": 1,
    "AcquisitionTime": "14:06:12.052500",
    "BaseResolution": 256,
    "BodyPartExamined": "BRAIN",
    "ConsistencyInfo": "N4_VE11C_LATEST_20160120",
    "ConversionSoftware": "dcm2niix",
    "ConversionSoftwareVersion": "v1.0.20181114  Clang4.0.1",
    "DeviceSerialNumber": "67007",
    "DwellTime": 8.2e-06,
    "EchoTime": 0.00298,
    "FlipAngle": 9,
    "ImageOrientationPatientDICOM": [
      -0.0697565,
      0.997564,
      0,
      0,
      0,
      -1
    ],
    "ImageType": [
      "ORIGINAL",
      "PRIMARY",
      "M",
      "ND",
      "NORM"
    ],
    "ImagingFrequency": 123.211,
    "InPlanePhaseEncodingDirectionDICOM": "ROW",
    "InstitutionAddress": "Perth_Drive_100_London_Ontario_CA_N6A_5K8",
    "InstitutionName": "Robarts_Research_Institute",
    "InstitutionalDepartmentName": "CFMM",
    "InversionTime": 0.9,
    "MRAcquisitionType": "3D",
    "MagneticFieldStrength": 3,
    "Manufacturer": "Siemens",
    "ManufacturersModelName": "Prisma_fit",
    "Modality": "MR",
    "PartialFourier": 1,
    "PatientPosition": "HFS",
    "PercentPhaseFOV": 90.625,
    "PhaseEncodingSteps": 231,
    "PhaseResolution": 1,
    "PixelBandwidth": 240,
    "ProcedureStepDescription": "Ansari_NCNS",
    "ProtocolName": "MPRAGE_SAG_iPAT2",
    "PulseSequenceDetails": "%SiemensSeq%_tfl",
    "ReceiveCoilActiveElements": "HEA;HEP",
    "ReceiveCoilName": "Head_32",
    "ReconMatrixPE": 256,
    "RepetitionTime": 2.3,
    "SAR": 0.0615057,
    "ScanOptions": "IR",
    "ScanningSequence": "GR_IR",
    "SequenceName": "_tfl3d1_16ns",
    "SequenceVariant": "SK_SP_MP",
    "SeriesDescription": "MPRAGE_SAG_iPAT2",
    "SeriesNumber": 10,
    "ShimSetting": [
      5237,
      -6141,
      -3941,
      529,
      35,
      -177,
      -80,
      -15
    ],
    "SliceThickness": 1,
    "SoftwareVersions": "syngo_MR_E11",
    "StationName": "MRC35368",
    "TxRefAmp": 246.279,
    "dataset": "ds001838",
    "modality": "T1w",
    "session_id": "01",
    "subject_id": "02"
  },
  "cjv": 0.34893034418921876,
  "cnr": 3.8020062914949215,
  "efc": 0.5383957620708807,
  "fber": 4136.919025390831,
  "fwhm_avg": 3.673693333333333,
  "fwhm_x": 3.81136,
  "fwhm_y": 3.69781,
  "fwhm_z": 3.51191,
  "icvs_csf": 0.22013378137339942,
  "icvs_gm": 0.45490346388967134,
  "icvs_wm": 0.32496275473692926,
  "inu_med": 0.43403080105781555,
  "inu_range": 0.11226150989532468,
  "provenance": {
    "md5sum": "f8f6edd1a52fb81dc996fe5a92b42e2c",
    "settings": {
      "testing": false
    },
    "software": "mriqc",
    "version": "22.0.1",
    "warnings": {
      "large_rot_frame": true,
      "small_air_mask": false
    },
    "webapi_port": null,
    "webapi_url": "https://mriqc.nimh.nih.gov/api/v1"
  },
  "qi_1": 0.0,
  "qi_2": 0.02641715255775146,
  "rpve_csf": 26.731086689934912,
  "rpve_gm": 13.582579691248755,
  "rpve_wm": 21.04509782084122,
  "size_x": 192,
  "size_y": 232,
  "size_z": 256,
  "snr_csf": 3.134474624058861,
  "snr_gm": 12.201893812928926,
  "snr_total": 13.564144942699528,
  "snr_wm": 25.356066391110794,
  "snrd_csf": 28.019102902608193,
  "snrd_gm": 69.7832499545745,
  "snrd_total": 64.6061678211924,
  "snrd_wm": 96.01615060639449,
  "spacing_x": 1.0,
  "spacing_y": 1.0,
  "spacing_z": 1.0,
  "summary_bg_k": 3.8701454623120153,
  "summary_bg_mad": 6.823189326822135,
  "summary_bg_mean": 6.211732815266727,
  "summary_bg_median": 4.602171264588833,
  "summary_bg_n": 2882291.0,
  "summary_bg_p05": 0.0,
  "summary_bg_p95": 20.061577554792166,
  "summary_bg_stdv": 7.801674836346877,
  "summary_csf_k": 2.283557250637969,
  "summary_csf_mad": 72.94085491630987,
  "summary_csf_mean": 304.20881049282355,
  "summary_csf_median": 291.81654976308346,
  "summary_csf_n": 39081.0,
  "summary_csf_p05": 178.77166686952114,
  "summary_csf_p95": 481.05653577670455,
  "summary_csf_stdv": 93.09783975142534,
  "summary_gm_k": 0.018377332676692504,
  "summary_gm_mad": 58.525666197671555,
  "summary_gm_mean": 725.47276686704,
  "summary_gm_median": 726.7865535803139,
  "summary_gm_n": 27324.0,
  "summary_gm_p05": 623.0756518431008,
  "summary_gm_p95": 821.5799382509663,
  "summary_gm_stdv": 59.56233230544161,
  "summary_wm_k": 0.6530809792701078,
  "summary_wm_mad": 36.806781861589826,
  "summary_wm_mean": 999.6141383097882,
  "summary_wm_median": 999.9999603442848,
  "summary_wm_n": 152555.0,
  "summary_wm_p05": 933.9166701436043,
  "summary_wm_p95": 1063.0043331496418,
  "summary_wm_stdv": 39.43816313650072,
  "tpm_overlap_csf": 0.15768857414122045,
  "tpm_overlap_gm": 0.46909619907056593,
  "tpm_overlap_wm": 0.4969505031767453,
  "wm2max": 0.5481338046934678
}