{
  "aor": 0.000281644908616188,
  "aqi": 0.005425967989556136,
  "bids_meta": {
    "AcquisitionMatrixPE": 84,
    "AcquisitionNumber": 1,
    "AcquisitionTime": "11:33:51.755000",
    "BandwidthPerPixelPhaseEncode": 15.664,
    "BaseResolution": 84,
    "BodyPartExamined": "BRAIN",
    "ConsistencyInfo": "N4_VE11C_LATEST_20160120",
    "ConversionSoftware": "dcm2niix",
    "ConversionSoftwareVersion": "v1.0.20181114  Clang4.0.1",
    "DerivedVendorReportedEchoSpacing": 0.000760008,
    "DeviceSerialNumber": "67007",
    "DwellTime": 3.8e-06,
    "EchoTime": 0.03,
    "EchoTrainLength": 74,
    "EffectiveEchoSpacing": 0.000760008,
    "FlipAngle": 40,
    "ImageComments": "Unaliased_MB4_PE3",
    "ImageOrientationPatientDICOM": [
      1,
      0,
      0,
      0,
      0.894154,
      -0.447759
    ],
    "ImageType": [
      "ORIGINAL",
      "PRIMARY",
      "M",
      "MB",
      "ND",
      "NORM",
      "MOSAIC"
    ],
    "ImagingFrequency": 123.211,
    "InPlanePhaseEncodingDirectionDICOM": "COL",
    "InstitutionAddress": "Perth_Drive_100_London_Ontario_CA_N6A_5K8",
    "InstitutionName": "Robarts_Research_Institute",
    "InstitutionalDepartmentName": "CFMM",
    "MRAcquisitionType": "2D",
    "MagneticFieldStrength": 3,
    "Manufacturer": "Siemens",
    "ManufacturersModelName": "Prisma_fit",
    "Modality": "MR",
    "MultibandAccelerationFactor": 4,
    "PartialFourier": 0.875,
    "PatientPosition": "HFS",
    "PercentPhaseFOV": 100,
    "PhaseEncodingDirection": "j-",
    "PhaseEncodingSteps": 74,
    "PhaseResolution": 1,
    "PixelBandwidth": 1565,
    "ProcedureStepDescription": "Ansari_NCNS",
    "ProtocolName": "ep_bold_mb4_adaptation_4",
    "PulseSequenceDetails": "%CustomerSeq%_cmrr_mbep2d_bold",
    "ReceiveCoilActiveElements": "HEA;HEP",
    "ReceiveCoilName": "Head_32",
    "ReconMatrixPE": 84,
    "RepetitionTime": 1,
    "SAR": 0.0596355,
    "ScanOptions": "PFP_FS",
    "ScanningSequence": "EP",
    "SequenceName": "epfid2d1_84",
    "SequenceVariant": "SK_SS",
    "SeriesDescription": "ep_bold_mb4_adaptation_4",
    "SeriesNumber": 8,
    "ShimSetting": [
      5229,
      -6213,
      -3948,
      603,
      28,
      -16,
      121,
      -4
    ],
    "SliceThickness": 2.5,
    "SliceTiming": [
      0,
      0.4075,
      0.8175,
      0.245,
      0.6525,
      0.0825,
      0.49,
      0.8975,
      0.3275,
      0.735,
      0.1625,
      0.5725,
      0,
      0.4075,
      0.8175,
      0.245,
      0.6525,
      0.0825,
      0.49,
      0.8975,
      0.3275,
      0.735,
      0.1625,
      0.5725,
      0,
      0.4075,
      0.8175,
      0.245,
      0.6525,
      0.0825,
      0.49,
      0.8975,
      0.3275,
      0.735,
      0.1625,
      0.5725,
      0,
      0.4075,
      0.8175,
      0.245,
      0.6525,
      0.0825,
      0.49,
      0.8975,
      0.3275,
      0.735,
      0.1625,
      0.5725
    ],
    "SoftwareVersions": "syngo_MR_E11",
    "SpacingBetweenSlices": 2.5,
    "StationName": "MRC35368",
    "TaskName": "Adaptation",
    "TotalReadoutTime": 0.0630806,
    "TxRefAmp": 245.941,
    "WipMemBlock": "20ade677-f310-4cdb-9cba-cb0473771279||Sequence: R016 ve11c/master r/e634e98; Dec 19 2017 11:00:25 by eja",
    "dataset": "ds001838",
    "modality": "bold",
    "run_id": 4,
    "session_id": "01",
    "subject_id": "108",
    "task_id": "Adaptation"
  },
  "dummy_trs": 3,
  "dvars_nstd": 30.78795683691099,
  "dvars_std": 1.2626000917015705,
  "dvars_vstd": 0.9946783371465963,
  "efc": 0.5545755002089746,
  "fber": 6172.7568359375,
  "fd_mean": 0.14499019823193432,
  "fd_num": 88,
  "fd_perc": 22.97650130548303,
  "fwhm_avg": 1.9834894641281473,
  "fwhm_x": 1.8814222386821513,
  "fwhm_y": 2.10107415370229,
  "fwhm_z": 1.967972,
  "gcor": 0.0113181,
  "gsr_x": -0.009590666741132736,
  "gsr_y": 0.04176581650972366,
  "provenance": {
    "md5sum": "c321bd67608a30de127299de32281c42",
    "settings": {
      "fd_thres": 0.2,
      "testing": false
    },
    "software": "mriqc",
    "version": "22.0.1",
    "webapi_port": null,
    "webapi_url": "https://mriqc.nimh.nih.gov/api/v1"
  },
  "size_t": 383,
  "size_x": 84,
  "size_y": 84,
  "size_z": 48,
  "snr": 4.895319567396405,
  "spacing_tr": 1.0,
  "spacing_x": 2.4761905670166016,
  "spacing_y": 2.4761905670166016,
  "spacing_z": 2.5,
  "summary_bg_k": 23.487939880229323,
  "summary_bg_mad": 1.9918206110802033,
  "summary_bg_mean": 9.398079872131348,
  "summary_bg_median": 2.8496334552764893,
  "summary_bg_n": 194096.0,
  "summary_bg_p05": 1.06197589635849,
  "summary_bg_p95": 40.50104236602783,
  "summary_bg_stdv": 18.187002182006836,
  "summary_fg_k": 4.082207661837134,
  "summary_fg_mad": 39.26350823656821,
  "summary_fg_mean": 238.47740173339844,
  "summary_fg_median": 231.53746032714844,
  "summary_fg_n": 85111.0,
  "summary_fg_p05": 179.5826873779297,
  "summary_fg_p95": 319.4246520996094,
  "summary_fg_stdv": 47.29744338989258,
  "tsnr": 64.18310546875
}