{
  "aor": 0.0003377690288713911,
  "aqi": 0.005668560288713911,
  "bids_meta": {
    "AcquisitionMatrixPE": 84,
    "AcquisitionNumber": 1,
    "AcquisitionTime": "11:12:46.315000",
    "BandwidthPerPixelPhaseEncode": 15.664,
    "BaseResolution": 84,
    "BodyPartExamined": "BRAIN",
    "ConsistencyInfo": "N4_VE11C_LATEST_20160120",
    "ConversionSoftware": "dcm2niix",
    "ConversionSoftwareVersion": "v1.0.20181114  Clang4.0.1",
    "DerivedVendorReportedEchoSpacing": 0.000760008,
    "DeviceSerialNumber": "67007",
    "DwellTime": 3.8e-06,
    "EchoTime": 0.03,
    "EchoTrainLength": 74,
    "EffectiveEchoSpacing": 0.000760008,
    "FlipAngle": 40,
    "ImageComments": "Unaliased_MB4_PE3",
    "ImageOrientationPatientDICOM": [
      1,
      0,
      0,
      0,
      0.894154,
      -0.447759
    ],
    "ImageType": [
      "ORIGINAL",
      "PRIMARY",
      "M",
      "MB",
      "ND",
      "NORM",
      "MOSAIC"
    ],
    "ImagingFrequency": 123.211,
    "InPlanePhaseEncodingDirectionDICOM": "COL",
    "InstitutionAddress": "Perth_Drive_100_London_Ontario_CA_N6A_5K8",
    "InstitutionName": "Robarts_Research_Institute",
    "InstitutionalDepartmentName": "CFMM",
    "MRAcquisitionType": "2D",
    "MagneticFieldStrength": 3,
    "Manufacturer": "Siemens",
    "ManufacturersModelName": "Prisma_fit",
    "Modality": "MR",
    "MultibandAccelerationFactor": 4,
    "PartialFourier": 0.875,
    "PatientPosition": "HFS",
    "PercentPhaseFOV": 100,
    "PhaseEncodingDirection": "j-",
    "PhaseEncodingSteps": 74,
    "PhaseResolution": 1,
    "PixelBandwidth": 1565,
    "ProcedureStepDescription": "Ansari_NCNS",
    "ProtocolName": "ep_bold_mb4_adaptation_1",
    "PulseSequenceDetails": "%CustomerSeq%_cmrr_mbep2d_bold",
    "ReceiveCoilActiveElements": "HEA;HEP",
    "ReceiveCoilName": "Head_32",
    "ReconMatrixPE": 84,
    "RepetitionTime": 1,
    "SAR": 0.0596355,
    "ScanOptions": "PFP_FS",
    "ScanningSequence": "EP",
    "SequenceName": "epfid2d1_84",
    "SequenceVariant": "SK_SS",
    "SeriesDescription": "ep_bold_mb4_adaptation_1",
    "SeriesNumber": 2,
    "ShimSetting": [
      5229,
      -6213,
      -3948,
      603,
      28,
      -16,
      121,
      -4
    ],
    "SliceThickness": 2.5,
    "SliceTiming": [
      0,
      0.4075,
      0.8175,
      0.245,
      0.6525,
      0.0825,
      0.49,
      0.8975,
      0.3275,
      0.735,
      0.1625,
      0.5725,
      0,
      0.4075,
      0.8175,
      0.245,
      0.6525,
      0.0825,
      0.49,
      0.8975,
      0.3275,
      0.735,
      0.1625,
      0.5725,
      0,
      0.4075,
      0.8175,
      0.245,
      0.6525,
      0.0825,
      0.49,
      0.8975,
      0.3275,
      0.735,
      0.1625,
      0.5725,
      0,
      0.4075,
      0.8175,
      0.245,
      0.6525,
      0.0825,
      0.49,
      0.8975,
      0.3275,
      0.735,
      0.1625,
      0.5725
    ],
    "SoftwareVersions": "syngo_MR_E11",
    "SpacingBetweenSlices": 2.5,
    "StationName": "MRC35368",
    "TaskName": "Adaptation",
    "TotalReadoutTime": 0.0630806,
    "TxRefAmp": 245.941,
    "WipMemBlock": "f370bdd0-a28a-411c-bb75-e79ed1f85f82||Sequence: R016 ve11c/master r/e634e98; Dec 19 2017 11:00:25 by eja",
    "dataset": "ds001838",
    "modality": "bold",
    "run_id": 1,
    "session_id": "01",
    "subject_id": "108",
    "task_id": "Adaptation"
  },
  "dummy_trs": 5,
  "dvars_nstd": 31.836229284289473,
  "dvars_std": 1.2676150596842106,
  "dvars_vstd": 0.9996155312894743,
  "efc": 0.5532625647576845,
  "fber": 6205.40869140625,
  "fd_mean": 0.16650675594387193,
  "fd_num": 134,
  "fd_perc": 35.17060367454068,
  "fwhm_avg": 1.9901661177407002,
  "fwhm_x": 1.883562623219027,
  "fwhm_y": 2.1180397300030736,
  "fwhm_z": 1.9688960000000002,
  "gcor": 0.0103589,
  "gsr_x": -0.008465892635285854,
  "gsr_y": 0.0415823794901371,
  "provenance": {
    "md5sum": "2a44c157da726a048074e722657b2d5e",
    "settings": {
      "fd_thres": 0.2,
      "testing": false
    },
    "software": "mriqc",
    "version": "22.0.1",
    "webapi_port": null,
    "webapi_url": "https://mriqc.nimh.nih.gov/api/v1"
  },
  "size_t": 381,
  "size_x": 84,
  "size_y": 84,
  "size_z": 48,
  "snr": 4.87664951029403,
  "spacing_tr": 1.0,
  "spacing_x": 2.4761905670166016,
  "spacing_y": 2.4761905670166016,
  "spacing_z": 2.5,
  "summary_bg_k": 25.07740155598637,
  "summary_bg_mad": 1.994191224125516,
  "summary_bg_mean": 9.247182846069336,
  "summary_bg_median": 2.838074207305908,
  "summary_bg_n": 194387.0,
  "summary_bg_p05": 1.0587714314460754,
  "summary_bg_p95": 39.320803833007744,
  "summary_bg_stdv": 18.084999084472656,
  "summary_fg_k": 4.115024908281309,
  "summary_fg_mad": 39.13630071284602,
  "summary_fg_mean": 237.8771209716797,
  "summary_fg_median": 231.11093139648438,
  "summary_fg_n": 84901.0,
  "summary_fg_p05": 178.9285125732422,
  "summary_fg_p95": 319.27020263671875,
  "summary_fg_stdv": 47.391056060791016,
  "tsnr": 63.55647659301758
}