{
  "aor": 0.0002352879581151832,
  "aqi": 0.004530951832460732,
  "bids_meta": {
    "AcquisitionMatrixPE": 84,
    "AcquisitionNumber": 1,
    "AcquisitionTime": "14:32:37.142500",
    "BandwidthPerPixelPhaseEncode": 15.664,
    "BaseResolution": 84,
    "BodyPartExamined": "BRAIN",
    "ConsistencyInfo": "N4_VE11C_LATEST_20160120",
    "ConversionSoftware": "dcm2niix",
    "ConversionSoftwareVersion": "v1.0.20181114  Clang4.0.1",
    "DerivedVendorReportedEchoSpacing": 0.000760008,
    "DeviceSerialNumber": "67007",
    "DwellTime": 3.8e-06,
    "EchoTime": 0.03,
    "EchoTrainLength": 74,
    "EffectiveEchoSpacing": 0.000760008,
    "FlipAngle": 40,
    "ImageComments": "Unaliased_MB4_PE3",
    "ImageOrientationPatientDICOM": [
      0.998782,
      -0.0170645,
      -0.0462878,
      -1.6762e-08,
      0.93827,
      -0.345904
    ],
    "ImageType": [
      "ORIGINAL",
      "PRIMARY",
      "M",
      "MB",
      "ND",
      "NORM",
      "MOSAIC"
    ],
    "ImagingFrequency": 123.211,
    "InPlanePhaseEncodingDirectionDICOM": "COL",
    "InstitutionAddress": "Perth_Drive_100_London_Ontario_CA_N6A_5K8",
    "InstitutionName": "Robarts_Research_Institute",
    "InstitutionalDepartmentName": "CFMM",
    "MRAcquisitionType": "2D",
    "MagneticFieldStrength": 3,
    "Manufacturer": "Siemens",
    "ManufacturersModelName": "Prisma_fit",
    "Modality": "MR",
    "MultibandAccelerationFactor": 4,
    "PartialFourier": 0.875,
    "PatientPosition": "HFS",
    "PercentPhaseFOV": 100,
    "PhaseEncodingDirection": "j-",
    "PhaseEncodingSteps": 74,
    "PhaseResolution": 1,
    "PixelBandwidth": 1565,
    "ProcedureStepDescription": "Ansari_NCNS",
    "ProtocolName": "ep_bold_mb4_adaptation_3",
    "PulseSequenceDetails": "%CustomerSeq%_cmrr_mbep2d_bold",
    "ReceiveCoilActiveElements": "HEA;HEP",
    "ReceiveCoilName": "Head_32",
    "ReconMatrixPE": 84,
    "RepetitionTime": 1,
    "SAR": 0.0487344,
    "ScanOptions": "PFP_FS",
    "ScanningSequence": "EP",
    "SequenceName": "epfid2d1_84",
    "SequenceVariant": "SK_SS",
    "SeriesDescription": "ep_bold_mb4_adaptation_3",
    "SeriesNumber": 6,
    "ShimSetting": [
      5226,
      -6168,
      -3979,
      696,
      -17,
      398,
      62,
      -28
    ],
    "SliceThickness": 2.5,
    "SliceTiming": [
      0,
      0.4075,
      0.815,
      0.245,
      0.6525,
      0.08,
      0.49,
      0.8975,
      0.325,
      0.735,
      0.1625,
      0.57,
      0,
      0.4075,
      0.815,
      0.245,
      0.6525,
      0.08,
      0.49,
      0.8975,
      0.325,
      0.735,
      0.1625,
      0.57,
      0,
      0.4075,
      0.815,
      0.245,
      0.6525,
      0.08,
      0.49,
      0.8975,
      0.325,
      0.735,
      0.1625,
      0.57,
      0,
      0.4075,
      0.815,
      0.245,
      0.6525,
      0.08,
      0.49,
      0.8975,
      0.325,
      0.735,
      0.1625,
      0.57
    ],
    "SoftwareVersions": "syngo_MR_E11",
    "SpacingBetweenSlices": 2.5,
    "StationName": "MRC35368",
    "TaskName": "Adaptation",
    "TotalReadoutTime": 0.0630806,
    "TxRefAmp": 234.245,
    "WipMemBlock": "5899ab9a-f2d5-4c1d-884b-12ec209a7c9b||Sequence: R016 ve11c/master r/e634e98; Dec 19 2017 11:00:25 by eja",
    "dataset": "ds001838",
    "modality": "bold",
    "run_id": 3,
    "session_id": "01",
    "subject_id": "106",
    "task_id": "Adaptation"
  },
  "dummy_trs": 4,
  "dvars_nstd": 24.595278356981638,
  "dvars_std": 1.138846462519686,
  "dvars_vstd": 0.9953838304724405,
  "efc": 0.5278076951080584,
  "fber": 6389.0224609375,
  "fd_mean": 0.13475802633562203,
  "fd_num": 68,
  "fd_perc": 17.801047120418847,
  "fwhm_avg": 2.027968334695974,
  "fwhm_x": 1.9345724290403064,
  "fwhm_y": 2.123188768275746,
  "fwhm_z": 2.026143806771869,
  "gcor": 0.00831107,
  "gsr_x": -0.013277658261358738,
  "gsr_y": 0.0494130440056324,
  "provenance": {
    "md5sum": "38c3ed6d9f04c5575da3e71bbb508b0e",
    "settings": {
      "fd_thres": 0.2,
      "testing": false
    },
    "software": "mriqc",
    "version": "22.0.1",
    "webapi_port": null,
    "webapi_url": "https://mriqc.nimh.nih.gov/api/v1"
  },
  "size_t": 382,
  "size_x": 84,
  "size_y": 84,
  "size_z": 48,
  "snr": 4.535798089336309,
  "spacing_tr": 1.0,
  "spacing_x": 2.4761905670166016,
  "spacing_y": 2.4761905670166016,
  "spacing_z": 2.500000238418579,
  "summary_bg_k": 22.76525417946736,
  "summary_bg_mad": 2.481286192563307,
  "summary_bg_mean": 10.836812019348145,
  "summary_bg_median": 3.3410894870758057,
  "summary_bg_n": 204375.0,
  "summary_bg_p05": 1.1196438431739808,
  "summary_bg_p95": 48.264426422119094,
  "summary_bg_stdv": 19.63665771484375,
  "summary_fg_k": 3.6236677639216284,
  "summary_fg_mad": 50.13237650988273,
  "summary_fg_mean": 287.3343811035156,
  "summary_fg_median": 278.12420654296875,
  "summary_fg_n": 75640.0,
  "summary_fg_p05": 210.27115631103516,
  "summary_fg_p95": 395.6386703491211,
  "summary_fg_stdv": 61.31718444824219,
  "tsnr": 66.61688995361328
}