{
  "aor": 0.00021740157480314962,
  "aqi": 0.004227687821522309,
  "bids_meta": {
    "AcquisitionMatrixPE": 84,
    "AcquisitionNumber": 1,
    "AcquisitionTime": "14:25:34.977500",
    "BandwidthPerPixelPhaseEncode": 15.664,
    "BaseResolution": 84,
    "BodyPartExamined": "BRAIN",
    "ConsistencyInfo": "N4_VE11C_LATEST_20160120",
    "ConversionSoftware": "dcm2niix",
    "ConversionSoftwareVersion": "v1.0.20181114  Clang4.0.1",
    "DerivedVendorReportedEchoSpacing": 0.000760008,
    "DeviceSerialNumber": "67007",
    "DwellTime": 3.8e-06,
    "EchoTime": 0.03,
    "EchoTrainLength": 74,
    "EffectiveEchoSpacing": 0.000760008,
    "FlipAngle": 40,
    "ImageComments": "Unaliased_MB4_PE3",
    "ImageOrientationPatientDICOM": [
      0.998782,
      -0.0170645,
      -0.0462878,
      -1.6762e-08,
      0.93827,
      -0.345904
    ],
    "ImageType": [
      "ORIGINAL",
      "PRIMARY",
      "M",
      "MB",
      "ND",
      "NORM",
      "MOSAIC"
    ],
    "ImagingFrequency": 123.211,
    "InPlanePhaseEncodingDirectionDICOM": "COL",
    "InstitutionAddress": "Perth_Drive_100_London_Ontario_CA_N6A_5K8",
    "InstitutionName": "Robarts_Research_Institute",
    "InstitutionalDepartmentName": "CFMM",
    "MRAcquisitionType": "2D",
    "MagneticFieldStrength": 3,
    "Manufacturer": "Siemens",
    "ManufacturersModelName": "Prisma_fit",
    "Modality": "MR",
    "MultibandAccelerationFactor": 4,
    "PartialFourier": 0.875,
    "PatientPosition": "HFS",
    "PercentPhaseFOV": 100,
    "PhaseEncodingDirection": "j-",
    "PhaseEncodingSteps": 74,
    "PhaseResolution": 1,
    "PixelBandwidth": 1565,
    "ProcedureStepDescription": "Ansari_NCNS",
    "ProtocolName": "ep_bold_mb4_adaptation_2",
    "PulseSequenceDetails": "%CustomerSeq%_cmrr_mbep2d_bold",
    "ReceiveCoilActiveElements": "HEA;HEP",
    "ReceiveCoilName": "Head_32",
    "ReconMatrixPE": 84,
    "RepetitionTime": 1,
    "SAR": 0.0487344,
    "ScanOptions": "PFP_FS",
    "ScanningSequence": "EP",
    "SequenceName": "epfid2d1_84",
    "SequenceVariant": "SK_SS",
    "SeriesDescription": "ep_bold_mb4_adaptation_2",
    "SeriesNumber": 4,
    "ShimSetting": [
      5226,
      -6168,
      -3979,
      696,
      -17,
      398,
      62,
      -28
    ],
    "SliceThickness": 2.5,
    "SliceTiming": [
      0,
      0.41,
      0.8175,
      0.245,
      0.655,
      0.0825,
      0.49,
      0.9,
      0.3275,
      0.735,
      0.165,
      0.5725,
      0,
      0.41,
      0.8175,
      0.245,
      0.655,
      0.0825,
      0.49,
      0.9,
      0.3275,
      0.735,
      0.165,
      0.5725,
      0,
      0.41,
      0.8175,
      0.245,
      0.655,
      0.0825,
      0.49,
      0.9,
      0.3275,
      0.735,
      0.165,
      0.5725,
      0,
      0.41,
      0.8175,
      0.245,
      0.655,
      0.0825,
      0.49,
      0.9,
      0.3275,
      0.735,
      0.165,
      0.5725
    ],
    "SoftwareVersions": "syngo_MR_E11",
    "SpacingBetweenSlices": 2.5,
    "StationName": "MRC35368",
    "TaskName": "Adaptation",
    "TotalReadoutTime": 0.0630806,
    "TxRefAmp": 234.245,
    "WipMemBlock": "11b6301b-d725-426d-b790-d189f3f23526||Sequence: R016 ve11c/master r/e634e98; Dec 19 2017 11:00:25 by eja",
    "dataset": "ds001838",
    "modality": "bold",
    "run_id": 2,
    "session_id": "01",
    "subject_id": "106",
    "task_id": "Adaptation"
  },
  "dummy_trs": 5,
  "dvars_nstd": 24.981919414052633,
  "dvars_std": 1.1476033162631571,
  "dvars_vstd": 0.9945605618684217,
  "efc": 0.5270398667343491,
  "fber": 6466.44091796875,
  "fd_mean": 0.13357351285363814,
  "fd_num": 64,
  "fd_perc": 16.79790026246719,
  "fwhm_avg": 2.0318318729094567,
  "fwhm_x": 1.9369833904903342,
  "fwhm_y": 2.1269324219845838,
  "fwhm_z": 2.031579806253452,
  "gcor": 0.00979623,
  "gsr_x": -0.01285373792052269,
  "gsr_y": 0.049198850989341736,
  "provenance": {
    "md5sum": "8d29f30a83d02762a7aa3fae6a1d8fda",
    "settings": {
      "fd_thres": 0.2,
      "testing": false
    },
    "software": "mriqc",
    "version": "22.0.1",
    "webapi_port": null,
    "webapi_url": "https://mriqc.nimh.nih.gov/api/v1"
  },
  "size_t": 381,
  "size_x": 84,
  "size_y": 84,
  "size_z": 48,
  "snr": 4.527974136851884,
  "spacing_tr": 1.0,
  "spacing_x": 2.4761905670166016,
  "spacing_y": 2.4761905670166016,
  "spacing_z": 2.500000238418579,
  "summary_bg_k": 22.966319254312058,
  "summary_bg_mad": 2.460687150556954,
  "summary_bg_mean": 10.684659957885742,
  "summary_bg_median": 3.3197591304779053,
  "summary_bg_n": 204363.0,
  "summary_bg_p05": 1.1111517071723938,
  "summary_bg_p95": 47.40269470214842,
  "summary_bg_stdv": 19.416940689086914,
  "summary_fg_k": 3.6141634041950894,
  "summary_fg_mad": 50.072935327492544,
  "summary_fg_mean": 287.0313415527344,
  "summary_fg_median": 277.81085205078125,
  "summary_fg_n": 75601.0,
  "summary_fg_p05": 209.70367431640625,
  "summary_fg_p95": 395.5142822265625,
  "summary_fg_stdv": 61.35393142700195,
  "tsnr": 67.88311767578125
}