{
  "bids_meta": {
    "AcquisitionMatrixPE": 232,
    "AcquisitionNumber": 1,
    "AcquisitionTime": "12:28:22.295000",
    "BaseResolution": 256,
    "BodyPartExamined": "BRAIN",
    "ConsistencyInfo": "N4_VE11C_LATEST_20160120",
    "ConversionSoftware": "dcm2niix",
    "ConversionSoftwareVersion": "v1.0.20181114  Clang4.0.1",
    "DeviceSerialNumber": "67007",
    "DwellTime": 8.2e-06,
    "EchoTime": 0.00298,
    "FlipAngle": 9,
    "ImageOrientationPatientDICOM": [
      0.0610485,
      0.998135,
      0,
      0,
      0,
      -1
    ],
    "ImageType": [
      "ORIGINAL",
      "PRIMARY",
      "M",
      "ND",
      "NORM"
    ],
    "ImagingFrequency": 123.211,
    "InPlanePhaseEncodingDirectionDICOM": "ROW",
    "InstitutionAddress": "Perth_Drive_100_London_Ontario_CA_N6A_5K8",
    "InstitutionName": "Robarts_Research_Institute",
    "InstitutionalDepartmentName": "CFMM",
    "InversionTime": 0.9,
    "MRAcquisitionType": "3D",
    "MagneticFieldStrength": 3,
    "Manufacturer": "Siemens",
    "ManufacturersModelName": "Prisma_fit",
    "Modality": "MR",
    "PartialFourier": 1,
    "PatientPosition": "HFS",
    "PercentPhaseFOV": 90.625,
    "PhaseEncodingSteps": 231,
    "PhaseResolution": 1,
    "PixelBandwidth": 240,
    "ProcedureStepDescription": "Ansari_NCNS",
    "ProtocolName": "MPRAGE_SAG_iPAT2",
    "PulseSequenceDetails": "%SiemensSeq%_tfl",
    "ReceiveCoilActiveElements": "HEA;HEP",
    "ReceiveCoilName": "Head_32",
    "ReconMatrixPE": 256,
    "RepetitionTime": 2.3,
    "SAR": 0.0561543,
    "ScanOptions": "IR",
    "ScanningSequence": "GR_IR",
    "SequenceName": "_tfl3d1_16ns",
    "SequenceVariant": "SK_SP_MP",
    "SeriesDescription": "MPRAGE_SAG_iPAT2",
    "SeriesNumber": 10,
    "ShimSetting": [
      5251,
      -6210,
      -3902,
      354,
      39,
      -295,
      36,
      -28
    ],
    "SliceThickness": 1,
    "SoftwareVersions": "syngo_MR_E11",
    "StationName": "MRC35368",
    "TxRefAmp": 251.892,
    "dataset": "ds001838",
    "modality": "T1w",
    "session_id": "01",
    "subject_id": "14"
  },
  "cjv": 0.36012855429596574,
  "cnr": 3.6908188782926192,
  "efc": 0.5634492120307192,
  "fber": 3719.301029631986,
  "fwhm_avg": 3.771373333333333,
  "fwhm_x": 3.84965,
  "fwhm_y": 3.89609,
  "fwhm_z": 3.56838,
  "icvs_csf": 0.2189403965660845,
  "icvs_gm": 0.4455000727389195,
  "icvs_wm": 0.335559530694996,
  "inu_med": 0.4317827522754669,
  "inu_range": 0.13119861781597136,
  "provenance": {
    "md5sum": "42f0f92caaaeee80522a5d9dcd8d24d8",
    "settings": {
      "testing": false
    },
    "software": "mriqc",
    "version": "22.0.1",
    "warnings": {
      "large_rot_frame": true,
      "small_air_mask": false
    },
    "webapi_port": null,
    "webapi_url": "https://mriqc.nimh.nih.gov/api/v1"
  },
  "qi_1": 0.0,
  "qi_2": 0.020361123361837593,
  "rpve_csf": 24.017500958855052,
  "rpve_gm": 12.159475905748577,
  "rpve_wm": 17.64668953062404,
  "size_x": 192,
  "size_y": 232,
  "size_z": 256,
  "snr_csf": 2.61445449372864,
  "snr_gm": 13.802345715007553,
  "snr_total": 13.51302613334193,
  "snr_wm": 24.122278191289595,
  "snrd_csf": 24.959682259351254,
  "snrd_gm": 60.578112951343925,
  "snrd_total": 55.654913821861726,
  "snrd_wm": 81.42694625489001,
  "spacing_x": 1.0,
  "spacing_y": 1.0,
  "spacing_z": 1.0,
  "summary_bg_k": 7377.029309154038,
  "summary_bg_mad": 8.045695677995523,
  "summary_bg_mean": 7.997202863142957,
  "summary_bg_median": 5.426739268004894,
  "summary_bg_n": 3055219.0,
  "summary_bg_p05": 0.0,
  "summary_bg_p95": 24.370992712676525,
  "summary_bg_stdv": 13.743497554395525,
  "summary_csf_k": 11.184197986402665,
  "summary_csf_mad": 85.47942135470394,
  "summary_csf_mean": 316.82038121522595,
  "summary_csf_median": 306.528545320034,
  "summary_csf_n": 55327.0,
  "summary_csf_p05": 126.68969491124153,
  "summary_csf_p95": 518.7765404239295,
  "summary_csf_stdv": 117.24272726470069,
  "summary_gm_k": 0.037797265358731735,
  "summary_gm_mad": 53.34540043470971,
  "summary_gm_mean": 743.8271083846126,
  "summary_gm_median": 743.9566196501255,
  "summary_gm_n": 30188.0,
  "summary_gm_p05": 654.5091563154012,
  "summary_gm_p95": 832.6920290142298,
  "summary_gm_stdv": 53.89984520387831,
  "summary_wm_k": 0.6991465853047139,
  "summary_wm_mad": 38.86314821431777,
  "summary_wm_mean": 1000.3066950206484,
  "summary_wm_median": 1000.0000451132655,
  "summary_wm_n": 181853.0,
  "summary_wm_p05": 933.1031501367688,
  "summary_wm_p95": 1068.7387425079942,
  "summary_wm_stdv": 41.4553421408173,
  "tpm_overlap_csf": 0.14571950232207645,
  "tpm_overlap_gm": 0.46507420334655974,
  "tpm_overlap_wm": 0.4853094336652536,
  "wm2max": 0.5375197016527891
}