{
  "aor": 0.00032797927461139894,
  "aqi": 0.00683679901554404,
  "bids_meta": {
    "AcquisitionMatrixPE": 84,
    "AcquisitionNumber": 1,
    "AcquisitionTime": "13:09:41.147500",
    "BandwidthPerPixelPhaseEncode": 15.664,
    "BaseResolution": 84,
    "BodyPartExamined": "BRAIN",
    "ConsistencyInfo": "N4_VE11C_LATEST_20160120",
    "ConversionSoftware": "dcm2niix",
    "ConversionSoftwareVersion": "v1.0.20181114  Clang4.0.1",
    "DerivedVendorReportedEchoSpacing": 0.000760008,
    "DeviceSerialNumber": "67007",
    "DwellTime": 3.8e-06,
    "EchoTime": 0.03,
    "EchoTrainLength": 74,
    "EffectiveEchoSpacing": 0.000760008,
    "FlipAngle": 40,
    "ImageComments": "Unaliased_MB4_PE3",
    "ImageOrientationPatientDICOM": [
      1,
      0,
      0,
      0,
      0.887815,
      -0.4602
    ],
    "ImageType": [
      "ORIGINAL",
      "PRIMARY",
      "M",
      "MB",
      "ND",
      "NORM",
      "MOSAIC"
    ],
    "ImagingFrequency": 123.211,
    "InPlanePhaseEncodingDirectionDICOM": "COL",
    "InstitutionAddress": "Perth_Drive_100_London_Ontario_CA_N6A_5K8",
    "InstitutionName": "Robarts_Research_Institute",
    "InstitutionalDepartmentName": "CFMM",
    "MRAcquisitionType": "2D",
    "MagneticFieldStrength": 3,
    "Manufacturer": "Siemens",
    "ManufacturersModelName": "Prisma_fit",
    "Modality": "MR",
    "MultibandAccelerationFactor": 4,
    "PartialFourier": 0.875,
    "PatientPosition": "HFS",
    "PercentPhaseFOV": 100,
    "PhaseEncodingDirection": "j-",
    "PhaseEncodingSteps": 74,
    "PhaseResolution": 1,
    "PixelBandwidth": 1565,
    "ProcedureStepDescription": "Ansari_NCNS",
    "ProtocolName": "ep_bold_mb4_adaptation_1",
    "PulseSequenceDetails": "%CustomerSeq%_cmrr_mbep2d_bold",
    "ReceiveCoilActiveElements": "HEA;HEP",
    "ReceiveCoilName": "Head_32",
    "ReconMatrixPE": 84,
    "RepetitionTime": 1,
    "SAR": 0.0429543,
    "ScanOptions": "PFP_FS",
    "ScanningSequence": "EP",
    "SequenceName": "epfid2d1_84",
    "SequenceVariant": "SK_SS",
    "SeriesDescription": "ep_bold_mb4_adaptation_1",
    "SeriesNumber": 2,
    "ShimSetting": [
      5242,
      -6190,
      -4056,
      323,
      54,
      -82,
      -135,
      11
    ],
    "SliceThickness": 2.5,
    "SliceTiming": [
      0,
      0.4075,
      0.8175,
      0.245,
      0.6525,
      0.0825,
      0.49,
      0.8975,
      0.3275,
      0.735,
      0.1625,
      0.5725,
      0,
      0.4075,
      0.8175,
      0.245,
      0.6525,
      0.0825,
      0.49,
      0.8975,
      0.3275,
      0.735,
      0.1625,
      0.5725,
      0,
      0.4075,
      0.8175,
      0.245,
      0.6525,
      0.0825,
      0.49,
      0.8975,
      0.3275,
      0.735,
      0.1625,
      0.5725,
      0,
      0.4075,
      0.8175,
      0.245,
      0.6525,
      0.0825,
      0.49,
      0.8975,
      0.3275,
      0.735,
      0.1625,
      0.5725
    ],
    "SoftwareVersions": "syngo_MR_E11",
    "SpacingBetweenSlices": 2.5,
    "StationName": "MRC35368",
    "TaskName": "Adaptation",
    "TotalReadoutTime": 0.0630806,
    "TxRefAmp": 240.807,
    "WipMemBlock": "5e74a974-a578-4e9d-a1b7-57f77095aba7||Sequence: R016 ve11c/master r/e634e98; Dec 19 2017 11:00:25 by eja",
    "dataset": "ds001838",
    "modality": "bold",
    "run_id": 1,
    "session_id": "01",
    "subject_id": "15",
    "task_id": "Adaptation"
  },
  "dummy_trs": 0,
  "dvars_nstd": 23.59939017851949,
  "dvars_std": 1.0625295398961037,
  "dvars_vstd": 0.9932329141298697,
  "efc": 0.5219318065227415,
  "fber": 4652.02099609375,
  "fd_mean": 0.1414309099303265,
  "fd_num": 112,
  "fd_perc": 29.015544041450777,
  "fwhm_avg": 1.9773565800553623,
  "fwhm_x": 1.8772505080659387,
  "fwhm_y": 2.0608672321001484,
  "fwhm_z": 1.9939520000000002,
  "gcor": 0.0103327,
  "gsr_x": -0.000929570640437305,
  "gsr_y": 0.028408236801624298,
  "provenance": {
    "md5sum": "e7581d8022583a4db47a06912dc3d689",
    "settings": {
      "fd_thres": 0.2,
      "testing": false
    },
    "software": "mriqc",
    "version": "22.0.1",
    "webapi_port": null,
    "webapi_url": "https://mriqc.nimh.nih.gov/api/v1"
  },
  "size_t": 386,
  "size_x": 84,
  "size_y": 84,
  "size_z": 48,
  "snr": 5.200290054516478,
  "spacing_tr": 1.0,
  "spacing_x": 2.4761905670166016,
  "spacing_y": 2.4761905670166016,
  "spacing_z": 2.5,
  "summary_bg_k": 52.6311724549779,
  "summary_bg_mad": 2.2729288709935656,
  "summary_bg_mean": 8.947400093078613,
  "summary_bg_median": 3.0540108680725098,
  "summary_bg_n": 209449.0,
  "summary_bg_p05": 1.0708603382110595,
  "summary_bg_p95": 37.0494926452636,
  "summary_bg_stdv": 17.2220516204834,
  "summary_fg_k": 2.702469937962671,
  "summary_fg_mad": 38.287564332357825,
  "summary_fg_mean": 218.59596252441406,
  "summary_fg_median": 213.39332580566406,
  "summary_fg_n": 71738.0,
  "summary_fg_p05": 164.18622436523438,
  "summary_fg_p95": 288.2575866699217,
  "summary_fg_stdv": 41.034603118896484,
  "tsnr": 57.7513427734375
}