{
  "bids_meta": {
    "AcquisitionMatrixPE": 256,
    "AcquisitionNumber": 1,
    "AcquisitionTime": "15:29:24.815000",
    "BaseResolution": 256,
    "BodyPartExamined": "BRAIN",
    "ConsistencyInfo": "N4_VE11C_LATEST_20160120",
    "ConversionSoftware": "dcm2niix",
    "ConversionSoftwareVersion": "v1.0.20181114  Clang4.0.1",
    "DeviceSerialNumber": "67007",
    "DwellTime": 8.2e-06,
    "EchoTime": 0.00298,
    "FlipAngle": 9,
    "ImageOrientationPatientDICOM": [
      0,
      1,
      0,
      0,
      0,
      -1
    ],
    "ImageType": [
      "ORIGINAL",
      "PRIMARY",
      "M",
      "ND",
      "NORM"
    ],
    "ImagingFrequency": 123.211,
    "InPlanePhaseEncodingDirectionDICOM": "ROW",
    "InstitutionAddress": "Perth_Drive_100_London_Ontario_CA_N6A_5K8",
    "InstitutionName": "Robarts_Research_Institute",
    "InstitutionalDepartmentName": "CFMM",
    "InversionTime": 0.9,
    "MRAcquisitionType": "3D",
    "MagneticFieldStrength": 3,
    "Manufacturer": "Siemens",
    "ManufacturersModelName": "Prisma_fit",
    "Modality": "MR",
    "PartialFourier": 1,
    "PatientPosition": "HFS",
    "PercentPhaseFOV": 100,
    "PhaseEncodingSteps": 255,
    "PhaseResolution": 1,
    "PixelBandwidth": 240,
    "ProcedureStepDescription": "Ansari_NCNS",
    "ProtocolName": "MPRAGE_SAG_iPAT2",
    "PulseSequenceDetails": "%SiemensSeq%_tfl",
    "ReceiveCoilActiveElements": "HEA;HEP",
    "ReceiveCoilName": "Head_32",
    "ReconMatrixPE": 256,
    "RepetitionTime": 2.3,
    "SAR": 0.0472417,
    "ScanOptions": "IR",
    "ScanningSequence": "GR_IR",
    "SequenceName": "_tfl3d1_16ns",
    "SequenceVariant": "SK_SP_MP",
    "SeriesDescription": "MPRAGE_SAG_iPAT2",
    "SeriesNumber": 10,
    "ShimSetting": [
      5217,
      -6172,
      -3900,
      345,
      86,
      -231,
      121,
      35
    ],
    "SliceThickness": 1,
    "SoftwareVersions": "syngo_MR_E11",
    "StationName": "MRC35368",
    "TxRefAmp": 232.404,
    "dataset": "ds001838",
    "modality": "T1w",
    "session_id": "01",
    "subject_id": "118"
  },
  "cjv": 0.34564574551133276,
  "cnr": 3.769511468733805,
  "efc": 0.5352623017339613,
  "fber": 2005.8320919075875,
  "fwhm_avg": 3.7694733333333335,
  "fwhm_x": 3.85895,
  "fwhm_y": 3.98284,
  "fwhm_z": 3.46663,
  "icvs_csf": 0.21799898419506558,
  "icvs_gm": 0.4331198194687336,
  "icvs_wm": 0.3488811963362008,
  "inu_med": 0.3909236192703247,
  "inu_range": 0.09262173771858218,
  "provenance": {
    "md5sum": "ab40ef6b4a368b6d387be4425ecf71ab",
    "settings": {
      "testing": false
    },
    "software": "mriqc",
    "version": "22.0.1",
    "warnings": {
      "large_rot_frame": true,
      "small_air_mask": false
    },
    "webapi_port": null,
    "webapi_url": "https://mriqc.nimh.nih.gov/api/v1"
  },
  "qi_1": 0.0,
  "qi_2": 0.032493576020903504,
  "rpve_csf": 26.88493200752486,
  "rpve_gm": 14.163492556926164,
  "rpve_wm": 20.340264628776957,
  "size_x": 192,
  "size_y": 256,
  "size_z": 256,
  "snr_csf": 2.8176199904157437,
  "snr_gm": 12.078030315530764,
  "snr_total": 14.343808914511179,
  "snr_wm": 28.13577643758703,
  "snrd_csf": 34.21389548368224,
  "snrd_gm": 85.73486678292859,
  "snrd_total": 78.94011842388566,
  "snrd_wm": 116.87159300504615,
  "spacing_x": 1.0,
  "spacing_y": 1.0,
  "spacing_z": 1.0,
  "summary_bg_k": 2.094038240762381,
  "summary_bg_mad": 5.60560850285282,
  "summary_bg_mean": 5.686101640368655,
  "summary_bg_median": 3.78092547878623,
  "summary_bg_n": 2833273.0,
  "summary_bg_p05": 0.0,
  "summary_bg_p95": 18.959423415362835,
  "summary_bg_stdv": 6.571084435575934,
  "summary_csf_k": 0.9006058459567039,
  "summary_csf_mad": 87.21189460597829,
  "summary_csf_mean": 306.3211388630866,
  "summary_csf_median": 292.7477444987744,
  "summary_csf_n": 37248.0,
  "summary_csf_p05": 155.73988221259788,
  "summary_csf_p95": 506.92621366772806,
  "summary_csf_stdv": 103.89755032873919,
  "summary_gm_k": 0.09527490528145455,
  "summary_gm_mad": 59.46819455200383,
  "summary_gm_mean": 733.0980595742346,
  "summary_gm_median": 733.5817369166762,
  "summary_gm_n": 32799.0,
  "summary_gm_p05": 633.4091301374137,
  "summary_gm_p95": 832.8995257616043,
  "summary_gm_stdv": 60.735942424220205,
  "summary_wm_k": 0.8914198212108522,
  "summary_wm_mad": 32.61814223036822,
  "summary_wm_mean": 1000.7847431288955,
  "summary_wm_median": 999.9999931175262,
  "summary_wm_n": 201184.0,
  "summary_wm_p05": 943.9477728945203,
  "summary_wm_p95": 1059.8646465316415,
  "summary_wm_stdv": 35.54184865115156,
  "tpm_overlap_csf": 0.16092076571636016,
  "tpm_overlap_gm": 0.46831012262859456,
  "tpm_overlap_wm": 0.5160309175242579,
  "wm2max": 0.6456790003992351
}