{
  "bids_meta": {
    "AcquisitionMatrixPE": 256,
    "AcquisitionNumber": 1,
    "AcquisitionTime": "14:38:22.757500",
    "BaseResolution": 256,
    "BodyPartExamined": "BRAIN",
    "ConsistencyInfo": "N4_VE11C_LATEST_20160120",
    "ConversionSoftware": "dcm2niix",
    "ConversionSoftwareVersion": "v1.0.20181114  Clang4.0.1",
    "DeviceSerialNumber": "67007",
    "DwellTime": 8.2e-06,
    "EchoTime": 0.00298,
    "FlipAngle": 9,
    "ImageOrientationPatientDICOM": [
      -0.00523601,
      0.999986,
      0,
      0,
      0,
      -1
    ],
    "ImageType": [
      "ORIGINAL",
      "PRIMARY",
      "M",
      "ND",
      "NORM"
    ],
    "ImagingFrequency": 123.211,
    "InPlanePhaseEncodingDirectionDICOM": "ROW",
    "InstitutionAddress": "Perth_Drive_100_London_Ontario_CA_N6A_5K8",
    "InstitutionName": "Robarts_Research_Institute",
    "InstitutionalDepartmentName": "CFMM",
    "InversionTime": 0.9,
    "MRAcquisitionType": "3D",
    "MagneticFieldStrength": 3,
    "Manufacturer": "Siemens",
    "ManufacturersModelName": "Prisma_fit",
    "Modality": "MR",
    "PartialFourier": 1,
    "PatientPosition": "HFS",
    "PercentPhaseFOV": 100,
    "PhaseEncodingSteps": 255,
    "PhaseResolution": 1,
    "PixelBandwidth": 240,
    "ProcedureStepDescription": "Ansari_NCNS",
    "ProtocolName": "MPRAGE_SAG_iPAT2",
    "PulseSequenceDetails": "%SiemensSeq%_tfl",
    "ReceiveCoilActiveElements": "HEA;HEP",
    "ReceiveCoilName": "Head_32",
    "ReconMatrixPE": 256,
    "RepetitionTime": 2.3,
    "SAR": 0.0611379,
    "ScanOptions": "IR",
    "ScanningSequence": "GR_IR",
    "SequenceName": "_tfl3d1_16ns",
    "SequenceVariant": "SK_SP_MP",
    "SeriesDescription": "MPRAGE_SAG_iPAT2",
    "SeriesNumber": 10,
    "ShimSetting": [
      5238,
      -6171,
      -3845,
      269,
      -81,
      -76,
      141,
      2
    ],
    "SliceThickness": 1,
    "SoftwareVersions": "syngo_MR_E11",
    "StationName": "MRC35368",
    "TxRefAmp": 254.32,
    "dataset": "ds001838",
    "modality": "T1w",
    "session_id": "01",
    "subject_id": "24"
  },
  "cjv": 0.3889412449626965,
  "cnr": 3.4172705311814635,
  "efc": 0.5647925908666773,
  "fber": 2296.7532222173913,
  "fwhm_avg": 3.8339166666666666,
  "fwhm_x": 3.79947,
  "fwhm_y": 4.12602,
  "fwhm_z": 3.57626,
  "icvs_csf": 0.23937424191524,
  "icvs_gm": 0.41321558748085385,
  "icvs_wm": 0.3474101706039061,
  "inu_med": 0.4586132764816284,
  "inu_range": 0.11855921447277062,
  "provenance": {
    "md5sum": "e4ce64a3f8bc7abd1b27a081eb967373",
    "settings": {
      "testing": false
    },
    "software": "mriqc",
    "version": "22.0.1",
    "warnings": {
      "large_rot_frame": true,
      "small_air_mask": false
    },
    "webapi_port": null,
    "webapi_url": "https://mriqc.nimh.nih.gov/api/v1"
  },
  "qi_1": 0.0,
  "qi_2": 0.015460921105633947,
  "rpve_csf": 24.871667084462377,
  "rpve_gm": 14.54885723013041,
  "rpve_wm": 20.155080980594942,
  "size_x": 192,
  "size_y": 256,
  "size_z": 256,
  "snr_csf": 3.0415309419717027,
  "snr_gm": 11.137973143282741,
  "snr_total": 12.818448245390277,
  "snr_wm": 24.275840650916383,
  "snrd_csf": 33.24748461547419,
  "snrd_gm": 76.78832110908203,
  "snrd_total": 71.59759672766211,
  "snrd_wm": 104.7569844584301,
  "spacing_x": 1.0,
  "spacing_y": 1.0,
  "spacing_z": 1.0,
  "summary_bg_k": 3.043809816103331,
  "summary_bg_mad": 6.253868529015763,
  "summary_bg_mean": 7.285248323209424,
  "summary_bg_median": 4.2181702218949795,
  "summary_bg_n": 3264930.0,
  "summary_bg_p05": 0.0,
  "summary_bg_p95": 25.095443092286587,
  "summary_bg_stdv": 8.725009304474128,
  "summary_csf_k": 0.5118719231753301,
  "summary_csf_mad": 97.52868389553697,
  "summary_csf_mean": 317.92386834764585,
  "summary_csf_median": 317.3772632777691,
  "summary_csf_n": 42283.0,
  "summary_csf_p05": 143.95173314213753,
  "summary_csf_p95": 495.02096363529563,
  "summary_csf_stdv": 104.34663210667239,
  "summary_gm_k": -0.028478641099647373,
  "summary_gm_mad": 65.09168858206597,
  "summary_gm_mean": 731.3598712408037,
  "summary_gm_median": 733.0138651737943,
  "summary_gm_n": 24466.0,
  "summary_gm_p05": 619.8908159793355,
  "summary_gm_p95": 838.6950476001948,
  "summary_gm_stdv": 65.81079657273413,
  "summary_wm_k": 0.5524098033421145,
  "summary_wm_mad": 38.75023601206603,
  "summary_wm_mean": 1000.1452798418842,
  "summary_wm_median": 1000.0000126678497,
  "summary_wm_n": 192099.0,
  "summary_wm_p05": 933.2007486665622,
  "summary_wm_p95": 1067.7844062969089,
  "summary_wm_stdv": 41.19311146500278,
  "tpm_overlap_csf": 0.15442090722415405,
  "tpm_overlap_gm": 0.46254272969870525,
  "tpm_overlap_wm": 0.516258666808244,
  "wm2max": 0.6506114083234906
}