{
  "aor": 0.0002604973821989529,
  "aqi": 0.005511335916230366,
  "bids_meta": {
    "AcquisitionMatrixPE": 84,
    "AcquisitionNumber": 1,
    "AcquisitionTime": "13:58:57.782500",
    "BandwidthPerPixelPhaseEncode": 15.664,
    "BaseResolution": 84,
    "BodyPartExamined": "BRAIN",
    "ConsistencyInfo": "N4_VE11C_LATEST_20160120",
    "ConversionSoftware": "dcm2niix",
    "ConversionSoftwareVersion": "v1.0.20181114  Clang4.0.1",
    "DerivedVendorReportedEchoSpacing": 0.000760008,
    "DeviceSerialNumber": "67007",
    "DwellTime": 3.8e-06,
    "EchoTime": 0.03,
    "EchoTrainLength": 74,
    "EffectiveEchoSpacing": 0.000760008,
    "FlipAngle": 40,
    "ImageComments": "Unaliased_MB4_PE3",
    "ImageOrientationPatientDICOM": [
      1,
      0,
      0,
      0,
      0.877146,
      -0.480223
    ],
    "ImageType": [
      "ORIGINAL",
      "PRIMARY",
      "M",
      "MB",
      "ND",
      "NORM",
      "MOSAIC"
    ],
    "ImagingFrequency": 123.211,
    "InPlanePhaseEncodingDirectionDICOM": "COL",
    "InstitutionAddress": "Perth_Drive_100_London_Ontario_CA_N6A_5K8",
    "InstitutionName": "Robarts_Research_Institute",
    "InstitutionalDepartmentName": "CFMM",
    "MRAcquisitionType": "2D",
    "MagneticFieldStrength": 3,
    "Manufacturer": "Siemens",
    "ManufacturersModelName": "Prisma_fit",
    "Modality": "MR",
    "MultibandAccelerationFactor": 4,
    "PartialFourier": 0.875,
    "PatientPosition": "HFS",
    "PercentPhaseFOV": 100,
    "PhaseEncodingDirection": "j-",
    "PhaseEncodingSteps": 74,
    "PhaseResolution": 1,
    "PixelBandwidth": 1565,
    "ProcedureStepDescription": "Ansari_NCNS",
    "ProtocolName": "ep_bold_mb4_adaptation_4",
    "PulseSequenceDetails": "%CustomerSeq%_cmrr_mbep2d_bold",
    "ReceiveCoilActiveElements": "HEA;HEP",
    "ReceiveCoilName": "Head_32",
    "ReconMatrixPE": 84,
    "RepetitionTime": 1,
    "SAR": 0.0617494,
    "ScanOptions": "PFP_FS",
    "ScanningSequence": "EP",
    "SequenceName": "epfid2d1_84",
    "SequenceVariant": "SK_SS",
    "SeriesDescription": "ep_bold_mb4_adaptation_4",
    "SeriesNumber": 8,
    "ShimSetting": [
      5234,
      -6207,
      -3956,
      725,
      24,
      212,
      -126,
      -18
    ],
    "SliceThickness": 2.5,
    "SliceTiming": [
      0,
      0.4075,
      0.8175,
      0.245,
      0.6525,
      0.0825,
      0.49,
      0.8975,
      0.3275,
      0.735,
      0.1625,
      0.5725,
      0,
      0.4075,
      0.8175,
      0.245,
      0.6525,
      0.0825,
      0.49,
      0.8975,
      0.3275,
      0.735,
      0.1625,
      0.5725,
      0,
      0.4075,
      0.8175,
      0.245,
      0.6525,
      0.0825,
      0.49,
      0.8975,
      0.3275,
      0.735,
      0.1625,
      0.5725,
      0,
      0.4075,
      0.8175,
      0.245,
      0.6525,
      0.0825,
      0.49,
      0.8975,
      0.3275,
      0.735,
      0.1625,
      0.5725
    ],
    "SoftwareVersions": "syngo_MR_E11",
    "SpacingBetweenSlices": 2.5,
    "StationName": "MRC35368",
    "TaskName": "Adaptation",
    "TotalReadoutTime": 0.0630806,
    "TxRefAmp": 246.279,
    "WipMemBlock": "a67b946f-1d9b-4e8b-b5c8-dc2c610dbfee||Sequence: R016 ve11c/master r/e634e98; Dec 19 2017 11:00:25 by eja",
    "dataset": "ds001838",
    "modality": "bold",
    "run_id": 4,
    "session_id": "01",
    "subject_id": "02",
    "task_id": "Adaptation"
  },
  "dummy_trs": 4,
  "dvars_nstd": 28.14649795666667,
  "dvars_std": 1.211795598425197,
  "dvars_vstd": 0.9991692542782146,
  "efc": 0.5188031324100701,
  "fber": 5037.2431640625,
  "fd_mean": 0.1536488001666634,
  "fd_num": 91,
  "fd_perc": 23.82198952879581,
  "fwhm_avg": 1.8736269671110384,
  "fwhm_x": 1.8179658948558697,
  "fwhm_y": 1.9205630064772456,
  "fwhm_z": 1.8823519999999998,
  "gcor": 0.0150757,
  "gsr_x": -0.0018789825262501836,
  "gsr_y": 0.012610264122486115,
  "provenance": {
    "md5sum": "53070903f38a650734555550979b23b2",
    "settings": {
      "fd_thres": 0.2,
      "testing": false
    },
    "software": "mriqc",
    "version": "22.0.1",
    "webapi_port": null,
    "webapi_url": "https://mriqc.nimh.nih.gov/api/v1"
  },
  "size_t": 382,
  "size_x": 84,
  "size_y": 84,
  "size_z": 48,
  "snr": 4.897977289378373,
  "spacing_tr": 1.0,
  "spacing_x": 2.4761905670166016,
  "spacing_y": 2.4761905670166016,
  "spacing_z": 2.5,
  "summary_bg_k": 32.92066265703043,
  "summary_bg_mad": 2.2324582486445075,
  "summary_bg_mean": 9.43698787689209,
  "summary_bg_median": 2.9979300498962402,
  "summary_bg_n": 210159.0,
  "summary_bg_p05": 1.0238726019859314,
  "summary_bg_p95": 39.006840133666984,
  "summary_bg_stdv": 19.23103141784668,
  "summary_fg_k": 4.038466565511449,
  "summary_fg_mad": 38.23964942301342,
  "summary_fg_mean": 224.5908966064453,
  "summary_fg_median": 218.92515563964844,
  "summary_fg_n": 70981.0,
  "summary_fg_p05": 167.99440002441406,
  "summary_fg_p95": 301.29595947265625,
  "summary_fg_stdv": 44.696739196777344,
  "tsnr": 63.377166748046875
}