{
  "aor": 0.00023767810026385222,
  "aqi": 0.004241694168865435,
  "bids_meta": {
    "AcquisitionMatrixPE": 84,
    "AcquisitionNumber": 1,
    "AcquisitionTime": "12:13:42.605000",
    "BandwidthPerPixelPhaseEncode": 15.664,
    "BaseResolution": 84,
    "BodyPartExamined": "BRAIN",
    "ConsistencyInfo": "N4_VE11C_LATEST_20160120",
    "ConversionSoftware": "dcm2niix",
    "ConversionSoftwareVersion": "v1.0.20181114  Clang4.0.1",
    "DerivedVendorReportedEchoSpacing": 0.000760008,
    "DeviceSerialNumber": "67007",
    "DwellTime": 3.8e-06,
    "EchoTime": 0.03,
    "EchoTrainLength": 74,
    "EffectiveEchoSpacing": 0.000760008,
    "FlipAngle": 40,
    "ImageComments": "Unaliased_MB4_PE3",
    "ImageOrientationPatientDICOM": [
      1,
      0,
      0,
      0,
      0.898794,
      -0.438371
    ],
    "ImageType": [
      "ORIGINAL",
      "PRIMARY",
      "M",
      "MB",
      "ND",
      "NORM",
      "MOSAIC"
    ],
    "ImagingFrequency": 123.211,
    "InPlanePhaseEncodingDirectionDICOM": "COL",
    "InstitutionAddress": "Perth_Drive_100_London_Ontario_CA_N6A_5K8",
    "InstitutionName": "Robarts_Research_Institute",
    "InstitutionalDepartmentName": "CFMM",
    "MRAcquisitionType": "2D",
    "MagneticFieldStrength": 3,
    "Manufacturer": "Siemens",
    "ManufacturersModelName": "Prisma_fit",
    "Modality": "MR",
    "MultibandAccelerationFactor": 4,
    "PartialFourier": 0.875,
    "PatientPosition": "HFS",
    "PercentPhaseFOV": 100,
    "PhaseEncodingDirection": "j-",
    "PhaseEncodingSteps": 74,
    "PhaseResolution": 1,
    "PixelBandwidth": 1565,
    "ProcedureStepDescription": "Ansari_NCNS",
    "ProtocolName": "ep_bold_mb4_adaptation_2",
    "PulseSequenceDetails": "%CustomerSeq%_cmrr_mbep2d_bold",
    "ReceiveCoilActiveElements": "HEA;HEP",
    "ReceiveCoilName": "Head_32",
    "ReconMatrixPE": 84,
    "RepetitionTime": 1,
    "SAR": 0.0502897,
    "ScanOptions": "PFP_FS",
    "ScanningSequence": "EP",
    "SequenceName": "epfid2d1_84",
    "SequenceVariant": "SK_SS",
    "SeriesDescription": "ep_bold_mb4_adaptation_2",
    "SeriesNumber": 4,
    "ShimSetting": [
      5258,
      -6198,
      -3893,
      709,
      52,
      384,
      -52,
      37
    ],
    "SliceThickness": 2.5,
    "SliceTiming": [
      0,
      0.41,
      0.8175,
      0.245,
      0.655,
      0.0825,
      0.49,
      0.9,
      0.3275,
      0.735,
      0.165,
      0.5725,
      0,
      0.41,
      0.8175,
      0.245,
      0.655,
      0.0825,
      0.49,
      0.9,
      0.3275,
      0.735,
      0.165,
      0.5725,
      0,
      0.41,
      0.8175,
      0.245,
      0.655,
      0.0825,
      0.49,
      0.9,
      0.3275,
      0.735,
      0.165,
      0.5725,
      0,
      0.41,
      0.8175,
      0.245,
      0.655,
      0.0825,
      0.49,
      0.9,
      0.3275,
      0.735,
      0.165,
      0.5725
    ],
    "SoftwareVersions": "syngo_MR_E11",
    "SpacingBetweenSlices": 2.5,
    "StationName": "MRC35368",
    "TaskName": "Adaptation",
    "TotalReadoutTime": 0.0630806,
    "TxRefAmp": 237.344,
    "WipMemBlock": "1f9a1d8a-d669-4d70-80ef-d85d613b7c97||Sequence: R016 ve11c/master r/e634e98; Dec 19 2017 11:00:25 by eja",
    "dataset": "ds001838",
    "modality": "bold",
    "run_id": 2,
    "session_id": "01",
    "subject_id": "109",
    "task_id": "Adaptation"
  },
  "dummy_trs": 7,
  "dvars_nstd": 28.423244234259286,
  "dvars_std": 1.21609885404762,
  "dvars_vstd": 0.9939435834656084,
  "efc": 0.5513313141341396,
  "fber": 6288.861328125,
  "fd_mean": 0.1384328829785732,
  "fd_num": 80,
  "fd_perc": 21.108179419525065,
  "fwhm_avg": 1.9399872220516492,
  "fwhm_x": 1.8428024324064096,
  "fwhm_y": 2.0159272337485374,
  "fwhm_z": 1.961232,
  "gcor": 0.00849563,
  "gsr_x": -0.009899435564875603,
  "gsr_y": 0.038971297442913055,
  "provenance": {
    "md5sum": "167adef9acbaa64f04827c7fba108831",
    "settings": {
      "fd_thres": 0.2,
      "testing": false
    },
    "software": "mriqc",
    "version": "22.0.1",
    "webapi_port": null,
    "webapi_url": "https://mriqc.nimh.nih.gov/api/v1"
  },
  "size_t": 379,
  "size_x": 84,
  "size_y": 84,
  "size_z": 48,
  "snr": 4.5939779507030405,
  "spacing_tr": 1.0,
  "spacing_x": 2.4761905670166016,
  "spacing_y": 2.4761905670166016,
  "spacing_z": 2.5,
  "summary_bg_k": 29.07551584294376,
  "summary_bg_mad": 2.2738778761935063,
  "summary_bg_mean": 10.332063674926758,
  "summary_bg_median": 3.298025369644165,
  "summary_bg_n": 193782.0,
  "summary_bg_p05": 1.1629705369472503,
  "summary_bg_p95": 42.42189826965314,
  "summary_bg_stdv": 20.985939025878906,
  "summary_fg_k": 3.6791321415008573,
  "summary_fg_mad": 49.85166255681378,
  "summary_fg_mean": 279.1485595703125,
  "summary_fg_median": 271.1356201171875,
  "summary_fg_n": 85779.0,
  "summary_fg_p05": 202.65111541748047,
  "summary_fg_p95": 384.5072387695312,
  "summary_fg_stdv": 59.019447326660156,
  "tsnr": 66.69051361083984
}