{
  "bids_meta": {
    "AcquisitionMatrixPE": 256,
    "AcquisitionNumber": 1,
    "AcquisitionTime": "12:28:41.222500",
    "BaseResolution": 256,
    "BodyPartExamined": "BRAIN",
    "ConsistencyInfo": "N4_VE11C_LATEST_20160120",
    "ConversionSoftware": "dcm2niix",
    "ConversionSoftwareVersion": "v1.0.20181114  Clang4.0.1",
    "DeviceSerialNumber": "67007",
    "DwellTime": 8.2e-06,
    "EchoTime": 0.00298,
    "FlipAngle": 9,
    "ImageOrientationPatientDICOM": [
      0,
      1,
      0,
      0,
      0,
      -1
    ],
    "ImageType": [
      "ORIGINAL",
      "PRIMARY",
      "M",
      "ND",
      "NORM"
    ],
    "ImagingFrequency": 123.211,
    "InPlanePhaseEncodingDirectionDICOM": "ROW",
    "InstitutionAddress": "Perth_Drive_100_London_Ontario_CA_N6A_5K8",
    "InstitutionName": "Robarts-CFMM",
    "InstitutionalDepartmentName": "CFMM",
    "InversionTime": 0.9,
    "MRAcquisitionType": "3D",
    "MagneticFieldStrength": 3,
    "Manufacturer": "Siemens",
    "ManufacturersModelName": "Prisma_fit",
    "Modality": "MR",
    "PartialFourier": 1,
    "PatientPosition": "HFS",
    "PercentPhaseFOV": 100,
    "PhaseEncodingSteps": 255,
    "PhaseResolution": 1,
    "PixelBandwidth": 240,
    "ProcedureStepDescription": "Ansari_NCNS",
    "ProtocolName": "MPRAGE_SAG_iPAT2",
    "PulseSequenceDetails": "%SiemensSeq%_tfl",
    "ReceiveCoilActiveElements": "HEA;HEP",
    "ReceiveCoilName": "Head_32",
    "ReconMatrixPE": 256,
    "RepetitionTime": 2.3,
    "SAR": 0.0507079,
    "ScanOptions": "IR",
    "ScanningSequence": "GR_IR",
    "SequenceName": "_tfl3d1_16ns",
    "SequenceVariant": "SK_SP_MP",
    "SeriesDescription": "MPRAGE_SAG_iPAT2",
    "SeriesNumber": 10,
    "ShimSetting": [
      5260,
      -6228,
      -3817,
      281,
      71,
      -223,
      83,
      -48
    ],
    "SliceThickness": 1,
    "SoftwareVersions": "syngo_MR_E11",
    "StationName": "MRC35368",
    "TxRefAmp": 222.142,
    "dataset": "ds001838",
    "modality": "T1w",
    "session_id": "01",
    "subject_id": "122"
  },
  "cjv": 0.33836761997660725,
  "cnr": 3.950112795971035,
  "efc": 0.5376972406690305,
  "fber": 2043.260493753718,
  "fwhm_avg": 3.959063333333333,
  "fwhm_x": 3.97523,
  "fwhm_y": 4.12796,
  "fwhm_z": 3.774,
  "icvs_csf": 0.20453920563441408,
  "icvs_gm": 0.45318825741771107,
  "icvs_wm": 0.34227253694787485,
  "inu_med": 0.4751957803964615,
  "inu_range": 0.1566785171627998,
  "provenance": {
    "md5sum": "6f35e5350d81c1cb37ef3ababa609b9f",
    "settings": {
      "testing": false
    },
    "software": "mriqc",
    "version": "22.0.1",
    "warnings": {
      "large_rot_frame": true,
      "small_air_mask": false
    },
    "webapi_port": null,
    "webapi_url": "https://mriqc.nimh.nih.gov/api/v1"
  },
  "qi_1": 0.0,
  "qi_2": 0.023007433628221382,
  "rpve_csf": 27.71084513533155,
  "rpve_gm": 13.433447202217742,
  "rpve_wm": 19.904471774341122,
  "size_x": 192,
  "size_y": 256,
  "size_z": 256,
  "snr_csf": 2.603175850570679,
  "snr_gm": 12.02484150780007,
  "snr_total": 13.580898656865969,
  "snr_wm": 26.114678612227156,
  "snrd_csf": 21.60315846481761,
  "snrd_gm": 56.51189862046606,
  "snrd_total": 52.2702089504132,
  "snrd_wm": 78.69556976595592,
  "spacing_x": 1.0,
  "spacing_y": 1.0,
  "spacing_z": 1.0,
  "summary_bg_k": 1.9761361146028706,
  "summary_bg_mad": 8.324945997771165,
  "summary_bg_mean": 7.241019940876988,
  "summary_bg_median": 5.615090746432543,
  "summary_bg_n": 3247756.0,
  "summary_bg_p05": 0.0,
  "summary_bg_p95": 22.864062320441008,
  "summary_bg_stdv": 7.754436092695005,
  "summary_csf_k": 1.6141493668926694,
  "summary_csf_mad": 104.49711626614067,
  "summary_csf_mean": 282.74020167936123,
  "summary_csf_median": 274.51554760336876,
  "summary_csf_n": 38440.0,
  "summary_csf_p05": 132.48311167024076,
  "summary_csf_p95": 470.7519592093302,
  "summary_csf_stdv": 105.45272107462675,
  "summary_gm_k": 0.04648835893512393,
  "summary_gm_mad": 59.036381748900084,
  "summary_gm_mean": 718.4535141007906,
  "summary_gm_median": 718.1077165715396,
  "summary_gm_n": 43927.0,
  "summary_gm_p05": 620.1922779344022,
  "summary_gm_p95": 817.296643109992,
  "summary_gm_stdv": 59.718004780607714,
  "summary_wm_k": 0.5262779181351207,
  "summary_wm_mad": 36.34682304909241,
  "summary_wm_mean": 1000.2327402456486,
  "summary_wm_median": 999.999952018261,
  "summary_wm_n": 191896.0,
  "summary_wm_p05": 937.8302544727921,
  "summary_wm_p95": 1063.2339478097856,
  "summary_wm_stdv": 38.29253889300254,
  "tpm_overlap_csf": 0.1556541134244143,
  "tpm_overlap_gm": 0.4785657278770254,
  "tpm_overlap_wm": 0.5168325397316438,
  "wm2max": 0.4970267410893437
}