{
  "bids_meta": {
    "AcquisitionMatrixPE": 240,
    "AcquisitionNumber": 1,
    "AcquisitionTime": "14:44:19.205000",
    "BaseResolution": 256,
    "BodyPartExamined": "BRAIN",
    "ConsistencyInfo": "N4_VE11C_LATEST_20160120",
    "ConversionSoftware": "dcm2niix",
    "ConversionSoftwareVersion": "v1.0.20181114  Clang4.0.1",
    "DeviceSerialNumber": "67007",
    "DwellTime": 8.2e-06,
    "EchoTime": 0.00298,
    "FlipAngle": 9,
    "ImageOrientationPatientDICOM": [
      0.0888944,
      0.996041,
      0,
      0,
      0,
      -1
    ],
    "ImageType": [
      "ORIGINAL",
      "PRIMARY",
      "M",
      "ND",
      "NORM"
    ],
    "ImagingFrequency": 123.211,
    "InPlanePhaseEncodingDirectionDICOM": "ROW",
    "InstitutionAddress": "Perth_Drive_100_London_Ontario_CA_N6A_5K8",
    "InstitutionName": "Robarts_Research_Institute",
    "InstitutionalDepartmentName": "CFMM",
    "InversionTime": 0.9,
    "MRAcquisitionType": "3D",
    "MagneticFieldStrength": 3,
    "Manufacturer": "Siemens",
    "ManufacturersModelName": "Prisma_fit",
    "Modality": "MR",
    "PartialFourier": 1,
    "PatientPosition": "HFS",
    "PercentPhaseFOV": 93.75,
    "PhaseEncodingSteps": 239,
    "PhaseResolution": 1,
    "PixelBandwidth": 240,
    "ProcedureStepDescription": "Ansari_NCNS",
    "ProtocolName": "MPRAGE_SAG_iPAT2",
    "PulseSequenceDetails": "%SiemensSeq%_tfl",
    "ReceiveCoilActiveElements": "HEA;HEP",
    "ReceiveCoilName": "Head_32",
    "ReconMatrixPE": 256,
    "RepetitionTime": 2.3,
    "SAR": 0.0734961,
    "ScanOptions": "IR",
    "ScanningSequence": "GR_IR",
    "SequenceName": "_tfl3d1_16ns",
    "SequenceVariant": "SK_SP_MP",
    "SeriesDescription": "MPRAGE_SAG_iPAT2",
    "SeriesNumber": 10,
    "ShimSetting": [
      5249,
      -6191,
      -3946,
      430,
      59,
      -170,
      -38,
      -25
    ],
    "SliceThickness": 1,
    "SoftwareVersions": "syngo_MR_E11",
    "StationName": "MRC35368",
    "TxRefAmp": 257.914,
    "dataset": "ds001838",
    "modality": "T1w",
    "session_id": "01",
    "subject_id": "18"
  },
  "cjv": 0.35437503032527295,
  "cnr": 3.7306580833977026,
  "efc": 0.5903497427909595,
  "fber": 4365.095652239905,
  "fwhm_avg": 3.9584733333333335,
  "fwhm_x": 4.05949,
  "fwhm_y": 3.98148,
  "fwhm_z": 3.83445,
  "icvs_csf": 0.21749536796701233,
  "icvs_gm": 0.4192379549556774,
  "icvs_wm": 0.3632666770773103,
  "inu_med": 0.4107027053833008,
  "inu_range": 0.11608269214630129,
  "provenance": {
    "md5sum": "0be7bdaf11358697e204256b03c55d69",
    "settings": {
      "testing": false
    },
    "software": "mriqc",
    "version": "22.0.1",
    "warnings": {
      "large_rot_frame": true,
      "small_air_mask": false
    },
    "webapi_port": null,
    "webapi_url": "https://mriqc.nimh.nih.gov/api/v1"
  },
  "qi_1": 0.0,
  "qi_2": 0.01662967292196455,
  "rpve_csf": 21.777293818457625,
  "rpve_gm": 11.560325078491726,
  "rpve_wm": 15.271223435256934,
  "size_x": 192,
  "size_y": 240,
  "size_z": 256,
  "snr_csf": 2.742997227633688,
  "snr_gm": 12.318460559773044,
  "snr_total": 13.501514298361483,
  "snr_wm": 25.443085107677717,
  "snrd_csf": 32.27488617654973,
  "snrd_gm": 75.18112334820326,
  "snrd_total": 70.03745266348801,
  "snrd_wm": 102.65634846571105,
  "spacing_x": 1.0,
  "spacing_y": 1.0,
  "spacing_z": 1.0,
  "summary_bg_k": 2.43229760985034,
  "summary_bg_mad": 6.381839950448387,
  "summary_bg_mean": 7.268577076591544,
  "summary_bg_median": 4.304485633969307,
  "summary_bg_n": 2838012.0,
  "summary_bg_p05": 0.0,
  "summary_bg_p95": 23.929541846737266,
  "summary_bg_stdv": 8.224736298666878,
  "summary_csf_k": 2.229748402366229,
  "summary_csf_mad": 91.75994218226941,
  "summary_csf_mean": 314.2790104531586,
  "summary_csf_median": 314.39736518636346,
  "summary_csf_n": 54382.0,
  "summary_csf_p05": 107.52718389593065,
  "summary_csf_p95": 507.1618603302164,
  "summary_csf_stdv": 114.61713171550241,
  "summary_gm_k": 0.17814501488185863,
  "summary_gm_mad": 57.77244586721697,
  "summary_gm_mean": 732.9236932034113,
  "summary_gm_median": 732.3572564478964,
  "summary_gm_n": 32752.0,
  "summary_gm_p05": 636.4125371854752,
  "summary_gm_p95": 832.1632692378943,
  "summary_gm_stdv": 59.45110368823554,
  "summary_wm_k": 0.6467007443045221,
  "summary_wm_mad": 37.0734518174074,
  "summary_wm_mean": 1000.6901262517706,
  "summary_wm_median": 999.9999783337116,
  "summary_wm_n": 252853.0,
  "summary_wm_p05": 937.6132556255907,
  "summary_wm_p95": 1065.8416171427816,
  "summary_wm_stdv": 39.30333120634458,
  "tpm_overlap_csf": 0.1476453537482022,
  "tpm_overlap_gm": 0.44940756845622837,
  "tpm_overlap_wm": 0.5031394476988459,
  "wm2max": 0.6395711077302035
}