{
  "aor": 0.0005694791666666666,
  "aqi": 0.009074993151041667,
  "bids_meta": {
    "AcquisitionMatrixPE": 84,
    "AcquisitionNumber": 1,
    "AcquisitionTime": "10:23:25.500000",
    "BandwidthPerPixelPhaseEncode": 15.664,
    "BaseResolution": 84,
    "BodyPartExamined": "BRAIN",
    "ConsistencyInfo": "N4_VE11C_LATEST_20160120",
    "ConversionSoftware": "dcm2niix",
    "ConversionSoftwareVersion": "v1.0.20181114  Clang4.0.1",
    "DerivedVendorReportedEchoSpacing": 0.000760008,
    "DeviceSerialNumber": "67007",
    "DwellTime": 3.8e-06,
    "EchoTime": 0.03,
    "EchoTrainLength": 74,
    "EffectiveEchoSpacing": 0.000760008,
    "FlipAngle": 40,
    "ImageComments": "Unaliased_MB4_PE3",
    "ImageOrientationPatientDICOM": [
      1,
      0,
      0,
      0,
      0.974761,
      -0.22325
    ],
    "ImageType": [
      "ORIGINAL",
      "PRIMARY",
      "M",
      "MB",
      "ND",
      "NORM",
      "MOSAIC"
    ],
    "ImagingFrequency": 123.211,
    "InPlanePhaseEncodingDirectionDICOM": "COL",
    "InstitutionAddress": "Perth_Drive_100_London_Ontario_CA_N6A_5K8",
    "InstitutionName": "Robarts_Research_Institute",
    "InstitutionalDepartmentName": "CFMM",
    "MRAcquisitionType": "2D",
    "MagneticFieldStrength": 3,
    "Manufacturer": "Siemens",
    "ManufacturersModelName": "Prisma_fit",
    "Modality": "MR",
    "MultibandAccelerationFactor": 4,
    "PartialFourier": 0.875,
    "PatientPosition": "HFS",
    "PercentPhaseFOV": 100,
    "PhaseEncodingDirection": "j-",
    "PhaseEncodingSteps": 74,
    "PhaseResolution": 1,
    "PixelBandwidth": 1565,
    "ProcedureStepDescription": "Ansari_NCNS",
    "ProtocolName": "ep_bold_mb4_adaptation_3",
    "PulseSequenceDetails": "%CustomerSeq%_cmrr_mbep2d_bold",
    "ReceiveCoilActiveElements": "HEA;HEP",
    "ReceiveCoilName": "Head_32",
    "ReconMatrixPE": 84,
    "RepetitionTime": 1,
    "SAR": 0.0597391,
    "ScanOptions": "PFP_FS",
    "ScanningSequence": "EP",
    "SequenceName": "epfid2d1_84",
    "SequenceVariant": "SK_SS",
    "SeriesDescription": "ep_bold_mb4_adaptation_3",
    "SeriesNumber": 6,
    "ShimSetting": [
      5248,
      -6160,
      -3935,
      606,
      -62,
      17,
      25,
      4
    ],
    "SliceThickness": 2.5,
    "SliceTiming": [
      0,
      0.41,
      0.8175,
      0.245,
      0.655,
      0.0825,
      0.49,
      0.9,
      0.3275,
      0.735,
      0.165,
      0.5725,
      0,
      0.41,
      0.8175,
      0.245,
      0.655,
      0.0825,
      0.49,
      0.9,
      0.3275,
      0.735,
      0.165,
      0.5725,
      0,
      0.41,
      0.8175,
      0.245,
      0.655,
      0.0825,
      0.49,
      0.9,
      0.3275,
      0.735,
      0.165,
      0.5725,
      0,
      0.41,
      0.8175,
      0.245,
      0.655,
      0.0825,
      0.49,
      0.9,
      0.3275,
      0.735,
      0.165,
      0.5725
    ],
    "SoftwareVersions": "syngo_MR_E11",
    "SpacingBetweenSlices": 2.5,
    "StationName": "MRC35368",
    "TaskName": "Adaptation",
    "TotalReadoutTime": 0.0630806,
    "TxRefAmp": 254.986,
    "WipMemBlock": "e9e9b9ed-fb5c-4001-90aa-e8148512d299||Sequence: R016 ve11c/master r/e634e98; Dec 19 2017 11:00:25 by eja",
    "dataset": "ds001838",
    "modality": "bold",
    "run_id": 3,
    "session_id": "01",
    "subject_id": "08",
    "task_id": "Adaptation"
  },
  "dummy_trs": 2,
  "dvars_nstd": 27.399468434308098,
  "dvars_std": 1.1301348108877292,
  "dvars_vstd": 0.958194693759791,
  "efc": 0.5687461097282134,
  "fber": 4943.0380859375,
  "fd_mean": 0.10203615934163082,
  "fd_num": 29,
  "fd_perc": 7.552083333333333,
  "fwhm_avg": 2.0031677589602928,
  "fwhm_x": 1.8664193546170693,
  "fwhm_y": 2.1193199222638084,
  "fwhm_z": 2.023764,
  "gcor": 0.0164627,
  "gsr_x": -0.008028202690184116,
  "gsr_y": 0.05539423227310181,
  "provenance": {
    "md5sum": "cf2f2e59957bedabeeecbf97d0e777cd",
    "settings": {
      "fd_thres": 0.2,
      "testing": false
    },
    "software": "mriqc",
    "version": "22.0.1",
    "webapi_port": null,
    "webapi_url": "https://mriqc.nimh.nih.gov/api/v1"
  },
  "size_t": 384,
  "size_x": 84,
  "size_y": 84,
  "size_z": 48,
  "snr": 4.059111151757346,
  "spacing_tr": 1.0,
  "spacing_x": 2.4761905670166016,
  "spacing_y": 2.4761905670166016,
  "spacing_z": 2.5,
  "summary_bg_k": 11.847958553727707,
  "summary_bg_mad": 2.920007081248007,
  "summary_bg_mean": 15.17951488494873,
  "summary_bg_median": 3.532780170440674,
  "summary_bg_n": 193963.0,
  "summary_bg_p05": 1.10120769739151,
  "summary_bg_p95": 71.03474121093748,
  "summary_bg_stdv": 26.41991424560547,
  "summary_fg_k": 3.9564827141331076,
  "summary_fg_mad": 50.540388477531934,
  "summary_fg_mean": 269.3372802734375,
  "summary_fg_median": 257.98455810546875,
  "summary_fg_n": 85570.0,
  "summary_fg_p05": 194.49212493896485,
  "summary_fg_p95": 383.6916870117188,
  "summary_fg_stdv": 63.55653762817383,
  "tsnr": 49.78416061401367
}