{
  "bids_meta": {
    "AcquisitionMatrixPE": 224,
    "AcquisitionNumber": 1,
    "AcquisitionTime": "13:45:12.572500",
    "BaseResolution": 256,
    "BodyPartExamined": "BRAIN",
    "ConsistencyInfo": "N4_VE11C_LATEST_20160120",
    "ConversionSoftware": "dcm2niix",
    "ConversionSoftwareVersion": "v1.0.20181114  Clang4.0.1",
    "DeviceSerialNumber": "67007",
    "DwellTime": 8.2e-06,
    "EchoTime": 0.00298,
    "FlipAngle": 9,
    "ImageOrientationPatientDICOM": [
      0,
      1,
      0,
      0,
      0,
      -1
    ],
    "ImageType": [
      "ORIGINAL",
      "PRIMARY",
      "M",
      "ND",
      "NORM"
    ],
    "ImagingFrequency": 123.211,
    "InPlanePhaseEncodingDirectionDICOM": "ROW",
    "InstitutionAddress": "Perth_Drive_100_London_Ontario_CA_N6A_5K8",
    "InstitutionName": "Robarts_Research_Institute",
    "InstitutionalDepartmentName": "CFMM",
    "InversionTime": 0.9,
    "MRAcquisitionType": "3D",
    "MagneticFieldStrength": 3,
    "Manufacturer": "Siemens",
    "ManufacturersModelName": "Prisma_fit",
    "Modality": "MR",
    "PartialFourier": 1,
    "PatientPosition": "HFS",
    "PercentPhaseFOV": 87.5,
    "PhaseEncodingSteps": 223,
    "PhaseResolution": 1,
    "PixelBandwidth": 240,
    "ProcedureStepDescription": "Ansari_NCNS",
    "ProtocolName": "MPRAGE_SAG_iPAT2",
    "PulseSequenceDetails": "%SiemensSeq%_tfl",
    "ReceiveCoilActiveElements": "HEA;HEP",
    "ReceiveCoilName": "Head_32",
    "ReconMatrixPE": 256,
    "RepetitionTime": 2.3,
    "SAR": 0.0464316,
    "ScanOptions": "IR",
    "ScanningSequence": "GR_IR",
    "SequenceName": "_tfl3d1_16ns",
    "SequenceVariant": "SK_SP_MP",
    "SeriesDescription": "MPRAGE_SAG_iPAT2",
    "SeriesNumber": 10,
    "ShimSetting": [
      5233,
      -6237,
      -3926,
      466,
      34,
      -134,
      167,
      28
    ],
    "SliceThickness": 1,
    "SoftwareVersions": "syngo_MR_E11",
    "StationName": "MRC35368",
    "TxRefAmp": 235.555,
    "dataset": "ds001838",
    "modality": "T1w",
    "session_id": "01",
    "subject_id": "128"
  },
  "cjv": 0.3222282731431415,
  "cnr": 4.138452921321803,
  "efc": 0.5633268952082033,
  "fber": 3026.7234830150865,
  "fwhm_avg": 3.89213,
  "fwhm_x": 3.93843,
  "fwhm_y": 4.00893,
  "fwhm_z": 3.72903,
  "icvs_csf": 0.20566893571217565,
  "icvs_gm": 0.4587689921113823,
  "icvs_wm": 0.33556207217644207,
  "inu_med": 0.4548240005970001,
  "inu_range": 0.15061855912208555,
  "provenance": {
    "md5sum": "884f36c7437b191384887180cf7a8436",
    "settings": {
      "testing": false
    },
    "software": "mriqc",
    "version": "22.0.1",
    "warnings": {
      "large_rot_frame": true,
      "small_air_mask": false
    },
    "webapi_port": null,
    "webapi_url": "https://mriqc.nimh.nih.gov/api/v1"
  },
  "qi_1": 0.0,
  "qi_2": 0.018508304579903972,
  "rpve_csf": 24.55152368062523,
  "rpve_gm": 11.760741362049838,
  "rpve_wm": 17.71364875348414,
  "size_x": 192,
  "size_y": 224,
  "size_z": 256,
  "snr_csf": 2.8343220514010667,
  "snr_gm": 13.537023924675195,
  "snr_total": 13.765999310792244,
  "snr_wm": 24.926651956300468,
  "snrd_csf": 26.997514538532492,
  "snrd_gm": 66.59630716904284,
  "snrd_total": 61.949935061609814,
  "snrd_wm": 92.2559834772541,
  "spacing_x": 1.0,
  "spacing_y": 1.0,
  "spacing_z": 1.0,
  "summary_bg_k": 1.8195638097526885,
  "summary_bg_mad": 7.101288671811798,
  "summary_bg_mean": 7.171007819431878,
  "summary_bg_median": 4.789746422320604,
  "summary_bg_n": 2747450.0,
  "summary_bg_p05": 0.0,
  "summary_bg_p95": 20.942753322422504,
  "summary_bg_stdv": 7.996309492177518,
  "summary_csf_k": 1.7647903988296108,
  "summary_csf_mad": 85.90110572660616,
  "summary_csf_mean": 309.65401515110744,
  "summary_csf_median": 292.6369900368154,
  "summary_csf_n": 37948.0,
  "summary_csf_p05": 172.4639039374888,
  "summary_csf_p95": 506.8972122374923,
  "summary_csf_stdv": 103.24625393354303,
  "summary_gm_k": 0.18418552156222168,
  "summary_gm_mad": 51.667996888009974,
  "summary_gm_mean": 722.5947074395852,
  "summary_gm_median": 721.8643349446356,
  "summary_gm_n": 39451.0,
  "summary_gm_p05": 636.1609067190439,
  "summary_gm_p95": 811.7629203815013,
  "summary_gm_stdv": 53.32451135721232,
  "summary_wm_k": 0.465013899083369,
  "summary_wm_mad": 37.95516359071823,
  "summary_wm_mean": 1000.1155257519458,
  "summary_wm_median": 999.9999547787011,
  "summary_wm_n": 187154.0,
  "summary_wm_p05": 934.132683288306,
  "summary_wm_p95": 1066.0984554067254,
  "summary_wm_stdv": 40.11759320632872,
  "tpm_overlap_csf": 0.1450076420332867,
  "tpm_overlap_gm": 0.4710585664250293,
  "tpm_overlap_wm": 0.5056065028366465,
  "wm2max": 0.5674733349579171
}