{
  "bids_meta": {
    "AcquisitionMatrixPE": 256,
    "AcquisitionNumber": 1,
    "AcquisitionTime": "16:36:54.255000",
    "BaseResolution": 256,
    "BodyPartExamined": "BRAIN",
    "ConsistencyInfo": "N4_VE11C_LATEST_20160120",
    "ConversionSoftware": "dcm2niix",
    "ConversionSoftwareVersion": "v1.0.20181114  Clang4.0.1",
    "DeviceSerialNumber": "67007",
    "DwellTime": 8.2e-06,
    "EchoTime": 0.00298,
    "FlipAngle": 9,
    "ImageOrientationPatientDICOM": [
      0,
      1,
      0,
      0,
      0,
      -1
    ],
    "ImageType": [
      "ORIGINAL",
      "PRIMARY",
      "M",
      "ND",
      "NORM"
    ],
    "ImagingFrequency": 123.211,
    "InPlanePhaseEncodingDirectionDICOM": "ROW",
    "InstitutionAddress": "Perth_Drive_100_London_Ontario_CA_N6A_5K8",
    "InstitutionName": "Robarts_Research_Institute",
    "InstitutionalDepartmentName": "CFMM",
    "InversionTime": 0.9,
    "MRAcquisitionType": "3D",
    "MagneticFieldStrength": 3,
    "Manufacturer": "Siemens",
    "ManufacturersModelName": "Prisma_fit",
    "Modality": "MR",
    "PartialFourier": 1,
    "PatientPosition": "HFS",
    "PercentPhaseFOV": 100,
    "PhaseEncodingSteps": 255,
    "PhaseResolution": 1,
    "PixelBandwidth": 240,
    "ProcedureStepDescription": "Ansari_NCNS",
    "ProtocolName": "MPRAGE_SAG_iPAT2",
    "PulseSequenceDetails": "%SiemensSeq%_tfl",
    "ReceiveCoilActiveElements": "HEA;HEP",
    "ReceiveCoilName": "Head_32",
    "ReconMatrixPE": 256,
    "RepetitionTime": 2.3,
    "SAR": 0.0541807,
    "ScanOptions": "IR",
    "ScanningSequence": "GR_IR",
    "SequenceName": "_tfl3d1_16ns",
    "SequenceVariant": "SK_SP_MP",
    "SeriesDescription": "MPRAGE_SAG_iPAT2",
    "SeriesNumber": 10,
    "ShimSetting": [
      5246,
      -6215,
      -4017,
      294,
      51,
      -170,
      -53,
      -64
    ],
    "SliceThickness": 1,
    "SoftwareVersions": "syngo_MR_E11",
    "StationName": "MRC35368",
    "TxRefAmp": 235.188,
    "dataset": "ds001838",
    "modality": "T1w",
    "session_id": "01",
    "subject_id": "16"
  },
  "cjv": 0.36502516678215496,
  "cnr": 3.6729475792338864,
  "efc": 0.524148119157018,
  "fber": 3697.018040752772,
  "fwhm_avg": 3.8649500000000003,
  "fwhm_x": 3.84307,
  "fwhm_y": 4.08609,
  "fwhm_z": 3.66569,
  "icvs_csf": 0.2087112909071331,
  "icvs_gm": 0.44639702980811513,
  "icvs_wm": 0.3448916792847518,
  "inu_med": 0.46449318528175354,
  "inu_range": 0.14327356964349747,
  "provenance": {
    "md5sum": "00dedb4ab1ba3ea6679a433bdf9e3b2b",
    "settings": {
      "testing": false
    },
    "software": "mriqc",
    "version": "22.0.1",
    "warnings": {
      "large_rot_frame": true,
      "small_air_mask": false
    },
    "webapi_port": null,
    "webapi_url": "https://mriqc.nimh.nih.gov/api/v1"
  },
  "qi_1": 0.0,
  "qi_2": 0.023985073175746732,
  "rpve_csf": 28.601130607318545,
  "rpve_gm": 14.010819325600629,
  "rpve_wm": 20.094451024412663,
  "size_x": 192,
  "size_y": 256,
  "size_z": 256,
  "snr_csf": 2.630678349043034,
  "snr_gm": 12.769630315581974,
  "snr_total": 13.442823018964935,
  "snr_wm": 24.9281603922698,
  "snrd_csf": 30.94373785264631,
  "snrd_gm": 75.41864320318851,
  "snrd_total": 69.44625896114135,
  "snrd_wm": 101.97639582758923,
  "spacing_x": 1.0,
  "spacing_y": 1.0,
  "spacing_z": 1.0,
  "summary_bg_k": 2.9353982132060947,
  "summary_bg_mad": 6.424392436937756,
  "summary_bg_mean": 6.583989848935996,
  "summary_bg_median": 4.333186849951744,
  "summary_bg_n": 3148287.0,
  "summary_bg_p05": 0.0,
  "summary_bg_p95": 22.427169777452946,
  "summary_bg_stdv": 8.005821379328383,
  "summary_csf_k": 3.0244743288940796,
  "summary_csf_mad": 96.79996712412971,
  "summary_csf_mean": 311.29931082168025,
  "summary_csf_median": 303.4401926547289,
  "summary_csf_n": 32675.0,
  "summary_csf_p05": 126.5612621370703,
  "summary_csf_p95": 515.9771519869565,
  "summary_csf_stdv": 115.3449829475944,
  "summary_gm_k": 0.019160569889434154,
  "summary_gm_mad": 58.210204445496835,
  "summary_gm_mean": 739.881053382113,
  "summary_gm_median": 739.5695934444666,
  "summary_gm_n": 35232.0,
  "summary_gm_p05": 644.6786570884287,
  "summary_gm_p95": 834.5776429586112,
  "summary_gm_stdv": 57.91546657064918,
  "summary_wm_k": 1.0031729745645759,
  "summary_wm_mad": 36.853440398379426,
  "summary_wm_mean": 1000.92961203264,
  "summary_wm_median": 999.9999787844718,
  "summary_wm_n": 175464.0,
  "summary_wm_p05": 937.2858826182783,
  "summary_wm_p95": 1067.6035493016243,
  "summary_wm_stdv": 40.115159460510796,
  "tpm_overlap_csf": 0.1549683113987876,
  "tpm_overlap_gm": 0.47760160760250375,
  "tpm_overlap_wm": 0.5042671284252717,
  "wm2max": 0.5876634549208534
}