{
  "aor": 0.0010683202099737532,
  "aqi": 0.009864686771653544,
  "bids_meta": {
    "AcquisitionMatrixPE": 84,
    "AcquisitionNumber": 1,
    "AcquisitionTime": "14:54:17.680000",
    "BandwidthPerPixelPhaseEncode": 15.664,
    "BaseResolution": 84,
    "BodyPartExamined": "BRAIN",
    "ConsistencyInfo": "N4_VE11C_LATEST_20160120",
    "ConversionSoftware": "dcm2niix",
    "ConversionSoftwareVersion": "v1.0.20181114  Clang4.0.1",
    "DerivedVendorReportedEchoSpacing": 0.000760008,
    "DeviceSerialNumber": "67007",
    "DwellTime": 3.8e-06,
    "EchoTime": 0.03,
    "EchoTrainLength": 74,
    "EffectiveEchoSpacing": 0.000760008,
    "FlipAngle": 40,
    "ImageComments": "Unaliased_MB4_PE3",
    "ImageOrientationPatientDICOM": [
      1,
      0,
      0,
      0,
      0.978509,
      -0.206204
    ],
    "ImageType": [
      "ORIGINAL",
      "PRIMARY",
      "M",
      "MB",
      "ND",
      "NORM",
      "MOSAIC"
    ],
    "ImagingFrequency": 123.211,
    "InPlanePhaseEncodingDirectionDICOM": "COL",
    "InstitutionAddress": "Perth_Drive_100_London_Ontario_CA_N6A_5K8",
    "InstitutionName": "Robarts_Research_Institute",
    "InstitutionalDepartmentName": "CFMM",
    "MRAcquisitionType": "2D",
    "MagneticFieldStrength": 3,
    "Manufacturer": "Siemens",
    "ManufacturersModelName": "Prisma_fit",
    "Modality": "MR",
    "MultibandAccelerationFactor": 4,
    "PartialFourier": 0.875,
    "PatientPosition": "HFS",
    "PercentPhaseFOV": 100,
    "PhaseEncodingDirection": "j-",
    "PhaseEncodingSteps": 74,
    "PhaseResolution": 1,
    "PixelBandwidth": 1565,
    "ProcedureStepDescription": "Ansari_NCNS",
    "ProtocolName": "ep_bold_mb4_adaptation_4",
    "PulseSequenceDetails": "%CustomerSeq%_cmrr_mbep2d_bold",
    "ReceiveCoilActiveElements": "HEA;HEP",
    "ReceiveCoilName": "Head_32",
    "ReconMatrixPE": 84,
    "RepetitionTime": 1,
    "SAR": 0.0599031,
    "ScanOptions": "PFP_FS",
    "ScanningSequence": "EP",
    "SequenceName": "epfid2d1_84",
    "SequenceVariant": "SK_SS",
    "SeriesDescription": "ep_bold_mb4_adaptation_4",
    "SeriesNumber": 8,
    "ShimSetting": [
      5236,
      -6153,
      -3943,
      486,
      49,
      -68,
      -50,
      55
    ],
    "SliceThickness": 2.5,
    "SliceTiming": [
      0,
      0.4075,
      0.815,
      0.245,
      0.6525,
      0.08,
      0.49,
      0.8975,
      0.325,
      0.735,
      0.1625,
      0.57,
      0,
      0.4075,
      0.815,
      0.245,
      0.6525,
      0.08,
      0.49,
      0.8975,
      0.325,
      0.735,
      0.1625,
      0.57,
      0,
      0.4075,
      0.815,
      0.245,
      0.6525,
      0.08,
      0.49,
      0.8975,
      0.325,
      0.735,
      0.1625,
      0.57,
      0,
      0.4075,
      0.815,
      0.245,
      0.6525,
      0.08,
      0.49,
      0.8975,
      0.325,
      0.735,
      0.1625,
      0.57
    ],
    "SoftwareVersions": "syngo_MR_E11",
    "SpacingBetweenSlices": 2.5,
    "StationName": "MRC35368",
    "TaskName": "Adaptation",
    "TotalReadoutTime": 0.0630806,
    "TxRefAmp": 256.645,
    "WipMemBlock": "1d14d200-25ec-435d-a2d5-dd0bf53a3150||Sequence: R016 ve11c/master r/e634e98; Dec 19 2017 11:00:25 by eja",
    "dataset": "ds001838",
    "modality": "bold",
    "run_id": 4,
    "session_id": "01",
    "subject_id": "116",
    "task_id": "Adaptation"
  },
  "dummy_trs": 5,
  "dvars_nstd": 27.810629473394712,
  "dvars_std": 1.0999429026052632,
  "dvars_vstd": 0.9874746306052634,
  "efc": 0.5622510164033345,
  "fber": 3921.24951171875,
  "fd_mean": 0.18212089528451678,
  "fd_num": 155,
  "fd_perc": 40.68241469816273,
  "fwhm_avg": 1.86172435757014,
  "fwhm_x": 1.7509718588516583,
  "fwhm_y": 2.0102733878020733,
  "fwhm_z": 1.8239278260566878,
  "gcor": 0.00846235,
  "gsr_x": -0.008113048039376736,
  "gsr_y": 0.05257271230220795,
  "provenance": {
    "md5sum": "9d15af63da4af7c187858a21006e10b0",
    "settings": {
      "fd_thres": 0.2,
      "testing": false
    },
    "software": "mriqc",
    "version": "22.0.1",
    "webapi_port": null,
    "webapi_url": "https://mriqc.nimh.nih.gov/api/v1"
  },
  "size_t": 381,
  "size_x": 84,
  "size_y": 84,
  "size_z": 48,
  "snr": 5.144088773565406,
  "spacing_tr": 1.0,
  "spacing_x": 2.4761905670166016,
  "spacing_y": 2.4761905670166016,
  "spacing_z": 2.500000238418579,
  "summary_bg_k": 12.4620924689064,
  "summary_bg_mad": 2.4973573336073196,
  "summary_bg_mean": 11.886933326721191,
  "summary_bg_median": 3.087038993835449,
  "summary_bg_n": 199595.0,
  "summary_bg_p05": 1.0448100686073303,
  "summary_bg_p95": 54.54428062438962,
  "summary_bg_stdv": 20.96339225769043,
  "summary_fg_k": 2.9046549494004648,
  "summary_fg_mad": 36.45496609757872,
  "summary_fg_mean": 203.8316650390625,
  "summary_fg_median": 199.9180450439453,
  "summary_fg_n": 80075.0,
  "summary_fg_p05": 152.14794464111327,
  "summary_fg_p95": 267.70933227539064,
  "summary_fg_stdv": 38.8634033203125,
  "tsnr": 48.82887268066406
}