{
  "bids_meta": {
    "AcquisitionMatrixPE": 224,
    "AcquisitionNumber": 1,
    "AcquisitionTime": "15:41:40.177500",
    "BaseResolution": 256,
    "BodyPartExamined": "BRAIN",
    "ConsistencyInfo": "N4_VE11C_LATEST_20160120",
    "ConversionSoftware": "dcm2niix",
    "ConversionSoftwareVersion": "v1.0.20181114  Clang4.0.1",
    "DeviceSerialNumber": "67007",
    "DwellTime": 8.2e-06,
    "EchoTime": 0.00298,
    "FlipAngle": 9,
    "ImageOrientationPatientDICOM": [
      0,
      1,
      0,
      0,
      0,
      -1
    ],
    "ImageType": [
      "ORIGINAL",
      "PRIMARY",
      "M",
      "ND",
      "NORM"
    ],
    "ImagingFrequency": 123.211,
    "InPlanePhaseEncodingDirectionDICOM": "ROW",
    "InstitutionAddress": "Perth_Drive_100_London_Ontario_CA_N6A_5K8",
    "InstitutionName": "Robarts_Research_Institute",
    "InstitutionalDepartmentName": "CFMM",
    "InversionTime": 0.9,
    "MRAcquisitionType": "3D",
    "MagneticFieldStrength": 3,
    "Manufacturer": "Siemens",
    "ManufacturersModelName": "Prisma_fit",
    "Modality": "MR",
    "PartialFourier": 1,
    "PatientPosition": "HFS",
    "PercentPhaseFOV": 87.5,
    "PhaseEncodingSteps": 223,
    "PhaseResolution": 1,
    "PixelBandwidth": 240,
    "ProcedureStepDescription": "Ansari_NCNS",
    "ProtocolName": "MPRAGE_SAG_iPAT2",
    "PulseSequenceDetails": "%SiemensSeq%_tfl",
    "ReceiveCoilActiveElements": "HEA;HEP",
    "ReceiveCoilName": "Head_32",
    "ReconMatrixPE": 256,
    "RepetitionTime": 2.3,
    "SAR": 0.0581127,
    "ScanOptions": "IR",
    "ScanningSequence": "GR_IR",
    "SequenceName": "_tfl3d1_16ns",
    "SequenceVariant": "SK_SP_MP",
    "SeriesDescription": "MPRAGE_SAG_iPAT2",
    "SeriesNumber": 10,
    "ShimSetting": [
      5244,
      -6194,
      -4009,
      225,
      19,
      -179,
      24,
      36
    ],
    "SliceThickness": 1,
    "SoftwareVersions": "syngo_MR_E11",
    "StationName": "MRC35368",
    "TxRefAmp": 240.524,
    "dataset": "ds001838",
    "modality": "T1w",
    "session_id": "01",
    "subject_id": "11"
  },
  "cjv": 0.37211967550041514,
  "cnr": 3.596428762414072,
  "efc": 0.5619515921498704,
  "fber": 2773.025447845805,
  "fwhm_avg": 3.7291133333333337,
  "fwhm_x": 3.74705,
  "fwhm_y": 3.90093,
  "fwhm_z": 3.53936,
  "icvs_csf": 0.2520392360992169,
  "icvs_gm": 0.4300511701443771,
  "icvs_wm": 0.317909593756406,
  "inu_med": 0.42174193263053894,
  "inu_range": 0.10125691443681717,
  "provenance": {
    "md5sum": "b5b023ba6aa9cb09de525ca0724605fc",
    "settings": {
      "testing": false
    },
    "software": "mriqc",
    "version": "22.0.1",
    "warnings": {
      "large_rot_frame": true,
      "small_air_mask": false
    },
    "webapi_port": null,
    "webapi_url": "https://mriqc.nimh.nih.gov/api/v1"
  },
  "qi_1": 0.0,
  "qi_2": 0.01991786435821967,
  "rpve_csf": 22.065461720185848,
  "rpve_gm": 12.885568589147875,
  "rpve_wm": 19.571774319052228,
  "size_x": 192,
  "size_y": 224,
  "size_z": 256,
  "snr_csf": 2.9076326024329644,
  "snr_gm": 12.593517388381825,
  "snr_total": 13.674754293580536,
  "snr_wm": 25.523112889926818,
  "snrd_csf": 31.074757152701213,
  "snrd_gm": 81.08224223605801,
  "snrd_total": 73.70344952445362,
  "snrd_wm": 108.9533491846016,
  "spacing_x": 1.0,
  "spacing_y": 1.0,
  "spacing_z": 1.0,
  "summary_bg_k": 4.088252583677209,
  "summary_bg_mad": 6.012999146705765,
  "summary_bg_mean": 4.550486956581097,
  "summary_bg_median": 4.055706292390823,
  "summary_bg_n": 2040170.0,
  "summary_bg_p05": 0.0,
  "summary_bg_p95": 14.314257502555847,
  "summary_bg_stdv": 5.6798584886690096,
  "summary_csf_k": 1.60718075015121,
  "summary_csf_mad": 80.20279744209012,
  "summary_csf_mean": 294.1872632831087,
  "summary_csf_median": 285.21158073842525,
  "summary_csf_n": 53593.0,
  "summary_csf_p05": 142.3970407806337,
  "summary_csf_p95": 475.0245994962752,
  "summary_csf_stdv": 98.08973787956127,
  "summary_gm_k": 0.03972975362417319,
  "summary_gm_mad": 58.75938136744089,
  "summary_gm_mean": 743.0639876818362,
  "summary_gm_median": 744.1922832839191,
  "summary_gm_n": 28096.0,
  "summary_gm_p05": 642.6430637827143,
  "summary_gm_p95": 837.8984825285152,
  "summary_gm_stdv": 59.09223106419917,
  "summary_wm_k": 0.716876354758142,
  "summary_wm_mad": 36.43170071239375,
  "summary_wm_mean": 1000.676069522803,
  "summary_wm_median": 999.9999934025109,
  "summary_wm_n": 160069.0,
  "summary_wm_p05": 937.7926160059869,
  "summary_wm_p95": 1065.9350420236588,
  "summary_wm_stdv": 39.18005119741471,
  "tpm_overlap_csf": 0.1577584239038263,
  "tpm_overlap_gm": 0.47232623980572763,
  "tpm_overlap_wm": 0.49818093139753766,
  "wm2max": 0.5810504063350141
}