{
  "aor": 0.00038254593175853017,
  "aqi": 0.005297341443569555,
  "bids_meta": {
    "AcquisitionMatrixPE": 84,
    "AcquisitionNumber": 1,
    "AcquisitionTime": "18:38:36.632500",
    "BandwidthPerPixelPhaseEncode": 15.664,
    "BaseResolution": 84,
    "BodyPartExamined": "BRAIN",
    "ConsistencyInfo": "N4_VE11C_LATEST_20160120",
    "ConversionSoftware": "dcm2niix",
    "ConversionSoftwareVersion": "v1.0.20181114  Clang4.0.1",
    "DerivedVendorReportedEchoSpacing": 0.000760008,
    "DeviceSerialNumber": "67007",
    "DwellTime": 3.8e-06,
    "EchoTime": 0.03,
    "EchoTrainLength": 74,
    "EffectiveEchoSpacing": 0.000760008,
    "FlipAngle": 40,
    "ImageComments": "Unaliased_MB4_PE3",
    "ImageOrientationPatientDICOM": [
      0.999895,
      -0.0129807,
      -0.00640314,
      0.0104712,
      0.954152,
      -0.299139
    ],
    "ImageType": [
      "ORIGINAL",
      "PRIMARY",
      "M",
      "MB",
      "ND",
      "NORM",
      "MOSAIC"
    ],
    "ImagingFrequency": 123.211,
    "InPlanePhaseEncodingDirectionDICOM": "COL",
    "InstitutionAddress": "Perth_Drive_100_London_Ontario_CA_N6A_5K8",
    "InstitutionName": "Robarts",
    "InstitutionalDepartmentName": "CFMM",
    "MRAcquisitionType": "2D",
    "MagneticFieldStrength": 3,
    "Manufacturer": "Siemens",
    "ManufacturersModelName": "Prisma_fit",
    "Modality": "MR",
    "MultibandAccelerationFactor": 4,
    "PartialFourier": 0.875,
    "PatientPosition": "HFS",
    "PercentPhaseFOV": 100,
    "PhaseEncodingDirection": "j-",
    "PhaseEncodingSteps": 74,
    "PhaseResolution": 1,
    "PixelBandwidth": 1565,
    "ProcedureStepDescription": "Ansari_NCNS",
    "ProtocolName": "ep_bold_mb4_adaptation_3",
    "PulseSequenceDetails": "%CustomerSeq%_cmrr_mbep2d_bold",
    "ReceiveCoilActiveElements": "HEA;HEP",
    "ReceiveCoilName": "Head_32",
    "ReconMatrixPE": 84,
    "RepetitionTime": 1,
    "SAR": 0.0594485,
    "ScanOptions": "PFP_FS",
    "ScanningSequence": "EP",
    "SequenceName": "epfid2d1_84",
    "SequenceVariant": "SK_SS",
    "SeriesDescription": "ep_bold_mb4_adaptation_3",
    "SeriesNumber": 6,
    "ShimSetting": [
      5258,
      -6197,
      -3767,
      516,
      28,
      9,
      -37,
      9
    ],
    "SliceThickness": 2.5,
    "SliceTiming": [
      0,
      0.4075,
      0.815,
      0.245,
      0.6525,
      0.08,
      0.49,
      0.8975,
      0.325,
      0.735,
      0.1625,
      0.57,
      0,
      0.4075,
      0.815,
      0.245,
      0.6525,
      0.08,
      0.49,
      0.8975,
      0.325,
      0.735,
      0.1625,
      0.57,
      0,
      0.4075,
      0.815,
      0.245,
      0.6525,
      0.08,
      0.49,
      0.8975,
      0.325,
      0.735,
      0.1625,
      0.57,
      0,
      0.4075,
      0.815,
      0.245,
      0.6525,
      0.08,
      0.49,
      0.8975,
      0.325,
      0.735,
      0.1625,
      0.57
    ],
    "SoftwareVersions": "syngo_MR_E11",
    "SpacingBetweenSlices": 2.5,
    "StationName": "MRC35368",
    "TaskName": "Adaptation",
    "TotalReadoutTime": 0.0630806,
    "TxRefAmp": 256.022,
    "WipMemBlock": "e145a3d0-a5c9-4e60-b405-8d5a52b3493c||Sequence: R016 ve11c/master r/e634e98; Dec 19 2017 11:00:25 by eja",
    "dataset": "ds001838",
    "modality": "bold",
    "run_id": 3,
    "session_id": "01",
    "subject_id": "23",
    "task_id": "Adaptation"
  },
  "dummy_trs": 5,
  "dvars_nstd": 34.74529896789473,
  "dvars_std": 1.223649487921053,
  "dvars_vstd": 1.0031512313421054,
  "efc": 0.5688638620821133,
  "fber": 2981.251953125,
  "fd_mean": 0.19787416777037445,
  "fd_num": 199,
  "fd_perc": 52.23097112860892,
  "fwhm_avg": 2.0972300621242,
  "fwhm_x": 1.9801505042915892,
  "fwhm_y": 2.2444758792115773,
  "fwhm_z": 2.067063802869434,
  "gcor": 0.00869518,
  "gsr_x": -0.003644254757091403,
  "gsr_y": 0.03952217474579811,
  "provenance": {
    "md5sum": "ab4ae34536846a89365cd63225b835e1",
    "settings": {
      "fd_thres": 0.2,
      "testing": false
    },
    "software": "mriqc",
    "version": "22.0.1",
    "webapi_port": null,
    "webapi_url": "https://mriqc.nimh.nih.gov/api/v1"
  },
  "size_t": 381,
  "size_x": 84,
  "size_y": 84,
  "size_z": 48,
  "snr": 4.468758936099691,
  "spacing_tr": 1.0,
  "spacing_x": 2.4761905670166016,
  "spacing_y": 2.4761905670166016,
  "spacing_z": 2.500000238418579,
  "summary_bg_k": 14.692888601387008,
  "summary_bg_mad": 3.838556009922156,
  "summary_bg_mean": 15.454723358154297,
  "summary_bg_median": 4.3141326904296875,
  "summary_bg_n": 197002.0,
  "summary_bg_p05": 1.356746679544449,
  "summary_bg_p95": 69.48411521911619,
  "summary_bg_stdv": 26.534025192260742,
  "summary_fg_k": 3.621714359807095,
  "summary_fg_mad": 52.18114609321729,
  "summary_fg_mean": 254.85926818847656,
  "summary_fg_median": 248.20550537109375,
  "summary_fg_n": 82196.0,
  "summary_fg_p05": 181.4800148010254,
  "summary_fg_p95": 347.5065689086914,
  "summary_fg_stdv": 55.54204177856445,
  "tsnr": 55.30535888671875
}