{
  "bids_meta": {
    "AcquisitionMatrixPE": 232,
    "AcquisitionNumber": 1,
    "AcquisitionTime": "11:31:17.740000",
    "BaseResolution": 256,
    "BodyPartExamined": "BRAIN",
    "ConsistencyInfo": "N4_VE11C_LATEST_20160120",
    "ConversionSoftware": "dcm2niix",
    "ConversionSoftwareVersion": "v1.0.20181114  Clang4.0.1",
    "DeviceSerialNumber": "67007",
    "DwellTime": 8.2e-06,
    "EchoTime": 0.00298,
    "FlipAngle": 9,
    "ImageOrientationPatientDICOM": [
      0,
      1,
      0,
      0,
      0,
      -1
    ],
    "ImageType": [
      "ORIGINAL",
      "PRIMARY",
      "M",
      "ND",
      "NORM"
    ],
    "ImagingFrequency": 123.211,
    "InPlanePhaseEncodingDirectionDICOM": "ROW",
    "InstitutionAddress": "Perth_Drive_100_London_Ontario_CA_N6A_5K8",
    "InstitutionName": "Robarts_Research_Institute",
    "InstitutionalDepartmentName": "CFMM",
    "InversionTime": 0.9,
    "MRAcquisitionType": "3D",
    "MagneticFieldStrength": 3,
    "Manufacturer": "Siemens",
    "ManufacturersModelName": "Prisma_fit",
    "Modality": "MR",
    "PartialFourier": 1,
    "PatientPosition": "HFS",
    "PercentPhaseFOV": 90.625,
    "PhaseEncodingSteps": 231,
    "PhaseResolution": 1,
    "PixelBandwidth": 240,
    "ProcedureStepDescription": "Ansari_NCNS",
    "ProtocolName": "MPRAGE_SAG_iPAT2",
    "PulseSequenceDetails": "%SiemensSeq%_tfl",
    "ReceiveCoilActiveElements": "HEA;HEP",
    "ReceiveCoilName": "Head_32",
    "ReconMatrixPE": 256,
    "RepetitionTime": 2.3,
    "SAR": 0.0543879,
    "ScanOptions": "IR",
    "ScanningSequence": "GR_IR",
    "SequenceName": "_tfl3d1_16ns",
    "SequenceVariant": "SK_SP_MP",
    "SeriesDescription": "MPRAGE_SAG_iPAT2",
    "SeriesNumber": 10,
    "ShimSetting": [
      5258,
      -6212,
      -3901,
      390,
      27,
      -117,
      90,
      1
    ],
    "SliceThickness": 1,
    "SoftwareVersions": "syngo_MR_E11",
    "StationName": "MRC35368",
    "TxRefAmp": 248.2,
    "dataset": "ds001838",
    "modality": "T1w",
    "session_id": "01",
    "subject_id": "105"
  },
  "cjv": 0.32729545619454925,
  "cnr": 3.9732422952165813,
  "efc": 0.5701765062747459,
  "fber": 8916.124748886366,
  "fwhm_avg": 3.6159933333333334,
  "fwhm_x": 3.65519,
  "fwhm_y": 3.77847,
  "fwhm_z": 3.41432,
  "icvs_csf": 0.22125155332124233,
  "icvs_gm": 0.4364652986249507,
  "icvs_wm": 0.342283148053807,
  "inu_med": 0.43542422354221344,
  "inu_range": 0.11502053886651992,
  "provenance": {
    "md5sum": "dfd1bec4afc3bf2d5e43cf1db5e61090",
    "settings": {
      "testing": false
    },
    "software": "mriqc",
    "version": "22.0.1",
    "warnings": {
      "large_rot_frame": true,
      "small_air_mask": false
    },
    "webapi_port": null,
    "webapi_url": "https://mriqc.nimh.nih.gov/api/v1"
  },
  "qi_1": 0.0,
  "qi_2": 0.022043886687358415,
  "rpve_csf": 22.273322328878432,
  "rpve_gm": 11.80966671882006,
  "rpve_wm": 17.06679021832482,
  "size_x": 192,
  "size_y": 232,
  "size_z": 256,
  "snr_csf": 2.857277937539718,
  "snr_gm": 12.114707527106622,
  "snr_total": 13.68929099821411,
  "snr_wm": 26.09588752999599,
  "snrd_csf": 34.20415804639661,
  "snrd_gm": 80.33214775363244,
  "snrd_total": 75.44781536024112,
  "snrd_wm": 111.80714028069431,
  "spacing_x": 1.0,
  "spacing_y": 1.0,
  "spacing_z": 1.0,
  "summary_bg_k": 4.709055931973399,
  "summary_bg_mad": 0.0,
  "summary_bg_mean": 4.267446046220462,
  "summary_bg_median": 0.0,
  "summary_bg_n": 2848687.0,
  "summary_bg_p05": 0.0,
  "summary_bg_p95": 17.408907160162926,
  "summary_bg_stdv": 5.859522109240243,
  "summary_csf_k": 1.1291765379238097,
  "summary_csf_mad": 98.71509867990254,
  "summary_csf_mean": 318.35587330754277,
  "summary_csf_median": 305.9210575092584,
  "summary_csf_n": 40966.0,
  "summary_csf_p05": 167.240218590945,
  "summary_csf_p95": 515.6207909472287,
  "summary_csf_stdv": 107.06600139464373,
  "summary_gm_k": 0.21395986899149033,
  "summary_gm_mad": 56.92312252228482,
  "summary_gm_mean": 719.7155946527168,
  "summary_gm_median": 718.4885404706001,
  "summary_gm_n": 29401.0,
  "summary_gm_p05": 622.9082420505583,
  "summary_gm_p95": 820.479095403105,
  "summary_gm_stdv": 59.306121916839636,
  "summary_wm_k": 0.9293441209531377,
  "summary_wm_mad": 35.21430426686161,
  "summary_wm_mean": 1000.1303726968433,
  "summary_wm_median": 1000.0000159442425,
  "summary_wm_n": 193737.0,
  "summary_wm_p05": 938.0566951185465,
  "summary_wm_p95": 1062.4831478446722,
  "summary_wm_stdv": 38.32011591761711,
  "tpm_overlap_csf": 0.1575895274890393,
  "tpm_overlap_gm": 0.46280206454223477,
  "tpm_overlap_wm": 0.5111629276954329,
  "wm2max": 0.5158640374540961
}