{
  "aor": 0.0017754687500000001,
  "aqi": 0.005888904270833333,
  "bids_meta": {
    "AcquisitionMatrixPE": 84,
    "AcquisitionNumber": 1,
    "AcquisitionTime": "13:37:56.970000",
    "BandwidthPerPixelPhaseEncode": 15.664,
    "BaseResolution": 84,
    "BodyPartExamined": "BRAIN",
    "ConsistencyInfo": "N4_VE11C_LATEST_20160120",
    "ConversionSoftware": "dcm2niix",
    "ConversionSoftwareVersion": "v1.0.20181114  Clang4.0.1",
    "DerivedVendorReportedEchoSpacing": 0.000760008,
    "DeviceSerialNumber": "67007",
    "DwellTime": 3.8e-06,
    "EchoTime": 0.03,
    "EchoTrainLength": 74,
    "EffectiveEchoSpacing": 0.000760008,
    "FlipAngle": 40,
    "ImageComments": "Unaliased_MB4_PE3",
    "ImageOrientationPatientDICOM": [
      0.999414,
      -0.00670983,
      -0.0335587,
      4.67533e-08,
      0.980592,
      -0.196061
    ],
    "ImageType": [
      "ORIGINAL",
      "PRIMARY",
      "M",
      "MB",
      "ND",
      "NORM",
      "MOSAIC"
    ],
    "ImagingFrequency": 123.211,
    "InPlanePhaseEncodingDirectionDICOM": "COL",
    "InstitutionAddress": "Perth_Drive_100_London_Ontario_CA_N6A_5K8",
    "InstitutionName": "Robarts_Research_Institute",
    "InstitutionalDepartmentName": "CFMM",
    "MRAcquisitionType": "2D",
    "MagneticFieldStrength": 3,
    "Manufacturer": "Siemens",
    "ManufacturersModelName": "Prisma_fit",
    "Modality": "MR",
    "MultibandAccelerationFactor": 4,
    "PartialFourier": 0.875,
    "PatientPosition": "HFS",
    "PercentPhaseFOV": 100,
    "PhaseEncodingDirection": "j-",
    "PhaseEncodingSteps": 74,
    "PhaseResolution": 1,
    "PixelBandwidth": 1565,
    "ProcedureStepDescription": "Ansari_NCNS",
    "ProtocolName": "ep_bold_mb4_adaptation_4",
    "PulseSequenceDetails": "%CustomerSeq%_cmrr_mbep2d_bold",
    "ReceiveCoilActiveElements": "HEA;HEP",
    "ReceiveCoilName": "Head_32",
    "ReconMatrixPE": 84,
    "RepetitionTime": 1,
    "SAR": 0.0466228,
    "ScanOptions": "PFP_FS",
    "ScanningSequence": "EP",
    "SequenceName": "epfid2d1_84",
    "SequenceVariant": "SK_SS",
    "SeriesDescription": "ep_bold_mb4_adaptation_4",
    "SeriesNumber": 8,
    "ShimSetting": [
      5227,
      -6243,
      -3940,
      542,
      -22,
      -138,
      211,
      48
    ],
    "SliceThickness": 2.5,
    "SliceTiming": [
      0,
      0.41,
      0.8175,
      0.245,
      0.655,
      0.0825,
      0.49,
      0.9,
      0.3275,
      0.735,
      0.165,
      0.5725,
      0,
      0.41,
      0.8175,
      0.245,
      0.655,
      0.0825,
      0.49,
      0.9,
      0.3275,
      0.735,
      0.165,
      0.5725,
      0,
      0.41,
      0.8175,
      0.245,
      0.655,
      0.0825,
      0.49,
      0.9,
      0.3275,
      0.735,
      0.165,
      0.5725,
      0,
      0.41,
      0.8175,
      0.245,
      0.655,
      0.0825,
      0.49,
      0.9,
      0.3275,
      0.735,
      0.165,
      0.5725
    ],
    "SoftwareVersions": "syngo_MR_E11",
    "SpacingBetweenSlices": 2.5,
    "StationName": "MRC35368",
    "TaskName": "Adaptation",
    "TotalReadoutTime": 0.0630806,
    "TxRefAmp": 235.555,
    "WipMemBlock": "b48e3c6b-96cd-4035-ace6-616f5690bfa6||Sequence: R016 ve11c/master r/e634e98; Dec 19 2017 11:00:25 by eja",
    "dataset": "ds001838",
    "modality": "bold",
    "run_id": 4,
    "session_id": "01",
    "subject_id": "128",
    "task_id": "Adaptation"
  },
  "dummy_trs": 2,
  "dvars_nstd": 22.443119537127952,
  "dvars_std": 1.1406395218276764,
  "dvars_vstd": 1.0246935341514367,
  "efc": 0.5190510251662936,
  "fber": 7098.27099609375,
  "fd_mean": 0.07038918970126193,
  "fd_num": 1,
  "fd_perc": 0.2604166666666667,
  "fwhm_avg": 1.942205791516754,
  "fwhm_x": 1.816160527746424,
  "fwhm_y": 2.0858570303479804,
  "fwhm_z": 1.9245998164558584,
  "gcor": 0.0076675,
  "gsr_x": -0.007156435865908861,
  "gsr_y": 0.04209189489483833,
  "provenance": {
    "md5sum": "ab1ea63d8f09012e9a0998a428d28a2e",
    "settings": {
      "fd_thres": 0.2,
      "testing": false
    },
    "software": "mriqc",
    "version": "22.0.1",
    "webapi_port": null,
    "webapi_url": "https://mriqc.nimh.nih.gov/api/v1"
  },
  "size_t": 384,
  "size_x": 84,
  "size_y": 84,
  "size_z": 48,
  "snr": 5.219517999313218,
  "spacing_tr": 1.0,
  "spacing_x": 2.4761908054351807,
  "spacing_y": 2.4761908054351807,
  "spacing_z": 2.500000238418579,
  "summary_bg_k": 18.842385119736246,
  "summary_bg_mad": 2.0481366775479874,
  "summary_bg_mean": 9.568220138549805,
  "summary_bg_median": 2.988144636154175,
  "summary_bg_n": 209023.0,
  "summary_bg_p05": 1.0737558722496032,
  "summary_bg_p95": 44.26035423278809,
  "summary_bg_stdv": 17.316696166992188,
  "summary_fg_k": 3.323348844600962,
  "summary_fg_mad": 42.948092372466434,
  "summary_fg_mean": 263.9742431640625,
  "summary_fg_median": 257.5916748046875,
  "summary_fg_n": 73199.0,
  "summary_fg_p05": 198.03741149902345,
  "summary_fg_p95": 347.33528442382806,
  "summary_fg_stdv": 49.35128402709961,
  "tsnr": 63.490989685058594
}