{
  "aor": 0.00031802083333333335,
  "aqi": 0.005379637447916666,
  "bids_meta": {
    "AcquisitionMatrixPE": 84,
    "AcquisitionNumber": 1,
    "AcquisitionTime": "18:24:11.002500",
    "BandwidthPerPixelPhaseEncode": 15.664,
    "BaseResolution": 84,
    "BodyPartExamined": "BRAIN",
    "ConsistencyInfo": "N4_VE11C_LATEST_20160120",
    "ConversionSoftware": "dcm2niix",
    "ConversionSoftwareVersion": "v1.0.20181114  Clang4.0.1",
    "DerivedVendorReportedEchoSpacing": 0.000760008,
    "DeviceSerialNumber": "67007",
    "DwellTime": 3.8e-06,
    "EchoTime": 0.03,
    "EchoTrainLength": 74,
    "EffectiveEchoSpacing": 0.000760008,
    "FlipAngle": 40,
    "ImageComments": "Unaliased_MB4_PE3",
    "ImageOrientationPatientDICOM": [
      0.999895,
      -0.0129807,
      -0.00640314,
      0.0104712,
      0.954152,
      -0.299139
    ],
    "ImageType": [
      "ORIGINAL",
      "PRIMARY",
      "M",
      "MB",
      "ND",
      "NORM",
      "MOSAIC"
    ],
    "ImagingFrequency": 123.211,
    "InPlanePhaseEncodingDirectionDICOM": "COL",
    "InstitutionAddress": "Perth_Drive_100_London_Ontario_CA_N6A_5K8",
    "InstitutionName": "Robarts",
    "InstitutionalDepartmentName": "CFMM",
    "MRAcquisitionType": "2D",
    "MagneticFieldStrength": 3,
    "Manufacturer": "Siemens",
    "ManufacturersModelName": "Prisma_fit",
    "Modality": "MR",
    "MultibandAccelerationFactor": 4,
    "PartialFourier": 0.875,
    "PatientPosition": "HFS",
    "PercentPhaseFOV": 100,
    "PhaseEncodingDirection": "j-",
    "PhaseEncodingSteps": 74,
    "PhaseResolution": 1,
    "PixelBandwidth": 1565,
    "ProcedureStepDescription": "Ansari_NCNS",
    "ProtocolName": "ep_bold_mb4_adaptation_1",
    "PulseSequenceDetails": "%CustomerSeq%_cmrr_mbep2d_bold",
    "ReceiveCoilActiveElements": "HEA;HEP",
    "ReceiveCoilName": "Head_32",
    "ReconMatrixPE": 84,
    "RepetitionTime": 1,
    "SAR": 0.0594485,
    "ScanOptions": "PFP_FS",
    "ScanningSequence": "EP",
    "SequenceName": "epfid2d1_84",
    "SequenceVariant": "SK_SS",
    "SeriesDescription": "ep_bold_mb4_adaptation_1",
    "SeriesNumber": 2,
    "ShimSetting": [
      5258,
      -6197,
      -3767,
      516,
      28,
      9,
      -37,
      9
    ],
    "SliceThickness": 2.5,
    "SliceTiming": [
      0,
      0.4075,
      0.8175,
      0.245,
      0.6525,
      0.0825,
      0.49,
      0.8975,
      0.3275,
      0.735,
      0.1625,
      0.5725,
      0,
      0.4075,
      0.8175,
      0.245,
      0.6525,
      0.0825,
      0.49,
      0.8975,
      0.3275,
      0.735,
      0.1625,
      0.5725,
      0,
      0.4075,
      0.8175,
      0.245,
      0.6525,
      0.0825,
      0.49,
      0.8975,
      0.3275,
      0.735,
      0.1625,
      0.5725,
      0,
      0.4075,
      0.8175,
      0.245,
      0.6525,
      0.0825,
      0.49,
      0.8975,
      0.3275,
      0.735,
      0.1625,
      0.5725
    ],
    "SoftwareVersions": "syngo_MR_E11",
    "SpacingBetweenSlices": 2.5,
    "StationName": "MRC35368",
    "TaskName": "Adaptation",
    "TotalReadoutTime": 0.0630806,
    "TxRefAmp": 256.022,
    "WipMemBlock": "4ce95e3f-d4f8-45af-8611-8b31b5021722||Sequence: R016 ve11c/master r/e634e98; Dec 19 2017 11:00:25 by eja",
    "dataset": "ds001838",
    "modality": "bold",
    "run_id": 1,
    "session_id": "01",
    "subject_id": "23",
    "task_id": "Adaptation"
  },
  "dummy_trs": 2,
  "dvars_nstd": 35.68128594279372,
  "dvars_std": 1.243470331436033,
  "dvars_vstd": 0.9971805320626631,
  "efc": 0.5669278341526601,
  "fber": 3207.7734375,
  "fd_mean": 0.19021751577171697,
  "fd_num": 193,
  "fd_perc": 50.260416666666664,
  "fwhm_avg": 2.114342778897241,
  "fwhm_x": 1.9958358883316376,
  "fwhm_y": 2.2521166481620845,
  "fwhm_z": 2.0950758001980017,
  "gcor": 0.0112803,
  "gsr_x": -0.003330003935843706,
  "gsr_y": 0.03984372317790985,
  "provenance": {
    "md5sum": "1fd5496db0432db30794673a092c0fcf",
    "settings": {
      "fd_thres": 0.2,
      "testing": false
    },
    "software": "mriqc",
    "version": "22.0.1",
    "webapi_port": null,
    "webapi_url": "https://mriqc.nimh.nih.gov/api/v1"
  },
  "size_t": 384,
  "size_x": 84,
  "size_y": 84,
  "size_z": 48,
  "snr": 4.472665352715641,
  "spacing_tr": 1.0,
  "spacing_x": 2.4761905670166016,
  "spacing_y": 2.4761905670166016,
  "spacing_z": 2.500000238418579,
  "summary_bg_k": 16.274296482123475,
  "summary_bg_mad": 3.5764137148110393,
  "summary_bg_mean": 14.963240623474121,
  "summary_bg_median": 4.182226181030273,
  "summary_bg_n": 196862.0,
  "summary_bg_p05": 1.370856612920761,
  "summary_bg_p95": 67.38255538940426,
  "summary_bg_stdv": 26.089143753051758,
  "summary_fg_k": 3.3958059228619764,
  "summary_fg_mad": 52.33232238296893,
  "summary_fg_mean": 255.59942626953125,
  "summary_fg_median": 249.00721740722656,
  "summary_fg_n": 82600.0,
  "summary_fg_p05": 181.86740646362304,
  "summary_fg_p95": 348.41766662597655,
  "summary_fg_stdv": 55.67277908325195,
  "tsnr": 55.382843017578125
}