{
  "bids_meta": {
    "AcquisitionMatrixPE": 256,
    "AcquisitionNumber": 1,
    "AcquisitionTime": "16:40:52.385000",
    "BaseResolution": 256,
    "BodyPartExamined": "BRAIN",
    "ConsistencyInfo": "N4_VE11C_LATEST_20160120",
    "ConversionSoftware": "dcm2niix",
    "ConversionSoftwareVersion": "v1.0.20181114  Clang4.0.1",
    "DeviceSerialNumber": "67007",
    "DwellTime": 8.2e-06,
    "EchoTime": 0.00298,
    "FlipAngle": 9,
    "ImageOrientationPatientDICOM": [
      0,
      1,
      0,
      0,
      0,
      -1
    ],
    "ImageType": [
      "ORIGINAL",
      "PRIMARY",
      "M",
      "ND",
      "NORM"
    ],
    "ImagingFrequency": 123.211,
    "InPlanePhaseEncodingDirectionDICOM": "ROW",
    "InstitutionAddress": "Perth_Drive_100_London_Ontario_CA_N6A_5K8",
    "InstitutionName": "Robarts_Research_Institute",
    "InstitutionalDepartmentName": "CFMM",
    "InversionTime": 0.9,
    "MRAcquisitionType": "3D",
    "MagneticFieldStrength": 3,
    "Manufacturer": "Siemens",
    "ManufacturersModelName": "Prisma_fit",
    "Modality": "MR",
    "PartialFourier": 1,
    "PatientPosition": "HFS",
    "PercentPhaseFOV": 100,
    "PhaseEncodingSteps": 255,
    "PhaseResolution": 1,
    "PixelBandwidth": 240,
    "ProcedureStepDescription": "Ansari_NCNS",
    "ProtocolName": "MPRAGE_SAG_iPAT2",
    "PulseSequenceDetails": "%SiemensSeq%_tfl",
    "ReceiveCoilActiveElements": "HEA;HEP;SP1",
    "ReceiveCoilName": "Spine_32",
    "ReconMatrixPE": 256,
    "RepetitionTime": 2.3,
    "SAR": 0.0697541,
    "ScanOptions": "IR",
    "ScanningSequence": "GR_IR",
    "SequenceName": "_tfl3d1_16ns",
    "SequenceVariant": "SK_SP_MP",
    "SeriesDescription": "MPRAGE_SAG_iPAT2",
    "SeriesNumber": 10,
    "ShimSetting": [
      5246,
      -6160,
      -3849,
      172,
      -14,
      -303,
      -26,
      -43
    ],
    "SliceThickness": 1,
    "SoftwareVersions": "syngo_MR_E11",
    "StationName": "MRC35368",
    "TxRefAmp": 284.708,
    "dataset": "ds001838",
    "modality": "T1w",
    "session_id": "01",
    "subject_id": "115"
  },
  "cjv": 0.3693456308317716,
  "cnr": 3.534128967940583,
  "efc": 0.6000004424572413,
  "fber": 3242.811256621993,
  "fwhm_avg": 3.9904000000000006,
  "fwhm_x": 3.93902,
  "fwhm_y": 4.20509,
  "fwhm_z": 3.82709,
  "icvs_csf": 0.19867172489118717,
  "icvs_gm": 0.43404430809666417,
  "icvs_wm": 0.3672839670121487,
  "inu_med": 0.45318029820919037,
  "inu_range": 0.15766683518886565,
  "provenance": {
    "md5sum": "9088435bb47f270cf06cb12471caeaee",
    "settings": {
      "testing": false
    },
    "software": "mriqc",
    "version": "22.0.1",
    "warnings": {
      "large_rot_frame": true,
      "small_air_mask": false
    },
    "webapi_port": null,
    "webapi_url": "https://mriqc.nimh.nih.gov/api/v1"
  },
  "qi_1": 0.0,
  "qi_2": 0.004953109662057427,
  "rpve_csf": 25.660695633258566,
  "rpve_gm": 12.18068665483501,
  "rpve_wm": 16.200259730487456,
  "size_x": 192,
  "size_y": 256,
  "size_z": 256,
  "snr_csf": 2.694140545249496,
  "snr_gm": 12.355783391417967,
  "snr_total": 10.720650329204238,
  "snr_wm": 17.112027050945247,
  "snrd_csf": 26.071084420041252,
  "snrd_gm": 63.229744431713044,
  "snrd_total": 59.55966239706505,
  "snrd_wm": 89.37815833944086,
  "spacing_x": 1.0,
  "spacing_y": 1.0,
  "spacing_z": 1.0,
  "summary_bg_k": 267.0123681816251,
  "summary_bg_mad": 7.32993845231659,
  "summary_bg_mean": 7.747509159804054,
  "summary_bg_median": 4.94396835565567,
  "summary_bg_n": 2598857.0,
  "summary_bg_p05": 0.0,
  "summary_bg_p95": 25.4614370316267,
  "summary_bg_stdv": 12.631723703452662,
  "summary_csf_k": 1.1141665143712167,
  "summary_csf_mad": 83.80562963815301,
  "summary_csf_mean": 302.73289404885344,
  "summary_csf_median": 291.69413298368454,
  "summary_csf_n": 36091.0,
  "summary_csf_p05": 126.19479227811098,
  "summary_csf_p95": 498.76400761306286,
  "summary_csf_stdv": 108.26832786344495,
  "summary_gm_k": 0.22922207996104804,
  "summary_gm_mad": 55.46320095586219,
  "summary_gm_mean": 706.497612158889,
  "summary_gm_median": 707.4406719580293,
  "summary_gm_n": 31594.0,
  "summary_gm_p05": 609.2617003619671,
  "summary_gm_p95": 798.0800918117166,
  "summary_gm_stdv": 57.254926996656145,
  "summary_wm_k": 0.4744207632217625,
  "summary_wm_mad": 52.59230839537153,
  "summary_wm_mean": 994.4259253363729,
  "summary_wm_median": 999.9999994039536,
  "summary_wm_n": 223274.0,
  "summary_wm_p05": 887.9779164120555,
  "summary_wm_p95": 1081.3694785907865,
  "summary_wm_stdv": 58.43829939161377,
  "tpm_overlap_csf": 0.1511628304806255,
  "tpm_overlap_gm": 0.4600633485741499,
  "tpm_overlap_wm": 0.49287405059916717,
  "wm2max": 0.5135844265763859
}