{
  "aor": 0.00032292428198433414,
  "aqi": 0.005164603289817233,
  "bids_meta": {
    "AcquisitionMatrixPE": 84,
    "AcquisitionNumber": 1,
    "AcquisitionTime": "14:39:35.027500",
    "BandwidthPerPixelPhaseEncode": 15.664,
    "BaseResolution": 84,
    "BodyPartExamined": "BRAIN",
    "ConsistencyInfo": "N4_VE11C_LATEST_20160120",
    "ConversionSoftware": "dcm2niix",
    "ConversionSoftwareVersion": "v1.0.20181114  Clang4.0.1",
    "DerivedVendorReportedEchoSpacing": 0.000760008,
    "DeviceSerialNumber": "67007",
    "DwellTime": 3.8e-06,
    "EchoTime": 0.03,
    "EchoTrainLength": 74,
    "EffectiveEchoSpacing": 0.000760008,
    "FlipAngle": 40,
    "ImageComments": "Unaliased_MB4_PE3",
    "ImageOrientationPatientDICOM": [
      0.998782,
      -0.0170645,
      -0.0462878,
      -1.6762e-08,
      0.93827,
      -0.345904
    ],
    "ImageType": [
      "ORIGINAL",
      "PRIMARY",
      "M",
      "MB",
      "ND",
      "NORM",
      "MOSAIC"
    ],
    "ImagingFrequency": 123.211,
    "InPlanePhaseEncodingDirectionDICOM": "COL",
    "InstitutionAddress": "Perth_Drive_100_London_Ontario_CA_N6A_5K8",
    "InstitutionName": "Robarts_Research_Institute",
    "InstitutionalDepartmentName": "CFMM",
    "MRAcquisitionType": "2D",
    "MagneticFieldStrength": 3,
    "Manufacturer": "Siemens",
    "ManufacturersModelName": "Prisma_fit",
    "Modality": "MR",
    "MultibandAccelerationFactor": 4,
    "PartialFourier": 0.875,
    "PatientPosition": "HFS",
    "PercentPhaseFOV": 100,
    "PhaseEncodingDirection": "j-",
    "PhaseEncodingSteps": 74,
    "PhaseResolution": 1,
    "PixelBandwidth": 1565,
    "ProcedureStepDescription": "Ansari_NCNS",
    "ProtocolName": "ep_bold_mb4_adaptation_4",
    "PulseSequenceDetails": "%CustomerSeq%_cmrr_mbep2d_bold",
    "ReceiveCoilActiveElements": "HEA;HEP",
    "ReceiveCoilName": "Head_32",
    "ReconMatrixPE": 84,
    "RepetitionTime": 1,
    "SAR": 0.0487344,
    "ScanOptions": "PFP_FS",
    "ScanningSequence": "EP",
    "SequenceName": "epfid2d1_84",
    "SequenceVariant": "SK_SS",
    "SeriesDescription": "ep_bold_mb4_adaptation_4",
    "SeriesNumber": 8,
    "ShimSetting": [
      5226,
      -6168,
      -3979,
      696,
      -17,
      398,
      62,
      -28
    ],
    "SliceThickness": 2.5,
    "SliceTiming": [
      0,
      0.4075,
      0.815,
      0.245,
      0.6525,
      0.08,
      0.49,
      0.8975,
      0.325,
      0.735,
      0.1625,
      0.57,
      0,
      0.4075,
      0.815,
      0.245,
      0.6525,
      0.08,
      0.49,
      0.8975,
      0.325,
      0.735,
      0.1625,
      0.57,
      0,
      0.4075,
      0.815,
      0.245,
      0.6525,
      0.08,
      0.49,
      0.8975,
      0.325,
      0.735,
      0.1625,
      0.57,
      0,
      0.4075,
      0.815,
      0.245,
      0.6525,
      0.08,
      0.49,
      0.8975,
      0.325,
      0.735,
      0.1625,
      0.57
    ],
    "SoftwareVersions": "syngo_MR_E11",
    "SpacingBetweenSlices": 2.5,
    "StationName": "MRC35368",
    "TaskName": "Adaptation",
    "TotalReadoutTime": 0.0630806,
    "TxRefAmp": 234.245,
    "WipMemBlock": "3633164b-c3fe-4b62-b85e-c9cc7465f191||Sequence: R016 ve11c/master r/e634e98; Dec 19 2017 11:00:25 by eja",
    "dataset": "ds001838",
    "modality": "bold",
    "run_id": 4,
    "session_id": "01",
    "subject_id": "106",
    "task_id": "Adaptation"
  },
  "dummy_trs": 3,
  "dvars_nstd": 23.48349528798429,
  "dvars_std": 1.1134876619895293,
  "dvars_vstd": 0.9922642327486909,
  "efc": 0.5286669182858298,
  "fber": 6292.61962890625,
  "fd_mean": 0.12983328596708105,
  "fd_num": 40,
  "fd_perc": 10.443864229765014,
  "fwhm_avg": 2.0311901548388094,
  "fwhm_x": 1.932892429101928,
  "fwhm_y": 2.121662229870201,
  "fwhm_z": 2.0390158055442997,
  "gcor": 0.00703824,
  "gsr_x": -0.013423943892121315,
  "gsr_y": 0.049973033368587494,
  "provenance": {
    "md5sum": "5668e7a038f7b3019271d9be53044828",
    "settings": {
      "fd_thres": 0.2,
      "testing": false
    },
    "software": "mriqc",
    "version": "22.0.1",
    "webapi_port": null,
    "webapi_url": "https://mriqc.nimh.nih.gov/api/v1"
  },
  "size_t": 383,
  "size_x": 84,
  "size_y": 84,
  "size_z": 48,
  "snr": 4.533851049626422,
  "spacing_tr": 1.0,
  "spacing_x": 2.4761905670166016,
  "spacing_y": 2.4761905670166016,
  "spacing_z": 2.500000238418579,
  "summary_bg_k": 22.94924851537052,
  "summary_bg_mad": 2.5216110928176914,
  "summary_bg_mean": 10.979035377502441,
  "summary_bg_median": 3.3654732704162598,
  "summary_bg_n": 204284.0,
  "summary_bg_p05": 1.1241716384887697,
  "summary_bg_p95": 49.04210720062226,
  "summary_bg_stdv": 19.809398651123047,
  "summary_fg_k": 3.6273215581530485,
  "summary_fg_mad": 50.039883541585,
  "summary_fg_mean": 287.5592041015625,
  "summary_fg_median": 278.2958984375,
  "summary_fg_n": 75707.0,
  "summary_fg_p05": 210.3173797607422,
  "summary_fg_p95": 396.2988128662108,
  "summary_fg_stdv": 61.381385803222656,
  "tsnr": 63.95258331298828
}