{
  "aor": 0.00023812499999999997,
  "aqi": 0.004883342734375,
  "bids_meta": {
    "AcquisitionMatrixPE": 84,
    "AcquisitionNumber": 1,
    "AcquisitionTime": "14:18:39.110000",
    "BandwidthPerPixelPhaseEncode": 15.664,
    "BaseResolution": 84,
    "BodyPartExamined": "BRAIN",
    "ConsistencyInfo": "N4_VE11C_LATEST_20160120",
    "ConversionSoftware": "dcm2niix",
    "ConversionSoftwareVersion": "v1.0.20181114  Clang4.0.1",
    "DerivedVendorReportedEchoSpacing": 0.000760008,
    "DeviceSerialNumber": "67007",
    "DwellTime": 3.8e-06,
    "EchoTime": 0.03,
    "EchoTrainLength": 74,
    "EffectiveEchoSpacing": 0.000760008,
    "FlipAngle": 40,
    "ImageComments": "Unaliased_MB4_PE3",
    "ImageOrientationPatientDICOM": [
      0.998782,
      -0.0170645,
      -0.0462878,
      -1.6762e-08,
      0.93827,
      -0.345904
    ],
    "ImageType": [
      "ORIGINAL",
      "PRIMARY",
      "M",
      "MB",
      "ND",
      "NORM",
      "MOSAIC"
    ],
    "ImagingFrequency": 123.211,
    "InPlanePhaseEncodingDirectionDICOM": "COL",
    "InstitutionAddress": "Perth_Drive_100_London_Ontario_CA_N6A_5K8",
    "InstitutionName": "Robarts_Research_Institute",
    "InstitutionalDepartmentName": "CFMM",
    "MRAcquisitionType": "2D",
    "MagneticFieldStrength": 3,
    "Manufacturer": "Siemens",
    "ManufacturersModelName": "Prisma_fit",
    "Modality": "MR",
    "MultibandAccelerationFactor": 4,
    "PartialFourier": 0.875,
    "PatientPosition": "HFS",
    "PercentPhaseFOV": 100,
    "PhaseEncodingDirection": "j-",
    "PhaseEncodingSteps": 74,
    "PhaseResolution": 1,
    "PixelBandwidth": 1565,
    "ProcedureStepDescription": "Ansari_NCNS",
    "ProtocolName": "ep_bold_mb4_adaptation_1",
    "PulseSequenceDetails": "%CustomerSeq%_cmrr_mbep2d_bold",
    "ReceiveCoilActiveElements": "HEA;HEP",
    "ReceiveCoilName": "Head_32",
    "ReconMatrixPE": 84,
    "RepetitionTime": 1,
    "SAR": 0.0487344,
    "ScanOptions": "PFP_FS",
    "ScanningSequence": "EP",
    "SequenceName": "epfid2d1_84",
    "SequenceVariant": "SK_SS",
    "SeriesDescription": "ep_bold_mb4_adaptation_1",
    "SeriesNumber": 2,
    "ShimSetting": [
      5226,
      -6168,
      -3979,
      696,
      -17,
      398,
      62,
      -28
    ],
    "SliceThickness": 2.5,
    "SliceTiming": [
      0,
      0.4075,
      0.815,
      0.245,
      0.6525,
      0.08,
      0.49,
      0.8975,
      0.325,
      0.735,
      0.1625,
      0.57,
      0,
      0.4075,
      0.815,
      0.245,
      0.6525,
      0.08,
      0.49,
      0.8975,
      0.325,
      0.735,
      0.1625,
      0.57,
      0,
      0.4075,
      0.815,
      0.245,
      0.6525,
      0.08,
      0.49,
      0.8975,
      0.325,
      0.735,
      0.1625,
      0.57,
      0,
      0.4075,
      0.815,
      0.245,
      0.6525,
      0.08,
      0.49,
      0.8975,
      0.325,
      0.735,
      0.1625,
      0.57
    ],
    "SoftwareVersions": "syngo_MR_E11",
    "SpacingBetweenSlices": 2.5,
    "StationName": "MRC35368",
    "TaskName": "Adaptation",
    "TotalReadoutTime": 0.0630806,
    "TxRefAmp": 234.245,
    "WipMemBlock": "b6de9ee5-9411-4767-adc3-f77cb8a18973||Sequence: R016 ve11c/master r/e634e98; Dec 19 2017 11:00:25 by eja",
    "dataset": "ds001838",
    "modality": "bold",
    "run_id": 1,
    "session_id": "01",
    "subject_id": "106",
    "task_id": "Adaptation"
  },
  "dummy_trs": 2,
  "dvars_nstd": 26.740889910052232,
  "dvars_std": 1.165019232767624,
  "dvars_vstd": 0.9818142332375978,
  "efc": 0.526995948466932,
  "fber": 6422.11279296875,
  "fd_mean": 0.14522589283002038,
  "fd_num": 96,
  "fd_perc": 25.0,
  "fwhm_avg": 2.0338548600130197,
  "fwhm_x": 1.9375770443147131,
  "fwhm_y": 2.132319729479286,
  "fwhm_z": 2.0316678062450597,
  "gcor": 0.0150484,
  "gsr_x": -0.012897088192403316,
  "gsr_y": 0.048922229558229446,
  "provenance": {
    "md5sum": "44b6ee8d7a2b92f30b8f1ec7bbc93f23",
    "settings": {
      "fd_thres": 0.2,
      "testing": false
    },
    "software": "mriqc",
    "version": "22.0.1",
    "webapi_port": null,
    "webapi_url": "https://mriqc.nimh.nih.gov/api/v1"
  },
  "size_t": 384,
  "size_x": 84,
  "size_y": 84,
  "size_z": 48,
  "snr": 4.512136273775425,
  "spacing_tr": 1.0,
  "spacing_x": 2.4761905670166016,
  "spacing_y": 2.4761905670166016,
  "spacing_z": 2.500000238418579,
  "summary_bg_k": 25.923159946541023,
  "summary_bg_mad": 2.5272756968144705,
  "summary_bg_mean": 10.63784408569336,
  "summary_bg_median": 3.3294520378112793,
  "summary_bg_n": 204311.0,
  "summary_bg_p05": 1.1091964840888977,
  "summary_bg_p95": 46.999359130859375,
  "summary_bg_stdv": 19.35873031616211,
  "summary_fg_k": 3.5406698416169062,
  "summary_fg_mad": 50.469782985528205,
  "summary_fg_mean": 286.5272216796875,
  "summary_fg_median": 277.4246826171875,
  "summary_fg_n": 75663.0,
  "summary_fg_p05": 208.85973510742187,
  "summary_fg_p95": 394.40913085937495,
  "summary_fg_stdv": 61.48370361328125,
  "tsnr": 64.09783935546875
}