{
  "aor": 0.0026774999999999998,
  "aqi": 0.009380942578125,
  "bids_meta": {
    "AcquisitionMatrixPE": 84,
    "AcquisitionNumber": 1,
    "AcquisitionTime": "14:09:43.530000",
    "BandwidthPerPixelPhaseEncode": 15.664,
    "BaseResolution": 84,
    "BodyPartExamined": "BRAIN",
    "ConsistencyInfo": "N4_VE11C_LATEST_20160120",
    "ConversionSoftware": "dcm2niix",
    "ConversionSoftwareVersion": "v1.0.20181114  Clang4.0.1",
    "DerivedVendorReportedEchoSpacing": 0.000760008,
    "DeviceSerialNumber": "67007",
    "DwellTime": 3.8e-06,
    "EchoTime": 0.03,
    "EchoTrainLength": 74,
    "EffectiveEchoSpacing": 0.000760008,
    "FlipAngle": 40,
    "ImageComments": "Unaliased_MB4_PE3",
    "ImageOrientationPatientDICOM": [
      1,
      0,
      0,
      0,
      0.875464,
      -0.483282
    ],
    "ImageType": [
      "ORIGINAL",
      "PRIMARY",
      "M",
      "MB",
      "ND",
      "NORM",
      "MOSAIC"
    ],
    "ImagingFrequency": 123.211,
    "InPlanePhaseEncodingDirectionDICOM": "COL",
    "InstitutionAddress": "Perth_Drive_100_London_Ontario_CA_N6A_5K8",
    "InstitutionName": "Robarts_Research_Institute",
    "InstitutionalDepartmentName": "CFMM",
    "MRAcquisitionType": "2D",
    "MagneticFieldStrength": 3,
    "Manufacturer": "Siemens",
    "ManufacturersModelName": "Prisma_fit",
    "Modality": "MR",
    "MultibandAccelerationFactor": 4,
    "PartialFourier": 0.875,
    "PatientPosition": "HFS",
    "PercentPhaseFOV": 100,
    "PhaseEncodingDirection": "j-",
    "PhaseEncodingSteps": 74,
    "PhaseResolution": 1,
    "PixelBandwidth": 1565,
    "ProcedureStepDescription": "Ansari_NCNS",
    "ProtocolName": "ep_bold_mb4_adaptation_1",
    "PulseSequenceDetails": "%CustomerSeq%_cmrr_mbep2d_bold",
    "ReceiveCoilActiveElements": "HEA;HEP",
    "ReceiveCoilName": "Head_32",
    "ReconMatrixPE": 84,
    "RepetitionTime": 1,
    "SAR": 0.0613544,
    "ScanOptions": "PFP_FS",
    "ScanningSequence": "EP",
    "SequenceName": "epfid2d1_84",
    "SequenceVariant": "SK_SS",
    "SeriesDescription": "ep_bold_mb4_adaptation_1",
    "SeriesNumber": 2,
    "ShimSetting": [
      5236,
      -6152,
      -3846,
      516,
      -55,
      4,
      100,
      37
    ],
    "SliceThickness": 2.5,
    "SliceTiming": [
      0,
      0.41,
      0.8175,
      0.245,
      0.655,
      0.0825,
      0.49,
      0.9,
      0.3275,
      0.735,
      0.165,
      0.5725,
      0,
      0.41,
      0.8175,
      0.245,
      0.655,
      0.0825,
      0.49,
      0.9,
      0.3275,
      0.735,
      0.165,
      0.5725,
      0,
      0.41,
      0.8175,
      0.245,
      0.655,
      0.0825,
      0.49,
      0.9,
      0.3275,
      0.735,
      0.165,
      0.5725,
      0,
      0.41,
      0.8175,
      0.245,
      0.655,
      0.0825,
      0.49,
      0.9,
      0.3275,
      0.735,
      0.165,
      0.5725
    ],
    "SoftwareVersions": "syngo_MR_E11",
    "SpacingBetweenSlices": 2.5,
    "StationName": "MRC35368",
    "TaskName": "Adaptation",
    "TotalReadoutTime": 0.0630806,
    "TxRefAmp": 254.32,
    "WipMemBlock": "9a686ed9-984a-472a-93bd-f091ff61dabf||Sequence: R016 ve11c/master r/e634e98; Dec 19 2017 11:00:25 by eja",
    "dataset": "ds001838",
    "modality": "bold",
    "run_id": 1,
    "session_id": "01",
    "subject_id": "24",
    "task_id": "Adaptation"
  },
  "dummy_trs": 2,
  "dvars_nstd": 34.68165551511751,
  "dvars_std": 1.1674539482506539,
  "dvars_vstd": 0.9908275542297651,
  "efc": 0.5318681415544295,
  "fber": 5207.541015625,
  "fd_mean": 0.22750358996304895,
  "fd_num": 214,
  "fd_perc": 55.729166666666664,
  "fwhm_avg": 1.9089768641331741,
  "fwhm_x": 1.8243224330842518,
  "fwhm_y": 1.9837041593152713,
  "fwhm_z": 1.918904,
  "gcor": 0.0158469,
  "gsr_x": -0.01607205718755722,
  "gsr_y": 0.05876323953270912,
  "provenance": {
    "md5sum": "3e8005fba07bfcaceef8e2153684f662",
    "settings": {
      "fd_thres": 0.2,
      "testing": false
    },
    "software": "mriqc",
    "version": "22.0.1",
    "webapi_port": null,
    "webapi_url": "https://mriqc.nimh.nih.gov/api/v1"
  },
  "size_t": 384,
  "size_x": 84,
  "size_y": 84,
  "size_z": 48,
  "snr": 4.407305679086677,
  "spacing_tr": 1.0,
  "spacing_x": 2.4761905670166016,
  "spacing_y": 2.4761908054351807,
  "spacing_z": 2.5,
  "summary_bg_k": 13.153823628991496,
  "summary_bg_mad": 2.351537148257243,
  "summary_bg_mean": 11.42815113067627,
  "summary_bg_median": 3.066452741622925,
  "summary_bg_n": 207777.0,
  "summary_bg_p05": 1.0407068967819213,
  "summary_bg_p95": 55.5068038940429,
  "summary_bg_stdv": 20.117393493652344,
  "summary_fg_k": 2.6293305273985377,
  "summary_fg_mad": 47.19175165219292,
  "summary_fg_mean": 238.224853515625,
  "summary_fg_median": 230.4338836669922,
  "summary_fg_n": 72516.0,
  "summary_fg_p05": 172.1472930908203,
  "summary_fg_p95": 329.89232635498047,
  "summary_fg_stdv": 52.28416442871094,
  "tsnr": 44.033348083496094
}