{
  "bids_meta": {
    "AcquisitionMatrixPE": 256,
    "AcquisitionNumber": 1,
    "AcquisitionTime": "11:35:39.865000",
    "BaseResolution": 256,
    "BodyPartExamined": "BRAIN",
    "ConsistencyInfo": "N4_VE11C_LATEST_20160120",
    "ConversionSoftware": "dcm2niix",
    "ConversionSoftwareVersion": "v1.0.20181114  Clang4.0.1",
    "DeviceSerialNumber": "67007",
    "DwellTime": 8.2e-06,
    "EchoTime": 0.00298,
    "FlipAngle": 9,
    "ImageOrientationPatientDICOM": [
      0.0732382,
      0.997314,
      0,
      0,
      0,
      -1
    ],
    "ImageType": [
      "ORIGINAL",
      "PRIMARY",
      "M",
      "ND",
      "NORM"
    ],
    "ImagingFrequency": 123.211,
    "InPlanePhaseEncodingDirectionDICOM": "ROW",
    "InstitutionAddress": "Perth_Drive_100_London_Ontario_CA_N6A_5K8",
    "InstitutionName": "Robarts-CFMM",
    "InstitutionalDepartmentName": "CFMM",
    "InversionTime": 0.9,
    "MRAcquisitionType": "3D",
    "MagneticFieldStrength": 3,
    "Manufacturer": "Siemens",
    "ManufacturersModelName": "Prisma_fit",
    "Modality": "MR",
    "PartialFourier": 1,
    "PatientPosition": "HFS",
    "PercentPhaseFOV": 100,
    "PhaseEncodingSteps": 255,
    "PhaseResolution": 1,
    "PixelBandwidth": 240,
    "ProcedureStepDescription": "Ansari_NCNS",
    "ProtocolName": "MPRAGE_SAG_iPAT2",
    "PulseSequenceDetails": "%SiemensSeq%_tfl",
    "ReceiveCoilActiveElements": "HEA;HEP",
    "ReceiveCoilName": "Head_32",
    "ReconMatrixPE": 256,
    "RepetitionTime": 2.3,
    "SAR": 0.0546652,
    "ScanOptions": "IR",
    "ScanningSequence": "GR_IR",
    "SequenceName": "_tfl3d1_16ns",
    "SequenceVariant": "SK_SP_MP",
    "SeriesDescription": "MPRAGE_SAG_iPAT2",
    "SeriesNumber": 10,
    "ShimSetting": [
      5225,
      -6179,
      -3858,
      266,
      16,
      -225,
      57,
      -22
    ],
    "SliceThickness": 1,
    "SoftwareVersions": "syngo_MR_E11",
    "StationName": "MRC35368",
    "TxRefAmp": 235.925,
    "dataset": "ds001838",
    "modality": "T1w",
    "session_id": "01",
    "subject_id": "121"
  },
  "cjv": 0.32090283638168565,
  "cnr": 4.064520222266464,
  "efc": 0.5175138583330049,
  "fber": 5061.965706876898,
  "fwhm_avg": 3.838916666666666,
  "fwhm_x": 3.86338,
  "fwhm_y": 4.06757,
  "fwhm_z": 3.5858,
  "icvs_csf": 0.2016847429943678,
  "icvs_gm": 0.4546908868635837,
  "icvs_wm": 0.3436243701420485,
  "inu_med": 0.40335309505462646,
  "inu_range": 0.10280431807041168,
  "provenance": {
    "md5sum": "7be43c70421a013161140503aff7b1b1",
    "settings": {
      "testing": false
    },
    "software": "mriqc",
    "version": "22.0.1",
    "warnings": {
      "large_rot_frame": true,
      "small_air_mask": false
    },
    "webapi_port": null,
    "webapi_url": "https://mriqc.nimh.nih.gov/api/v1"
  },
  "qi_1": 0.0,
  "qi_2": 0.020625932078961573,
  "rpve_csf": 31.032795460348705,
  "rpve_gm": 14.726503972758229,
  "rpve_wm": 21.692877243081018,
  "size_x": 192,
  "size_y": 256,
  "size_z": 256,
  "snr_csf": 2.450167580890894,
  "snr_gm": 12.125722586743088,
  "snr_total": 14.133054431117586,
  "snr_wm": 27.82327312571877,
  "snrd_csf": 37.1247989434868,
  "snrd_gm": 88.42971618756442,
  "snrd_total": 82.93774440900852,
  "snrd_wm": 123.2587180959743,
  "spacing_x": 1.0,
  "spacing_y": 1.0,
  "spacing_z": 1.0,
  "summary_bg_k": 2.906485834456621,
  "summary_bg_mad": 5.315132301681071,
  "summary_bg_mean": 5.015927542763072,
  "summary_bg_median": 3.5850022584199905,
  "summary_bg_n": 3574954.0,
  "summary_bg_p05": 0.0,
  "summary_bg_p95": 18.275425046682358,
  "summary_bg_stdv": 6.388807529378061,
  "summary_csf_k": 0.02523241541325172,
  "summary_csf_mad": 123.32705475930666,
  "summary_csf_mean": 297.0635964388643,
  "summary_csf_median": 301.1940995156765,
  "summary_csf_n": 34597.0,
  "summary_csf_p05": 96.74115116894245,
  "summary_csf_p95": 504.4933779627084,
  "summary_csf_stdv": 122.92618224970559,
  "summary_gm_k": 0.1796974832469993,
  "summary_gm_mad": 57.02777289096909,
  "summary_gm_mean": 718.2233422596674,
  "summary_gm_median": 717.4317301511765,
  "summary_gm_n": 46082.0,
  "summary_gm_p05": 622.0935817457736,
  "summary_gm_p95": 817.6487162165344,
  "summary_gm_stdv": 59.16545926909693,
  "summary_wm_k": 0.6977736523244382,
  "summary_wm_mad": 33.64918344372528,
  "summary_wm_mean": 999.5013776127879,
  "summary_wm_median": 999.9999908655882,
  "summary_wm_n": 188261.0,
  "summary_wm_p05": 939.7288250774145,
  "summary_wm_p95": 1056.6861543953419,
  "summary_wm_stdv": 35.94103865696595,
  "tpm_overlap_csf": 0.14283457535165492,
  "tpm_overlap_gm": 0.4792461328941748,
  "tpm_overlap_wm": 0.5129799578594578,
  "wm2max": 0.6502830135126844
}