{
  "bids_meta": {
    "AcquisitionMatrixPE": 232,
    "AcquisitionNumber": 1,
    "AcquisitionTime": "14:02:24.615000",
    "BaseResolution": 256,
    "BodyPartExamined": "BRAIN",
    "ConsistencyInfo": "N4_VE11C_LATEST_20160120",
    "ConversionSoftware": "dcm2niix",
    "ConversionSoftwareVersion": "v1.0.20181114  Clang4.0.1",
    "DeviceSerialNumber": "67007",
    "DwellTime": 8.2e-06,
    "EchoTime": 0.00298,
    "FlipAngle": 9,
    "ImageOrientationPatientDICOM": [
      -0.104528,
      0.994522,
      2.77053e-08,
      -0.036443,
      -0.00383028,
      -0.999328
    ],
    "ImageType": [
      "ORIGINAL",
      "PRIMARY",
      "M",
      "ND",
      "NORM"
    ],
    "ImagingFrequency": 123.211,
    "InPlanePhaseEncodingDirectionDICOM": "ROW",
    "InstitutionAddress": "Perth_Drive_100_London_Ontario_CA_N6A_5K8",
    "InstitutionName": "Robarts_Research_Institute",
    "InstitutionalDepartmentName": "CFMM",
    "InversionTime": 0.9,
    "MRAcquisitionType": "3D",
    "MagneticFieldStrength": 3,
    "Manufacturer": "Siemens",
    "ManufacturersModelName": "Prisma_fit",
    "Modality": "MR",
    "PartialFourier": 1,
    "PatientPosition": "HFS",
    "PercentPhaseFOV": 90.625,
    "PhaseEncodingSteps": 231,
    "PhaseResolution": 1,
    "PixelBandwidth": 240,
    "ProcedureStepDescription": "Ansari_NCNS",
    "ProtocolName": "MPRAGE_SAG_iPAT2",
    "PulseSequenceDetails": "%SiemensSeq%_tfl",
    "ReceiveCoilActiveElements": "HEA;HEP",
    "ReceiveCoilName": "Head_32",
    "ReconMatrixPE": 256,
    "RepetitionTime": 2.3,
    "SAR": 0.0441581,
    "ScanOptions": "IR",
    "ScanningSequence": "GR_IR",
    "SequenceName": "_tfl3d1_16ns",
    "SequenceVariant": "SK_SP_MP",
    "SeriesDescription": "MPRAGE_SAG_iPAT2",
    "SeriesNumber": 17,
    "ShimSetting": [
      5235,
      -6214,
      -3927,
      421,
      -12,
      -162,
      218,
      -11
    ],
    "SliceThickness": 1,
    "SoftwareVersions": "syngo_MR_E11",
    "StationName": "MRC35368",
    "TxRefAmp": 235.18,
    "dataset": "ds001838",
    "modality": "T1w",
    "session_id": "01",
    "subject_id": "113"
  },
  "cjv": 0.4099800346992983,
  "cnr": 3.3128819376352276,
  "efc": 0.5546834404617659,
  "fber": 4161.628319270947,
  "fwhm_avg": 4.01497,
  "fwhm_x": 3.91832,
  "fwhm_y": 4.2014,
  "fwhm_z": 3.92519,
  "icvs_csf": 0.23604993026915103,
  "icvs_gm": 0.39469695420227596,
  "icvs_wm": 0.369253115528573,
  "inu_med": 0.3702278882265091,
  "inu_range": 0.0961623907089233,
  "provenance": {
    "md5sum": "730c42381046f14f5b3390aa0f55f21e",
    "settings": {
      "testing": false
    },
    "software": "mriqc",
    "version": "22.0.1",
    "warnings": {
      "large_rot_frame": true,
      "small_air_mask": false
    },
    "webapi_port": null,
    "webapi_url": "https://mriqc.nimh.nih.gov/api/v1"
  },
  "qi_1": 0.0,
  "qi_2": 0.01762333770036449,
  "rpve_csf": 19.12777401894452,
  "rpve_gm": 11.292997788923694,
  "rpve_wm": 14.514822451141047,
  "size_x": 192,
  "size_y": 232,
  "size_z": 256,
  "snr_csf": 2.686281137915755,
  "snr_gm": 11.214361920339668,
  "snr_total": 13.605704567445597,
  "snr_wm": 26.916470644081365,
  "snrd_csf": 40.64425930027733,
  "snrd_gm": 103.92008295052175,
  "snrd_total": 94.58978762154455,
  "snrd_wm": 139.20502061383456,
  "spacing_x": 1.0,
  "spacing_y": 1.0,
  "spacing_z": 1.0,
  "summary_bg_k": 7.590798015386872,
  "summary_bg_mad": 4.706471978589565,
  "summary_bg_mean": 5.519771103497598,
  "summary_bg_median": 3.174467109143734,
  "summary_bg_n": 2934134.0,
  "summary_bg_p05": 0.0,
  "summary_bg_p95": 18.01724575459957,
  "summary_bg_stdv": 6.523097382952609,
  "summary_csf_k": 0.8560450685626306,
  "summary_csf_mad": 93.65243227666397,
  "summary_csf_mean": 305.58379679938355,
  "summary_csf_median": 291.9866267349571,
  "summary_csf_n": 66684.0,
  "summary_csf_p05": 142.977569613792,
  "summary_csf_p95": 506.75648595020175,
  "summary_csf_stdv": 108.69466835583,
  "summary_gm_k": -0.169351661895627,
  "summary_gm_mad": 68.37104563491597,
  "summary_gm_mean": 745.5345600020594,
  "summary_gm_median": 746.5574473030865,
  "summary_gm_n": 30767.0,
  "summary_gm_p05": 635.0928984781727,
  "summary_gm_p95": 853.3889900768175,
  "summary_gm_stdv": 66.57046741218153,
  "summary_wm_k": 0.5573457260516865,
  "summary_wm_mad": 35.55294373015631,
  "summary_wm_mean": 1000.8785441297912,
  "summary_wm_median": 1000.0429357886314,
  "summary_wm_n": 262838.0,
  "summary_wm_p05": 941.7228272091597,
  "summary_wm_p95": 1063.0174995213747,
  "summary_wm_stdv": 37.15349781984109,
  "tpm_overlap_csf": 0.15033005742062377,
  "tpm_overlap_gm": 0.44409072287207235,
  "tpm_overlap_wm": 0.5096515957795263,
  "wm2max": 0.8170618439268879
}