{
  "aor": 0.001094921875,
  "aqi": 0.007027418020833333,
  "bids_meta": {
    "AcquisitionMatrixPE": 84,
    "AcquisitionNumber": 1,
    "AcquisitionTime": "16:00:16.165000",
    "BandwidthPerPixelPhaseEncode": 15.664,
    "BaseResolution": 84,
    "BodyPartExamined": "BRAIN",
    "ConsistencyInfo": "N4_VE11C_LATEST_20160120",
    "ConversionSoftware": "dcm2niix",
    "ConversionSoftwareVersion": "v1.0.20181114  Clang4.0.1",
    "DerivedVendorReportedEchoSpacing": 0.000760008,
    "DeviceSerialNumber": "67007",
    "DwellTime": 3.8e-06,
    "EchoTime": 0.03,
    "EchoTrainLength": 74,
    "EffectiveEchoSpacing": 0.000760008,
    "FlipAngle": 40,
    "ImageComments": "Unaliased_MB4_PE3",
    "ImageOrientationPatientDICOM": [
      0.999966,
      -0.00281645,
      -0.00769587,
      5.29674e-08,
      0.93909,
      -0.343671
    ],
    "ImageType": [
      "ORIGINAL",
      "PRIMARY",
      "M",
      "MB",
      "ND",
      "NORM",
      "MOSAIC"
    ],
    "ImagingFrequency": 123.211,
    "InPlanePhaseEncodingDirectionDICOM": "COL",
    "InstitutionAddress": "Perth_Drive_100_London_Ontario_CA_N6A_5K8",
    "InstitutionName": "Robarts_Research_Institute",
    "InstitutionalDepartmentName": "CFMM",
    "MRAcquisitionType": "2D",
    "MagneticFieldStrength": 3,
    "Manufacturer": "Siemens",
    "ManufacturersModelName": "Prisma_fit",
    "Modality": "MR",
    "MultibandAccelerationFactor": 4,
    "PartialFourier": 0.875,
    "PatientPosition": "HFS",
    "PercentPhaseFOV": 100,
    "PhaseEncodingDirection": "j-",
    "PhaseEncodingSteps": 74,
    "PhaseResolution": 1,
    "PixelBandwidth": 1565,
    "ProcedureStepDescription": "Ansari_NCNS",
    "ProtocolName": "ep_bold_mb4_adaptation_2",
    "PulseSequenceDetails": "%CustomerSeq%_cmrr_mbep2d_bold",
    "ReceiveCoilActiveElements": "HEA;HEP",
    "ReceiveCoilName": "Head_32",
    "ReconMatrixPE": 84,
    "RepetitionTime": 1,
    "SAR": 0.0402822,
    "ScanOptions": "PFP_FS",
    "ScanningSequence": "EP",
    "SequenceName": "epfid2d1_84",
    "SequenceVariant": "SK_SS",
    "SeriesDescription": "ep_bold_mb4_adaptation_2",
    "SeriesNumber": 4,
    "ShimSetting": [
      5258,
      -6199,
      -4073,
      328,
      -39,
      210,
      50,
      -46
    ],
    "SliceThickness": 2.5,
    "SliceTiming": [
      0,
      0.41,
      0.8175,
      0.245,
      0.655,
      0.0825,
      0.49,
      0.9,
      0.3275,
      0.735,
      0.165,
      0.5725,
      0,
      0.41,
      0.8175,
      0.245,
      0.655,
      0.0825,
      0.49,
      0.9,
      0.3275,
      0.735,
      0.165,
      0.5725,
      0,
      0.41,
      0.8175,
      0.245,
      0.655,
      0.0825,
      0.49,
      0.9,
      0.3275,
      0.735,
      0.165,
      0.5725,
      0,
      0.41,
      0.8175,
      0.245,
      0.655,
      0.0825,
      0.49,
      0.9,
      0.3275,
      0.735,
      0.165,
      0.5725
    ],
    "SoftwareVersions": "syngo_MR_E11",
    "SpacingBetweenSlices": 2.5,
    "StationName": "MRC35368",
    "TaskName": "Adaptation",
    "TotalReadoutTime": 0.0630806,
    "TxRefAmp": 232.103,
    "WipMemBlock": "733124b2-aa1f-4104-9fbf-ae30e14f0c56||Sequence: R016 ve11c/master r/e634e98; Dec 19 2017 11:00:25 by eja",
    "dataset": "ds001838",
    "modality": "bold",
    "run_id": 2,
    "session_id": "01",
    "subject_id": "101",
    "task_id": "Adaptation"
  },
  "dummy_trs": 2,
  "dvars_nstd": 24.232696742428224,
  "dvars_std": 1.0682423769190599,
  "dvars_vstd": 0.982790074986945,
  "efc": 0.5255370910303531,
  "fber": 6758.7080078125,
  "fd_mean": 0.24358935857587075,
  "fd_num": 245,
  "fd_perc": 63.802083333333336,
  "fwhm_avg": 1.9211243501805395,
  "fwhm_x": 1.8266768560748154,
  "fwhm_y": 2.0382881944668036,
  "fwhm_z": 1.8984079999999999,
  "gcor": 0.00499586,
  "gsr_x": -0.01861870475113392,
  "gsr_y": 0.03970532864332199,
  "provenance": {
    "md5sum": "e0944b90f1303083286b6750fd7c9d79",
    "settings": {
      "fd_thres": 0.2,
      "testing": false
    },
    "software": "mriqc",
    "version": "22.0.1",
    "webapi_port": null,
    "webapi_url": "https://mriqc.nimh.nih.gov/api/v1"
  },
  "size_t": 384,
  "size_x": 84,
  "size_y": 84,
  "size_z": 48,
  "snr": 4.831676456649951,
  "spacing_tr": 1.0,
  "spacing_x": 2.4761905670166016,
  "spacing_y": 2.4761905670166016,
  "spacing_z": 2.5,
  "summary_bg_k": 28.608180387587492,
  "summary_bg_mad": 2.188050920489791,
  "summary_bg_mean": 9.981571197509766,
  "summary_bg_median": 2.9945743083953857,
  "summary_bg_n": 204729.0,
  "summary_bg_p05": 1.0693538188934326,
  "summary_bg_p95": 42.98703002929686,
  "summary_bg_stdv": 18.269920349121094,
  "summary_fg_k": 3.5004421733454905,
  "summary_fg_mad": 44.55749490583293,
  "summary_fg_mean": 263.796142578125,
  "summary_fg_median": 255.54598999023438,
  "summary_fg_n": 74217.0,
  "summary_fg_p05": 197.01380615234376,
  "summary_fg_p95": 354.79956054687494,
  "summary_fg_stdv": 52.88935852050781,
  "tsnr": 57.5953254699707
}