{
  "bids_meta": {
    "AcquisitionMatrixPE": 216,
    "AcquisitionNumber": 1,
    "AcquisitionTime": "13:54:59.322500",
    "BaseResolution": 256,
    "BodyPartExamined": "BRAIN",
    "ConsistencyInfo": "N4_VE11C_LATEST_20160120",
    "ConversionSoftware": "dcm2niix",
    "ConversionSoftwareVersion": "v1.0.20181114  Clang4.0.1",
    "DeviceSerialNumber": "67007",
    "DwellTime": 8.2e-06,
    "EchoTime": 0.00298,
    "FlipAngle": 9,
    "ImageOrientationPatientDICOM": [
      -0.0209424,
      0.999781,
      0,
      0,
      0,
      -1
    ],
    "ImageType": [
      "ORIGINAL",
      "PRIMARY",
      "M",
      "ND",
      "NORM"
    ],
    "ImagingFrequency": 123.211,
    "InPlanePhaseEncodingDirectionDICOM": "ROW",
    "InstitutionAddress": "Perth_Drive_100_London_Ontario_CA_N6A_5K8",
    "InstitutionName": "Robarts_Research_Institute",
    "InstitutionalDepartmentName": "CFMM",
    "InversionTime": 0.9,
    "MRAcquisitionType": "3D",
    "MagneticFieldStrength": 3,
    "Manufacturer": "Siemens",
    "ManufacturersModelName": "Prisma_fit",
    "Modality": "MR",
    "PartialFourier": 1,
    "PatientPosition": "HFS",
    "PercentPhaseFOV": 84.375,
    "PhaseEncodingSteps": 215,
    "PhaseResolution": 1,
    "PixelBandwidth": 240,
    "ProcedureStepDescription": "Ansari_NCNS",
    "ProtocolName": "MPRAGE_SAG_iPAT2",
    "PulseSequenceDetails": "%SiemensSeq%_tfl",
    "ReceiveCoilActiveElements": "HEA;HEP",
    "ReceiveCoilName": "Head_32",
    "ReconMatrixPE": 256,
    "RepetitionTime": 2.3,
    "SAR": 0.0493272,
    "ScanOptions": "IR",
    "ScanningSequence": "GR_IR",
    "SequenceName": "_tfl3d1_16ns",
    "SequenceVariant": "SK_SP_MP",
    "SeriesDescription": "MPRAGE_SAG_iPAT2",
    "SeriesNumber": 10,
    "ShimSetting": [
      5232,
      -6138,
      -3898,
      387,
      -77,
      -64,
      8,
      114
    ],
    "SliceThickness": 1,
    "SoftwareVersions": "syngo_MR_E11",
    "StationName": "MRC35368",
    "TxRefAmp": 231.242,
    "dataset": "ds001838",
    "modality": "T1w",
    "session_id": "01",
    "subject_id": "10"
  },
  "cjv": 0.3525456839131278,
  "cnr": 3.7574246219575853,
  "efc": 0.5922409724534825,
  "fber": 1613.0602512309051,
  "fwhm_avg": 3.823423333333333,
  "fwhm_x": 3.90303,
  "fwhm_y": 3.94024,
  "fwhm_z": 3.627,
  "icvs_csf": 0.20185348728306643,
  "icvs_gm": 0.4517033559358083,
  "icvs_wm": 0.3464431567811253,
  "inu_med": 0.4404241442680359,
  "inu_range": 0.12191985249519349,
  "provenance": {
    "md5sum": "10cf289de1986c8262c71910fdc5fe1f",
    "settings": {
      "testing": false
    },
    "software": "mriqc",
    "version": "22.0.1",
    "warnings": {
      "large_rot_frame": true,
      "small_air_mask": false
    },
    "webapi_port": null,
    "webapi_url": "https://mriqc.nimh.nih.gov/api/v1"
  },
  "qi_1": 5.492451252086168e-05,
  "qi_2": 0.006124468772308703,
  "rpve_csf": 23.868194641296522,
  "rpve_gm": 11.39111017282994,
  "rpve_wm": 16.62154274064228,
  "size_x": 192,
  "size_y": 216,
  "size_z": 256,
  "snr_csf": 2.77273928996707,
  "snr_gm": 12.282637263817337,
  "snr_total": 13.151106317287544,
  "snr_wm": 24.39794239807823,
  "snrd_csf": 26.464502643110222,
  "snrd_gm": 64.89119995286813,
  "snrd_total": 60.19488870067772,
  "snrd_wm": 89.2289635060548,
  "spacing_x": 1.0,
  "spacing_y": 1.0,
  "spacing_z": 1.0,
  "summary_bg_k": 159.44739407781847,
  "summary_bg_mad": 7.342429300247916,
  "summary_bg_mean": 5.748207742968545,
  "summary_bg_median": 4.952393304556608,
  "summary_bg_n": 1879264.0,
  "summary_bg_p05": 0.0,
  "summary_bg_p95": 22.046137936413288,
  "summary_bg_stdv": 9.163049742558387,
  "summary_csf_k": 1.6635229281226263,
  "summary_csf_mad": 96.73058471681449,
  "summary_csf_mean": 302.80286903254284,
  "summary_csf_median": 296.60043255612254,
  "summary_csf_n": 35971.0,
  "summary_csf_p05": 133.3791345153004,
  "summary_csf_p95": 489.56804134882987,
  "summary_csf_stdv": 106.96869728398354,
  "summary_gm_k": 0.03381200666976181,
  "summary_gm_mad": 58.265729285838304,
  "summary_gm_mean": 727.8173337840251,
  "summary_gm_median": 727.2669445052743,
  "summary_gm_n": 33125.0,
  "summary_gm_p05": 630.5387155361474,
  "summary_gm_p95": 826.9793898269534,
  "summary_gm_stdv": 59.21008258955468,
  "summary_wm_k": 0.780508135886425,
  "summary_wm_mad": 37.89640929160215,
  "summary_wm_mean": 1000.7702524929351,
  "summary_wm_median": 1000.0319873504341,
  "summary_wm_n": 187203.0,
  "summary_wm_p05": 934.9479540511966,
  "summary_wm_p95": 1068.8862297460437,
  "summary_wm_stdv": 40.98826450392941,
  "tpm_overlap_csf": 0.16793280060658222,
  "tpm_overlap_gm": 0.48576907313687423,
  "tpm_overlap_wm": 0.526752163242835,
  "wm2max": 0.5332481472016356
}