{
  "aor": 0.0009898955613577025,
  "aqi": 0.0167199746997389,
  "bids_meta": {
    "AcquisitionMatrixPE": 84,
    "AcquisitionNumber": 1,
    "AcquisitionTime": "13:32:14.507500",
    "BandwidthPerPixelPhaseEncode": 15.664,
    "BaseResolution": 84,
    "BodyPartExamined": "BRAIN",
    "ConsistencyInfo": "N4_VE11C_LATEST_20160120",
    "ConversionSoftware": "dcm2niix",
    "ConversionSoftwareVersion": "v1.0.20181114  Clang4.0.1",
    "DerivedVendorReportedEchoSpacing": 0.000760008,
    "DeviceSerialNumber": "67007",
    "DwellTime": 3.8e-06,
    "EchoTime": 0.03,
    "EchoTrainLength": 74,
    "EffectiveEchoSpacing": 0.000760008,
    "FlipAngle": 40,
    "ImageComments": "Unaliased_MB4_PE3",
    "ImageOrientationPatientDICOM": [
      1,
      0,
      0,
      0,
      0.998342,
      0.057564
    ],
    "ImageType": [
      "ORIGINAL",
      "PRIMARY",
      "M",
      "MB",
      "ND",
      "NORM",
      "MOSAIC"
    ],
    "ImagingFrequency": 123.211,
    "InPlanePhaseEncodingDirectionDICOM": "COL",
    "InstitutionAddress": "Perth_Drive_100_London_Ontario_CA_N6A_5K8",
    "InstitutionName": "Robarts_Research_Institute",
    "InstitutionalDepartmentName": "CFMM",
    "MRAcquisitionType": "2D",
    "MagneticFieldStrength": 3,
    "Manufacturer": "Siemens",
    "ManufacturersModelName": "Prisma_fit",
    "Modality": "MR",
    "MultibandAccelerationFactor": 4,
    "PartialFourier": 0.875,
    "PatientPosition": "HFS",
    "PercentPhaseFOV": 100,
    "PhaseEncodingDirection": "j-",
    "PhaseEncodingSteps": 74,
    "PhaseResolution": 1,
    "PixelBandwidth": 1565,
    "ProcedureStepDescription": "Ansari_NCNS",
    "ProtocolName": "ep_bold_mb4_adaptation_3",
    "PulseSequenceDetails": "%CustomerSeq%_cmrr_mbep2d_bold",
    "ReceiveCoilActiveElements": "HEA;HEP",
    "ReceiveCoilName": "Head_32",
    "ReconMatrixPE": 84,
    "RepetitionTime": 1,
    "SAR": 0.0443331,
    "ScanOptions": "PFP_FS",
    "ScanningSequence": "EP",
    "SequenceName": "epfid2d1_84",
    "SequenceVariant": "SK_SS",
    "SeriesDescription": "ep_bold_mb4_adaptation_3",
    "SeriesNumber": 6,
    "ShimSetting": [
      5240,
      -6214,
      -3949,
      560,
      -23,
      -147,
      255,
      -48
    ],
    "SliceThickness": 2.5,
    "SliceTiming": [
      0,
      0.41,
      0.8175,
      0.245,
      0.655,
      0.0825,
      0.49,
      0.9,
      0.3275,
      0.735,
      0.165,
      0.5725,
      0,
      0.41,
      0.8175,
      0.245,
      0.655,
      0.0825,
      0.49,
      0.9,
      0.3275,
      0.735,
      0.165,
      0.5725,
      0,
      0.41,
      0.8175,
      0.245,
      0.655,
      0.0825,
      0.49,
      0.9,
      0.3275,
      0.735,
      0.165,
      0.5725,
      0,
      0.41,
      0.8175,
      0.245,
      0.655,
      0.0825,
      0.49,
      0.9,
      0.3275,
      0.735,
      0.165,
      0.5725
    ],
    "SoftwareVersions": "syngo_MR_E11",
    "SpacingBetweenSlices": 2.5,
    "StationName": "MRC35368",
    "TaskName": "Adaptation",
    "TotalReadoutTime": 0.0630806,
    "TxRefAmp": 235.18,
    "WipMemBlock": "d9b62db0-557f-42e1-a7ed-fc69d6cdf9bc||Sequence: R016 ve11c/master r/e634e98; Dec 19 2017 11:00:25 by eja",
    "dataset": "ds001838",
    "modality": "bold",
    "run_id": 3,
    "session_id": "01",
    "subject_id": "113",
    "task_id": "Adaptation"
  },
  "dummy_trs": 3,
  "dvars_nstd": 28.324750231256548,
  "dvars_std": 1.08487635157068,
  "dvars_vstd": 0.945484276675393,
  "efc": 0.5382878522867726,
  "fber": 8336.982421875,
  "fd_mean": 0.23686564527228116,
  "fd_num": 198,
  "fd_perc": 51.697127937336816,
  "fwhm_avg": 2.0153660456650484,
  "fwhm_x": 1.8597114702477284,
  "fwhm_y": 2.2170706667474174,
  "fwhm_z": 1.9693159999999998,
  "gcor": 0.00959332,
  "gsr_x": -0.013305150903761387,
  "gsr_y": 0.05654171481728554,
  "provenance": {
    "md5sum": "bb3c6958016b8c012e9bd8bed1b49ffc",
    "settings": {
      "fd_thres": 0.2,
      "testing": false
    },
    "software": "mriqc",
    "version": "22.0.1",
    "webapi_port": null,
    "webapi_url": "https://mriqc.nimh.nih.gov/api/v1"
  },
  "size_t": 383,
  "size_x": 84,
  "size_y": 84,
  "size_z": 48,
  "snr": 4.478386649505216,
  "spacing_tr": 1.0,
  "spacing_x": 2.4761905670166016,
  "spacing_y": 2.4761908054351807,
  "spacing_z": 2.5,
  "summary_bg_k": 22.80002749320481,
  "summary_bg_mad": 2.06633453049644,
  "summary_bg_mean": 9.815058708190918,
  "summary_bg_median": 2.8191237449645996,
  "summary_bg_n": 198887.0,
  "summary_bg_p05": 1.0176934957504273,
  "summary_bg_p95": 47.09315185546873,
  "summary_bg_stdv": 19.368328094482422,
  "summary_fg_k": 3.720684201604625,
  "summary_fg_mad": 49.00233798574817,
  "summary_fg_mean": 266.9588317871094,
  "summary_fg_median": 258.8427734375,
  "summary_fg_n": 82001.0,
  "summary_fg_p05": 192.09646606445312,
  "summary_fg_p95": 366.5970153808594,
  "summary_fg_stdv": 57.79786682128906,
  "tsnr": 39.43560028076172
}