{
  "bids_meta": {
    "AcquisitionMatrixPE": 248,
    "AcquisitionNumber": 1,
    "AcquisitionTime": "10:46:58.897500",
    "BaseResolution": 256,
    "BodyPartExamined": "BRAIN",
    "ConsistencyInfo": "N4_VE11C_LATEST_20160120",
    "ConversionSoftware": "dcm2niix",
    "ConversionSoftwareVersion": "v1.0.20181114  Clang4.0.1",
    "DeviceSerialNumber": "67007",
    "DwellTime": 8.2e-06,
    "EchoTime": 0.00298,
    "FlipAngle": 9,
    "ImageOrientationPatientDICOM": [
      0.057564,
      0.998342,
      7.48317e-08,
      0.0174234,
      -0.00100455,
      -0.999848
    ],
    "ImageType": [
      "ORIGINAL",
      "PRIMARY",
      "M",
      "ND",
      "NORM"
    ],
    "ImagingFrequency": 123.211,
    "InPlanePhaseEncodingDirectionDICOM": "ROW",
    "InstitutionAddress": "Perth_Drive_100_London_Ontario_CA_N6A_5K8",
    "InstitutionName": "Robarts_Research_Institute",
    "InstitutionalDepartmentName": "CFMM",
    "InversionTime": 0.9,
    "MRAcquisitionType": "3D",
    "MagneticFieldStrength": 3,
    "Manufacturer": "Siemens",
    "ManufacturersModelName": "Prisma_fit",
    "Modality": "MR",
    "PartialFourier": 1,
    "PatientPosition": "HFS",
    "PercentPhaseFOV": 96.875,
    "PhaseEncodingSteps": 247,
    "PhaseResolution": 1,
    "PixelBandwidth": 240,
    "ProcedureStepDescription": "Ansari_NCNS",
    "ProtocolName": "MPRAGE_SAG_iPAT2",
    "PulseSequenceDetails": "%SiemensSeq%_tfl",
    "ReceiveCoilActiveElements": "HEA;HEP;SP1",
    "ReceiveCoilName": "Spine_32",
    "ReconMatrixPE": 256,
    "RepetitionTime": 2.3,
    "SAR": 0.0708683,
    "ScanOptions": "IR",
    "ScanningSequence": "GR_IR",
    "SequenceName": "_tfl3d1_16ns",
    "SequenceVariant": "SK_SP_MP",
    "SeriesDescription": "MPRAGE_SAG_iPAT2",
    "SeriesNumber": 14,
    "ShimSetting": [
      5252,
      -6189,
      -3860,
      183,
      4,
      -325,
      125,
      -14
    ],
    "SliceThickness": 1,
    "SoftwareVersions": "syngo_MR_E11",
    "StationName": "MRC35368",
    "TxRefAmp": 263.61,
    "dataset": "ds001838",
    "modality": "T1w",
    "session_id": "01",
    "subject_id": "12"
  },
  "cjv": 0.33985258268102186,
  "cnr": 3.88932735797575,
  "efc": 0.5759447005057722,
  "fber": 3556.588808163265,
  "fwhm_avg": 3.72691,
  "fwhm_x": 3.71315,
  "fwhm_y": 3.91175,
  "fwhm_z": 3.55583,
  "icvs_csf": 0.2079058872970253,
  "icvs_gm": 0.457807473377504,
  "icvs_wm": 0.3342866393254707,
  "inu_med": 0.42756012082099915,
  "inu_range": 0.08773648738861084,
  "provenance": {
    "md5sum": "70b58f64a12a6a9ca4a2e7badde8bb6d",
    "settings": {
      "testing": false
    },
    "software": "mriqc",
    "version": "22.0.1",
    "warnings": {
      "large_rot_frame": true,
      "small_air_mask": false
    },
    "webapi_port": null,
    "webapi_url": "https://mriqc.nimh.nih.gov/api/v1"
  },
  "qi_1": 0.0,
  "qi_2": 0.0089112511509746,
  "rpve_csf": 25.80307315253876,
  "rpve_gm": 12.573238254419717,
  "rpve_wm": 19.315787878691214,
  "size_x": 192,
  "size_y": 248,
  "size_z": 256,
  "snr_csf": 2.7800525732704884,
  "snr_gm": 13.279541105792704,
  "snr_total": 13.150123996878031,
  "snr_wm": 23.390778311570905,
  "snrd_csf": 24.875734830161047,
  "snrd_gm": 59.94309957593579,
  "snrd_total": 55.74238051955583,
  "snrd_wm": 82.40830715257063,
  "spacing_x": 1.0,
  "spacing_y": 1.0,
  "spacing_z": 1.0,
  "summary_bg_k": 8.129110756368704,
  "summary_bg_mad": 7.949883323423731,
  "summary_bg_mean": 7.034282341159048,
  "summary_bg_median": 5.362114816904068,
  "summary_bg_n": 2789972.0,
  "summary_bg_p05": 0.0,
  "summary_bg_p95": 27.429279640316963,
  "summary_bg_stdv": 9.210935901571606,
  "summary_csf_k": 1.352685333639637,
  "summary_csf_mad": 75.21812682931684,
  "summary_csf_mean": 306.2039250294917,
  "summary_csf_median": 301.85956616699696,
  "summary_csf_n": 33261.0,
  "summary_csf_p05": 119.23830961436033,
  "summary_csf_p95": 508.78220205008984,
  "summary_csf_stdv": 108.57889210253107,
  "summary_gm_k": 0.1617837354052858,
  "summary_gm_mad": 53.610751642575416,
  "summary_gm_mean": 725.3710771622647,
  "summary_gm_median": 727.3914984315634,
  "summary_gm_n": 35391.0,
  "summary_gm_p05": 631.5952548757195,
  "summary_gm_p95": 811.9479243904352,
  "summary_gm_stdv": 54.77457511975211,
  "summary_wm_k": 1.103619145906566,
  "summary_wm_mad": 39.03596554963191,
  "summary_wm_mean": 1000.4308648677095,
  "summary_wm_median": 1000.0000408217311,
  "summary_wm_n": 178589.0,
  "summary_wm_p05": 931.9768022149801,
  "summary_wm_p95": 1069.6044158488512,
  "summary_wm_stdv": 42.75177284710162,
  "tpm_overlap_csf": 0.1585943201981626,
  "tpm_overlap_gm": 0.46263109306798833,
  "tpm_overlap_wm": 0.4885766812523794,
  "wm2max": 0.49250067713976164
}