{
  "bids_meta": {
    "AcquisitionMatrixPE": 256,
    "AcquisitionNumber": 1,
    "AcquisitionTime": "19:02:52.262500",
    "BaseResolution": 256,
    "BodyPartExamined": "BRAIN",
    "ConsistencyInfo": "N4_VE11C_LATEST_20160120",
    "ConversionSoftware": "dcm2niix",
    "ConversionSoftwareVersion": "v1.0.20181114  Clang4.0.1",
    "DeviceSerialNumber": "67007",
    "DwellTime": 8.2e-06,
    "EchoTime": 0.00298,
    "FlipAngle": 9,
    "ImageOrientationPatientDICOM": [
      -0.0331603,
      0.99945,
      -6.29191e-09,
      -0.0174332,
      -0.000578415,
      -0.999848
    ],
    "ImageType": [
      "ORIGINAL",
      "PRIMARY",
      "M",
      "ND",
      "NORM"
    ],
    "ImagingFrequency": 123.211,
    "InPlanePhaseEncodingDirectionDICOM": "ROW",
    "InstitutionAddress": "Perth_Drive_100_London_Ontario_CA_N6A_5K8",
    "InstitutionName": "Robarts_Research_Institute",
    "InstitutionalDepartmentName": "CFMM",
    "InversionTime": 0.9,
    "MRAcquisitionType": "3D",
    "MagneticFieldStrength": 3,
    "Manufacturer": "Siemens",
    "ManufacturersModelName": "Prisma_fit",
    "Modality": "MR",
    "PartialFourier": 1,
    "PatientPosition": "HFS",
    "PercentPhaseFOV": 100,
    "PhaseEncodingSteps": 255,
    "PhaseResolution": 1,
    "PixelBandwidth": 240,
    "ProcedureStepDescription": "Ansari_NCNS",
    "ProtocolName": "MPRAGE_SAG_iPAT2",
    "PulseSequenceDetails": "%SiemensSeq%_tfl",
    "ReceiveCoilActiveElements": "HEA;HEP",
    "ReceiveCoilName": "Head_32",
    "ReconMatrixPE": 256,
    "RepetitionTime": 2.3,
    "SAR": 0.0657318,
    "ScanOptions": "IR",
    "ScanningSequence": "GR_IR",
    "SequenceName": "_tfl3d1_16ns",
    "SequenceVariant": "SK_SP_MP",
    "SeriesDescription": "MPRAGE_SAG_iPAT2",
    "SeriesNumber": 10,
    "ShimSetting": [
      5222,
      -6095,
      -3913,
      369,
      -27,
      234,
      264,
      71
    ],
    "SliceThickness": 1,
    "SoftwareVersions": "syngo_MR_E11",
    "StationName": "MRC35368",
    "TxRefAmp": 231.801,
    "dataset": "ds001838",
    "modality": "T1w",
    "session_id": "01",
    "subject_id": "26"
  },
  "cjv": 0.36241721742555033,
  "cnr": 3.7108411528023413,
  "efc": 0.49510589954118056,
  "fber": 3448.94269214662,
  "fwhm_avg": 3.8088266666666666,
  "fwhm_x": 3.91068,
  "fwhm_y": 3.90395,
  "fwhm_z": 3.61185,
  "icvs_csf": 0.2170668660694373,
  "icvs_gm": 0.43048212502482003,
  "icvs_wm": 0.3524510089057427,
  "inu_med": 0.3939390778541565,
  "inu_range": 0.10138597488403323,
  "provenance": {
    "md5sum": "3e3c8173123bdc943f05d774fbc4f761",
    "settings": {
      "testing": false
    },
    "software": "mriqc",
    "version": "22.0.1",
    "warnings": {
      "large_rot_frame": true,
      "small_air_mask": false
    },
    "webapi_port": null,
    "webapi_url": "https://mriqc.nimh.nih.gov/api/v1"
  },
  "qi_1": 0.0,
  "qi_2": 0.02917502343922066,
  "rpve_csf": 29.427507825011347,
  "rpve_gm": 15.415651824981143,
  "rpve_wm": 21.578723323551824,
  "size_x": 192,
  "size_y": 256,
  "size_z": 256,
  "snr_csf": 2.206687407852924,
  "snr_gm": 11.954921113408524,
  "snr_total": 13.340495873353577,
  "snr_wm": 25.859879098799283,
  "snrd_csf": 25.356406647544446,
  "snrd_gm": 59.4264713099159,
  "snrd_total": 55.47883478107707,
  "snrd_wm": 81.65362638577086,
  "spacing_x": 1.0,
  "spacing_y": 1.0,
  "spacing_z": 1.0,
  "summary_bg_k": 5190.938554639074,
  "summary_bg_mad": 8.023137882275263,
  "summary_bg_mean": 8.102048963990416,
  "summary_bg_median": 6.8196249678730965,
  "summary_bg_n": 4144076.0,
  "summary_bg_p05": 0.0,
  "summary_bg_p95": 21.2043399810791,
  "summary_bg_stdv": 13.40773750019961,
  "summary_csf_k": 7.243329091645688,
  "summary_csf_mad": 130.82626873342724,
  "summary_csf_mean": 318.65465796385405,
  "summary_csf_median": 310.5276194885373,
  "summary_csf_n": 33204.0,
  "summary_csf_p05": 103.92749523408712,
  "summary_csf_p95": 547.9955199133605,
  "summary_csf_stdv": 140.7190444332436,
  "summary_gm_k": -0.04618506058649485,
  "summary_gm_mad": 61.81090919507984,
  "summary_gm_mean": 727.0496189316387,
  "summary_gm_median": 727.7671843245625,
  "summary_gm_n": 34671.0,
  "summary_gm_p05": 625.3623705357313,
  "summary_gm_p95": 825.5887683779001,
  "summary_gm_stdv": 60.87507245049683,
  "summary_wm_k": 0.5279115939403431,
  "summary_wm_mad": 36.840939255345596,
  "summary_wm_mean": 999.7454045337768,
  "summary_wm_median": 999.9723768681288,
  "summary_wm_n": 179556.0,
  "summary_wm_p05": 935.8899900242686,
  "summary_wm_p95": 1062.1772961094975,
  "summary_wm_stdv": 38.6687651738105,
  "tpm_overlap_csf": 0.14096001953239642,
  "tpm_overlap_gm": 0.4700408837761639,
  "tpm_overlap_wm": 0.5093812430091166,
  "wm2max": 0.6429206669216332
}