{
  "bids_meta": {
    "AcquisitionMatrixPE": 256,
    "AcquisitionNumber": 1,
    "AcquisitionTime": "16:29:51.175000",
    "BaseResolution": 256,
    "BodyPartExamined": "BRAIN",
    "ConsistencyInfo": "N4_VE11C_LATEST_20160120",
    "ConversionSoftware": "dcm2niix",
    "ConversionSoftwareVersion": "v1.0.20181114  Clang4.0.1",
    "DeviceSerialNumber": "67007",
    "DwellTime": 8.2e-06,
    "EchoTime": 0.00298,
    "FlipAngle": 9,
    "ImageOrientationPatientDICOM": [
      0,
      1,
      0,
      0,
      0,
      -1
    ],
    "ImageType": [
      "ORIGINAL",
      "PRIMARY",
      "M",
      "ND",
      "NORM"
    ],
    "ImagingFrequency": 123.211,
    "InPlanePhaseEncodingDirectionDICOM": "ROW",
    "InstitutionAddress": "Perth_Drive_100_London_Ontario_CA_N6A_5K8",
    "InstitutionName": "Robarts-CFMM",
    "InstitutionalDepartmentName": "CFMM",
    "InversionTime": 0.9,
    "MRAcquisitionType": "3D",
    "MagneticFieldStrength": 3,
    "Manufacturer": "Siemens",
    "ManufacturersModelName": "Prisma_fit",
    "Modality": "MR",
    "PartialFourier": 1,
    "PatientPosition": "HFS",
    "PercentPhaseFOV": 100,
    "PhaseEncodingSteps": 255,
    "PhaseResolution": 1,
    "PixelBandwidth": 240,
    "ProcedureStepDescription": "Ansari_NCNS",
    "ProtocolName": "MPRAGE_SAG_iPAT2",
    "PulseSequenceDetails": "%SiemensSeq%_tfl",
    "ReceiveCoilActiveElements": "HEA;HEP",
    "ReceiveCoilName": "Head_32",
    "ReconMatrixPE": 256,
    "RepetitionTime": 2.3,
    "SAR": 0.0543743,
    "ScanOptions": "IR",
    "ScanningSequence": "GR_IR",
    "SequenceName": "_tfl3d1_16ns",
    "SequenceVariant": "SK_SP_MP",
    "SeriesDescription": "MPRAGE_SAG_iPAT2",
    "SeriesNumber": 10,
    "ShimSetting": [
      5239,
      -6145,
      -3931,
      469,
      -81,
      70,
      -168,
      51
    ],
    "SliceThickness": 1,
    "SoftwareVersions": "syngo_MR_E11",
    "StationName": "MRC35368",
    "TxRefAmp": 233.758,
    "dataset": "ds001838",
    "modality": "T1w",
    "session_id": "01",
    "subject_id": "126"
  },
  "cjv": 0.3673542552275491,
  "cnr": 3.598768148372901,
  "efc": 0.5213256138820668,
  "fber": 5784.975706500772,
  "fwhm_avg": 3.8323933333333335,
  "fwhm_x": 3.87394,
  "fwhm_y": 3.98707,
  "fwhm_z": 3.63617,
  "icvs_csf": 0.2015585558699276,
  "icvs_gm": 0.44176602219123456,
  "icvs_wm": 0.35667542193883783,
  "inu_med": 0.43021684885025024,
  "inu_range": 0.12163751423358915,
  "provenance": {
    "md5sum": "ea6be79f4631d3bddea236becfcfc516",
    "settings": {
      "testing": false
    },
    "software": "mriqc",
    "version": "22.0.1",
    "warnings": {
      "large_rot_frame": true,
      "small_air_mask": false
    },
    "webapi_port": null,
    "webapi_url": "https://mriqc.nimh.nih.gov/api/v1"
  },
  "qi_1": 0.0,
  "qi_2": 0.019163543452381433,
  "rpve_csf": 25.43062875414698,
  "rpve_gm": 12.237037343645904,
  "rpve_wm": 17.084719415726283,
  "size_x": 192,
  "size_y": 256,
  "size_z": 256,
  "snr_csf": 2.383528458391877,
  "snr_gm": 12.417387899622788,
  "snr_total": 13.457444745986436,
  "snr_wm": 25.571417879944647,
  "snrd_csf": 30.26897089445467,
  "snrd_gm": 76.79856881587918,
  "snrd_total": 70.187914388772,
  "snrd_wm": 103.49620345598214,
  "spacing_x": 1.0,
  "spacing_y": 1.0,
  "spacing_z": 1.0,
  "summary_bg_k": 4.880696003240074,
  "summary_bg_mad": 6.330052712827718,
  "summary_bg_mean": 4.9480391380856386,
  "summary_bg_median": 4.269555673003197,
  "summary_bg_n": 3766708.0,
  "summary_bg_p05": 0.0,
  "summary_bg_p95": 16.026764951646328,
  "summary_bg_stdv": 6.140639958586547,
  "summary_csf_k": 0.8869689345670393,
  "summary_csf_mad": 109.83113848749585,
  "summary_csf_mean": 294.7102642398132,
  "summary_csf_median": 292.464563600719,
  "summary_csf_n": 38688.0,
  "summary_csf_p05": 88.44989961385727,
  "summary_csf_p95": 507.917813308537,
  "summary_csf_stdv": 122.7007727819004,
  "summary_gm_k": 0.10315258334846344,
  "summary_gm_mad": 59.23795598422357,
  "summary_gm_mean": 741.8671788330196,
  "summary_gm_median": 742.0424034968019,
  "summary_gm_n": 32223.0,
  "summary_gm_p05": 644.1293842196465,
  "summary_gm_p95": 839.0314144566655,
  "summary_gm_stdv": 59.75740592406308,
  "summary_wm_k": 1.1184130324081956,
  "summary_wm_mad": 35.523877910794354,
  "summary_wm_mean": 1000.8278312556051,
  "summary_wm_median": 1000.0000358000398,
  "summary_wm_n": 218171.0,
  "summary_wm_p05": 938.3145150318742,
  "summary_wm_p95": 1065.5568327941,
  "summary_wm_stdv": 39.10607337895475,
  "tpm_overlap_csf": 0.14433788972806658,
  "tpm_overlap_gm": 0.46947545780068595,
  "tpm_overlap_wm": 0.5108250537558998,
  "wm2max": 0.5461585312799095
}