{
  "bids_meta": {
    "AcquisitionMatrixPE": 256,
    "AcquisitionNumber": 1,
    "AcquisitionTime": "12:30:38.337500",
    "BaseResolution": 256,
    "BodyPartExamined": "BRAIN",
    "ConsistencyInfo": "N4_VE11C_LATEST_20160120",
    "ConversionSoftware": "dcm2niix",
    "ConversionSoftwareVersion": "v1.0.20181114  Clang4.0.1",
    "DeviceSerialNumber": "67007",
    "DwellTime": 8.2e-06,
    "EchoTime": 0.00298,
    "FlipAngle": 9,
    "ImageOrientationPatientDICOM": [
      0,
      1,
      0,
      0,
      0,
      -1
    ],
    "ImageType": [
      "ORIGINAL",
      "PRIMARY",
      "M",
      "ND",
      "NORM"
    ],
    "ImagingFrequency": 123.211,
    "InPlanePhaseEncodingDirectionDICOM": "ROW",
    "InstitutionAddress": "Perth_Drive_100_London_Ontario_CA_N6A_5K8",
    "InstitutionName": "Robarts_Research_Institute",
    "InstitutionalDepartmentName": "CFMM",
    "InversionTime": 0.9,
    "MRAcquisitionType": "3D",
    "MagneticFieldStrength": 3,
    "Manufacturer": "Siemens",
    "ManufacturersModelName": "Prisma_fit",
    "Modality": "MR",
    "PartialFourier": 1,
    "PatientPosition": "HFS",
    "PercentPhaseFOV": 100,
    "PhaseEncodingSteps": 255,
    "PhaseResolution": 1,
    "PixelBandwidth": 240,
    "ProcedureStepDescription": "Ansari_NCNS",
    "ProtocolName": "MPRAGE_SAG_iPAT2",
    "PulseSequenceDetails": "%SiemensSeq%_tfl",
    "ReceiveCoilActiveElements": "HEA;HEP",
    "ReceiveCoilName": "Head_32",
    "ReconMatrixPE": 256,
    "RepetitionTime": 2.3,
    "SAR": 0.0497161,
    "ScanOptions": "IR",
    "ScanningSequence": "GR_IR",
    "SequenceName": "_tfl3d1_16ns",
    "SequenceVariant": "SK_SP_MP",
    "SeriesDescription": "MPRAGE_SAG_iPAT2",
    "SeriesNumber": 10,
    "ShimSetting": [
      5252,
      -6202,
      -3868,
      373,
      50,
      -116,
      96,
      2
    ],
    "SliceThickness": 1,
    "SoftwareVersions": "syngo_MR_E11",
    "StationName": "MRC35368",
    "TxRefAmp": 239.483,
    "dataset": "ds001838",
    "modality": "T1w",
    "session_id": "01",
    "subject_id": "112"
  },
  "cjv": 0.304930421991281,
  "cnr": 4.241075234150776,
  "efc": 0.5652207640259597,
  "fber": 2644.440581992157,
  "fwhm_avg": 3.83562,
  "fwhm_x": 3.92406,
  "fwhm_y": 3.97091,
  "fwhm_z": 3.61189,
  "icvs_csf": 0.20050432018174225,
  "icvs_gm": 0.4589957998153065,
  "icvs_wm": 0.3404998800029512,
  "inu_med": 0.46105438470840454,
  "inu_range": 0.14618870615959173,
  "provenance": {
    "md5sum": "f8fffaf32b1a4e516958f03d9afea0bc",
    "settings": {
      "testing": false
    },
    "software": "mriqc",
    "version": "22.0.1",
    "warnings": {
      "large_rot_frame": true,
      "small_air_mask": false
    },
    "webapi_port": null,
    "webapi_url": "https://mriqc.nimh.nih.gov/api/v1"
  },
  "qi_1": 0.0,
  "qi_2": 0.014608192645829934,
  "rpve_csf": 25.54751580590714,
  "rpve_gm": 12.172558543237354,
  "rpve_wm": 18.240631180970052,
  "size_x": 192,
  "size_y": 256,
  "size_z": 256,
  "snr_csf": 2.6994434708638866,
  "snr_gm": 13.309137158279876,
  "snr_total": 14.359029303386798,
  "snr_wm": 27.06850728101663,
  "snrd_csf": 40.72016832118411,
  "snrd_gm": 92.98954584230945,
  "snrd_total": 87.60549421045279,
  "snrd_wm": 129.1067684678648,
  "spacing_x": 1.0,
  "spacing_y": 1.0,
  "spacing_z": 1.0,
  "summary_bg_k": 66.79193518562295,
  "summary_bg_mad": 5.0743769553053015,
  "summary_bg_mean": 5.620887539348367,
  "summary_bg_median": 3.4226152449846268,
  "summary_bg_n": 3041894.0,
  "summary_bg_p05": 0.0,
  "summary_bg_p95": 19.005886171013117,
  "summary_bg_stdv": 7.581497157638286,
  "summary_csf_k": 0.9818637667922081,
  "summary_csf_mad": 105.0626683246166,
  "summary_csf_mean": 325.01304899913407,
  "summary_csf_median": 315.3991806060076,
  "summary_csf_n": 31918.0,
  "summary_csf_p05": 140.37519351560624,
  "summary_csf_p95": 532.042946942523,
  "summary_csf_stdv": 116.83676402138057,
  "summary_gm_k": 0.330068719496285,
  "summary_gm_mad": 51.089749800005656,
  "summary_gm_mean": 721.5614629307806,
  "summary_gm_median": 720.2530778422952,
  "summary_gm_n": 54058.0,
  "summary_gm_p05": 634.4543365873396,
  "summary_gm_p95": 813.4973037002607,
  "summary_gm_stdv": 54.116687459994495,
  "summary_wm_k": 0.8517755589500124,
  "summary_wm_mad": 34.21360219864938,
  "summary_wm_mean": 1000.1604137398336,
  "summary_wm_median": 1000.0000163130462,
  "summary_wm_n": 221164.0,
  "summary_wm_p05": 940.2118544748054,
  "summary_wm_p95": 1060.2847166508436,
  "summary_wm_stdv": 36.943217635277364,
  "tpm_overlap_csf": 0.14988226590651343,
  "tpm_overlap_gm": 0.46875585058675096,
  "tpm_overlap_wm": 0.5019687757739755,
  "wm2max": 0.6868933335708052
}