{
  "aor": 0.0002151822916666667,
  "aqi": 0.007977186171875,
  "bids_meta": {
    "AcquisitionMatrixPE": 84,
    "AcquisitionNumber": 1,
    "AcquisitionTime": "16:13:25.627500",
    "BandwidthPerPixelPhaseEncode": 15.664,
    "BaseResolution": 84,
    "BodyPartExamined": "BRAIN",
    "ConsistencyInfo": "N4_VE11C_LATEST_20160120",
    "ConversionSoftware": "dcm2niix",
    "ConversionSoftwareVersion": "v1.0.20181114  Clang4.0.1",
    "DerivedVendorReportedEchoSpacing": 0.000760008,
    "DeviceSerialNumber": "67007",
    "DwellTime": 3.8e-06,
    "EchoTime": 0.03,
    "EchoTrainLength": 74,
    "EffectiveEchoSpacing": 0.000760008,
    "FlipAngle": 40,
    "ImageComments": "Unaliased_MB4_PE3",
    "ImageOrientationPatientDICOM": [
      1,
      0,
      0,
      0,
      0.921863,
      -0.387516
    ],
    "ImageType": [
      "ORIGINAL",
      "PRIMARY",
      "M",
      "MB",
      "ND",
      "NORM",
      "MOSAIC"
    ],
    "ImagingFrequency": 123.211,
    "InPlanePhaseEncodingDirectionDICOM": "COL",
    "InstitutionAddress": "Perth_Drive_100_London_Ontario_CA_N6A_5K8",
    "InstitutionName": "Robarts_Research_Institute",
    "InstitutionalDepartmentName": "CFMM",
    "MRAcquisitionType": "2D",
    "MagneticFieldStrength": 3,
    "Manufacturer": "Siemens",
    "ManufacturersModelName": "Prisma_fit",
    "Modality": "MR",
    "MultibandAccelerationFactor": 4,
    "PartialFourier": 0.875,
    "PatientPosition": "HFS",
    "PercentPhaseFOV": 100,
    "PhaseEncodingDirection": "j-",
    "PhaseEncodingSteps": 74,
    "PhaseResolution": 1,
    "PixelBandwidth": 1565,
    "ProcedureStepDescription": "Ansari_NCNS",
    "ProtocolName": "ep_bold_mb4_adaptation_2",
    "PulseSequenceDetails": "%CustomerSeq%_cmrr_mbep2d_bold",
    "ReceiveCoilActiveElements": "HEA;HEP",
    "ReceiveCoilName": "Head_32",
    "ReconMatrixPE": 84,
    "RepetitionTime": 1,
    "SAR": 0.0474422,
    "ScanOptions": "PFP_FS",
    "ScanningSequence": "EP",
    "SequenceName": "epfid2d1_84",
    "SequenceVariant": "SK_SS",
    "SeriesDescription": "ep_bold_mb4_adaptation_2",
    "SeriesNumber": 4,
    "ShimSetting": [
      5262,
      -6197,
      -3948,
      513,
      126,
      189,
      78,
      73
    ],
    "SliceThickness": 2.5,
    "SliceTiming": [
      0,
      0.4075,
      0.815,
      0.245,
      0.6525,
      0.08,
      0.49,
      0.8975,
      0.325,
      0.735,
      0.1625,
      0.57,
      0,
      0.4075,
      0.815,
      0.245,
      0.6525,
      0.08,
      0.49,
      0.8975,
      0.325,
      0.735,
      0.1625,
      0.57,
      0,
      0.4075,
      0.815,
      0.245,
      0.6525,
      0.08,
      0.49,
      0.8975,
      0.325,
      0.735,
      0.1625,
      0.57,
      0,
      0.4075,
      0.815,
      0.245,
      0.6525,
      0.08,
      0.49,
      0.8975,
      0.325,
      0.735,
      0.1625,
      0.57
    ],
    "SoftwareVersions": "syngo_MR_E11",
    "SpacingBetweenSlices": 2.5,
    "StationName": "MRC35368",
    "TaskName": "Adaptation",
    "TotalReadoutTime": 0.0630806,
    "TxRefAmp": 231.94,
    "WipMemBlock": "4ea280cb-8fb4-4a1e-a149-3c41bc7eb07c||Sequence: R016 ve11c/master r/e634e98; Dec 19 2017 11:00:25 by eja",
    "dataset": "ds001838",
    "modality": "bold",
    "run_id": 2,
    "session_id": "01",
    "subject_id": "107",
    "task_id": "Adaptation"
  },
  "dummy_trs": 2,
  "dvars_nstd": 22.506270306370748,
  "dvars_std": 1.0458612483812018,
  "dvars_vstd": 0.9575874154569199,
  "efc": 0.5017205078378258,
  "fber": 5800.63818359375,
  "fd_mean": 0.10455696595987501,
  "fd_num": 3,
  "fd_perc": 0.78125,
  "fwhm_avg": 1.8811096712942244,
  "fwhm_x": 1.7775691655683825,
  "fwhm_y": 2.038251848314291,
  "fwhm_z": 1.827508,
  "gcor": 0.0107741,
  "gsr_x": -0.020632319152355194,
  "gsr_y": 0.035644467920064926,
  "provenance": {
    "md5sum": "056ea8fe86e2c04f3ae02364ef15cdf7",
    "settings": {
      "fd_thres": 0.2,
      "testing": false
    },
    "software": "mriqc",
    "version": "22.0.1",
    "webapi_port": null,
    "webapi_url": "https://mriqc.nimh.nih.gov/api/v1"
  },
  "size_t": 384,
  "size_x": 84,
  "size_y": 84,
  "size_z": 48,
  "snr": 5.265055223677117,
  "spacing_tr": 1.0,
  "spacing_x": 2.4761905670166016,
  "spacing_y": 2.4761905670166016,
  "spacing_z": 2.5,
  "summary_bg_k": 34.11654588875739,
  "summary_bg_mad": 2.0263999604374314,
  "summary_bg_mean": 9.411904335021973,
  "summary_bg_median": 3.03739070892334,
  "summary_bg_n": 216291.0,
  "summary_bg_p05": 1.2258846163749695,
  "summary_bg_p95": 36.90070343017578,
  "summary_bg_stdv": 18.586275100708008,
  "summary_fg_k": 3.0157952960740904,
  "summary_fg_mad": 40.24673665485267,
  "summary_fg_mean": 243.89122009277344,
  "summary_fg_median": 238.66453552246094,
  "summary_fg_n": 64779.0,
  "summary_fg_p05": 184.31266326904296,
  "summary_fg_p95": 321.1120727539062,
  "summary_fg_stdv": 45.32957077026367,
  "tsnr": 57.18671798706055
}