{
  "aor": 0.00040489583333333333,
  "aqi": 0.004638725364583333,
  "bids_meta": {
    "AcquisitionMatrixPE": 84,
    "AcquisitionNumber": 1,
    "AcquisitionTime": "14:29:53.240000",
    "BandwidthPerPixelPhaseEncode": 15.664,
    "BaseResolution": 84,
    "BodyPartExamined": "BRAIN",
    "ConsistencyInfo": "N4_VE11C_LATEST_20160120",
    "ConversionSoftware": "dcm2niix",
    "ConversionSoftwareVersion": "v1.0.20181114  Clang4.0.1",
    "DerivedVendorReportedEchoSpacing": 0.000760008,
    "DeviceSerialNumber": "67007",
    "DwellTime": 3.8e-06,
    "EchoTime": 0.03,
    "EchoTrainLength": 74,
    "EffectiveEchoSpacing": 0.000760008,
    "FlipAngle": 40,
    "ImageComments": "Unaliased_MB4_PE3",
    "ImageOrientationPatientDICOM": [
      1,
      0,
      0,
      0,
      0.946085,
      -0.323917
    ],
    "ImageType": [
      "ORIGINAL",
      "PRIMARY",
      "M",
      "MB",
      "ND",
      "NORM",
      "MOSAIC"
    ],
    "ImagingFrequency": 123.211,
    "InPlanePhaseEncodingDirectionDICOM": "COL",
    "InstitutionAddress": "Perth_Drive_100_London_Ontario_CA_N6A_5K8",
    "InstitutionName": "Robarts_Research_Institute",
    "InstitutionalDepartmentName": "CFMM",
    "MRAcquisitionType": "2D",
    "MagneticFieldStrength": 3,
    "Manufacturer": "Siemens",
    "ManufacturersModelName": "Prisma_fit",
    "Modality": "MR",
    "MultibandAccelerationFactor": 4,
    "PartialFourier": 0.875,
    "PatientPosition": "HFS",
    "PercentPhaseFOV": 100,
    "PhaseEncodingDirection": "j-",
    "PhaseEncodingSteps": 74,
    "PhaseResolution": 1,
    "PixelBandwidth": 1565,
    "ProcedureStepDescription": "Ansari_NCNS",
    "ProtocolName": "ep_bold_mb4_adaptation_3",
    "PulseSequenceDetails": "%CustomerSeq%_cmrr_mbep2d_bold",
    "ReceiveCoilActiveElements": "HEA;HEP",
    "ReceiveCoilName": "Head_32",
    "ReconMatrixPE": 84,
    "RepetitionTime": 1,
    "SAR": 0.0737764,
    "ScanOptions": "PFP_FS",
    "ScanningSequence": "EP",
    "SequenceName": "epfid2d1_84",
    "SequenceVariant": "SK_SS",
    "SeriesDescription": "ep_bold_mb4_adaptation_3",
    "SeriesNumber": 6,
    "ShimSetting": [
      5250,
      -6209,
      -3980,
      455,
      46,
      -32,
      -19,
      -9
    ],
    "SliceThickness": 2.5,
    "SliceTiming": [
      0,
      0.4075,
      0.8175,
      0.245,
      0.6525,
      0.0825,
      0.49,
      0.8975,
      0.3275,
      0.735,
      0.1625,
      0.5725,
      0,
      0.4075,
      0.8175,
      0.245,
      0.6525,
      0.0825,
      0.49,
      0.8975,
      0.3275,
      0.735,
      0.1625,
      0.5725,
      0,
      0.4075,
      0.8175,
      0.245,
      0.6525,
      0.0825,
      0.49,
      0.8975,
      0.3275,
      0.735,
      0.1625,
      0.5725,
      0,
      0.4075,
      0.8175,
      0.245,
      0.6525,
      0.0825,
      0.49,
      0.8975,
      0.3275,
      0.735,
      0.1625,
      0.5725
    ],
    "SoftwareVersions": "syngo_MR_E11",
    "SpacingBetweenSlices": 2.5,
    "StationName": "MRC35368",
    "TaskName": "Adaptation",
    "TotalReadoutTime": 0.0630806,
    "TxRefAmp": 257.914,
    "WipMemBlock": "ce38379e-87e9-4804-b2d4-b8ebc0499255||Sequence: R016 ve11c/master r/e634e98; Dec 19 2017 11:00:25 by eja",
    "dataset": "ds001838",
    "modality": "bold",
    "run_id": 3,
    "session_id": "01",
    "subject_id": "18",
    "task_id": "Adaptation"
  },
  "dummy_trs": 2,
  "dvars_nstd": 25.820374850104432,
  "dvars_std": 1.1470953508093993,
  "dvars_vstd": 1.0004667252480424,
  "efc": 0.5627968812604731,
  "fber": 4700.171875,
  "fd_mean": 0.09165400367816194,
  "fd_num": 0,
  "fd_perc": 0.0,
  "fwhm_avg": 1.92551168345076,
  "fwhm_x": 1.8161485872302208,
  "fwhm_y": 2.0129264631220587,
  "fwhm_z": 1.94746,
  "gcor": 0.00649696,
  "gsr_x": 0.013222037814557552,
  "gsr_y": 0.03073551133275032,
  "provenance": {
    "md5sum": "8c5a1e3970be815a60a6d023f98de211",
    "settings": {
      "fd_thres": 0.2,
      "testing": false
    },
    "software": "mriqc",
    "version": "22.0.1",
    "webapi_port": null,
    "webapi_url": "https://mriqc.nimh.nih.gov/api/v1"
  },
  "size_t": 384,
  "size_x": 84,
  "size_y": 84,
  "size_z": 48,
  "snr": 4.814025485641648,
  "spacing_tr": 1.0,
  "spacing_x": 2.4761905670166016,
  "spacing_y": 2.4761908054351807,
  "spacing_z": 2.5,
  "summary_bg_k": 13.84726265553266,
  "summary_bg_mad": 2.8588200615610453,
  "summary_bg_mean": 12.13011646270752,
  "summary_bg_median": 3.255342483520508,
  "summary_bg_n": 195867.0,
  "summary_bg_p05": 1.0313209176063538,
  "summary_bg_p95": 53.46198959350585,
  "summary_bg_stdv": 21.625425338745117,
  "summary_fg_k": 5.350169685572636,
  "summary_fg_mad": 39.657120846428114,
  "summary_fg_mean": 236.9125213623047,
  "summary_fg_median": 230.12680053710938,
  "summary_fg_n": 84345.0,
  "summary_fg_p05": 176.256689453125,
  "summary_fg_p95": 315.4002502441407,
  "summary_fg_stdv": 47.80311965942383,
  "tsnr": 63.16507339477539
}