{
  "bids_meta": {
    "AcquisitionMatrixPE": 240,
    "AcquisitionNumber": 1,
    "AcquisitionTime": "15:34:0.045000",
    "BaseResolution": 256,
    "BodyPartExamined": "BRAIN",
    "ConsistencyInfo": "N4_VE11C_LATEST_20160120",
    "ConversionSoftware": "dcm2niix",
    "ConversionSoftwareVersion": "v1.0.20181114  Clang4.0.1",
    "DeviceSerialNumber": "67007",
    "DwellTime": 8.2e-06,
    "EchoTime": 0.00298,
    "FlipAngle": 9,
    "ImageOrientationPatientDICOM": [
      -0.0366437,
      0.999328,
      0,
      0,
      0,
      -1
    ],
    "ImageType": [
      "ORIGINAL",
      "PRIMARY",
      "M",
      "ND",
      "NORM"
    ],
    "ImagingFrequency": 123.211,
    "InPlanePhaseEncodingDirectionDICOM": "ROW",
    "InstitutionAddress": "Perth_Drive_100_London_Ontario_CA_N6A_5K8",
    "InstitutionName": "Robarts_Research_Institute",
    "InstitutionalDepartmentName": "CFMM",
    "InversionTime": 0.9,
    "MRAcquisitionType": "3D",
    "MagneticFieldStrength": 3,
    "Manufacturer": "Siemens",
    "ManufacturersModelName": "Prisma_fit",
    "Modality": "MR",
    "PartialFourier": 1,
    "PatientPosition": "HFS",
    "PercentPhaseFOV": 93.75,
    "PhaseEncodingSteps": 239,
    "PhaseResolution": 1,
    "PixelBandwidth": 240,
    "ProcedureStepDescription": "Ansari_NCNS",
    "ProtocolName": "MPRAGE_SAG_iPAT2",
    "PulseSequenceDetails": "%SiemensSeq%_tfl",
    "ReceiveCoilActiveElements": "HEA;HEP",
    "ReceiveCoilName": "Head_32",
    "ReconMatrixPE": 256,
    "RepetitionTime": 2.3,
    "SAR": 0.0586647,
    "ScanOptions": "IR",
    "ScanningSequence": "GR_IR",
    "SequenceName": "_tfl3d1_16ns",
    "SequenceVariant": "SK_SP_MP",
    "SeriesDescription": "MPRAGE_SAG_iPAT2",
    "SeriesNumber": 10,
    "ShimSetting": [
      5237,
      -6189,
      -3893,
      343,
      -23,
      -112,
      104,
      12
    ],
    "SliceThickness": 1,
    "SoftwareVersions": "syngo_MR_E11",
    "StationName": "MRC35368",
    "TxRefAmp": 256.414,
    "dataset": "ds001838",
    "modality": "T1w",
    "session_id": "01",
    "subject_id": "114"
  },
  "cjv": 0.3643911384212652,
  "cnr": 3.6570048727811355,
  "efc": 0.582652306943181,
  "fber": 3289.2831869834713,
  "fwhm_avg": 3.8222066666666663,
  "fwhm_x": 3.82237,
  "fwhm_y": 3.9566,
  "fwhm_z": 3.68765,
  "icvs_csf": 0.19176262125974694,
  "icvs_gm": 0.4400175906010185,
  "icvs_wm": 0.3682197881392345,
  "inu_med": 0.42789219319820404,
  "inu_range": 0.13510380089282992,
  "provenance": {
    "md5sum": "b422315dcec0a424830c1ab11dac52cd",
    "settings": {
      "testing": false
    },
    "software": "mriqc",
    "version": "22.0.1",
    "warnings": {
      "large_rot_frame": true,
      "small_air_mask": false
    },
    "webapi_port": null,
    "webapi_url": "https://mriqc.nimh.nih.gov/api/v1"
  },
  "qi_1": 0.0,
  "qi_2": 0.030581510813326086,
  "rpve_csf": 23.415105393440854,
  "rpve_gm": 11.0014868952567,
  "rpve_wm": 15.017175440351512,
  "size_x": 192,
  "size_y": 240,
  "size_z": 256,
  "snr_csf": 2.5112703886470285,
  "snr_gm": 13.061047314696745,
  "snr_total": 13.98107185125602,
  "snr_wm": 26.37089785042429,
  "snrd_csf": 24.943521446877575,
  "snrd_gm": 64.63678556973407,
  "snrd_total": 58.68406572942854,
  "snrd_wm": 86.47189017167395,
  "spacing_x": 1.0,
  "spacing_y": 1.0,
  "spacing_z": 1.0,
  "summary_bg_k": 2.7552416585887034,
  "summary_bg_mad": 7.576292964720001,
  "summary_bg_mean": 6.487799291870787,
  "summary_bg_median": 5.110131949186325,
  "summary_bg_n": 2595473.0,
  "summary_bg_p05": 0.0,
  "summary_bg_p95": 20.158589482307434,
  "summary_bg_stdv": 7.383187567603437,
  "summary_csf_k": 1.4290760868081334,
  "summary_csf_mad": 100.13769287507506,
  "summary_csf_mean": 300.93501089828834,
  "summary_csf_median": 288.45813795924187,
  "summary_csf_n": 36600.0,
  "summary_csf_p05": 114.96034771203995,
  "summary_csf_p95": 506.6801554486154,
  "summary_csf_stdv": 114.86385478498273,
  "summary_gm_k": 0.13695890377738174,
  "summary_gm_mad": 56.27356912416167,
  "summary_gm_mean": 747.6299434221991,
  "summary_gm_median": 747.4889561533928,
  "summary_gm_n": 36971.0,
  "summary_gm_p05": 654.7312507033348,
  "summary_gm_p95": 841.9206703454256,
  "summary_gm_stdv": 57.22962553841034,
  "summary_wm_k": 0.7435671800512917,
  "summary_wm_mad": 35.73920267495504,
  "summary_wm_mean": 1000.9538311279917,
  "summary_wm_median": 999.9999590218067,
  "summary_wm_n": 249750.0,
  "summary_wm_p05": 940.9849834665656,
  "summary_wm_p95": 1064.2466524243355,
  "summary_wm_stdv": 37.920512327258265,
  "tpm_overlap_csf": 0.14892659466055466,
  "tpm_overlap_gm": 0.46330026380297534,
  "tpm_overlap_wm": 0.5124782898074284,
  "wm2max": 0.49999118958256245
}