{
  "aor": 0.000561321243523316,
  "aqi": 0.005820300440414507,
  "bids_meta": {
    "AcquisitionMatrixPE": 84,
    "AcquisitionNumber": 1,
    "AcquisitionTime": "13:33:42.975000",
    "BandwidthPerPixelPhaseEncode": 15.664,
    "BaseResolution": 84,
    "BodyPartExamined": "BRAIN",
    "ConsistencyInfo": "N4_VE11C_LATEST_20160120",
    "ConversionSoftware": "dcm2niix",
    "ConversionSoftwareVersion": "v1.0.20181114  Clang4.0.1",
    "DerivedVendorReportedEchoSpacing": 0.000760008,
    "DeviceSerialNumber": "67007",
    "DwellTime": 3.8e-06,
    "EchoTime": 0.03,
    "EchoTrainLength": 74,
    "EffectiveEchoSpacing": 0.000760008,
    "FlipAngle": 40,
    "ImageComments": "Unaliased_MB4_PE3",
    "ImageOrientationPatientDICOM": [
      1,
      0,
      0,
      0,
      0.863396,
      -0.504528
    ],
    "ImageType": [
      "ORIGINAL",
      "PRIMARY",
      "M",
      "MB",
      "ND",
      "NORM",
      "MOSAIC"
    ],
    "ImagingFrequency": 123.211,
    "InPlanePhaseEncodingDirectionDICOM": "COL",
    "InstitutionAddress": "Perth_Drive_100_London_Ontario_CA_N6A_5K8",
    "InstitutionName": "Robarts_Research_Institute",
    "InstitutionalDepartmentName": "CFMM",
    "MRAcquisitionType": "2D",
    "MagneticFieldStrength": 3,
    "Manufacturer": "Siemens",
    "ManufacturersModelName": "Prisma_fit",
    "Modality": "MR",
    "MultibandAccelerationFactor": 4,
    "PartialFourier": 0.875,
    "PatientPosition": "HFS",
    "PercentPhaseFOV": 100,
    "PhaseEncodingDirection": "j-",
    "PhaseEncodingSteps": 74,
    "PhaseResolution": 1,
    "PixelBandwidth": 1565,
    "ProcedureStepDescription": "Ansari_NCNS",
    "ProtocolName": "ep_bold_mb4_adaptation_2",
    "PulseSequenceDetails": "%CustomerSeq%_cmrr_mbep2d_bold",
    "ReceiveCoilActiveElements": "HEA;HEP",
    "ReceiveCoilName": "Head_32",
    "ReconMatrixPE": 84,
    "RepetitionTime": 1,
    "SAR": 0.0495387,
    "ScanOptions": "PFP_FS",
    "ScanningSequence": "EP",
    "SequenceName": "epfid2d1_84",
    "SequenceVariant": "SK_SS",
    "SeriesDescription": "ep_bold_mb4_adaptation_2",
    "SeriesNumber": 4,
    "ShimSetting": [
      5231,
      -6181,
      -3914,
      583,
      -89,
      259,
      51,
      55
    ],
    "SliceThickness": 2.5,
    "SliceTiming": [
      0,
      0.4075,
      0.8175,
      0.245,
      0.6525,
      0.0825,
      0.49,
      0.8975,
      0.3275,
      0.735,
      0.1625,
      0.5725,
      0,
      0.4075,
      0.8175,
      0.245,
      0.6525,
      0.0825,
      0.49,
      0.8975,
      0.3275,
      0.735,
      0.1625,
      0.5725,
      0,
      0.4075,
      0.8175,
      0.245,
      0.6525,
      0.0825,
      0.49,
      0.8975,
      0.3275,
      0.735,
      0.1625,
      0.5725,
      0,
      0.4075,
      0.8175,
      0.245,
      0.6525,
      0.0825,
      0.49,
      0.8975,
      0.3275,
      0.735,
      0.1625,
      0.5725
    ],
    "SoftwareVersions": "syngo_MR_E11",
    "SpacingBetweenSlices": 2.5,
    "StationName": "MRC35368",
    "TaskName": "Adaptation",
    "TotalReadoutTime": 0.0630806,
    "TxRefAmp": 231.242,
    "WipMemBlock": "2b94515f-1190-45c9-89f8-e6c36a53529e||Sequence: R016 ve11c/master r/e634e98; Dec 19 2017 11:00:25 by eja",
    "dataset": "ds001838",
    "modality": "bold",
    "run_id": 2,
    "session_id": "01",
    "subject_id": "10",
    "task_id": "Adaptation"
  },
  "dummy_trs": 0,
  "dvars_nstd": 31.637076915402595,
  "dvars_std": 1.3203236753506493,
  "dvars_vstd": 0.9983315110909092,
  "efc": 0.5495348164841397,
  "fber": 4926.53076171875,
  "fd_mean": 0.11462277577754397,
  "fd_num": 45,
  "fd_perc": 11.658031088082902,
  "fwhm_avg": 1.9815820655377587,
  "fwhm_x": 1.897907238077485,
  "fwhm_y": 2.047418958535791,
  "fwhm_z": 1.99942,
  "gcor": 0.0369654,
  "gsr_x": -0.005480421241372824,
  "gsr_y": 0.02194068394601345,
  "provenance": {
    "md5sum": "928fc563daa0a6173afa5fcc3846e9a6",
    "settings": {
      "fd_thres": 0.2,
      "testing": false
    },
    "software": "mriqc",
    "version": "22.0.1",
    "webapi_port": null,
    "webapi_url": "https://mriqc.nimh.nih.gov/api/v1"
  },
  "size_t": 386,
  "size_x": 84,
  "size_y": 84,
  "size_z": 48,
  "snr": 4.778695380773627,
  "spacing_tr": 1.0,
  "spacing_x": 2.4761905670166016,
  "spacing_y": 2.4761908054351807,
  "spacing_z": 2.5,
  "summary_bg_k": 20.42276662532893,
  "summary_bg_mad": 3.003650414781079,
  "summary_bg_mean": 12.50712776184082,
  "summary_bg_median": 3.5963456630706787,
  "summary_bg_n": 197722.0,
  "summary_bg_p05": 1.097470772266388,
  "summary_bg_p95": 51.44730834960921,
  "summary_bg_stdv": 24.52233123779297,
  "summary_fg_k": 3.8184221191175167,
  "summary_fg_mad": 48.71285773080436,
  "summary_fg_mean": 271.4016418457031,
  "summary_fg_median": 263.38873291015625,
  "summary_fg_n": 80693.0,
  "summary_fg_p05": 200.98090209960938,
  "summary_fg_p95": 365.29869384765624,
  "summary_fg_stdv": 55.116947174072266,
  "tsnr": 59.739192962646484
}