{
  "bids_meta": {
    "AcquisitionMatrixPE": 256,
    "AcquisitionNumber": 1,
    "AcquisitionTime": "16:04:6.860000",
    "BaseResolution": 256,
    "BodyPartExamined": "BRAIN",
    "ConsistencyInfo": "N4_VE11C_LATEST_20160120",
    "ConversionSoftware": "dcm2niix",
    "ConversionSoftwareVersion": "v1.0.20181114  Clang4.0.1",
    "DeviceSerialNumber": "67007",
    "DwellTime": 8.2e-06,
    "EchoTime": 0.00298,
    "FlipAngle": 9,
    "ImageOrientationPatientDICOM": [
      -0.00698133,
      0.999976,
      0,
      0,
      0,
      -1
    ],
    "ImageType": [
      "ORIGINAL",
      "PRIMARY",
      "M",
      "ND",
      "NORM"
    ],
    "ImagingFrequency": 123.211,
    "InPlanePhaseEncodingDirectionDICOM": "ROW",
    "InstitutionAddress": "Perth_Drive_100_London_Ontario_CA_N6A_5K8",
    "InstitutionName": "Robarts_Research_Institute",
    "InstitutionalDepartmentName": "CFMM",
    "InversionTime": 0.9,
    "MRAcquisitionType": "3D",
    "MagneticFieldStrength": 3,
    "Manufacturer": "Siemens",
    "ManufacturersModelName": "Prisma_fit",
    "Modality": "MR",
    "PartialFourier": 1,
    "PatientPosition": "HFS",
    "PercentPhaseFOV": 100,
    "PhaseEncodingSteps": 255,
    "PhaseResolution": 1,
    "PixelBandwidth": 240,
    "ProcedureStepDescription": "Ansari_NCNS",
    "ProtocolName": "MPRAGE_SAG_iPAT2",
    "PulseSequenceDetails": "%SiemensSeq%_tfl",
    "ReceiveCoilActiveElements": "HEA;HEP",
    "ReceiveCoilName": "Head_32",
    "ReconMatrixPE": 256,
    "RepetitionTime": 2.3,
    "SAR": 0.0488463,
    "ScanOptions": "IR",
    "ScanningSequence": "GR_IR",
    "SequenceName": "_tfl3d1_16ns",
    "SequenceVariant": "SK_SP_MP",
    "SeriesDescription": "MPRAGE_SAG_iPAT2",
    "SeriesNumber": 10,
    "ShimSetting": [
      5252,
      -6193,
      -3866,
      393,
      -49,
      -265,
      119,
      27
    ],
    "SliceThickness": 1,
    "SoftwareVersions": "syngo_MR_E11",
    "StationName": "MRC35368",
    "TxRefAmp": 232.646,
    "dataset": "ds001838",
    "modality": "T1w",
    "session_id": "01",
    "subject_id": "117"
  },
  "cjv": 0.35305337260607095,
  "cnr": 3.7100018209318764,
  "efc": 0.4747148781653348,
  "fber": 5064.238258136095,
  "fwhm_avg": 3.6813033333333336,
  "fwhm_x": 3.73138,
  "fwhm_y": 3.8117,
  "fwhm_z": 3.50083,
  "icvs_csf": 0.22974564698163133,
  "icvs_gm": 0.4455724767210481,
  "icvs_wm": 0.3246818762973206,
  "inu_med": 0.3935004770755768,
  "inu_range": 0.09491080939769747,
  "provenance": {
    "md5sum": "435d7952d4b90963dbcd5db142365b56",
    "settings": {
      "testing": false
    },
    "software": "mriqc",
    "version": "22.0.1",
    "warnings": {
      "large_rot_frame": true,
      "small_air_mask": false
    },
    "webapi_port": null,
    "webapi_url": "https://mriqc.nimh.nih.gov/api/v1"
  },
  "qi_1": 0.0,
  "qi_2": 0.020623203637487562,
  "rpve_csf": 30.031396612919096,
  "rpve_gm": 16.14594930243532,
  "rpve_wm": 25.090506739970188,
  "size_x": 192,
  "size_y": 256,
  "size_z": 256,
  "snr_csf": 2.3378275469387564,
  "snr_gm": 11.328622810070888,
  "snr_total": 13.640041764020543,
  "snr_wm": 27.253674935051983,
  "snrd_csf": 29.31968476975066,
  "snrd_gm": 74.80923206816746,
  "snrd_total": 69.14602163989044,
  "snrd_wm": 103.30914808175318,
  "spacing_x": 1.0,
  "spacing_y": 1.0,
  "spacing_z": 1.0,
  "summary_bg_k": 877.9209793263387,
  "summary_bg_mad": 6.341513890338034,
  "summary_bg_mean": 6.118338273063282,
  "summary_bg_median": 4.277286119759083,
  "summary_bg_n": 3926594.0,
  "summary_bg_p05": 0.0,
  "summary_bg_p95": 17.345132678747177,
  "summary_bg_stdv": 9.859495977135833,
  "summary_csf_k": 0.612301417794519,
  "summary_csf_mad": 109.59885385646285,
  "summary_csf_mean": 292.31530915472973,
  "summary_csf_median": 283.8053086772561,
  "summary_csf_n": 28909.0,
  "summary_csf_p05": 96.13569285720587,
  "summary_csf_p95": 510.94395089894533,
  "summary_csf_stdv": 121.39492513406621,
  "summary_gm_k": 0.05136383111559395,
  "summary_gm_mad": 63.50260806048845,
  "summary_gm_mean": 722.9722658562279,
  "summary_gm_median": 724.1297908127308,
  "summary_gm_n": 27035.0,
  "summary_gm_p05": 614.85840478912,
  "summary_gm_p95": 827.4424747936428,
  "summary_gm_stdv": 63.919190388685614,
  "summary_wm_k": 0.9203685209332315,
  "summary_wm_mad": 33.89429837939294,
  "summary_wm_mean": 999.9514770444879,
  "summary_wm_median": 999.9999962747097,
  "summary_wm_n": 142360.0,
  "summary_wm_p05": 939.9999964982271,
  "summary_wm_p95": 1059.2920314520597,
  "summary_wm_stdv": 36.692170374421224,
  "tpm_overlap_csf": 0.14824347273190924,
  "tpm_overlap_gm": 0.48259793112992877,
  "tpm_overlap_wm": 0.51869633336935,
  "wm2max": 0.5730804341211077
}