{
  "bids_meta": {
    "AcquisitionMatrixPE": 240,
    "AcquisitionNumber": 1,
    "AcquisitionTime": "16:21:39.665000",
    "BaseResolution": 256,
    "BodyPartExamined": "BRAIN",
    "ConsistencyInfo": "N4_VE11C_LATEST_20160120",
    "ConversionSoftware": "dcm2niix",
    "ConversionSoftwareVersion": "v1.0.20181114  Clang4.0.1",
    "DeviceSerialNumber": "67007",
    "DwellTime": 8.2e-06,
    "EchoTime": 0.00298,
    "FlipAngle": 9,
    "ImageOrientationPatientDICOM": [
      0,
      1,
      0,
      0,
      0,
      -1
    ],
    "ImageType": [
      "ORIGINAL",
      "PRIMARY",
      "M",
      "ND",
      "NORM"
    ],
    "ImagingFrequency": 123.211,
    "InPlanePhaseEncodingDirectionDICOM": "ROW",
    "InstitutionAddress": "Perth_Drive_100_London_Ontario_CA_N6A_5K8",
    "InstitutionName": "Robarts_Research_Institute",
    "InstitutionalDepartmentName": "CFMM",
    "InversionTime": 0.9,
    "MRAcquisitionType": "3D",
    "MagneticFieldStrength": 3,
    "Manufacturer": "Siemens",
    "ManufacturersModelName": "Prisma_fit",
    "Modality": "MR",
    "PartialFourier": 1,
    "PatientPosition": "HFS",
    "PercentPhaseFOV": 93.75,
    "PhaseEncodingSteps": 239,
    "PhaseResolution": 1,
    "PixelBandwidth": 240,
    "ProcedureStepDescription": "Ansari_NCNS",
    "ProtocolName": "MPRAGE_SAG_iPAT2",
    "PulseSequenceDetails": "%SiemensSeq%_tfl",
    "ReceiveCoilActiveElements": "HEA;HEP;SP1",
    "ReceiveCoilName": "Spine_32",
    "ReconMatrixPE": 256,
    "RepetitionTime": 2.3,
    "SAR": 0.0406353,
    "ScanOptions": "IR",
    "ScanningSequence": "GR_IR",
    "SequenceName": "_tfl3d1_16ns",
    "SequenceVariant": "SK_SP_MP",
    "SeriesDescription": "MPRAGE_SAG_iPAT2",
    "SeriesNumber": 10,
    "ShimSetting": [
      5249,
      -6186,
      -4033,
      52,
      -24,
      -110,
      -9,
      -9
    ],
    "SliceThickness": 1,
    "SoftwareVersions": "syngo_MR_E11",
    "StationName": "MRC35368",
    "TxRefAmp": 231.826,
    "dataset": "ds001838",
    "modality": "T1w",
    "session_id": "01",
    "subject_id": "101"
  },
  "cjv": 0.31312902480654287,
  "cnr": 4.1110798955587375,
  "efc": 0.5370210159184343,
  "fber": 1493.698963741373,
  "fwhm_avg": 3.990483333333333,
  "fwhm_x": 4.03319,
  "fwhm_y": 4.21458,
  "fwhm_z": 3.72368,
  "icvs_csf": 0.227376814245049,
  "icvs_gm": 0.4611308069408275,
  "icvs_wm": 0.31149237881412356,
  "inu_med": 0.41891226172447205,
  "inu_range": 0.09761048257350924,
  "provenance": {
    "md5sum": "14c72d9871e98596787018a4ae83d61b",
    "settings": {
      "testing": false
    },
    "software": "mriqc",
    "version": "22.0.1",
    "warnings": {
      "large_rot_frame": true,
      "small_air_mask": false
    },
    "webapi_port": null,
    "webapi_url": "https://mriqc.nimh.nih.gov/api/v1"
  },
  "qi_1": 0.0,
  "qi_2": 0.01470752554744941,
  "rpve_csf": 24.03337208801619,
  "rpve_gm": 12.435587079197457,
  "rpve_wm": 20.178742190323746,
  "size_x": 192,
  "size_y": 240,
  "size_z": 256,
  "snr_csf": 2.7505939412640017,
  "snr_gm": 13.560953741335878,
  "snr_total": 13.808860560343762,
  "snr_wm": 25.115033998431407,
  "snrd_csf": 31.520446072729055,
  "snrd_gm": 85.81994980398568,
  "snrd_total": 78.61463012478258,
  "snrd_wm": 118.50349449763303,
  "spacing_x": 1.0,
  "spacing_y": 1.0,
  "spacing_z": 1.0,
  "summary_bg_k": 1.4732455922874284,
  "summary_bg_mad": 5.528414040307029,
  "summary_bg_mean": 6.560017984913117,
  "summary_bg_median": 3.728858605027199,
  "summary_bg_n": 2584712.0,
  "summary_bg_p05": 0.0,
  "summary_bg_p95": 23.731521550565958,
  "summary_bg_stdv": 7.971065016809611,
  "summary_csf_k": 1.773119631772432,
  "summary_csf_mad": 69.36185186999498,
  "summary_csf_mean": 279.264167927861,
  "summary_csf_median": 265.9874747078866,
  "summary_csf_n": 48832.0,
  "summary_csf_p05": 134.09375064242633,
  "summary_csf_p95": 470.673845684342,
  "summary_csf_stdv": 96.70084239191948,
  "summary_gm_k": 0.279461319135188,
  "summary_gm_mad": 51.493227918288326,
  "summary_gm_mean": 722.6414090524563,
  "summary_gm_median": 724.1976105049253,
  "summary_gm_n": 48374.0,
  "summary_gm_p05": 631.8018212132156,
  "summary_gm_p95": 807.5376003272831,
  "summary_gm_stdv": 53.40259533940002,
  "summary_wm_k": 1.828587922357257,
  "summary_wm_mad": 34.86849712565076,
  "summary_wm_mean": 1001.0050479783143,
  "summary_wm_median": 999.9999737553298,
  "summary_wm_n": 166991.0,
  "summary_wm_p05": 938.5936629418284,
  "summary_wm_p95": 1065.6545199081302,
  "summary_wm_stdv": 39.81666836047458,
  "tpm_overlap_csf": 0.16447283313922423,
  "tpm_overlap_gm": 0.4820217212537542,
  "tpm_overlap_wm": 0.4964178642171693,
  "wm2max": 0.6332220198340417
}