{
  "bids_meta": {
    "AcquisitionMatrixPE": 256,
    "AcquisitionNumber": 1,
    "AcquisitionTime": "10:52:21.445000",
    "BaseResolution": 256,
    "BodyPartExamined": "BRAIN",
    "ConsistencyInfo": "N4_VE11C_LATEST_20160120",
    "ConversionSoftware": "dcm2niix",
    "ConversionSoftwareVersion": "v1.0.20181114  Clang4.0.1",
    "DeviceSerialNumber": "67007",
    "DwellTime": 8.2e-06,
    "EchoTime": 0.00298,
    "FlipAngle": 9,
    "ImageOrientationPatientDICOM": [
      -0.0174524,
      0.999848,
      0,
      0,
      0,
      -1
    ],
    "ImageType": [
      "ORIGINAL",
      "PRIMARY",
      "M",
      "ND",
      "NORM"
    ],
    "ImagingFrequency": 123.211,
    "InPlanePhaseEncodingDirectionDICOM": "ROW",
    "InstitutionAddress": "Perth_Drive_100_London_Ontario_CA_N6A_5K8",
    "InstitutionName": "Robarts-CFMM",
    "InstitutionalDepartmentName": "CFMM",
    "InversionTime": 0.9,
    "MRAcquisitionType": "3D",
    "MagneticFieldStrength": 3,
    "Manufacturer": "Siemens",
    "ManufacturersModelName": "Prisma_fit",
    "Modality": "MR",
    "PartialFourier": 1,
    "PatientPosition": "HFS",
    "PercentPhaseFOV": 100,
    "PhaseEncodingSteps": 255,
    "PhaseResolution": 1,
    "PixelBandwidth": 240,
    "ProcedureStepDescription": "Ansari_NCNS",
    "ProtocolName": "MPRAGE_SAG_iPAT2",
    "PulseSequenceDetails": "%SiemensSeq%_tfl",
    "ReceiveCoilActiveElements": "HEA;HEP",
    "ReceiveCoilName": "Head_32",
    "ReconMatrixPE": 256,
    "RepetitionTime": 2.3,
    "SAR": 0.0832263,
    "ScanOptions": "IR",
    "ScanningSequence": "GR_IR",
    "SequenceName": "_tfl3d1_16ns",
    "SequenceVariant": "SK_SP_MP",
    "SeriesDescription": "MPRAGE_SAG_iPAT2",
    "SeriesNumber": 17,
    "ShimSetting": [
      5259,
      -6203,
      -3856,
      329,
      -62,
      -166,
      -82,
      65
    ],
    "SliceThickness": 1,
    "SoftwareVersions": "syngo_MR_E11",
    "StationName": "MRC35368",
    "TxRefAmp": 293.753,
    "dataset": "ds001838",
    "modality": "T1w",
    "session_id": "01",
    "subject_id": "19"
  },
  "cjv": 0.353552900680309,
  "cnr": 3.785693669945311,
  "efc": 0.5768915320594857,
  "fber": 9880.123334750568,
  "fwhm_avg": 3.9016466666666667,
  "fwhm_x": 3.88108,
  "fwhm_y": 4.10502,
  "fwhm_z": 3.71884,
  "icvs_csf": 0.2039371572085388,
  "icvs_gm": 0.4570116017686394,
  "icvs_wm": 0.3390512410228218,
  "inu_med": 0.548783004283905,
  "inu_range": 0.2046960175037384,
  "provenance": {
    "md5sum": "d1f90f3e652625d3142bb973947c8a86",
    "settings": {
      "testing": false
    },
    "software": "mriqc",
    "version": "22.0.1",
    "warnings": {
      "large_rot_frame": true,
      "small_air_mask": false
    },
    "webapi_port": null,
    "webapi_url": "https://mriqc.nimh.nih.gov/api/v1"
  },
  "qi_1": 0.0,
  "qi_2": 0.012109032533260119,
  "rpve_csf": 25.301848697333977,
  "rpve_gm": 11.89609546151643,
  "rpve_wm": 17.268804496270615,
  "size_x": 192,
  "size_y": 256,
  "size_z": 256,
  "snr_csf": 3.0983373554596207,
  "snr_gm": 13.809452977725693,
  "snr_total": 12.654028498537224,
  "snr_wm": 21.05429516242636,
  "snrd_csf": 20.406950516765725,
  "snrd_gm": 46.994521310965844,
  "snrd_total": 43.99985679709288,
  "snrd_wm": 64.59809856354708,
  "spacing_x": 1.0,
  "spacing_y": 1.0,
  "spacing_z": 1.0,
  "summary_bg_k": 367.6788581791183,
  "summary_bg_mad": 10.142179195250705,
  "summary_bg_mean": 9.352435106051887,
  "summary_bg_median": 6.840795911848545,
  "summary_bg_n": 4031204.0,
  "summary_bg_p05": 0.0,
  "summary_bg_p95": 33.67093052715063,
  "summary_bg_stdv": 12.27357753397279,
  "summary_csf_k": 1.2779271016221827,
  "summary_csf_mad": 94.44081146746436,
  "summary_csf_mean": 326.5830120969302,
  "summary_csf_median": 315.9203930199146,
  "summary_csf_n": 51702.0,
  "summary_csf_p05": 184.30392388347536,
  "summary_csf_p95": 509.0618256479502,
  "summary_csf_stdv": 101.96350544065163,
  "summary_gm_k": 0.19383645355843448,
  "summary_gm_mad": 51.106045815029525,
  "summary_gm_mean": 728.5560109571915,
  "summary_gm_median": 727.5230873003602,
  "summary_gm_n": 40359.0,
  "summary_gm_p05": 643.1680779717863,
  "summary_gm_p95": 817.2974284552038,
  "summary_gm_stdv": 52.68232385977788,
  "summary_wm_k": 0.46609284396116024,
  "summary_wm_mad": 45.24465653985217,
  "summary_wm_mean": 1000.8192597018009,
  "summary_wm_median": 1000.0444049574435,
  "summary_wm_n": 200426.0,
  "summary_wm_p05": 924.3514424003661,
  "summary_wm_p95": 1079.9573390185833,
  "summary_wm_stdv": 47.49823741152441,
  "tpm_overlap_csf": 0.14539416139014777,
  "tpm_overlap_gm": 0.46320563678083854,
  "tpm_overlap_wm": 0.5020801462078277,
  "wm2max": 0.44358367096253976
}