{
  "bids_meta": {
    "AcquisitionMatrixPE": 248,
    "AcquisitionNumber": 1,
    "AcquisitionTime": "16:39:39.412500",
    "BaseResolution": 256,
    "BodyPartExamined": "BRAIN",
    "ConsistencyInfo": "N4_VE11C_LATEST_20160120",
    "ConversionSoftware": "dcm2niix",
    "ConversionSoftwareVersion": "v1.0.20181114  Clang4.0.1",
    "DeviceSerialNumber": "67007",
    "DwellTime": 8.2e-06,
    "EchoTime": 0.00298,
    "FlipAngle": 9,
    "ImageOrientationPatientDICOM": [
      0.0226873,
      0.999743,
      0,
      0,
      0,
      -1
    ],
    "ImageType": [
      "ORIGINAL",
      "PRIMARY",
      "M",
      "ND",
      "NORM"
    ],
    "ImagingFrequency": 123.211,
    "InPlanePhaseEncodingDirectionDICOM": "ROW",
    "InstitutionAddress": "Perth_Drive_100_London_Ontario_CA_N6A_5K8",
    "InstitutionName": "Robarts_Research_Institute",
    "InstitutionalDepartmentName": "CFMM",
    "InversionTime": 0.9,
    "MRAcquisitionType": "3D",
    "MagneticFieldStrength": 3,
    "Manufacturer": "Siemens",
    "ManufacturersModelName": "Prisma_fit",
    "Modality": "MR",
    "PartialFourier": 1,
    "PatientPosition": "HFS",
    "PercentPhaseFOV": 96.875,
    "PhaseEncodingSteps": 247,
    "PhaseResolution": 1,
    "PixelBandwidth": 240,
    "ProcedureStepDescription": "Ansari_NCNS",
    "ProtocolName": "MPRAGE_SAG_iPAT2",
    "PulseSequenceDetails": "%SiemensSeq%_tfl",
    "ReceiveCoilActiveElements": "HEA;HEP",
    "ReceiveCoilName": "Head_32",
    "ReconMatrixPE": 256,
    "RepetitionTime": 2.3,
    "SAR": 0.077997,
    "ScanOptions": "IR",
    "ScanningSequence": "GR_IR",
    "SequenceName": "_tfl3d1_16ns",
    "SequenceVariant": "SK_SP_MP",
    "SeriesDescription": "MPRAGE_SAG_iPAT2",
    "SeriesNumber": 10,
    "ShimSetting": [
      5255,
      -6191,
      -3901,
      394,
      3,
      -47,
      2,
      33
    ],
    "SliceThickness": 1,
    "SoftwareVersions": "syngo_MR_E11",
    "StationName": "MRC35368",
    "TxRefAmp": 278.462,
    "dataset": "ds001838",
    "modality": "T1w",
    "session_id": "01",
    "subject_id": "119"
  },
  "cjv": 0.3544069048220563,
  "cnr": 3.787096249546172,
  "efc": 0.5908498230517214,
  "fber": 4244.357564893447,
  "fwhm_avg": 3.8820833333333336,
  "fwhm_x": 3.91277,
  "fwhm_y": 4.01659,
  "fwhm_z": 3.71689,
  "icvs_csf": 0.2051714397803494,
  "icvs_gm": 0.43890755474810017,
  "icvs_wm": 0.3559210054715504,
  "inu_med": 0.437036395072937,
  "inu_range": 0.13146832585334778,
  "provenance": {
    "md5sum": "9b0059370176b7630b55899c996496a9",
    "settings": {
      "testing": false
    },
    "software": "mriqc",
    "version": "22.0.1",
    "warnings": {
      "large_rot_frame": true,
      "small_air_mask": false
    },
    "webapi_port": null,
    "webapi_url": "https://mriqc.nimh.nih.gov/api/v1"
  },
  "qi_1": 0.0,
  "qi_2": 0.010385375100282928,
  "rpve_csf": 24.313094152753735,
  "rpve_gm": 11.997135805326543,
  "rpve_wm": 16.759754318256697,
  "size_x": 192,
  "size_y": 248,
  "size_z": 256,
  "snr_csf": 2.864078193809657,
  "snr_gm": 11.648991088565676,
  "snr_total": 12.898426728546923,
  "snr_wm": 24.18221090326543,
  "snrd_csf": 25.82513079343709,
  "snrd_gm": 58.33130699203133,
  "snrd_total": 55.16911224847837,
  "snrd_wm": 81.3508989599667,
  "spacing_x": 1.0,
  "spacing_y": 1.0,
  "spacing_z": 1.0,
  "summary_bg_k": 3.7975821129843643,
  "summary_bg_mad": 8.053491202516971,
  "summary_bg_mean": 8.117877333032148,
  "summary_bg_median": 5.4319972693920135,
  "summary_bg_n": 3107418.0,
  "summary_bg_p05": 0.0,
  "summary_bg_p95": 25.964263677597046,
  "summary_bg_stdv": 9.172498027619028,
  "summary_csf_k": 1.2283244118216263,
  "summary_csf_mad": 94.71716068369017,
  "summary_csf_mean": 323.75886701865835,
  "summary_csf_median": 317.4643687158823,
  "summary_csf_n": 42616.0,
  "summary_csf_p05": 141.80416771024466,
  "summary_csf_p95": 520.8909582793713,
  "summary_csf_stdv": 110.84217067520024,
  "summary_gm_k": 0.04444092680699008,
  "summary_gm_mad": 61.28757456003481,
  "summary_gm_mean": 717.6863717030748,
  "summary_gm_median": 717.0578030645847,
  "summary_gm_n": 38921.0,
  "summary_gm_p05": 617.0953879058361,
  "summary_gm_p95": 819.684971600771,
  "summary_gm_stdv": 61.5545660431381,
  "summary_wm_k": 0.7244105354412955,
  "summary_wm_mad": 39.001183810931245,
  "summary_wm_mean": 1000.4290101475397,
  "summary_wm_median": 1000.0341136455536,
  "summary_wm_n": 223922.0,
  "summary_wm_p05": 933.5860967338085,
  "summary_wm_p95": 1068.087815284729,
  "summary_wm_stdv": 41.354030226882884,
  "tpm_overlap_csf": 0.14466267821822618,
  "tpm_overlap_gm": 0.46119502889748354,
  "tpm_overlap_wm": 0.5059742918140364,
  "wm2max": 0.524305928712162
}