{
  "bids_meta": {
    "AcquisitionMatrixPE": 248,
    "AcquisitionNumber": 1,
    "AcquisitionTime": "13:04:28.797500",
    "BaseResolution": 256,
    "BodyPartExamined": "BRAIN",
    "ConsistencyInfo": "N4_VE11C_LATEST_20160120",
    "ConversionSoftware": "dcm2niix",
    "ConversionSoftwareVersion": "v1.0.20181114  Clang4.0.1",
    "DeviceSerialNumber": "67007",
    "DwellTime": 8.2e-06,
    "EchoTime": 0.00298,
    "FlipAngle": 9,
    "ImageOrientationPatientDICOM": [
      0,
      1,
      0,
      0.0383878,
      0,
      -0.999263
    ],
    "ImageType": [
      "ORIGINAL",
      "PRIMARY",
      "M",
      "ND",
      "NORM"
    ],
    "ImagingFrequency": 123.211,
    "InPlanePhaseEncodingDirectionDICOM": "ROW",
    "InstitutionAddress": "Perth_Drive_100_London_Ontario_CA_N6A_5K8",
    "InstitutionName": "Robarts",
    "InstitutionalDepartmentName": "CFMM",
    "InversionTime": 0.9,
    "MRAcquisitionType": "3D",
    "MagneticFieldStrength": 3,
    "Manufacturer": "Siemens",
    "ManufacturersModelName": "Prisma_fit",
    "Modality": "MR",
    "PartialFourier": 1,
    "PatientPosition": "HFS",
    "PercentPhaseFOV": 96.875,
    "PhaseEncodingSteps": 247,
    "PhaseResolution": 1,
    "PixelBandwidth": 240,
    "ProcedureStepDescription": "Ansari_NCNS",
    "ProtocolName": "MPRAGE_SAG_iPAT2",
    "PulseSequenceDetails": "%SiemensSeq%_tfl",
    "ReceiveCoilActiveElements": "HEA;HEP;SP1",
    "ReceiveCoilName": "Spine_32",
    "ReconMatrixPE": 256,
    "RepetitionTime": 2.3,
    "SAR": 0.0580171,
    "ScanOptions": "IR",
    "ScanningSequence": "GR_IR",
    "SequenceName": "_tfl3d1_16ns",
    "SequenceVariant": "SK_SP_MP",
    "SeriesDescription": "MPRAGE_SAG_iPAT2",
    "SeriesNumber": 10,
    "ShimSetting": [
      5238,
      -6128,
      -3975,
      518,
      1,
      -152,
      -18,
      -1
    ],
    "SliceThickness": 1,
    "SoftwareVersions": "syngo_MR_E11",
    "StationName": "MRC35368",
    "TxRefAmp": 256.459,
    "dataset": "ds001838",
    "modality": "T1w",
    "session_id": "01",
    "subject_id": "21"
  },
  "cjv": 0.37538645561058737,
  "cnr": 3.4844713414792876,
  "efc": 0.5394251047220027,
  "fber": 2583.4498128922255,
  "fwhm_avg": 3.8074266666666667,
  "fwhm_x": 3.77783,
  "fwhm_y": 4.07325,
  "fwhm_z": 3.5712,
  "icvs_csf": 0.1999745864085963,
  "icvs_gm": 0.4515612297545082,
  "icvs_wm": 0.3484641838368955,
  "inu_med": 0.3871326744556427,
  "inu_range": 0.08999471366405487,
  "provenance": {
    "md5sum": "344293c456afa43fbcddc6288861ec03",
    "settings": {
      "testing": false
    },
    "software": "mriqc",
    "version": "22.0.1",
    "warnings": {
      "large_rot_frame": true,
      "small_air_mask": false
    },
    "webapi_port": null,
    "webapi_url": "https://mriqc.nimh.nih.gov/api/v1"
  },
  "qi_1": 0.0,
  "qi_2": 0.01267394529396055,
  "rpve_csf": 26.61353543388407,
  "rpve_gm": 12.802850939942198,
  "rpve_wm": 18.696070003781067,
  "size_x": 192,
  "size_y": 248,
  "size_z": 256,
  "snr_csf": 2.260399496893384,
  "snr_gm": 13.387199546732138,
  "snr_total": 13.499424003694493,
  "snr_wm": 24.850672967457957,
  "snrd_csf": 25.763785223143238,
  "snrd_gm": 67.82115706137549,
  "snrd_total": 61.11665122540342,
  "snrd_wm": 89.76501139169156,
  "spacing_x": 1.0,
  "spacing_y": 1.0,
  "spacing_z": 1.0,
  "summary_bg_k": 3.1291721876642624,
  "summary_bg_mad": 7.298713989110753,
  "summary_bg_mean": 9.2050988748002,
  "summary_bg_median": 4.922907775267959,
  "summary_bg_n": 2587487.0,
  "summary_bg_p05": 0.0,
  "summary_bg_p95": 31.43663949891925,
  "summary_bg_stdv": 10.842461508138058,
  "summary_csf_k": 3.7861307205942003,
  "summary_csf_mad": 99.81084003382928,
  "summary_csf_mean": 298.7349339663402,
  "summary_csf_median": 287.0280137397349,
  "summary_csf_n": 28977.0,
  "summary_csf_p05": 98.55811302363873,
  "summary_csf_p95": 532.2937763422725,
  "summary_csf_stdv": 126.97890855339014,
  "summary_gm_k": 0.31211201515584275,
  "summary_gm_mad": 54.129041310105634,
  "summary_gm_mean": 753.7672238001653,
  "summary_gm_median": 755.578880675137,
  "summary_gm_n": 46464.0,
  "summary_gm_p05": 658.0953109730035,
  "summary_gm_p95": 843.141666688025,
  "summary_gm_stdv": 56.43979139886062,
  "summary_wm_k": 0.8523160495967264,
  "summary_wm_mad": 37.642098542824996,
  "summary_wm_mean": 1002.4734883969558,
  "summary_wm_median": 1000.0499810073525,
  "summary_wm_n": 202864.0,
  "summary_wm_p05": 941.2249814998358,
  "summary_wm_p95": 1071.844468511641,
  "summary_wm_stdv": 40.24227100349651,
  "tpm_overlap_csf": 0.15457367713729853,
  "tpm_overlap_gm": 0.47356420979318886,
  "tpm_overlap_wm": 0.5052884789143388,
  "wm2max": 0.6521257353300633
}