{
  "aor": 0.0013552331606217617,
  "aqi": 0.006939328316062176,
  "bids_meta": {
    "AcquisitionMatrixPE": 84,
    "AcquisitionNumber": 1,
    "AcquisitionTime": "14:15:27.252500",
    "BandwidthPerPixelPhaseEncode": 15.664,
    "BaseResolution": 84,
    "BodyPartExamined": "BRAIN",
    "ConsistencyInfo": "N4_VE11C_LATEST_20160120",
    "ConversionSoftware": "dcm2niix",
    "ConversionSoftwareVersion": "v1.0.20181114  Clang4.0.1",
    "DerivedVendorReportedEchoSpacing": 0.000760008,
    "DeviceSerialNumber": "67007",
    "DwellTime": 3.8e-06,
    "EchoTime": 0.03,
    "EchoTrainLength": 74,
    "EffectiveEchoSpacing": 0.000760008,
    "FlipAngle": 40,
    "ImageComments": "Unaliased_MB4_PE3",
    "ImageOrientationPatientDICOM": [
      1,
      0,
      0,
      0,
      0.969016,
      -0.246999
    ],
    "ImageType": [
      "ORIGINAL",
      "PRIMARY",
      "M",
      "MB",
      "ND",
      "NORM",
      "MOSAIC"
    ],
    "ImagingFrequency": 123.211,
    "InPlanePhaseEncodingDirectionDICOM": "COL",
    "InstitutionAddress": "Perth_Drive_100_London_Ontario_CA_N6A_5K8",
    "InstitutionName": "Robarts-CFMM",
    "InstitutionalDepartmentName": "CFMM",
    "MRAcquisitionType": "2D",
    "MagneticFieldStrength": 3,
    "Manufacturer": "Siemens",
    "ManufacturersModelName": "Prisma_fit",
    "Modality": "MR",
    "MultibandAccelerationFactor": 4,
    "PartialFourier": 0.875,
    "PatientPosition": "HFS",
    "PercentPhaseFOV": 100,
    "PhaseEncodingDirection": "j-",
    "PhaseEncodingSteps": 74,
    "PhaseResolution": 1,
    "PixelBandwidth": 1565,
    "ProcedureStepDescription": "Ansari_NCNS",
    "ProtocolName": "ep_bold_mb4_adaptation_3",
    "PulseSequenceDetails": "%CustomerSeq%_cmrr_mbep2d_bold",
    "ReceiveCoilActiveElements": "HEA;HEP",
    "ReceiveCoilName": "Head_32",
    "ReconMatrixPE": 84,
    "RepetitionTime": 1,
    "SAR": 0.0972451,
    "ScanOptions": "PFP_FS",
    "ScanningSequence": "EP",
    "SequenceName": "epfid2d1_84",
    "SequenceVariant": "SK_SS",
    "SeriesDescription": "ep_bold_mb4_adaptation_3",
    "SeriesNumber": 6,
    "ShimSetting": [
      5235,
      -6227,
      -3688,
      269,
      -2,
      202,
      53,
      33
    ],
    "SliceThickness": 2.5,
    "SliceTiming": [
      0,
      0.4075,
      0.815,
      0.245,
      0.6525,
      0.08,
      0.49,
      0.8975,
      0.325,
      0.735,
      0.1625,
      0.57,
      0,
      0.4075,
      0.815,
      0.245,
      0.6525,
      0.08,
      0.49,
      0.8975,
      0.325,
      0.735,
      0.1625,
      0.57,
      0,
      0.4075,
      0.815,
      0.245,
      0.6525,
      0.08,
      0.49,
      0.8975,
      0.325,
      0.735,
      0.1625,
      0.57,
      0,
      0.4075,
      0.815,
      0.245,
      0.6525,
      0.08,
      0.49,
      0.8975,
      0.325,
      0.735,
      0.1625,
      0.57
    ],
    "SoftwareVersions": "syngo_MR_E11",
    "SpacingBetweenSlices": 2.5,
    "StationName": "MRC35368",
    "TaskName": "Adaptation",
    "TotalReadoutTime": 0.0630806,
    "TxRefAmp": 299.618,
    "WipMemBlock": "140ac51b-7411-4a74-a761-fe7a6aa0a7c1||Sequence: R016 ve11c/master r/e634e98; Dec 19 2017 11:00:25 by eja",
    "dataset": "ds001838",
    "modality": "bold",
    "run_id": 3,
    "session_id": "01",
    "subject_id": "124",
    "task_id": "Adaptation"
  },
  "dummy_trs": 0,
  "dvars_nstd": 42.47966093576623,
  "dvars_std": 1.2788470414025972,
  "dvars_vstd": 1.017539993194806,
  "efc": 0.5774428491910346,
  "fber": 3399.9267578125,
  "fd_mean": 0.3510373755959823,
  "fd_num": 306,
  "fd_perc": 79.27461139896373,
  "fwhm_avg": 2.346255909888841,
  "fwhm_x": 2.171315112664329,
  "fwhm_y": 2.608248617002194,
  "fwhm_z": 2.259204,
  "gcor": 0.00997356,
  "gsr_x": -0.013319998979568481,
  "gsr_y": 0.06460262835025787,
  "provenance": {
    "md5sum": "5f9ad0fbf18298e2d34b53073aec41c9",
    "settings": {
      "fd_thres": 0.2,
      "testing": false
    },
    "software": "mriqc",
    "version": "22.0.1",
    "webapi_port": null,
    "webapi_url": "https://mriqc.nimh.nih.gov/api/v1"
  },
  "size_t": 386,
  "size_x": 84,
  "size_y": 84,
  "size_z": 48,
  "snr": 4.364024000938555,
  "spacing_tr": 1.0,
  "spacing_x": 2.4761905670166016,
  "spacing_y": 2.4761903285980225,
  "spacing_z": 2.5,
  "summary_bg_k": 19.172375596950722,
  "summary_bg_mad": 3.447944886384623,
  "summary_bg_mean": 12.674955368041992,
  "summary_bg_median": 4.00974702835083,
  "summary_bg_n": 186563.0,
  "summary_bg_p05": 1.1523097157478333,
  "summary_bg_p95": 52.911636352539055,
  "summary_bg_stdv": 23.719545364379883,
  "summary_fg_k": 1.727613542149271,
  "summary_fg_mad": 55.0904837367318,
  "summary_fg_mean": 261.1455383300781,
  "summary_fg_median": 252.63941955566406,
  "summary_fg_n": 90560.0,
  "summary_fg_p05": 184.11803512573243,
  "summary_fg_p95": 364.6019943237305,
  "summary_fg_stdv": 57.89107131958008,
  "tsnr": 47.239192962646484
}