{
  "aor": 0.00046083333333333333,
  "aqi": 0.0056084074479166674,
  "bids_meta": {
    "AcquisitionMatrixPE": 84,
    "AcquisitionNumber": 1,
    "AcquisitionTime": "12:03:45.695000",
    "BandwidthPerPixelPhaseEncode": 15.664,
    "BaseResolution": 84,
    "BodyPartExamined": "BRAIN",
    "ConsistencyInfo": "N4_VE11C_LATEST_20160120",
    "ConversionSoftware": "dcm2niix",
    "ConversionSoftwareVersion": "v1.0.20181114  Clang4.0.1",
    "DerivedVendorReportedEchoSpacing": 0.000760008,
    "DeviceSerialNumber": "67007",
    "DwellTime": 3.8e-06,
    "EchoTime": 0.03,
    "EchoTrainLength": 74,
    "EffectiveEchoSpacing": 0.000760008,
    "FlipAngle": 40,
    "ImageComments": "Unaliased_MB4_PE3",
    "ImageOrientationPatientDICOM": [
      1,
      0,
      0,
      0,
      0.982613,
      -0.185667
    ],
    "ImageType": [
      "ORIGINAL",
      "PRIMARY",
      "M",
      "MB",
      "ND",
      "NORM",
      "MOSAIC"
    ],
    "ImagingFrequency": 123.211,
    "InPlanePhaseEncodingDirectionDICOM": "COL",
    "InstitutionAddress": "Perth_Drive_100_London_Ontario_CA_N6A_5K8",
    "InstitutionName": "Robarts",
    "InstitutionalDepartmentName": "CFMM",
    "MRAcquisitionType": "2D",
    "MagneticFieldStrength": 3,
    "Manufacturer": "Siemens",
    "ManufacturersModelName": "Prisma_fit",
    "Modality": "MR",
    "MultibandAccelerationFactor": 4,
    "PartialFourier": 0.875,
    "PatientPosition": "HFS",
    "PercentPhaseFOV": 100,
    "PhaseEncodingDirection": "j-",
    "PhaseEncodingSteps": 74,
    "PhaseResolution": 1,
    "PixelBandwidth": 1565,
    "ProcedureStepDescription": "Ansari_NCNS",
    "ProtocolName": "ep_bold_mb4_adaptation_4",
    "PulseSequenceDetails": "%CustomerSeq%_cmrr_mbep2d_bold",
    "ReceiveCoilActiveElements": "HEA;HEP",
    "ReceiveCoilName": "Head_32",
    "ReconMatrixPE": 84,
    "RepetitionTime": 1,
    "SAR": 0.0697158,
    "ScanOptions": "PFP_FS",
    "ScanningSequence": "EP",
    "SequenceName": "epfid2d1_84",
    "SequenceVariant": "SK_SS",
    "SeriesDescription": "ep_bold_mb4_adaptation_4",
    "SeriesNumber": 8,
    "ShimSetting": [
      5256,
      -6182,
      -3911,
      487,
      49,
      -25,
      140,
      3
    ],
    "SliceThickness": 2.5,
    "SliceTiming": [
      0,
      0.41,
      0.8175,
      0.245,
      0.655,
      0.0825,
      0.49,
      0.9,
      0.3275,
      0.735,
      0.165,
      0.5725,
      0,
      0.41,
      0.8175,
      0.245,
      0.655,
      0.0825,
      0.49,
      0.9,
      0.3275,
      0.735,
      0.165,
      0.5725,
      0,
      0.41,
      0.8175,
      0.245,
      0.655,
      0.0825,
      0.49,
      0.9,
      0.3275,
      0.735,
      0.165,
      0.5725,
      0,
      0.41,
      0.8175,
      0.245,
      0.655,
      0.0825,
      0.49,
      0.9,
      0.3275,
      0.735,
      0.165,
      0.5725
    ],
    "SoftwareVersions": "syngo_MR_E11",
    "SpacingBetweenSlices": 2.5,
    "StationName": "MRC35368",
    "TaskName": "Adaptation",
    "TotalReadoutTime": 0.0630806,
    "TxRefAmp": 273.27,
    "WipMemBlock": "cd1900b6-44c0-4b9c-a8a0-d0d719a92a13||Sequence: R016 ve11c/master r/e634e98; Dec 19 2017 11:00:25 by eja",
    "dataset": "ds001838",
    "modality": "bold",
    "run_id": 4,
    "session_id": "01",
    "subject_id": "127",
    "task_id": "Adaptation"
  },
  "dummy_trs": 2,
  "dvars_nstd": 24.126033264830287,
  "dvars_std": 1.1205346660052227,
  "dvars_vstd": 0.9942308444125322,
  "efc": 0.5803026433484243,
  "fber": 5152.28515625,
  "fd_mean": 0.10082524316123898,
  "fd_num": 0,
  "fd_perc": 0.0,
  "fwhm_avg": 2.0239131037275935,
  "fwhm_x": 1.8853072385396503,
  "fwhm_y": 2.2138360726431308,
  "fwhm_z": 1.972596,
  "gcor": 0.0120043,
  "gsr_x": -0.0059122913517057896,
  "gsr_y": 0.059401579201221466,
  "provenance": {
    "md5sum": "df78f2093b7a6e31d7693f868a2e0a1f",
    "settings": {
      "fd_thres": 0.2,
      "testing": false
    },
    "software": "mriqc",
    "version": "22.0.1",
    "webapi_port": null,
    "webapi_url": "https://mriqc.nimh.nih.gov/api/v1"
  },
  "size_t": 384,
  "size_x": 84,
  "size_y": 84,
  "size_z": 48,
  "snr": 4.702510829607292,
  "spacing_tr": 1.0,
  "spacing_x": 2.4761905670166016,
  "spacing_y": 2.4761905670166016,
  "spacing_z": 2.5,
  "summary_bg_k": 10.067102093952972,
  "summary_bg_mad": 2.9533755851587697,
  "summary_bg_mean": 16.028114318847656,
  "summary_bg_median": 3.5483646392822266,
  "summary_bg_n": 190503.0,
  "summary_bg_p05": 1.12686630487442,
  "summary_bg_p95": 74.8750228881836,
  "summary_bg_stdv": 27.984233856201172,
  "summary_fg_k": 4.060185427541462,
  "summary_fg_mad": 47.138769254796976,
  "summary_fg_mean": 274.2532653808594,
  "summary_fg_median": 266.57342529296875,
  "summary_fg_n": 88215.0,
  "summary_fg_p05": 202.14788818359375,
  "summary_fg_p95": 369.7229644775391,
  "summary_fg_stdv": 56.6871452331543,
  "tsnr": 61.03473663330078
}