{
  "aor": 0.0007743636363636364,
  "aqi": 0.0060317978181818185,
  "bids_meta": {
    "AcquisitionMatrixPE": 84,
    "AcquisitionNumber": 1,
    "AcquisitionTime": "14:20:6.597500",
    "BandwidthPerPixelPhaseEncode": 15.664,
    "BaseResolution": 84,
    "BodyPartExamined": "BRAIN",
    "ConsistencyInfo": "N4_VE11C_LATEST_20160120",
    "ConversionSoftware": "dcm2niix",
    "ConversionSoftwareVersion": "v1.0.20181114  Clang4.0.1",
    "DerivedVendorReportedEchoSpacing": 0.000760008,
    "DeviceSerialNumber": "67007",
    "DwellTime": 3.8e-06,
    "EchoTime": 0.03,
    "EchoTrainLength": 74,
    "EffectiveEchoSpacing": 0.000760008,
    "FlipAngle": 40,
    "ImageComments": "Unaliased_MB4_PE3",
    "ImageOrientationPatientDICOM": [
      0.999014,
      -0.00916201,
      -0.0434322,
      -3.05458e-08,
      0.978466,
      -0.206408
    ],
    "ImageType": [
      "ORIGINAL",
      "PRIMARY",
      "M",
      "MB",
      "ND",
      "NORM",
      "MOSAIC"
    ],
    "ImagingFrequency": 123.211,
    "InPlanePhaseEncodingDirectionDICOM": "COL",
    "InstitutionAddress": "Perth_Drive_100_London_Ontario_CA_N6A_5K8",
    "InstitutionName": "Robarts-CFMM",
    "InstitutionalDepartmentName": "CFMM",
    "MRAcquisitionType": "2D",
    "MagneticFieldStrength": 3,
    "Manufacturer": "Siemens",
    "ManufacturersModelName": "Prisma_fit",
    "Modality": "MR",
    "MultibandAccelerationFactor": 4,
    "PartialFourier": 0.875,
    "PatientPosition": "HFS",
    "PercentPhaseFOV": 100,
    "PhaseEncodingDirection": "j-",
    "PhaseEncodingSteps": 74,
    "PhaseResolution": 1,
    "PixelBandwidth": 1565,
    "ProcedureStepDescription": "Ansari_NCNS",
    "ProtocolName": "ep_bold_mb4_adaptation_3",
    "PulseSequenceDetails": "%CustomerSeq%_cmrr_mbep2d_bold",
    "ReceiveCoilActiveElements": "HEA;HEP",
    "ReceiveCoilName": "Head_32",
    "ReconMatrixPE": 84,
    "RepetitionTime": 1,
    "SAR": 0.0947214,
    "ScanOptions": "PFP_FS",
    "ScanningSequence": "EP",
    "SequenceName": "epfid2d1_84",
    "SequenceVariant": "SK_SS",
    "SeriesDescription": "ep_bold_mb4_adaptation_3",
    "SeriesNumber": 6,
    "ShimSetting": [
      5240,
      -6159,
      -3756,
      339,
      25,
      43,
      85,
      -8
    ],
    "SliceThickness": 2.5,
    "SliceTiming": [
      0,
      0.4075,
      0.8175,
      0.245,
      0.6525,
      0.0825,
      0.49,
      0.8975,
      0.3275,
      0.735,
      0.1625,
      0.5725,
      0,
      0.4075,
      0.8175,
      0.245,
      0.6525,
      0.0825,
      0.49,
      0.8975,
      0.3275,
      0.735,
      0.1625,
      0.5725,
      0,
      0.4075,
      0.8175,
      0.245,
      0.6525,
      0.0825,
      0.49,
      0.8975,
      0.3275,
      0.735,
      0.1625,
      0.5725,
      0,
      0.4075,
      0.8175,
      0.245,
      0.6525,
      0.0825,
      0.49,
      0.8975,
      0.3275,
      0.735,
      0.1625,
      0.5725
    ],
    "SoftwareVersions": "syngo_MR_E11",
    "SpacingBetweenSlices": 2.5,
    "StationName": "MRC35368",
    "TaskName": "Adaptation",
    "TotalReadoutTime": 0.0630806,
    "TxRefAmp": 303.512,
    "WipMemBlock": "023b2b71-0857-4a65-abbb-d03698aa5fcc||Sequence: R016 ve11c/master r/e634e98; Dec 19 2017 11:00:25 by eja",
    "dataset": "ds001838",
    "modality": "bold",
    "run_id": 3,
    "session_id": "01",
    "subject_id": "120",
    "task_id": "Adaptation"
  },
  "dummy_trs": 1,
  "dvars_nstd": 26.54834814872395,
  "dvars_std": 1.2123482852083334,
  "dvars_vstd": 1.0084926000260415,
  "efc": 0.5729092188312023,
  "fber": 5403.2841796875,
  "fd_mean": 0.134340594532772,
  "fd_num": 81,
  "fd_perc": 21.038961038961038,
  "fwhm_avg": 2.419970260668892,
  "fwhm_x": 2.218706457079871,
  "fwhm_y": 2.6758643249268044,
  "fwhm_z": 2.36534,
  "gcor": 0.0478801,
  "gsr_x": -0.001928181853145361,
  "gsr_y": 0.06200273334980011,
  "provenance": {
    "md5sum": "f52fecb0624845bac3372ff1f486187f",
    "settings": {
      "fd_thres": 0.2,
      "testing": false
    },
    "software": "mriqc",
    "version": "22.0.1",
    "webapi_port": null,
    "webapi_url": "https://mriqc.nimh.nih.gov/api/v1"
  },
  "size_t": 385,
  "size_x": 84,
  "size_y": 84,
  "size_z": 48,
  "snr": 4.103882712101678,
  "spacing_tr": 1.0,
  "spacing_x": 2.4761905670166016,
  "spacing_y": 2.4761905670166016,
  "spacing_z": 2.5,
  "summary_bg_k": 16.39407815124298,
  "summary_bg_mad": 3.8013047942626454,
  "summary_bg_mean": 18.396696090698242,
  "summary_bg_median": 4.557768821716309,
  "summary_bg_n": 188863.0,
  "summary_bg_p05": 1.357470715045929,
  "summary_bg_p95": 88.25444412231445,
  "summary_bg_stdv": 35.7464485168457,
  "summary_fg_k": 3.2910649914275103,
  "summary_fg_mad": 71.14545095378533,
  "summary_fg_mean": 362.2403259277344,
  "summary_fg_median": 349.0995178222656,
  "summary_fg_n": 89875.0,
  "summary_fg_p05": 259.5916229248047,
  "summary_fg_p95": 515.7799133300781,
  "summary_fg_stdv": 85.06519317626953,
  "tsnr": 62.54265594482422
}