{
  "aor": 0.0005207792207792208,
  "aqi": 0.0056075787272727275,
  "bids_meta": {
    "AcquisitionMatrixPE": 84,
    "AcquisitionNumber": 1,
    "AcquisitionTime": "14:27:19.887500",
    "BandwidthPerPixelPhaseEncode": 15.664,
    "BaseResolution": 84,
    "BodyPartExamined": "BRAIN",
    "ConsistencyInfo": "N4_VE11C_LATEST_20160120",
    "ConversionSoftware": "dcm2niix",
    "ConversionSoftwareVersion": "v1.0.20181114  Clang4.0.1",
    "DerivedVendorReportedEchoSpacing": 0.000760008,
    "DeviceSerialNumber": "67007",
    "DwellTime": 3.8e-06,
    "EchoTime": 0.03,
    "EchoTrainLength": 74,
    "EffectiveEchoSpacing": 0.000760008,
    "FlipAngle": 40,
    "ImageComments": "Unaliased_MB4_PE3",
    "ImageOrientationPatientDICOM": [
      0.999014,
      -0.00916201,
      -0.0434322,
      -3.05458e-08,
      0.978466,
      -0.206408
    ],
    "ImageType": [
      "ORIGINAL",
      "PRIMARY",
      "M",
      "MB",
      "ND",
      "NORM",
      "MOSAIC"
    ],
    "ImagingFrequency": 123.211,
    "InPlanePhaseEncodingDirectionDICOM": "COL",
    "InstitutionAddress": "Perth_Drive_100_London_Ontario_CA_N6A_5K8",
    "InstitutionName": "Robarts-CFMM",
    "InstitutionalDepartmentName": "CFMM",
    "MRAcquisitionType": "2D",
    "MagneticFieldStrength": 3,
    "Manufacturer": "Siemens",
    "ManufacturersModelName": "Prisma_fit",
    "Modality": "MR",
    "MultibandAccelerationFactor": 4,
    "PartialFourier": 0.875,
    "PatientPosition": "HFS",
    "PercentPhaseFOV": 100,
    "PhaseEncodingDirection": "j-",
    "PhaseEncodingSteps": 74,
    "PhaseResolution": 1,
    "PixelBandwidth": 1565,
    "ProcedureStepDescription": "Ansari_NCNS",
    "ProtocolName": "ep_bold_mb4_adaptation_4",
    "PulseSequenceDetails": "%CustomerSeq%_cmrr_mbep2d_bold",
    "ReceiveCoilActiveElements": "HEA;HEP",
    "ReceiveCoilName": "Head_32",
    "ReconMatrixPE": 84,
    "RepetitionTime": 1,
    "SAR": 0.0947214,
    "ScanOptions": "PFP_FS",
    "ScanningSequence": "EP",
    "SequenceName": "epfid2d1_84",
    "SequenceVariant": "SK_SS",
    "SeriesDescription": "ep_bold_mb4_adaptation_4",
    "SeriesNumber": 8,
    "ShimSetting": [
      5240,
      -6159,
      -3756,
      339,
      25,
      43,
      85,
      -8
    ],
    "SliceThickness": 2.5,
    "SliceTiming": [
      0,
      0.4075,
      0.815,
      0.245,
      0.6525,
      0.08,
      0.49,
      0.8975,
      0.325,
      0.735,
      0.1625,
      0.57,
      0,
      0.4075,
      0.815,
      0.245,
      0.6525,
      0.08,
      0.49,
      0.8975,
      0.325,
      0.735,
      0.1625,
      0.57,
      0,
      0.4075,
      0.815,
      0.245,
      0.6525,
      0.08,
      0.49,
      0.8975,
      0.325,
      0.735,
      0.1625,
      0.57,
      0,
      0.4075,
      0.815,
      0.245,
      0.6525,
      0.08,
      0.49,
      0.8975,
      0.325,
      0.735,
      0.1625,
      0.57
    ],
    "SoftwareVersions": "syngo_MR_E11",
    "SpacingBetweenSlices": 2.5,
    "StationName": "MRC35368",
    "TaskName": "Adaptation",
    "TotalReadoutTime": 0.0630806,
    "TxRefAmp": 303.512,
    "WipMemBlock": "eecdf737-9c54-4642-878d-384e5c92438c||Sequence: R016 ve11c/master r/e634e98; Dec 19 2017 11:00:25 by eja",
    "dataset": "ds001838",
    "modality": "bold",
    "run_id": 4,
    "session_id": "01",
    "subject_id": "120",
    "task_id": "Adaptation"
  },
  "dummy_trs": 1,
  "dvars_nstd": 25.719674289296872,
  "dvars_std": 1.186210558359375,
  "dvars_vstd": 0.9994284101822908,
  "efc": 0.5727896873426883,
  "fber": 5366.34375,
  "fd_mean": 0.12158451591803833,
  "fd_num": 35,
  "fd_perc": 9.090909090909092,
  "fwhm_avg": 2.417170978748359,
  "fwhm_x": 2.2118895342529905,
  "fwhm_y": 2.671987401992086,
  "fwhm_z": 2.367636,
  "gcor": 0.0311306,
  "gsr_x": -0.0026126261800527573,
  "gsr_y": 0.06281191855669022,
  "provenance": {
    "md5sum": "96e4c28be8bd31b5c02fca9d2498ecee",
    "settings": {
      "fd_thres": 0.2,
      "testing": false
    },
    "software": "mriqc",
    "version": "22.0.1",
    "webapi_port": null,
    "webapi_url": "https://mriqc.nimh.nih.gov/api/v1"
  },
  "size_t": 385,
  "size_x": 84,
  "size_y": 84,
  "size_z": 48,
  "snr": 4.104561023991772,
  "spacing_tr": 1.0,
  "spacing_x": 2.4761905670166016,
  "spacing_y": 2.4761905670166016,
  "spacing_z": 2.5,
  "summary_bg_k": 16.282241880795535,
  "summary_bg_mad": 3.846403175649836,
  "summary_bg_mean": 18.591459274291992,
  "summary_bg_median": 4.58426570892334,
  "summary_bg_n": 189139.0,
  "summary_bg_p05": 1.341368317604065,
  "summary_bg_p95": 89.87254714965823,
  "summary_bg_stdv": 35.97431564331055,
  "summary_fg_k": 3.293389849736755,
  "summary_fg_mad": 71.12296397555664,
  "summary_fg_mean": 362.7869567871094,
  "summary_fg_median": 349.72723388671875,
  "summary_fg_n": 89394.0,
  "summary_fg_p05": 259.6559341430664,
  "summary_fg_p95": 515.9625091552731,
  "summary_fg_stdv": 85.20406341552734,
  "tsnr": 63.176307678222656
}