{
  "aor": 0.0012789322916666665,
  "aqi": 0.007005010911458334,
  "bids_meta": {
    "AcquisitionMatrixPE": 84,
    "AcquisitionNumber": 1,
    "AcquisitionTime": "14:12:50.080000",
    "BandwidthPerPixelPhaseEncode": 15.664,
    "BaseResolution": 84,
    "BodyPartExamined": "BRAIN",
    "ConsistencyInfo": "N4_VE11C_LATEST_20160120",
    "ConversionSoftware": "dcm2niix",
    "ConversionSoftwareVersion": "v1.0.20181114  Clang4.0.1",
    "DerivedVendorReportedEchoSpacing": 0.000760008,
    "DeviceSerialNumber": "67007",
    "DwellTime": 3.8e-06,
    "EchoTime": 0.03,
    "EchoTrainLength": 74,
    "EffectiveEchoSpacing": 0.000760008,
    "FlipAngle": 40,
    "ImageComments": "Unaliased_MB4_PE3",
    "ImageOrientationPatientDICOM": [
      0.999014,
      -0.00916201,
      -0.0434322,
      -3.05458e-08,
      0.978466,
      -0.206408
    ],
    "ImageType": [
      "ORIGINAL",
      "PRIMARY",
      "M",
      "MB",
      "ND",
      "NORM",
      "MOSAIC"
    ],
    "ImagingFrequency": 123.211,
    "InPlanePhaseEncodingDirectionDICOM": "COL",
    "InstitutionAddress": "Perth_Drive_100_London_Ontario_CA_N6A_5K8",
    "InstitutionName": "Robarts-CFMM",
    "InstitutionalDepartmentName": "CFMM",
    "MRAcquisitionType": "2D",
    "MagneticFieldStrength": 3,
    "Manufacturer": "Siemens",
    "ManufacturersModelName": "Prisma_fit",
    "Modality": "MR",
    "MultibandAccelerationFactor": 4,
    "PartialFourier": 0.875,
    "PatientPosition": "HFS",
    "PercentPhaseFOV": 100,
    "PhaseEncodingDirection": "j-",
    "PhaseEncodingSteps": 74,
    "PhaseResolution": 1,
    "PixelBandwidth": 1565,
    "ProcedureStepDescription": "Ansari_NCNS",
    "ProtocolName": "ep_bold_mb4_adaptation_2",
    "PulseSequenceDetails": "%CustomerSeq%_cmrr_mbep2d_bold",
    "ReceiveCoilActiveElements": "HEA;HEP",
    "ReceiveCoilName": "Head_32",
    "ReconMatrixPE": 84,
    "RepetitionTime": 1,
    "SAR": 0.0947214,
    "ScanOptions": "PFP_FS",
    "ScanningSequence": "EP",
    "SequenceName": "epfid2d1_84",
    "SequenceVariant": "SK_SS",
    "SeriesDescription": "ep_bold_mb4_adaptation_2",
    "SeriesNumber": 4,
    "ShimSetting": [
      5240,
      -6159,
      -3756,
      339,
      25,
      43,
      85,
      -8
    ],
    "SliceThickness": 2.5,
    "SliceTiming": [
      0,
      0.41,
      0.8175,
      0.245,
      0.655,
      0.0825,
      0.49,
      0.9,
      0.3275,
      0.735,
      0.165,
      0.5725,
      0,
      0.41,
      0.8175,
      0.245,
      0.655,
      0.0825,
      0.49,
      0.9,
      0.3275,
      0.735,
      0.165,
      0.5725,
      0,
      0.41,
      0.8175,
      0.245,
      0.655,
      0.0825,
      0.49,
      0.9,
      0.3275,
      0.735,
      0.165,
      0.5725,
      0,
      0.41,
      0.8175,
      0.245,
      0.655,
      0.0825,
      0.49,
      0.9,
      0.3275,
      0.735,
      0.165,
      0.5725
    ],
    "SoftwareVersions": "syngo_MR_E11",
    "SpacingBetweenSlices": 2.5,
    "StationName": "MRC35368",
    "TaskName": "Adaptation",
    "TotalReadoutTime": 0.0630806,
    "TxRefAmp": 303.512,
    "WipMemBlock": "cd91ae3b-18b6-40bc-8dc4-b0e9d460c652||Sequence: R016 ve11c/master r/e634e98; Dec 19 2017 11:00:25 by eja",
    "dataset": "ds001838",
    "modality": "bold",
    "run_id": 2,
    "session_id": "01",
    "subject_id": "120",
    "task_id": "Adaptation"
  },
  "dummy_trs": 2,
  "dvars_nstd": 25.859512877023512,
  "dvars_std": 1.194646976553525,
  "dvars_vstd": 1.0041880771540472,
  "efc": 0.5730630151345052,
  "fber": 5410.4921875,
  "fd_mean": 0.12666088554882957,
  "fd_num": 38,
  "fd_perc": 9.895833333333334,
  "fwhm_avg": 2.4017400684107244,
  "fwhm_x": 2.2167154956144373,
  "fwhm_y": 2.6738047096177353,
  "fwhm_z": 2.3146999999999998,
  "gcor": 0.0198092,
  "gsr_x": -0.003044507233425975,
  "gsr_y": 0.06142868101596832,
  "provenance": {
    "md5sum": "fb574946edd275b86801fdc7df5d1e5c",
    "settings": {
      "fd_thres": 0.2,
      "testing": false
    },
    "software": "mriqc",
    "version": "22.0.1",
    "webapi_port": null,
    "webapi_url": "https://mriqc.nimh.nih.gov/api/v1"
  },
  "size_t": 384,
  "size_x": 84,
  "size_y": 84,
  "size_z": 48,
  "snr": 4.10098319871754,
  "spacing_tr": 1.0,
  "spacing_x": 2.4761905670166016,
  "spacing_y": 2.4761905670166016,
  "spacing_z": 2.5,
  "summary_bg_k": 16.429221301845228,
  "summary_bg_mad": 3.8838160200001646,
  "summary_bg_mean": 18.26847267150879,
  "summary_bg_median": 4.577739715576172,
  "summary_bg_n": 188567.0,
  "summary_bg_p05": 1.2976782321929932,
  "summary_bg_p95": 86.98665542602514,
  "summary_bg_stdv": 35.38260269165039,
  "summary_fg_k": 3.2557749013559016,
  "summary_fg_mad": 71.43904854277102,
  "summary_fg_mean": 363.1167297363281,
  "summary_fg_median": 349.76885986328125,
  "summary_fg_n": 89970.0,
  "summary_fg_p05": 260.0230712890625,
  "summary_fg_p95": 516.733953857422,
  "summary_fg_stdv": 85.2885513305664,
  "tsnr": 60.076419830322266
}