{
  "aor": 0.001381917098445596,
  "aqi": 0.008209060958549222,
  "bids_meta": {
    "AcquisitionMatrixPE": 84,
    "AcquisitionNumber": 1,
    "AcquisitionTime": "14:05:32.855000",
    "BandwidthPerPixelPhaseEncode": 15.664,
    "BaseResolution": 84,
    "BodyPartExamined": "BRAIN",
    "ConsistencyInfo": "N4_VE11C_LATEST_20160120",
    "ConversionSoftware": "dcm2niix",
    "ConversionSoftwareVersion": "v1.0.20181114  Clang4.0.1",
    "DerivedVendorReportedEchoSpacing": 0.000760008,
    "DeviceSerialNumber": "67007",
    "DwellTime": 3.8e-06,
    "EchoTime": 0.03,
    "EchoTrainLength": 74,
    "EffectiveEchoSpacing": 0.000760008,
    "FlipAngle": 40,
    "ImageComments": "Unaliased_MB4_PE3",
    "ImageOrientationPatientDICOM": [
      0.999014,
      -0.00916201,
      -0.0434322,
      -3.05458e-08,
      0.978466,
      -0.206408
    ],
    "ImageType": [
      "ORIGINAL",
      "PRIMARY",
      "M",
      "MB",
      "ND",
      "NORM",
      "MOSAIC"
    ],
    "ImagingFrequency": 123.211,
    "InPlanePhaseEncodingDirectionDICOM": "COL",
    "InstitutionAddress": "Perth_Drive_100_London_Ontario_CA_N6A_5K8",
    "InstitutionName": "Robarts-CFMM",
    "InstitutionalDepartmentName": "CFMM",
    "MRAcquisitionType": "2D",
    "MagneticFieldStrength": 3,
    "Manufacturer": "Siemens",
    "ManufacturersModelName": "Prisma_fit",
    "Modality": "MR",
    "MultibandAccelerationFactor": 4,
    "PartialFourier": 0.875,
    "PatientPosition": "HFS",
    "PercentPhaseFOV": 100,
    "PhaseEncodingDirection": "j-",
    "PhaseEncodingSteps": 74,
    "PhaseResolution": 1,
    "PixelBandwidth": 1565,
    "ProcedureStepDescription": "Ansari_NCNS",
    "ProtocolName": "ep_bold_mb4_adaptation_1",
    "PulseSequenceDetails": "%CustomerSeq%_cmrr_mbep2d_bold",
    "ReceiveCoilActiveElements": "HEA;HEP",
    "ReceiveCoilName": "Head_32",
    "ReconMatrixPE": 84,
    "RepetitionTime": 1,
    "SAR": 0.0947214,
    "ScanOptions": "PFP_FS",
    "ScanningSequence": "EP",
    "SequenceName": "epfid2d1_84",
    "SequenceVariant": "SK_SS",
    "SeriesDescription": "ep_bold_mb4_adaptation_1",
    "SeriesNumber": 2,
    "ShimSetting": [
      5240,
      -6159,
      -3756,
      339,
      25,
      43,
      85,
      -8
    ],
    "SliceThickness": 2.5,
    "SliceTiming": [
      0,
      0.4075,
      0.8175,
      0.245,
      0.6525,
      0.0825,
      0.49,
      0.8975,
      0.3275,
      0.735,
      0.1625,
      0.5725,
      0,
      0.4075,
      0.8175,
      0.245,
      0.6525,
      0.0825,
      0.49,
      0.8975,
      0.3275,
      0.735,
      0.1625,
      0.5725,
      0,
      0.4075,
      0.8175,
      0.245,
      0.6525,
      0.0825,
      0.49,
      0.8975,
      0.3275,
      0.735,
      0.1625,
      0.5725,
      0,
      0.4075,
      0.8175,
      0.245,
      0.6525,
      0.0825,
      0.49,
      0.8975,
      0.3275,
      0.735,
      0.1625,
      0.5725
    ],
    "SoftwareVersions": "syngo_MR_E11",
    "SpacingBetweenSlices": 2.5,
    "StationName": "MRC35368",
    "TaskName": "Adaptation",
    "TotalReadoutTime": 0.0630806,
    "TxRefAmp": 303.512,
    "WipMemBlock": "a03ff297-bbe4-4c18-8bcc-8e9b2ea06130||Sequence: R016 ve11c/master r/e634e98; Dec 19 2017 11:00:25 by eja",
    "dataset": "ds001838",
    "modality": "bold",
    "run_id": 1,
    "session_id": "01",
    "subject_id": "120",
    "task_id": "Adaptation"
  },
  "dummy_trs": 0,
  "dvars_nstd": 26.840842943038957,
  "dvars_std": 1.209002068051948,
  "dvars_vstd": 0.990199264493507,
  "efc": 0.5730321768011951,
  "fber": 5440.615234375,
  "fd_mean": 0.12345823474710607,
  "fd_num": 31,
  "fd_perc": 8.031088082901555,
  "fwhm_avg": 2.4222628630252667,
  "fwhm_x": 2.2244168414857994,
  "fwhm_y": 2.687143747590001,
  "fwhm_z": 2.355228,
  "gcor": 0.0133439,
  "gsr_x": -0.003395606530830264,
  "gsr_y": 0.060377415269613266,
  "provenance": {
    "md5sum": "d6038cbb66a8a32fe4f12d23a5f46f1f",
    "settings": {
      "fd_thres": 0.2,
      "testing": false
    },
    "software": "mriqc",
    "version": "22.0.1",
    "webapi_port": null,
    "webapi_url": "https://mriqc.nimh.nih.gov/api/v1"
  },
  "size_t": 386,
  "size_x": 84,
  "size_y": 84,
  "size_z": 48,
  "snr": 4.095400122594724,
  "spacing_tr": 1.0,
  "spacing_x": 2.4761905670166016,
  "spacing_y": 2.4761905670166016,
  "spacing_z": 2.5,
  "summary_bg_k": 17.85318655501702,
  "summary_bg_mad": 3.8191037451278,
  "summary_bg_mean": 18.00682830810547,
  "summary_bg_median": 4.562158107757568,
  "summary_bg_n": 188227.0,
  "summary_bg_p05": 1.3561598896980287,
  "summary_bg_p95": 85.00493698120103,
  "summary_bg_stdv": 35.034542083740234,
  "summary_fg_k": 3.240363109759829,
  "summary_fg_mad": 71.68047815208332,
  "summary_fg_mean": 363.3534240722656,
  "summary_fg_median": 350.210205078125,
  "summary_fg_n": 90277.0,
  "summary_fg_p05": 260.27967529296876,
  "summary_fg_p95": 517.1935546875,
  "summary_fg_stdv": 85.51258850097656,
  "tsnr": 57.86637878417969
}