{
  "bids_meta": {
    "AcquisitionMatrixPE": 248,
    "AcquisitionNumber": 1,
    "AcquisitionTime": "13:35:11.465000",
    "BaseResolution": 256,
    "BodyPartExamined": "BRAIN",
    "ConsistencyInfo": "N4_VE11C_LATEST_20160120",
    "ConversionSoftware": "dcm2niix",
    "ConversionSoftwareVersion": "v1.0.20181114  Clang4.0.1",
    "DeviceSerialNumber": "67007",
    "DwellTime": 8.2e-06,
    "EchoTime": 0.00298,
    "FlipAngle": 9,
    "ImageOrientationPatientDICOM": [
      0,
      1,
      0,
      0,
      0,
      -1
    ],
    "ImageType": [
      "ORIGINAL",
      "PRIMARY",
      "M",
      "ND",
      "NORM"
    ],
    "ImagingFrequency": 123.211,
    "InPlanePhaseEncodingDirectionDICOM": "ROW",
    "InstitutionAddress": "Perth_Drive_100_London_Ontario_CA_N6A_5K8",
    "InstitutionName": "Robarts_Research_Institute",
    "InstitutionalDepartmentName": "CFMM",
    "InversionTime": 0.9,
    "MRAcquisitionType": "3D",
    "MagneticFieldStrength": 3,
    "Manufacturer": "Siemens",
    "ManufacturersModelName": "Prisma_fit",
    "Modality": "MR",
    "PartialFourier": 1,
    "PatientPosition": "HFS",
    "PercentPhaseFOV": 96.875,
    "PhaseEncodingSteps": 247,
    "PhaseResolution": 1,
    "PixelBandwidth": 240,
    "ProcedureStepDescription": "Ansari_NCNS",
    "ProtocolName": "MPRAGE_SAG_iPAT2",
    "PulseSequenceDetails": "%SiemensSeq%_tfl",
    "ReceiveCoilActiveElements": "HEA;HEP",
    "ReceiveCoilName": "Head_32",
    "ReconMatrixPE": 256,
    "RepetitionTime": 2.3,
    "SAR": 0.0648189,
    "ScanOptions": "IR",
    "ScanningSequence": "GR_IR",
    "SequenceName": "_tfl3d1_16ns",
    "SequenceVariant": "SK_SP_MP",
    "SeriesDescription": "MPRAGE_SAG_iPAT2",
    "SeriesNumber": 10,
    "ShimSetting": [
      5254,
      -6187,
      -3912,
      325,
      101,
      -225,
      8,
      -10
    ],
    "SliceThickness": 1,
    "SoftwareVersions": "syngo_MR_E11",
    "StationName": "MRC35368",
    "TxRefAmp": 254.584,
    "dataset": "ds001838",
    "modality": "T1w",
    "session_id": "01",
    "subject_id": "103"
  },
  "cjv": 0.34025624932686827,
  "cnr": 3.8564890187222662,
  "efc": 0.601873778886939,
  "fber": 2820.952918483287,
  "fwhm_avg": 3.79203,
  "fwhm_x": 3.84799,
  "fwhm_y": 3.90926,
  "fwhm_z": 3.61884,
  "icvs_csf": 0.19242833017592836,
  "icvs_gm": 0.4665892108612396,
  "icvs_wm": 0.340982458962832,
  "inu_med": 0.48256605863571167,
  "inu_range": 0.160623574256897,
  "provenance": {
    "md5sum": "452145b7b9eff0ee7a1d15998f8d52e0",
    "settings": {
      "testing": false
    },
    "software": "mriqc",
    "version": "22.0.1",
    "warnings": {
      "large_rot_frame": true,
      "small_air_mask": false
    },
    "webapi_port": null,
    "webapi_url": "https://mriqc.nimh.nih.gov/api/v1"
  },
  "qi_1": 0.0,
  "qi_2": 0.01549432446317499,
  "rpve_csf": 26.488862834481356,
  "rpve_gm": 12.0028988341797,
  "rpve_wm": 18.051186056566923,
  "size_x": 192,
  "size_y": 248,
  "size_z": 256,
  "snr_csf": 2.601126063856385,
  "snr_gm": 12.966399405775483,
  "snr_total": 13.132994224250341,
  "snr_wm": 23.831457203119157,
  "snrd_csf": 31.26912889982987,
  "snrd_gm": 68.03233440236261,
  "snrd_total": 64.2390661597188,
  "snrd_wm": 93.41573517696393,
  "spacing_x": 1.0,
  "spacing_y": 1.0,
  "spacing_z": 1.0,
  "summary_bg_k": 110.98897398009726,
  "summary_bg_mad": 0.0,
  "summary_bg_mean": 4.742408782457631,
  "summary_bg_median": 0.0,
  "summary_bg_n": 2441695.0,
  "summary_bg_p05": 0.0,
  "summary_bg_p95": 17.76761394739151,
  "summary_bg_stdv": 7.013332568147044,
  "summary_csf_k": 0.9949788062166713,
  "summary_csf_mad": 116.84507056898288,
  "summary_csf_mean": 334.7650834187773,
  "summary_csf_median": 334.74067398905754,
  "summary_csf_n": 24763.0,
  "summary_csf_p05": 117.31023129522801,
  "summary_csf_p95": 550.4735179245472,
  "summary_csf_stdv": 128.68807847660185,
  "summary_gm_k": 0.22645821143149059,
  "summary_gm_mad": 53.51052152917333,
  "summary_gm_mean": 728.8338980118024,
  "summary_gm_median": 728.2962548732758,
  "summary_gm_n": 36527.0,
  "summary_gm_p05": 635.3329321950674,
  "summary_gm_p95": 822.7050286531448,
  "summary_gm_stdv": 56.16719512698065,
  "summary_wm_k": 0.8073891801229691,
  "summary_wm_mad": 38.94835685632763,
  "summary_wm_mean": 1000.3467136943278,
  "summary_wm_median": 1000.0293341875076,
  "summary_wm_n": 192980.0,
  "summary_wm_p05": 932.4185788035393,
  "summary_wm_p95": 1068.9301473498344,
  "summary_wm_stdv": 41.96246728190812,
  "tpm_overlap_csf": 0.15366776689588862,
  "tpm_overlap_gm": 0.48158233044031756,
  "tpm_overlap_wm": 0.5096360546873518,
  "wm2max": 0.6002694155138809
}