{
  "aor": 0.0002818324607329843,
  "aqi": 0.005168523821989529,
  "bids_meta": {
    "AcquisitionMatrixPE": 84,
    "AcquisitionNumber": 1,
    "AcquisitionTime": "15:20:3.182500",
    "BandwidthPerPixelPhaseEncode": 15.664,
    "BaseResolution": 84,
    "BodyPartExamined": "BRAIN",
    "ConsistencyInfo": "N4_VE11C_LATEST_20160120",
    "ConversionSoftware": "dcm2niix",
    "ConversionSoftwareVersion": "v1.0.20181114  Clang4.0.1",
    "DerivedVendorReportedEchoSpacing": 0.000760008,
    "DeviceSerialNumber": "67007",
    "DwellTime": 3.8e-06,
    "EchoTime": 0.03,
    "EchoTrainLength": 74,
    "EffectiveEchoSpacing": 0.000760008,
    "FlipAngle": 40,
    "ImageComments": "Unaliased_MB4_PE3",
    "ImageOrientationPatientDICOM": [
      1,
      0,
      0,
      0,
      0.921185,
      -0.389124
    ],
    "ImageType": [
      "ORIGINAL",
      "PRIMARY",
      "M",
      "MB",
      "ND",
      "NORM",
      "MOSAIC"
    ],
    "ImagingFrequency": 123.211,
    "InPlanePhaseEncodingDirectionDICOM": "COL",
    "InstitutionAddress": "Perth_Drive_100_London_Ontario_CA_N6A_5K8",
    "InstitutionName": "Robarts_Research_Institute",
    "InstitutionalDepartmentName": "CFMM",
    "MRAcquisitionType": "2D",
    "MagneticFieldStrength": 3,
    "Manufacturer": "Siemens",
    "ManufacturersModelName": "Prisma_fit",
    "Modality": "MR",
    "MultibandAccelerationFactor": 4,
    "PartialFourier": 0.875,
    "PatientPosition": "HFS",
    "PercentPhaseFOV": 100,
    "PhaseEncodingDirection": "j-",
    "PhaseEncodingSteps": 74,
    "PhaseResolution": 1,
    "PixelBandwidth": 1565,
    "ProcedureStepDescription": "Ansari_NCNS",
    "ProtocolName": "ep_bold_mb4_adaptation_2",
    "PulseSequenceDetails": "%CustomerSeq%_cmrr_mbep2d_bold",
    "ReceiveCoilActiveElements": "HEA;HEP",
    "ReceiveCoilName": "Head_32",
    "ReconMatrixPE": 84,
    "RepetitionTime": 1,
    "SAR": 0.0583521,
    "ScanOptions": "PFP_FS",
    "ScanningSequence": "EP",
    "SequenceName": "epfid2d1_84",
    "SequenceVariant": "SK_SS",
    "SeriesDescription": "ep_bold_mb4_adaptation_2",
    "SeriesNumber": 4,
    "ShimSetting": [
      5244,
      -6214,
      -4001,
      389,
      14,
      3,
      28,
      19
    ],
    "SliceThickness": 2.5,
    "SliceTiming": [
      0,
      0.4075,
      0.815,
      0.245,
      0.6525,
      0.08,
      0.49,
      0.8975,
      0.325,
      0.735,
      0.1625,
      0.57,
      0,
      0.4075,
      0.815,
      0.245,
      0.6525,
      0.08,
      0.49,
      0.8975,
      0.325,
      0.735,
      0.1625,
      0.57,
      0,
      0.4075,
      0.815,
      0.245,
      0.6525,
      0.08,
      0.49,
      0.8975,
      0.325,
      0.735,
      0.1625,
      0.57,
      0,
      0.4075,
      0.815,
      0.245,
      0.6525,
      0.08,
      0.49,
      0.8975,
      0.325,
      0.735,
      0.1625,
      0.57
    ],
    "SoftwareVersions": "syngo_MR_E11",
    "SpacingBetweenSlices": 2.5,
    "StationName": "MRC35368",
    "TaskName": "Adaptation",
    "TotalReadoutTime": 0.0630806,
    "TxRefAmp": 240.524,
    "WipMemBlock": "d818db4c-ff54-4c36-a1ef-c51a8f1dd520||Sequence: R016 ve11c/master r/e634e98; Dec 19 2017 11:00:25 by eja",
    "dataset": "ds001838",
    "modality": "bold",
    "run_id": 2,
    "session_id": "01",
    "subject_id": "11",
    "task_id": "Adaptation"
  },
  "dummy_trs": 4,
  "dvars_nstd": 25.37693605372703,
  "dvars_std": 1.1143355316535442,
  "dvars_vstd": 0.9924204498425191,
  "efc": 0.5171024444537303,
  "fber": 7159.23876953125,
  "fd_mean": 0.2448280537556425,
  "fd_num": 239,
  "fd_perc": 62.56544502617801,
  "fwhm_avg": 1.8845078776052961,
  "fwhm_x": 1.7736962810950543,
  "fwhm_y": 1.9453793517208335,
  "fwhm_z": 1.9344480000000002,
  "gcor": 0.00526881,
  "gsr_x": -0.009415796026587486,
  "gsr_y": 0.03254052996635437,
  "provenance": {
    "md5sum": "542b3abb68d5e28444e2d9de19ddd82b",
    "settings": {
      "fd_thres": 0.2,
      "testing": false
    },
    "software": "mriqc",
    "version": "22.0.1",
    "webapi_port": null,
    "webapi_url": "https://mriqc.nimh.nih.gov/api/v1"
  },
  "size_t": 382,
  "size_x": 84,
  "size_y": 84,
  "size_z": 48,
  "snr": 4.556538847829291,
  "spacing_tr": 1.0,
  "spacing_x": 2.4761905670166016,
  "spacing_y": 2.4761905670166016,
  "spacing_z": 2.5,
  "summary_bg_k": 25.816672183981865,
  "summary_bg_mad": 2.118020893786563,
  "summary_bg_mean": 10.296467781066895,
  "summary_bg_median": 3.004744529724121,
  "summary_bg_n": 208232.0,
  "summary_bg_p05": 1.098812198638916,
  "summary_bg_p95": 45.76613121032711,
  "summary_bg_stdv": 21.16699981689453,
  "summary_fg_k": 3.3737777871106465,
  "summary_fg_mad": 46.70790834548685,
  "summary_fg_mean": 270.7553405761719,
  "summary_fg_median": 261.28912353515625,
  "summary_fg_n": 72484.0,
  "summary_fg_p05": 201.20075454711915,
  "summary_fg_p95": 374.65319976806643,
  "summary_fg_stdv": 57.34337615966797,
  "tsnr": 61.91817092895508
}