{
  "bids_meta": {
    "AcquisitionMatrixPE": 256,
    "AcquisitionNumber": 1,
    "AcquisitionTime": "18:53:25.060000",
    "BaseResolution": 256,
    "BodyPartExamined": "BRAIN",
    "ConsistencyInfo": "N4_VE11C_LATEST_20160120",
    "ConversionSoftware": "dcm2niix",
    "ConversionSoftwareVersion": "v1.0.20181114  Clang4.0.1",
    "DeviceSerialNumber": "67007",
    "DwellTime": 8.2e-06,
    "EchoTime": 0.00298,
    "FlipAngle": 9,
    "ImageOrientationPatientDICOM": [
      0.0174524,
      0.999848,
      0,
      0,
      0,
      -1
    ],
    "ImageType": [
      "ORIGINAL",
      "PRIMARY",
      "M",
      "ND",
      "NORM"
    ],
    "ImagingFrequency": 123.211,
    "InPlanePhaseEncodingDirectionDICOM": "ROW",
    "InstitutionAddress": "Perth_Drive_100_London_Ontario_CA_N6A_5K8",
    "InstitutionName": "Robarts",
    "InstitutionalDepartmentName": "CFMM",
    "InversionTime": 0.9,
    "MRAcquisitionType": "3D",
    "MagneticFieldStrength": 3,
    "Manufacturer": "Siemens",
    "ManufacturersModelName": "Prisma_fit",
    "Modality": "MR",
    "PartialFourier": 1,
    "PatientPosition": "HFS",
    "PercentPhaseFOV": 100,
    "PhaseEncodingSteps": 255,
    "PhaseResolution": 1,
    "PixelBandwidth": 240,
    "ProcedureStepDescription": "Ansari_NCNS",
    "ProtocolName": "MPRAGE_SAG_iPAT2",
    "PulseSequenceDetails": "%SiemensSeq%_tfl",
    "ReceiveCoilActiveElements": "HEA;HEP",
    "ReceiveCoilName": "Head_32",
    "ReconMatrixPE": 256,
    "RepetitionTime": 2.3,
    "SAR": 0.0592387,
    "ScanOptions": "IR",
    "ScanningSequence": "GR_IR",
    "SequenceName": "_tfl3d1_16ns",
    "SequenceVariant": "SK_SP_MP",
    "SeriesDescription": "MPRAGE_SAG_iPAT2",
    "SeriesNumber": 10,
    "ShimSetting": [
      5255,
      -6226,
      -3795,
      301,
      24,
      -248,
      -38,
      13
    ],
    "SliceThickness": 1,
    "SoftwareVersions": "syngo_MR_E11",
    "StationName": "MRC35368",
    "TxRefAmp": 256.022,
    "dataset": "ds001838",
    "modality": "T1w",
    "session_id": "01",
    "subject_id": "23"
  },
  "cjv": 0.3428907278848619,
  "cnr": 3.891450564241554,
  "efc": 0.589106886221359,
  "fber": 10843.242263095859,
  "fwhm_avg": 3.8066366666666664,
  "fwhm_x": 3.93294,
  "fwhm_y": 3.88774,
  "fwhm_z": 3.59923,
  "icvs_csf": 0.21154018948580644,
  "icvs_gm": 0.4406637437822731,
  "icvs_wm": 0.3477960667319205,
  "inu_med": 0.4476391524076462,
  "inu_range": 0.1381744220852852,
  "provenance": {
    "md5sum": "afb75b54f292d3c9d1c28a801d25331f",
    "settings": {
      "testing": false
    },
    "software": "mriqc",
    "version": "22.0.1",
    "warnings": {
      "large_rot_frame": true,
      "small_air_mask": false
    },
    "webapi_port": null,
    "webapi_url": "https://mriqc.nimh.nih.gov/api/v1"
  },
  "qi_1": 0.0,
  "qi_2": 0.013482200688570239,
  "rpve_csf": 24.340406175424924,
  "rpve_gm": 12.325924969713821,
  "rpve_wm": 17.827980284044393,
  "size_x": 192,
  "size_y": 256,
  "size_z": 256,
  "snr_csf": 2.7902394073543615,
  "snr_gm": 11.432682623183693,
  "snr_total": 12.887753768086997,
  "snr_wm": 24.440339273722934,
  "snrd_csf": 29.397148098915046,
  "snrd_gm": 64.09390394468915,
  "snrd_total": 61.28536064672929,
  "snrd_wm": 90.36502989658366,
  "spacing_x": 1.0,
  "spacing_y": 1.0,
  "spacing_z": 1.0,
  "summary_bg_k": 4.842256211349144,
  "summary_bg_mad": 7.249888418852425,
  "summary_bg_mean": 5.546504464113815,
  "summary_bg_median": 4.889975428581238,
  "summary_bg_n": 3293006.0,
  "summary_bg_p05": 0.0,
  "summary_bg_p95": 22.07097017765045,
  "summary_bg_stdv": 7.642522825558459,
  "summary_csf_k": 0.10903480689686518,
  "summary_csf_mad": 107.62165443391066,
  "summary_csf_mean": 324.19422867075275,
  "summary_csf_median": 325.3155274987221,
  "summary_csf_n": 33711.0,
  "summary_csf_p05": 124.85957530140877,
  "summary_csf_p95": 521.2945089489222,
  "summary_csf_stdv": 116.58881368407879,
  "summary_gm_k": 0.0627528568663962,
  "summary_gm_mad": 61.2321656997671,
  "summary_gm_mean": 710.293301975829,
  "summary_gm_median": 709.2777197659016,
  "summary_gm_n": 28031.0,
  "summary_gm_p05": 608.3724159896374,
  "summary_gm_p95": 813.1731774359941,
  "summary_gm_stdv": 62.0383764129356,
  "summary_wm_k": 0.6155780309315304,
  "summary_wm_mad": 38.45380005945374,
  "summary_wm_mean": 999.5833938911036,
  "summary_wm_median": 999.9999751448631,
  "summary_wm_n": 212280.0,
  "summary_wm_p05": 931.6047478750348,
  "summary_wm_p95": 1065.2877551913261,
  "summary_wm_stdv": 40.9158648970806,
  "tpm_overlap_csf": 0.15078832758344587,
  "tpm_overlap_gm": 0.4628819438426904,
  "tpm_overlap_wm": 0.49693621847678404,
  "wm2max": 0.5317236555950301
}