{
  "bids_meta": {
    "AcquisitionMatrixPE": 256,
    "AcquisitionNumber": 1,
    "AcquisitionTime": "10:37:40.070000",
    "BaseResolution": 256,
    "BodyPartExamined": "BRAIN",
    "ConsistencyInfo": "N4_VE11C_LATEST_20160120",
    "ConversionSoftware": "dcm2niix",
    "ConversionSoftwareVersion": "v1.0.20181114  Clang4.0.1",
    "DeviceSerialNumber": "67007",
    "DwellTime": 8.2e-06,
    "EchoTime": 0.00298,
    "FlipAngle": 9,
    "ImageOrientationPatientDICOM": [
      0,
      1,
      0,
      0,
      0,
      -1
    ],
    "ImageType": [
      "ORIGINAL",
      "PRIMARY",
      "M",
      "ND",
      "NORM"
    ],
    "ImagingFrequency": 123.211,
    "InPlanePhaseEncodingDirectionDICOM": "ROW",
    "InstitutionAddress": "Perth_Drive_100_London_Ontario_CA_N6A_5K8",
    "InstitutionName": "Robarts_Research_Institute",
    "InstitutionalDepartmentName": "CFMM",
    "InversionTime": 0.9,
    "MRAcquisitionType": "3D",
    "MagneticFieldStrength": 3,
    "Manufacturer": "Siemens",
    "ManufacturersModelName": "Prisma_fit",
    "Modality": "MR",
    "PartialFourier": 1,
    "PatientPosition": "HFS",
    "PercentPhaseFOV": 100,
    "PhaseEncodingSteps": 255,
    "PhaseResolution": 1,
    "PixelBandwidth": 240,
    "ProcedureStepDescription": "Ansari_NCNS",
    "ProtocolName": "MPRAGE_SAG_iPAT2",
    "PulseSequenceDetails": "%SiemensSeq%_tfl",
    "ReceiveCoilActiveElements": "HEA;HEP",
    "ReceiveCoilName": "Head_32",
    "ReconMatrixPE": 256,
    "RepetitionTime": 2.3,
    "SAR": 0.0595283,
    "ScanOptions": "IR",
    "ScanningSequence": "GR_IR",
    "SequenceName": "_tfl3d1_16ns",
    "SequenceVariant": "SK_SP_MP",
    "SeriesDescription": "MPRAGE_SAG_iPAT2",
    "SeriesNumber": 10,
    "ShimSetting": [
      5246,
      -6178,
      -3905,
      464,
      -55,
      -108,
      38,
      -1
    ],
    "SliceThickness": 1,
    "SoftwareVersions": "syngo_MR_E11",
    "StationName": "MRC35368",
    "TxRefAmp": 254.986,
    "dataset": "ds001838",
    "modality": "T1w",
    "session_id": "01",
    "subject_id": "08"
  },
  "cjv": 0.3433378040518919,
  "cnr": 3.764259328639588,
  "efc": 0.5438944530370379,
  "fber": 4483.5098763773185,
  "fwhm_avg": 3.834263333333334,
  "fwhm_x": 3.79952,
  "fwhm_y": 4.03512,
  "fwhm_z": 3.66815,
  "icvs_csf": 0.24115726997850737,
  "icvs_gm": 0.4154459000514103,
  "icvs_wm": 0.3433968299700823,
  "inu_med": 0.4280098229646683,
  "inu_range": 0.12857355773448942,
  "provenance": {
    "md5sum": "3d4162549c3b0bdd596ff9736602e1f8",
    "settings": {
      "testing": false
    },
    "software": "mriqc",
    "version": "22.0.1",
    "warnings": {
      "large_rot_frame": true,
      "small_air_mask": false
    },
    "webapi_port": null,
    "webapi_url": "https://mriqc.nimh.nih.gov/api/v1"
  },
  "qi_1": 4.3545390543576886e-05,
  "qi_2": 0.0189288359569308,
  "rpve_csf": 20.967179160092652,
  "rpve_gm": 12.234988990973978,
  "rpve_wm": 17.106687373008327,
  "size_x": 192,
  "size_y": 256,
  "size_z": 256,
  "snr_csf": 3.201973192777283,
  "snr_gm": 12.920921403560016,
  "snr_total": 14.028030820024489,
  "snr_wm": 25.961197863736167,
  "snrd_csf": 25.646012391453624,
  "snrd_gm": 63.9169041856483,
  "snrd_total": 58.69916504754252,
  "snrd_wm": 86.53457856552563,
  "spacing_x": 1.0,
  "spacing_y": 1.0,
  "spacing_z": 1.0,
  "summary_bg_k": 129.77468596509098,
  "summary_bg_mad": 7.570804725107968,
  "summary_bg_mean": 7.7693256954123235,
  "summary_bg_median": 6.438542410731316,
  "summary_bg_n": 4265789.0,
  "summary_bg_p05": 0.0,
  "summary_bg_p95": 23.28421156294644,
  "summary_bg_stdv": 8.352216587034972,
  "summary_csf_k": 3.2421089394397704,
  "summary_csf_mad": 71.63462514354876,
  "summary_csf_mean": 306.3157616372186,
  "summary_csf_median": 296.36721725948155,
  "summary_csf_n": 71540.0,
  "summary_csf_p05": 173.25645837532358,
  "summary_csf_p95": 478.8943441361189,
  "summary_csf_stdv": 92.55703532481931,
  "summary_gm_k": 0.4516149884276799,
  "summary_gm_mad": 53.242507142878864,
  "summary_gm_mean": 738.3852623905998,
  "summary_gm_median": 738.6284752655774,
  "summary_gm_n": 28361.0,
  "summary_gm_p05": 643.3546989895403,
  "summary_gm_p95": 833.5969758238643,
  "summary_gm_stdv": 57.16430200114349,
  "summary_wm_k": 0.5559881308005266,
  "summary_wm_mad": 36.496216256362864,
  "summary_wm_mean": 1000.2243301148742,
  "summary_wm_median": 999.9999943356961,
  "summary_wm_n": 227018.0,
  "summary_wm_p05": 937.8028420778923,
  "summary_wm_p95": 1063.497343627736,
  "summary_wm_stdv": 38.51893880681063,
  "tpm_overlap_csf": 0.14261815813008233,
  "tpm_overlap_gm": 0.43681092066202476,
  "tpm_overlap_wm": 0.48958533516832503,
  "wm2max": 0.6675924796363863
}