{
  "bids_meta": {
    "AcquisitionMatrixPE": 224,
    "AcquisitionNumber": 1,
    "AcquisitionTime": "16:41:3.567500",
    "BaseResolution": 256,
    "BodyPartExamined": "BRAIN",
    "ConsistencyInfo": "N4_VE11C_LATEST_20160120",
    "ConversionSoftware": "dcm2niix",
    "ConversionSoftwareVersion": "v1.0.20181114  Clang4.0.1",
    "DeviceSerialNumber": "67007",
    "DwellTime": 8.2e-06,
    "EchoTime": 0.00298,
    "FlipAngle": 9,
    "ImageOrientationPatientDICOM": [
      -0.0296663,
      0.99956,
      0,
      0,
      0,
      -1
    ],
    "ImageType": [
      "ORIGINAL",
      "PRIMARY",
      "M",
      "ND",
      "NORM"
    ],
    "ImagingFrequency": 123.211,
    "InPlanePhaseEncodingDirectionDICOM": "ROW",
    "InstitutionAddress": "Perth_Drive_100_London_Ontario_CA_N6A_5K8",
    "InstitutionName": "Robarts",
    "InstitutionalDepartmentName": "CFMM",
    "InversionTime": 0.9,
    "MRAcquisitionType": "3D",
    "MagneticFieldStrength": 3,
    "Manufacturer": "Siemens",
    "ManufacturersModelName": "Prisma_fit",
    "Modality": "MR",
    "PartialFourier": 1,
    "PatientPosition": "HFS",
    "PercentPhaseFOV": 87.5,
    "PhaseEncodingSteps": 223,
    "PhaseResolution": 1,
    "PixelBandwidth": 240,
    "ProcedureStepDescription": "Ansari_NCNS",
    "ProtocolName": "MPRAGE_SAG_iPAT2",
    "PulseSequenceDetails": "%SiemensSeq%_tfl",
    "ReceiveCoilActiveElements": "HEA;HEP;SP1",
    "ReceiveCoilName": "Spine_32",
    "ReconMatrixPE": 256,
    "RepetitionTime": 2.3,
    "SAR": 0.0489235,
    "ScanOptions": "IR",
    "ScanningSequence": "GR_IR",
    "SequenceName": "_tfl3d1_16ns",
    "SequenceVariant": "SK_SP_MP",
    "SeriesDescription": "MPRAGE_SAG_iPAT2",
    "SeriesNumber": 10,
    "ShimSetting": [
      5229,
      -6207,
      -3949,
      475,
      -7,
      -188,
      13,
      29
    ],
    "SliceThickness": 1,
    "SoftwareVersions": "syngo_MR_E11",
    "StationName": "MRC35368",
    "TxRefAmp": 240.667,
    "dataset": "ds001838",
    "modality": "T1w",
    "session_id": "01",
    "subject_id": "20"
  },
  "cjv": 0.35550109018642506,
  "cnr": 3.7350432902401542,
  "efc": 0.5414548740834967,
  "fber": 1838.200399919358,
  "fwhm_avg": 3.6997433333333336,
  "fwhm_x": 3.65315,
  "fwhm_y": 3.87197,
  "fwhm_z": 3.57411,
  "icvs_csf": 0.19421499232833392,
  "icvs_gm": 0.461988572040471,
  "icvs_wm": 0.3437964356311951,
  "inu_med": 0.43633516132831573,
  "inu_range": 0.12232064604759219,
  "provenance": {
    "md5sum": "7c76a38c15e0ebaf800d72cfef158d7f",
    "settings": {
      "testing": false
    },
    "software": "mriqc",
    "version": "22.0.1",
    "warnings": {
      "large_rot_frame": true,
      "small_air_mask": false
    },
    "webapi_port": null,
    "webapi_url": "https://mriqc.nimh.nih.gov/api/v1"
  },
  "qi_1": 0.0,
  "qi_2": 0.020850845603666963,
  "rpve_csf": 26.279360289825128,
  "rpve_gm": 12.06553437411852,
  "rpve_wm": 17.90499700336998,
  "size_x": 192,
  "size_y": 224,
  "size_z": 256,
  "snr_csf": 2.8229350456616666,
  "snr_gm": 13.316489543494109,
  "snr_total": 13.44640646278466,
  "snr_wm": 24.199794799198205,
  "snrd_csf": 24.415387805376575,
  "snrd_gm": 60.31290888823417,
  "snrd_total": 55.432195309145754,
  "snrd_wm": 81.5682892338265,
  "spacing_x": 1.0,
  "spacing_y": 1.0,
  "spacing_z": 1.0,
  "summary_bg_k": 1.941673627917302,
  "summary_bg_mad": 8.032022401088966,
  "summary_bg_mean": 8.45574772486026,
  "summary_bg_median": 5.417516782879829,
  "summary_bg_n": 2400161.0,
  "summary_bg_p05": 0.0,
  "summary_bg_p95": 24.345384061336517,
  "summary_bg_stdv": 8.765876034226565,
  "summary_csf_k": 7.435037887095168,
  "summary_csf_mad": 65.49568883850941,
  "summary_csf_mean": 303.92816448227273,
  "summary_csf_median": 299.33452298492193,
  "summary_csf_n": 33614.0,
  "summary_csf_p05": 118.01491806656122,
  "summary_csf_p95": 490.06455520391444,
  "summary_csf_stdv": 106.03505414843286,
  "summary_gm_k": 0.0919612779502601,
  "summary_gm_mad": 54.66237467407769,
  "summary_gm_mean": 738.8101142275855,
  "summary_gm_median": 739.4408786706626,
  "summary_gm_n": 34770.0,
  "summary_gm_p05": 647.1257238611579,
  "summary_gm_p95": 830.4585047692054,
  "summary_gm_stdv": 55.52741530430246,
  "summary_wm_k": 1.018141475439414,
  "summary_wm_mad": 37.97857505700092,
  "summary_wm_mean": 1000.2229779540997,
  "summary_wm_median": 1000.0334683656693,
  "summary_wm_n": 170579.0,
  "summary_wm_p05": 933.4849597364664,
  "summary_wm_p95": 1066.9163916110992,
  "summary_wm_stdv": 41.323926312930254,
  "tpm_overlap_csf": 0.16178684555586034,
  "tpm_overlap_gm": 0.47409292667716846,
  "tpm_overlap_wm": 0.49933728447707265,
  "wm2max": 0.5244475622588566
}