{
  "aor": 0.0004192631578947369,
  "aqi": 0.005923098473684211,
  "bids_meta": {
    "AcquisitionMatrixPE": 84,
    "AcquisitionNumber": 1,
    "AcquisitionTime": "16:11:49.187500",
    "BandwidthPerPixelPhaseEncode": 15.664,
    "BaseResolution": 84,
    "BodyPartExamined": "BRAIN",
    "ConsistencyInfo": "N4_VE11C_LATEST_20160120",
    "ConversionSoftware": "dcm2niix",
    "ConversionSoftwareVersion": "v1.0.20181114  Clang4.0.1",
    "DerivedVendorReportedEchoSpacing": 0.000760008,
    "DeviceSerialNumber": "67007",
    "DwellTime": 3.8e-06,
    "EchoTime": 0.03,
    "EchoTrainLength": 74,
    "EffectiveEchoSpacing": 0.000760008,
    "FlipAngle": 40,
    "ImageComments": "Unaliased_MB4_PE3",
    "ImageOrientationPatientDICOM": [
      0.999763,
      -0.00607975,
      -0.020921,
      6.36056e-08,
      0.960274,
      -0.279057
    ],
    "ImageType": [
      "ORIGINAL",
      "PRIMARY",
      "M",
      "MB",
      "ND",
      "NORM",
      "MOSAIC"
    ],
    "ImagingFrequency": 123.211,
    "InPlanePhaseEncodingDirectionDICOM": "COL",
    "InstitutionAddress": "Perth_Drive_100_London_Ontario_CA_N6A_5K8",
    "InstitutionName": "Robarts",
    "InstitutionalDepartmentName": "CFMM",
    "MRAcquisitionType": "2D",
    "MagneticFieldStrength": 3,
    "Manufacturer": "Siemens",
    "ManufacturersModelName": "Prisma_fit",
    "Modality": "MR",
    "MultibandAccelerationFactor": 4,
    "PartialFourier": 0.875,
    "PatientPosition": "HFS",
    "PercentPhaseFOV": 100,
    "PhaseEncodingDirection": "j-",
    "PhaseEncodingSteps": 74,
    "PhaseResolution": 1,
    "PixelBandwidth": 1565,
    "ProcedureStepDescription": "Ansari_NCNS",
    "ProtocolName": "ep_bold_mb4_adaptation_1",
    "PulseSequenceDetails": "%CustomerSeq%_cmrr_mbep2d_bold",
    "ReceiveCoilActiveElements": "HEA;HEP",
    "ReceiveCoilName": "Head_32",
    "ReconMatrixPE": 84,
    "RepetitionTime": 1,
    "SAR": 0.0488237,
    "ScanOptions": "PFP_FS",
    "ScanningSequence": "EP",
    "SequenceName": "epfid2d1_84",
    "SequenceVariant": "SK_SS",
    "SeriesDescription": "ep_bold_mb4_adaptation_1",
    "SeriesNumber": 2,
    "ShimSetting": [
      5234,
      -6254,
      -3991,
      640,
      -28,
      72,
      49,
      9
    ],
    "SliceThickness": 2.5,
    "SliceTiming": [
      0,
      0.4075,
      0.8175,
      0.245,
      0.6525,
      0.0825,
      0.49,
      0.8975,
      0.3275,
      0.735,
      0.1625,
      0.5725,
      0,
      0.4075,
      0.8175,
      0.245,
      0.6525,
      0.0825,
      0.49,
      0.8975,
      0.3275,
      0.735,
      0.1625,
      0.5725,
      0,
      0.4075,
      0.8175,
      0.245,
      0.6525,
      0.0825,
      0.49,
      0.8975,
      0.3275,
      0.735,
      0.1625,
      0.5725,
      0,
      0.4075,
      0.8175,
      0.245,
      0.6525,
      0.0825,
      0.49,
      0.8975,
      0.3275,
      0.735,
      0.1625,
      0.5725
    ],
    "SoftwareVersions": "syngo_MR_E11",
    "SpacingBetweenSlices": 2.5,
    "StationName": "MRC35368",
    "TaskName": "Adaptation",
    "TotalReadoutTime": 0.0630806,
    "TxRefAmp": 241.521,
    "WipMemBlock": "7d9781f7-1fea-4353-830e-a89cb6136e8c||Sequence: R016 ve11c/master r/e634e98; Dec 19 2017 11:00:25 by eja",
    "dataset": "ds001838",
    "modality": "bold",
    "run_id": 1,
    "session_id": "01",
    "subject_id": "20",
    "task_id": "Adaptation"
  },
  "dummy_trs": 6,
  "dvars_nstd": 23.938748276622697,
  "dvars_std": 1.1194174250659628,
  "dvars_vstd": 0.9861288107387863,
  "efc": 0.5063303774105637,
  "fber": 7260.0107421875,
  "fd_mean": 0.10152818983820737,
  "fd_num": 3,
  "fd_perc": 0.7894736842105263,
  "fwhm_avg": 2.088020900905756,
  "fwhm_x": 1.9493087746536264,
  "fwhm_y": 2.221634127679102,
  "fwhm_z": 2.0931198003845406,
  "gcor": 0.0125652,
  "gsr_x": -0.0041160788387060165,
  "gsr_y": 0.032004792243242264,
  "provenance": {
    "md5sum": "b06ad764560567cf33349b8cf2937bfa",
    "settings": {
      "fd_thres": 0.2,
      "testing": false
    },
    "software": "mriqc",
    "version": "22.0.1",
    "webapi_port": null,
    "webapi_url": "https://mriqc.nimh.nih.gov/api/v1"
  },
  "size_t": 380,
  "size_x": 84,
  "size_y": 84,
  "size_z": 48,
  "snr": 4.851011065963838,
  "spacing_tr": 1.0,
  "spacing_x": 2.4761905670166016,
  "spacing_y": 2.4761908054351807,
  "spacing_z": 2.500000238418579,
  "summary_bg_k": 30.02244407783023,
  "summary_bg_mad": 1.7217623983980737,
  "summary_bg_mean": 7.716353416442871,
  "summary_bg_median": 2.491178035736084,
  "summary_bg_n": 212116.0,
  "summary_bg_p05": 1.0295913517475128,
  "summary_bg_p95": 32.22105598449707,
  "summary_bg_stdv": 15.94884204864502,
  "summary_fg_k": 4.132801673253061,
  "summary_fg_mad": 36.984495976249384,
  "summary_fg_mean": 223.3553924560547,
  "summary_fg_median": 216.91162109375,
  "summary_fg_n": 70092.0,
  "summary_fg_p05": 168.068595123291,
  "summary_fg_p95": 298.7226089477539,
  "summary_fg_stdv": 44.71440505981445,
  "tsnr": 62.50707244873047
}