{
  "aor": 0.00029174479166666666,
  "aqi": 0.004512750651041667,
  "bids_meta": {
    "AcquisitionMatrixPE": 84,
    "AcquisitionNumber": 1,
    "AcquisitionTime": "16:33:22.077500",
    "BandwidthPerPixelPhaseEncode": 15.664,
    "BaseResolution": 84,
    "BodyPartExamined": "BRAIN",
    "ConsistencyInfo": "N4_VE11C_LATEST_20160120",
    "ConversionSoftware": "dcm2niix",
    "ConversionSoftwareVersion": "v1.0.20181114  Clang4.0.1",
    "DerivedVendorReportedEchoSpacing": 0.000760008,
    "DeviceSerialNumber": "67007",
    "DwellTime": 3.8e-06,
    "EchoTime": 0.03,
    "EchoTrainLength": 74,
    "EffectiveEchoSpacing": 0.000760008,
    "FlipAngle": 40,
    "ImageComments": "Unaliased_MB4_PE3",
    "ImageOrientationPatientDICOM": [
      0.999763,
      -0.00607975,
      -0.020921,
      6.36056e-08,
      0.960274,
      -0.279057
    ],
    "ImageType": [
      "ORIGINAL",
      "PRIMARY",
      "M",
      "MB",
      "ND",
      "NORM",
      "MOSAIC"
    ],
    "ImagingFrequency": 123.211,
    "InPlanePhaseEncodingDirectionDICOM": "COL",
    "InstitutionAddress": "Perth_Drive_100_London_Ontario_CA_N6A_5K8",
    "InstitutionName": "Robarts",
    "InstitutionalDepartmentName": "CFMM",
    "MRAcquisitionType": "2D",
    "MagneticFieldStrength": 3,
    "Manufacturer": "Siemens",
    "ManufacturersModelName": "Prisma_fit",
    "Modality": "MR",
    "MultibandAccelerationFactor": 4,
    "PartialFourier": 0.875,
    "PatientPosition": "HFS",
    "PercentPhaseFOV": 100,
    "PhaseEncodingDirection": "j-",
    "PhaseEncodingSteps": 74,
    "PhaseResolution": 1,
    "PixelBandwidth": 1565,
    "ProcedureStepDescription": "Ansari_NCNS",
    "ProtocolName": "ep_bold_mb4_adaptation_4",
    "PulseSequenceDetails": "%CustomerSeq%_cmrr_mbep2d_bold",
    "ReceiveCoilActiveElements": "HEA;HEP",
    "ReceiveCoilName": "Head_32",
    "ReconMatrixPE": 84,
    "RepetitionTime": 1,
    "SAR": 0.0488237,
    "ScanOptions": "PFP_FS",
    "ScanningSequence": "EP",
    "SequenceName": "epfid2d1_84",
    "SequenceVariant": "SK_SS",
    "SeriesDescription": "ep_bold_mb4_adaptation_4",
    "SeriesNumber": 8,
    "ShimSetting": [
      5234,
      -6254,
      -3991,
      640,
      -28,
      72,
      49,
      9
    ],
    "SliceThickness": 2.5,
    "SliceTiming": [
      0,
      0.41,
      0.8175,
      0.245,
      0.655,
      0.0825,
      0.49,
      0.9,
      0.3275,
      0.735,
      0.165,
      0.5725,
      0,
      0.41,
      0.8175,
      0.245,
      0.655,
      0.0825,
      0.49,
      0.9,
      0.3275,
      0.735,
      0.165,
      0.5725,
      0,
      0.41,
      0.8175,
      0.245,
      0.655,
      0.0825,
      0.49,
      0.9,
      0.3275,
      0.735,
      0.165,
      0.5725,
      0,
      0.41,
      0.8175,
      0.245,
      0.655,
      0.0825,
      0.49,
      0.9,
      0.3275,
      0.735,
      0.165,
      0.5725
    ],
    "SoftwareVersions": "syngo_MR_E11",
    "SpacingBetweenSlices": 2.5,
    "StationName": "MRC35368",
    "TaskName": "Adaptation",
    "TotalReadoutTime": 0.0630806,
    "TxRefAmp": 241.521,
    "WipMemBlock": "78395776-ddd4-4590-9b5d-c0759b944e9b||Sequence: R016 ve11c/master r/e634e98; Dec 19 2017 11:00:25 by eja",
    "dataset": "ds001838",
    "modality": "bold",
    "run_id": 4,
    "session_id": "01",
    "subject_id": "20",
    "task_id": "Adaptation"
  },
  "dummy_trs": 2,
  "dvars_nstd": 21.312466026422964,
  "dvars_std": 1.0719729896083552,
  "dvars_vstd": 0.994139567806789,
  "efc": 0.5066493696574744,
  "fber": 6998.56640625,
  "fd_mean": 0.09709453907508477,
  "fd_num": 0,
  "fd_perc": 0.0,
  "fwhm_avg": 2.085873798394894,
  "fwhm_x": 1.946502043987346,
  "fwhm_y": 2.2293435497309475,
  "fwhm_z": 2.0817758014663887,
  "gcor": 0.0102312,
  "gsr_x": -0.0038242549635469913,
  "gsr_y": 0.03315607085824013,
  "provenance": {
    "md5sum": "90c73ef7f3db04da12b4b6f6884a92ee",
    "settings": {
      "fd_thres": 0.2,
      "testing": false
    },
    "software": "mriqc",
    "version": "22.0.1",
    "webapi_port": null,
    "webapi_url": "https://mriqc.nimh.nih.gov/api/v1"
  },
  "size_t": 384,
  "size_x": 84,
  "size_y": 84,
  "size_z": 48,
  "snr": 4.8774773432644905,
  "spacing_tr": 1.0,
  "spacing_x": 2.4761905670166016,
  "spacing_y": 2.4761908054351807,
  "spacing_z": 2.500000238418579,
  "summary_bg_k": 28.426204273634724,
  "summary_bg_mad": 1.694073079530555,
  "summary_bg_mean": 7.767347812652588,
  "summary_bg_median": 2.523461103439331,
  "summary_bg_n": 212276.0,
  "summary_bg_p05": 1.0376953780651093,
  "summary_bg_p95": 32.96289920806885,
  "summary_bg_stdv": 15.798360824584961,
  "summary_fg_k": 4.294500632966082,
  "summary_fg_mad": 36.47098297945589,
  "summary_fg_mean": 222.4322967529297,
  "summary_fg_median": 216.14047241210938,
  "summary_fg_n": 69923.0,
  "summary_fg_p05": 167.48987579345703,
  "summary_fg_p95": 296.6905151367188,
  "summary_fg_stdv": 44.31367111206055,
  "tsnr": 67.97406005859375
}