{
  "aor": 0.00023136482939632548,
  "aqi": 0.004844600157480315,
  "bids_meta": {
    "AcquisitionMatrixPE": 84,
    "AcquisitionNumber": 1,
    "AcquisitionTime": "15:21:29.092500",
    "BandwidthPerPixelPhaseEncode": 15.664,
    "BaseResolution": 84,
    "BodyPartExamined": "BRAIN",
    "ConsistencyInfo": "N4_VE11C_LATEST_20160120",
    "ConversionSoftware": "dcm2niix",
    "ConversionSoftwareVersion": "v1.0.20181114  Clang4.0.1",
    "DerivedVendorReportedEchoSpacing": 0.000760008,
    "DeviceSerialNumber": "67007",
    "DwellTime": 3.8e-06,
    "EchoTime": 0.03,
    "EchoTrainLength": 74,
    "EffectiveEchoSpacing": 0.000760008,
    "FlipAngle": 40,
    "ImageComments": "Unaliased_MB4_PE3",
    "ImageOrientationPatientDICOM": [
      1,
      0,
      0,
      0,
      0.988494,
      -0.151261
    ],
    "ImageType": [
      "ORIGINAL",
      "PRIMARY",
      "M",
      "MB",
      "ND",
      "NORM",
      "MOSAIC"
    ],
    "ImagingFrequency": 123.211,
    "InPlanePhaseEncodingDirectionDICOM": "COL",
    "InstitutionAddress": "Perth_Drive_100_London_Ontario_CA_N6A_5K8",
    "InstitutionName": "Robarts-CFMM",
    "InstitutionalDepartmentName": "CFMM",
    "MRAcquisitionType": "2D",
    "MagneticFieldStrength": 3,
    "Manufacturer": "Siemens",
    "ManufacturersModelName": "Prisma_fit",
    "Modality": "MR",
    "MultibandAccelerationFactor": 4,
    "PartialFourier": 0.875,
    "PatientPosition": "HFS",
    "PercentPhaseFOV": 100,
    "PhaseEncodingDirection": "j-",
    "PhaseEncodingSteps": 74,
    "PhaseResolution": 1,
    "PixelBandwidth": 1565,
    "ProcedureStepDescription": "Ansari_NCNS",
    "ProtocolName": "ep_bold_mb4_adaptation_3",
    "PulseSequenceDetails": "%CustomerSeq%_cmrr_mbep2d_bold",
    "ReceiveCoilActiveElements": "HEA;HEP",
    "ReceiveCoilName": "Head_32",
    "ReconMatrixPE": 84,
    "RepetitionTime": 1,
    "SAR": 0.0705195,
    "ScanOptions": "PFP_FS",
    "ScanningSequence": "EP",
    "SequenceName": "epfid2d1_84",
    "SequenceVariant": "SK_SS",
    "SeriesDescription": "ep_bold_mb4_adaptation_3",
    "SeriesNumber": 6,
    "ShimSetting": [
      5262,
      -6206,
      -3867,
      510,
      79,
      -11,
      90,
      -22
    ],
    "SliceThickness": 2.5,
    "SliceTiming": [
      0,
      0.4075,
      0.8175,
      0.245,
      0.6525,
      0.0825,
      0.49,
      0.8975,
      0.3275,
      0.735,
      0.1625,
      0.5725,
      0,
      0.4075,
      0.8175,
      0.245,
      0.6525,
      0.0825,
      0.49,
      0.8975,
      0.3275,
      0.735,
      0.1625,
      0.5725,
      0,
      0.4075,
      0.8175,
      0.245,
      0.6525,
      0.0825,
      0.49,
      0.8975,
      0.3275,
      0.735,
      0.1625,
      0.5725,
      0,
      0.4075,
      0.8175,
      0.245,
      0.6525,
      0.0825,
      0.49,
      0.8975,
      0.3275,
      0.735,
      0.1625,
      0.5725
    ],
    "SoftwareVersions": "syngo_MR_E11",
    "SpacingBetweenSlices": 2.5,
    "StationName": "MRC35368",
    "TaskName": "Adaptation",
    "TotalReadoutTime": 0.0630806,
    "TxRefAmp": 245.131,
    "WipMemBlock": "a73d597d-73ac-4979-a64d-3c60a654f47e||Sequence: R016 ve11c/master r/e634e98; Dec 19 2017 11:00:25 by eja",
    "dataset": "ds001838",
    "modality": "bold",
    "run_id": 3,
    "session_id": "01",
    "subject_id": "125",
    "task_id": "Adaptation"
  },
  "dummy_trs": 5,
  "dvars_nstd": 23.891698852368442,
  "dvars_std": 1.0960364079736857,
  "dvars_vstd": 0.9876873715789471,
  "efc": 0.5398368195968591,
  "fber": 4685.25634765625,
  "fd_mean": 0.13648441101172512,
  "fd_num": 65,
  "fd_perc": 17.060367454068242,
  "fwhm_avg": 2.0754517821157976,
  "fwhm_x": 1.91294646829508,
  "fwhm_y": 2.2760808780523125,
  "fwhm_z": 2.037328,
  "gcor": 0.00658064,
  "gsr_x": -0.013637637719511986,
  "gsr_y": 0.06673728674650192,
  "provenance": {
    "md5sum": "68b81ef070cc595911aabdee803e2cf6",
    "settings": {
      "fd_thres": 0.2,
      "testing": false
    },
    "software": "mriqc",
    "version": "22.0.1",
    "webapi_port": null,
    "webapi_url": "https://mriqc.nimh.nih.gov/api/v1"
  },
  "size_t": 381,
  "size_x": 84,
  "size_y": 84,
  "size_z": 48,
  "snr": 4.161655533276224,
  "spacing_tr": 1.0,
  "spacing_x": 2.4761905670166016,
  "spacing_y": 2.4761905670166016,
  "spacing_z": 2.5,
  "summary_bg_k": 18.449043590447108,
  "summary_bg_mad": 3.479672006313293,
  "summary_bg_mean": 13.644843101501465,
  "summary_bg_median": 4.05788516998291,
  "summary_bg_n": 201972.0,
  "summary_bg_p05": 1.167981594800949,
  "summary_bg_p95": 59.02250137329099,
  "summary_bg_stdv": 24.254444122314453,
  "summary_fg_k": 3.5269146470406225,
  "summary_fg_mad": 55.492229212460124,
  "summary_fg_mean": 303.9330749511719,
  "summary_fg_median": 290.5140075683594,
  "summary_fg_n": 77977.0,
  "summary_fg_p05": 221.1853271484375,
  "summary_fg_p95": 433.91520385742183,
  "summary_fg_stdv": 69.80686950683594,
  "tsnr": 61.12486267089844
}