{
  "aor": 0.00043585492227979274,
  "aqi": 0.0053805698186528495,
  "bids_meta": {
    "AcquisitionMatrixPE": 84,
    "AcquisitionNumber": 1,
    "AcquisitionTime": "13:20:56.655000",
    "BandwidthPerPixelPhaseEncode": 15.664,
    "BaseResolution": 84,
    "BodyPartExamined": "BRAIN",
    "ConsistencyInfo": "N4_VE11C_LATEST_20160120",
    "ConversionSoftware": "dcm2niix",
    "ConversionSoftwareVersion": "v1.0.20181114  Clang4.0.1",
    "DerivedVendorReportedEchoSpacing": 0.000760008,
    "DeviceSerialNumber": "67007",
    "DwellTime": 3.8e-06,
    "EchoTime": 0.03,
    "EchoTrainLength": 74,
    "EffectiveEchoSpacing": 0.000760008,
    "FlipAngle": 40,
    "ImageComments": "Unaliased_MB4_PE3",
    "ImageOrientationPatientDICOM": [
      1,
      0,
      0,
      0,
      0.943223,
      -0.332161
    ],
    "ImageType": [
      "ORIGINAL",
      "PRIMARY",
      "M",
      "MB",
      "ND",
      "NORM",
      "MOSAIC"
    ],
    "ImagingFrequency": 123.211,
    "InPlanePhaseEncodingDirectionDICOM": "COL",
    "InstitutionAddress": "Perth_Drive_100_London_Ontario_CA_N6A_5K8",
    "InstitutionName": "Robarts_Research_Institute",
    "InstitutionalDepartmentName": "CFMM",
    "MRAcquisitionType": "2D",
    "MagneticFieldStrength": 3,
    "Manufacturer": "Siemens",
    "ManufacturersModelName": "Prisma_fit",
    "Modality": "MR",
    "MultibandAccelerationFactor": 4,
    "PartialFourier": 0.875,
    "PatientPosition": "HFS",
    "PercentPhaseFOV": 100,
    "PhaseEncodingDirection": "j-",
    "PhaseEncodingSteps": 74,
    "PhaseResolution": 1,
    "PixelBandwidth": 1565,
    "ProcedureStepDescription": "Ansari_NCNS",
    "ProtocolName": "ep_bold_mb4_adaptation_3",
    "PulseSequenceDetails": "%CustomerSeq%_cmrr_mbep2d_bold",
    "ReceiveCoilActiveElements": "HEA;HEP",
    "ReceiveCoilName": "Head_32",
    "ReconMatrixPE": 84,
    "RepetitionTime": 1,
    "SAR": 0.065057,
    "ScanOptions": "PFP_FS",
    "ScanningSequence": "EP",
    "SequenceName": "epfid2d1_84",
    "SequenceVariant": "SK_SS",
    "SeriesDescription": "ep_bold_mb4_adaptation_3",
    "SeriesNumber": 6,
    "ShimSetting": [
      5255,
      -6175,
      -3937,
      482,
      131,
      -207,
      116,
      -7
    ],
    "SliceThickness": 2.5,
    "SliceTiming": [
      0,
      0.4075,
      0.815,
      0.245,
      0.6525,
      0.08,
      0.49,
      0.8975,
      0.325,
      0.735,
      0.1625,
      0.57,
      0,
      0.4075,
      0.815,
      0.245,
      0.6525,
      0.08,
      0.49,
      0.8975,
      0.325,
      0.735,
      0.1625,
      0.57,
      0,
      0.4075,
      0.815,
      0.245,
      0.6525,
      0.08,
      0.49,
      0.8975,
      0.325,
      0.735,
      0.1625,
      0.57,
      0,
      0.4075,
      0.815,
      0.245,
      0.6525,
      0.08,
      0.49,
      0.8975,
      0.325,
      0.735,
      0.1625,
      0.57
    ],
    "SoftwareVersions": "syngo_MR_E11",
    "SpacingBetweenSlices": 2.5,
    "StationName": "MRC35368",
    "TaskName": "Adaptation",
    "TotalReadoutTime": 0.0630806,
    "TxRefAmp": 254.584,
    "WipMemBlock": "f6aef0e9-c7d8-435d-a29f-77387c6f3018||Sequence: R016 ve11c/master r/e634e98; Dec 19 2017 11:00:25 by eja",
    "dataset": "ds001838",
    "modality": "bold",
    "run_id": 3,
    "session_id": "01",
    "subject_id": "103",
    "task_id": "Adaptation"
  },
  "dummy_trs": 0,
  "dvars_nstd": 27.358421915220752,
  "dvars_std": 1.2278276291948047,
  "dvars_vstd": 1.0076100338961047,
  "efc": 0.5444068233754674,
  "fber": 6400.0078125,
  "fd_mean": 0.08850181509454827,
  "fd_num": 1,
  "fd_perc": 0.25906735751295334,
  "fwhm_avg": 1.90639802948152,
  "fwhm_x": 1.813721471934631,
  "fwhm_y": 2.0664726165099285,
  "fwhm_z": 1.839,
  "gcor": 0.0154425,
  "gsr_x": -0.002788159064948559,
  "gsr_y": 0.04326659068465233,
  "provenance": {
    "md5sum": "fab07f9ac299d4407ccab38a5fbde902",
    "settings": {
      "fd_thres": 0.2,
      "testing": false
    },
    "software": "mriqc",
    "version": "22.0.1",
    "webapi_port": null,
    "webapi_url": "https://mriqc.nimh.nih.gov/api/v1"
  },
  "size_t": 386,
  "size_x": 84,
  "size_y": 84,
  "size_z": 48,
  "snr": 5.28769096379571,
  "spacing_tr": 1.0,
  "spacing_x": 2.4761905670166016,
  "spacing_y": 2.4761905670166016,
  "spacing_z": 2.5,
  "summary_bg_k": 13.400470584302905,
  "summary_bg_mad": 2.7227811072897894,
  "summary_bg_mean": 14.160981178283691,
  "summary_bg_median": 3.2501416206359863,
  "summary_bg_n": 204766.0,
  "summary_bg_p05": 1.0547414720058441,
  "summary_bg_p95": 66.28407859802246,
  "summary_bg_stdv": 25.693166732788086,
  "summary_fg_k": 5.211361079297754,
  "summary_fg_mad": 43.1940465246819,
  "summary_fg_mean": 276.57080078125,
  "summary_fg_median": 271.4573059082031,
  "summary_fg_n": 74805.0,
  "summary_fg_p05": 209.5118621826172,
  "summary_fg_p95": 359.3034118652344,
  "summary_fg_stdv": 51.33724594116211,
  "tsnr": 65.37869262695312
}