{
  "bids_meta": {
    "AcquisitionMatrixPE": 256,
    "AcquisitionNumber": 1,
    "AcquisitionTime": "13:38:6.315000",
    "BaseResolution": 256,
    "BodyPartExamined": "BRAIN",
    "ConsistencyInfo": "N4_VE11C_LATEST_20160120",
    "ConversionSoftware": "dcm2niix",
    "ConversionSoftwareVersion": "v1.0.20181114  Clang4.0.1",
    "DeviceSerialNumber": "67007",
    "DwellTime": 8.2e-06,
    "EchoTime": 0.00298,
    "FlipAngle": 9,
    "ImageOrientationPatientDICOM": [
      0,
      1,
      0,
      0,
      0,
      -1
    ],
    "ImageType": [
      "ORIGINAL",
      "PRIMARY",
      "M",
      "ND",
      "NORM"
    ],
    "ImagingFrequency": 123.211,
    "InPlanePhaseEncodingDirectionDICOM": "ROW",
    "InstitutionAddress": "Perth_Drive_100_London_Ontario_CA_N6A_5K8",
    "InstitutionName": "Robarts_Research_Institute",
    "InstitutionalDepartmentName": "CFMM",
    "InversionTime": 0.9,
    "MRAcquisitionType": "3D",
    "MagneticFieldStrength": 3,
    "Manufacturer": "Siemens",
    "ManufacturersModelName": "Prisma_fit",
    "Modality": "MR",
    "PartialFourier": 1,
    "PatientPosition": "HFS",
    "PercentPhaseFOV": 100,
    "PhaseEncodingSteps": 255,
    "PhaseResolution": 1,
    "PixelBandwidth": 240,
    "ProcedureStepDescription": "Ansari_NCNS",
    "ProtocolName": "MPRAGE_SAG_iPAT2",
    "PulseSequenceDetails": "%SiemensSeq%_tfl",
    "ReceiveCoilActiveElements": "HEA;HEP;SP1",
    "ReceiveCoilName": "Spine_32",
    "ReconMatrixPE": 256,
    "RepetitionTime": 2.3,
    "SAR": 0.0436463,
    "ScanOptions": "IR",
    "ScanningSequence": "GR_IR",
    "SequenceName": "_tfl3d1_16ns",
    "SequenceVariant": "SK_SP_MP",
    "SeriesDescription": "MPRAGE_SAG_iPAT2",
    "SeriesNumber": 10,
    "ShimSetting": [
      5246,
      -6131,
      -4053,
      229,
      62,
      -404,
      -128,
      -9
    ],
    "SliceThickness": 1,
    "SoftwareVersions": "syngo_MR_E11",
    "StationName": "MRC35368",
    "TxRefAmp": 243.397,
    "dataset": "ds001838",
    "modality": "T1w",
    "session_id": "01",
    "subject_id": "15"
  },
  "cjv": 0.3712504925782567,
  "cnr": 3.6221406900606974,
  "efc": 0.5026230868466848,
  "fber": 3644.7093877551024,
  "fwhm_avg": 3.9326600000000003,
  "fwhm_x": 3.92979,
  "fwhm_y": 4.18699,
  "fwhm_z": 3.6812,
  "icvs_csf": 0.2059258347359554,
  "icvs_gm": 0.43882478485722565,
  "icvs_wm": 0.35524938040681897,
  "inu_med": 0.42234131693840027,
  "inu_range": 0.10835111737251274,
  "provenance": {
    "md5sum": "db7bfbe36aa374b3c2fa63cb34b141d7",
    "settings": {
      "testing": false
    },
    "software": "mriqc",
    "version": "22.0.1",
    "warnings": {
      "large_rot_frame": true,
      "small_air_mask": false
    },
    "webapi_port": null,
    "webapi_url": "https://mriqc.nimh.nih.gov/api/v1"
  },
  "qi_1": 0.0,
  "qi_2": 0.011537896563002628,
  "rpve_csf": 29.281896150054905,
  "rpve_gm": 14.41463227890099,
  "rpve_wm": 20.319645486667554,
  "size_x": 192,
  "size_y": 256,
  "size_z": 256,
  "snr_csf": 2.5328311408645896,
  "snr_gm": 13.158926511546754,
  "snr_total": 13.391601684759097,
  "snr_wm": 24.48304740186595,
  "snrd_csf": 28.0975532511359,
  "snrd_gm": 68.4988683010638,
  "snrd_total": 62.856653694488244,
  "snrd_wm": 91.97353953126505,
  "spacing_x": 1.0,
  "spacing_y": 1.0,
  "spacing_z": 1.0,
  "summary_bg_k": 2.9935824653555265,
  "summary_bg_mad": 7.123314637670046,
  "summary_bg_mean": 8.378080034025697,
  "summary_bg_median": 4.804602710530162,
  "summary_bg_n": 3402479.0,
  "summary_bg_p05": 0.0,
  "summary_bg_p95": 26.165193105116487,
  "summary_bg_stdv": 9.685286309989822,
  "summary_csf_k": 3.6229637036752447,
  "summary_csf_mad": 105.53394807146833,
  "summary_csf_mean": 316.3875663585747,
  "summary_csf_median": 305.5054067466408,
  "summary_csf_n": 30517.0,
  "summary_csf_p05": 126.92719874009491,
  "summary_csf_p95": 529.9507392279803,
  "summary_csf_stdv": 120.61617384645018,
  "summary_gm_k": 0.009820929064753958,
  "summary_gm_mad": 56.05640276969008,
  "summary_gm_mean": 743.921963745156,
  "summary_gm_median": 744.7899265447631,
  "summary_gm_n": 26530.0,
  "summary_gm_p05": 648.8187524660491,
  "summary_gm_p95": 836.24569215253,
  "summary_gm_stdv": 56.59852944763353,
  "summary_wm_k": 0.6472251902562149,
  "summary_wm_mad": 38.701830483646816,
  "summary_wm_mean": 1000.5800691088979,
  "summary_wm_median": 1000.0306202210486,
  "summary_wm_n": 169846.0,
  "summary_wm_p05": 934.6635413058102,
  "summary_wm_p95": 1067.723494078964,
  "summary_wm_stdv": 40.845719075277856,
  "tpm_overlap_csf": 0.1435140023428043,
  "tpm_overlap_gm": 0.45938669611567634,
  "tpm_overlap_wm": 0.48727652100964636,
  "wm2max": 0.5675234456408476
}