{
  "aor": 0.00023031413612565447,
  "aqi": 0.004317344633507854,
  "bids_meta": {
    "AcquisitionMatrixPE": 84,
    "AcquisitionNumber": 1,
    "AcquisitionTime": "12:25:19.132500",
    "BandwidthPerPixelPhaseEncode": 15.664,
    "BaseResolution": 84,
    "BodyPartExamined": "BRAIN",
    "ConsistencyInfo": "N4_VE11C_LATEST_20160120",
    "ConversionSoftware": "dcm2niix",
    "ConversionSoftwareVersion": "v1.0.20181114  Clang4.0.1",
    "DerivedVendorReportedEchoSpacing": 0.000760008,
    "DeviceSerialNumber": "67007",
    "DwellTime": 3.8e-06,
    "EchoTime": 0.03,
    "EchoTrainLength": 74,
    "EffectiveEchoSpacing": 0.000760008,
    "FlipAngle": 40,
    "ImageComments": "Unaliased_MB4_PE3",
    "ImageOrientationPatientDICOM": [
      1,
      0,
      0,
      0,
      0.935444,
      -0.353475
    ],
    "ImageType": [
      "ORIGINAL",
      "PRIMARY",
      "M",
      "MB",
      "ND",
      "NORM",
      "MOSAIC"
    ],
    "ImagingFrequency": 123.211,
    "InPlanePhaseEncodingDirectionDICOM": "COL",
    "InstitutionAddress": "Perth_Drive_100_London_Ontario_CA_N6A_5K8",
    "InstitutionName": "Robarts_Research_Institute",
    "InstitutionalDepartmentName": "CFMM",
    "MRAcquisitionType": "2D",
    "MagneticFieldStrength": 3,
    "Manufacturer": "Siemens",
    "ManufacturersModelName": "Prisma_fit",
    "Modality": "MR",
    "MultibandAccelerationFactor": 4,
    "PartialFourier": 0.875,
    "PatientPosition": "HFS",
    "PercentPhaseFOV": 100,
    "PhaseEncodingDirection": "j-",
    "PhaseEncodingSteps": 74,
    "PhaseResolution": 1,
    "PixelBandwidth": 1565,
    "ProcedureStepDescription": "Ansari_NCNS",
    "ProtocolName": "ep_bold_mb4_adaptation_3",
    "PulseSequenceDetails": "%CustomerSeq%_cmrr_mbep2d_bold",
    "ReceiveCoilActiveElements": "HEA;HEP",
    "ReceiveCoilName": "Head_32",
    "ReconMatrixPE": 84,
    "RepetitionTime": 1,
    "SAR": 0.0506594,
    "ScanOptions": "PFP_FS",
    "ScanningSequence": "EP",
    "SequenceName": "epfid2d1_84",
    "SequenceVariant": "SK_SS",
    "SeriesDescription": "ep_bold_mb4_adaptation_3",
    "SeriesNumber": 6,
    "ShimSetting": [
      5239,
      -6254,
      -3928,
      558,
      68,
      148,
      129,
      -1
    ],
    "SliceThickness": 2.5,
    "SliceTiming": [
      0,
      0.4075,
      0.8175,
      0.245,
      0.6525,
      0.0825,
      0.49,
      0.8975,
      0.3275,
      0.735,
      0.1625,
      0.5725,
      0,
      0.4075,
      0.8175,
      0.245,
      0.6525,
      0.0825,
      0.49,
      0.8975,
      0.3275,
      0.735,
      0.1625,
      0.5725,
      0,
      0.4075,
      0.8175,
      0.245,
      0.6525,
      0.0825,
      0.49,
      0.8975,
      0.3275,
      0.735,
      0.1625,
      0.5725,
      0,
      0.4075,
      0.8175,
      0.245,
      0.6525,
      0.0825,
      0.49,
      0.8975,
      0.3275,
      0.735,
      0.1625,
      0.5725
    ],
    "SoftwareVersions": "syngo_MR_E11",
    "SpacingBetweenSlices": 2.5,
    "StationName": "MRC35368",
    "TaskName": "Adaptation",
    "TotalReadoutTime": 0.0630806,
    "TxRefAmp": 242.779,
    "WipMemBlock": "4c58ec22-0d1d-44bd-b98c-1cb2bbd4566b||Sequence: R016 ve11c/master r/e634e98; Dec 19 2017 11:00:25 by eja",
    "dataset": "ds001838",
    "modality": "bold",
    "run_id": 3,
    "session_id": "01",
    "subject_id": "09",
    "task_id": "Adaptation"
  },
  "dummy_trs": 4,
  "dvars_nstd": 26.655592375669293,
  "dvars_std": 1.1483492578477676,
  "dvars_vstd": 0.991623267217847,
  "efc": 0.5317235374466325,
  "fber": 5672.798828125,
  "fd_mean": 0.13734316751522474,
  "fd_num": 75,
  "fd_perc": 19.63350785340314,
  "fwhm_avg": 2.0811547824637056,
  "fwhm_x": 1.980950119646875,
  "fwhm_y": 2.179622227744241,
  "fwhm_z": 2.082892,
  "gcor": 0.0018652,
  "gsr_x": -0.020157309249043465,
  "gsr_y": 0.0345476008951664,
  "provenance": {
    "md5sum": "3b47b0d5a6694b1919dab1693c9455ce",
    "settings": {
      "fd_thres": 0.2,
      "testing": false
    },
    "software": "mriqc",
    "version": "22.0.1",
    "webapi_port": null,
    "webapi_url": "https://mriqc.nimh.nih.gov/api/v1"
  },
  "size_t": 382,
  "size_x": 84,
  "size_y": 84,
  "size_z": 48,
  "snr": 4.453629040101002,
  "spacing_tr": 1.0,
  "spacing_x": 2.4761905670166016,
  "spacing_y": 2.4761905670166016,
  "spacing_z": 2.5,
  "summary_bg_k": 23.84679741850547,
  "summary_bg_mad": 2.651323463582646,
  "summary_bg_mean": 10.64998722076416,
  "summary_bg_median": 3.0332555770874023,
  "summary_bg_n": 204881.0,
  "summary_bg_p05": 1.0168304443359375,
  "summary_bg_p95": 44.412540435791016,
  "summary_bg_stdv": 19.91265106201172,
  "summary_fg_k": 2.1617808266713947,
  "summary_fg_mad": 49.31095705717233,
  "summary_fg_mean": 246.69622802734375,
  "summary_fg_median": 238.1314697265625,
  "summary_fg_n": 74700.0,
  "summary_fg_p05": 177.21880340576172,
  "summary_fg_p95": 341.3249755859375,
  "summary_fg_stdv": 53.468727111816406,
  "tsnr": 62.093421936035156
}