{
  "aor": 0.0007455497382198952,
  "aqi": 0.006973177958115183,
  "bids_meta": {
    "AcquisitionMatrixPE": 84,
    "AcquisitionNumber": 1,
    "AcquisitionTime": "15:26:52.032500",
    "BandwidthPerPixelPhaseEncode": 15.664,
    "BaseResolution": 84,
    "BodyPartExamined": "BRAIN",
    "ConsistencyInfo": "N4_VE11C_LATEST_20160120",
    "ConversionSoftware": "dcm2niix",
    "ConversionSoftwareVersion": "v1.0.20181114  Clang4.0.1",
    "DerivedVendorReportedEchoSpacing": 0.000760008,
    "DeviceSerialNumber": "67007",
    "DwellTime": 3.8e-06,
    "EchoTime": 0.03,
    "EchoTrainLength": 74,
    "EffectiveEchoSpacing": 0.000760008,
    "FlipAngle": 40,
    "ImageComments": "Unaliased_MB4_PE3",
    "ImageOrientationPatientDICOM": [
      1,
      0,
      0,
      0,
      0.986286,
      -0.165048
    ],
    "ImageType": [
      "ORIGINAL",
      "PRIMARY",
      "M",
      "MB",
      "ND",
      "NORM",
      "MOSAIC"
    ],
    "ImagingFrequency": 123.211,
    "InPlanePhaseEncodingDirectionDICOM": "COL",
    "InstitutionAddress": "Perth_Drive_100_London_Ontario_CA_N6A_5K8",
    "InstitutionName": "Robarts_Research_Institute",
    "InstitutionalDepartmentName": "CFMM",
    "MRAcquisitionType": "2D",
    "MagneticFieldStrength": 3,
    "Manufacturer": "Siemens",
    "ManufacturersModelName": "Prisma_fit",
    "Modality": "MR",
    "MultibandAccelerationFactor": 4,
    "PartialFourier": 0.875,
    "PatientPosition": "HFS",
    "PercentPhaseFOV": 100,
    "PhaseEncodingDirection": "j-",
    "PhaseEncodingSteps": 74,
    "PhaseResolution": 1,
    "PixelBandwidth": 1565,
    "ProcedureStepDescription": "Ansari_NCNS",
    "ProtocolName": "ep_bold_mb4_adaptation_4",
    "PulseSequenceDetails": "%CustomerSeq%_cmrr_mbep2d_bold",
    "ReceiveCoilActiveElements": "HEA;HEP",
    "ReceiveCoilName": "Head_32",
    "ReconMatrixPE": 84,
    "RepetitionTime": 1,
    "SAR": 0.0588884,
    "ScanOptions": "PFP_FS",
    "ScanningSequence": "EP",
    "SequenceName": "epfid2d1_84",
    "SequenceVariant": "SK_SS",
    "SeriesDescription": "ep_bold_mb4_adaptation_4",
    "SeriesNumber": 8,
    "ShimSetting": [
      5252,
      -6203,
      -3908,
      372,
      -59,
      -14,
      200,
      -1
    ],
    "SliceThickness": 2.5,
    "SliceTiming": [
      0,
      0.41,
      0.8175,
      0.245,
      0.655,
      0.0825,
      0.49,
      0.9,
      0.3275,
      0.735,
      0.165,
      0.5725,
      0,
      0.41,
      0.8175,
      0.245,
      0.655,
      0.0825,
      0.49,
      0.9,
      0.3275,
      0.735,
      0.165,
      0.5725,
      0,
      0.41,
      0.8175,
      0.245,
      0.655,
      0.0825,
      0.49,
      0.9,
      0.3275,
      0.735,
      0.165,
      0.5725,
      0,
      0.41,
      0.8175,
      0.245,
      0.655,
      0.0825,
      0.49,
      0.9,
      0.3275,
      0.735,
      0.165,
      0.5725
    ],
    "SoftwareVersions": "syngo_MR_E11",
    "SpacingBetweenSlices": 2.5,
    "StationName": "MRC35368",
    "TaskName": "Adaptation",
    "TotalReadoutTime": 0.0630806,
    "TxRefAmp": 256.414,
    "WipMemBlock": "cc0b1941-371d-43f6-9e0d-ffbd4ee6b4a3||Sequence: R016 ve11c/master r/e634e98; Dec 19 2017 11:00:25 by eja",
    "dataset": "ds001838",
    "modality": "bold",
    "run_id": 4,
    "session_id": "01",
    "subject_id": "114",
    "task_id": "Adaptation"
  },
  "dummy_trs": 4,
  "dvars_nstd": 24.431143227349086,
  "dvars_std": 1.1423345646719156,
  "dvars_vstd": 1.0042353453018378,
  "efc": 0.5567576417600373,
  "fber": 6103.37548828125,
  "fd_mean": 0.12973231640017108,
  "fd_num": 61,
  "fd_perc": 15.968586387434556,
  "fwhm_avg": 1.870689735925464,
  "fwhm_x": 1.736227436315557,
  "fwhm_y": 2.036353771460835,
  "fwhm_z": 1.839488,
  "gcor": 0.0153687,
  "gsr_x": 0.005911578424274921,
  "gsr_y": 0.03740299120545387,
  "provenance": {
    "md5sum": "236622b9153ef936a8c0e33534e8c404",
    "settings": {
      "fd_thres": 0.2,
      "testing": false
    },
    "software": "mriqc",
    "version": "22.0.1",
    "webapi_port": null,
    "webapi_url": "https://mriqc.nimh.nih.gov/api/v1"
  },
  "size_t": 382,
  "size_x": 84,
  "size_y": 84,
  "size_z": 48,
  "snr": 5.1631582933132,
  "spacing_tr": 1.0,
  "spacing_x": 2.4761905670166016,
  "spacing_y": 2.4761905670166016,
  "spacing_z": 2.5,
  "summary_bg_k": 22.038721696004846,
  "summary_bg_mad": 2.413027276970724,
  "summary_bg_mean": 9.724015235900879,
  "summary_bg_median": 2.8585288524627686,
  "summary_bg_n": 194096.0,
  "summary_bg_p05": 0.9628634750843048,
  "summary_bg_p95": 41.92897987365723,
  "summary_bg_stdv": 19.028852462768555,
  "summary_fg_k": 3.8779305153076145,
  "summary_fg_mad": 37.78938953600602,
  "summary_fg_mean": 235.61549377441406,
  "summary_fg_median": 229.75990295410156,
  "summary_fg_n": 85211.0,
  "summary_fg_p05": 178.79830169677734,
  "summary_fg_p95": 312.28759765625,
  "summary_fg_stdv": 44.49961471557617,
  "tsnr": 58.52009582519531
}