{
  "aor": 0.0011143650793650794,
  "aqi": 0.007708671507936508,
  "bids_meta": {
    "AcquisitionMatrixPE": 84,
    "AcquisitionNumber": 1,
    "AcquisitionTime": "15:05:49.320000",
    "BandwidthPerPixelPhaseEncode": 15.664,
    "BaseResolution": 84,
    "BodyPartExamined": "BRAIN",
    "ConsistencyInfo": "N4_VE11C_LATEST_20160120",
    "ConversionSoftware": "dcm2niix",
    "ConversionSoftwareVersion": "v1.0.20181114  Clang4.0.1",
    "DerivedVendorReportedEchoSpacing": 0.000760008,
    "DeviceSerialNumber": "67007",
    "DwellTime": 3.8e-06,
    "EchoTime": 0.03,
    "EchoTrainLength": 74,
    "EffectiveEchoSpacing": 0.000760008,
    "FlipAngle": 40,
    "ImageComments": "Unaliased_MB4_PE3",
    "ImageOrientationPatientDICOM": [
      1,
      0,
      0,
      0,
      0.986286,
      -0.165048
    ],
    "ImageType": [
      "ORIGINAL",
      "PRIMARY",
      "M",
      "MB",
      "ND",
      "NORM",
      "MOSAIC"
    ],
    "ImagingFrequency": 123.211,
    "InPlanePhaseEncodingDirectionDICOM": "COL",
    "InstitutionAddress": "Perth_Drive_100_London_Ontario_CA_N6A_5K8",
    "InstitutionName": "Robarts_Research_Institute",
    "InstitutionalDepartmentName": "CFMM",
    "MRAcquisitionType": "2D",
    "MagneticFieldStrength": 3,
    "Manufacturer": "Siemens",
    "ManufacturersModelName": "Prisma_fit",
    "Modality": "MR",
    "MultibandAccelerationFactor": 4,
    "PartialFourier": 0.875,
    "PatientPosition": "HFS",
    "PercentPhaseFOV": 100,
    "PhaseEncodingDirection": "j-",
    "PhaseEncodingSteps": 74,
    "PhaseResolution": 1,
    "PixelBandwidth": 1565,
    "ProcedureStepDescription": "Ansari_NCNS",
    "ProtocolName": "ep_bold_mb4_adaptation_1",
    "PulseSequenceDetails": "%CustomerSeq%_cmrr_mbep2d_bold",
    "ReceiveCoilActiveElements": "HEA;HEP",
    "ReceiveCoilName": "Head_32",
    "ReconMatrixPE": 84,
    "RepetitionTime": 1,
    "SAR": 0.0588884,
    "ScanOptions": "PFP_FS",
    "ScanningSequence": "EP",
    "SequenceName": "epfid2d1_84",
    "SequenceVariant": "SK_SS",
    "SeriesDescription": "ep_bold_mb4_adaptation_1",
    "SeriesNumber": 2,
    "ShimSetting": [
      5252,
      -6203,
      -3908,
      372,
      -59,
      -14,
      200,
      -1
    ],
    "SliceThickness": 2.5,
    "SliceTiming": [
      0,
      0.4075,
      0.8175,
      0.245,
      0.6525,
      0.0825,
      0.49,
      0.8975,
      0.3275,
      0.735,
      0.1625,
      0.5725,
      0,
      0.4075,
      0.8175,
      0.245,
      0.6525,
      0.0825,
      0.49,
      0.8975,
      0.3275,
      0.735,
      0.1625,
      0.5725,
      0,
      0.4075,
      0.8175,
      0.245,
      0.6525,
      0.0825,
      0.49,
      0.8975,
      0.3275,
      0.735,
      0.1625,
      0.5725,
      0,
      0.4075,
      0.8175,
      0.245,
      0.6525,
      0.0825,
      0.49,
      0.8975,
      0.3275,
      0.735,
      0.1625,
      0.5725
    ],
    "SoftwareVersions": "syngo_MR_E11",
    "SpacingBetweenSlices": 2.5,
    "StationName": "MRC35368",
    "TaskName": "Adaptation",
    "TotalReadoutTime": 0.0630806,
    "TxRefAmp": 256.414,
    "WipMemBlock": "f51d3c76-6280-4589-9609-65e96173524e||Sequence: R016 ve11c/master r/e634e98; Dec 19 2017 11:00:25 by eja",
    "dataset": "ds001838",
    "modality": "bold",
    "run_id": 1,
    "session_id": "01",
    "subject_id": "114",
    "task_id": "Adaptation"
  },
  "dummy_trs": 8,
  "dvars_nstd": 24.691708127161785,
  "dvars_std": 1.162684382838196,
  "dvars_vstd": 1.0008667274535796,
  "efc": 0.5555097435629717,
  "fber": 6454.439453125,
  "fd_mean": 0.12042930255823725,
  "fd_num": 28,
  "fd_perc": 7.407407407407407,
  "fwhm_avg": 1.8822513381906898,
  "fwhm_x": 1.748221666644842,
  "fwhm_y": 2.0488043479272275,
  "fwhm_z": 1.849728,
  "gcor": 0.00946974,
  "gsr_x": 0.0043020243756473064,
  "gsr_y": 0.036468345671892166,
  "provenance": {
    "md5sum": "86dd5726351938078d39a9f0679df236",
    "settings": {
      "fd_thres": 0.2,
      "testing": false
    },
    "software": "mriqc",
    "version": "22.0.1",
    "webapi_port": null,
    "webapi_url": "https://mriqc.nimh.nih.gov/api/v1"
  },
  "size_t": 378,
  "size_x": 84,
  "size_y": 84,
  "size_z": 48,
  "snr": 5.139427135423352,
  "spacing_tr": 1.0,
  "spacing_x": 2.4761905670166016,
  "spacing_y": 2.4761905670166016,
  "spacing_z": 2.5,
  "summary_bg_k": 24.324687635631964,
  "summary_bg_mad": 2.189966428145431,
  "summary_bg_mean": 9.34127426147461,
  "summary_bg_median": 2.786160469055176,
  "summary_bg_n": 193581.0,
  "summary_bg_p05": 1.0057157278060913,
  "summary_bg_p95": 39.357852935791016,
  "summary_bg_stdv": 18.772600173950195,
  "summary_fg_k": 3.629297643799168,
  "summary_fg_mad": 38.492582682657,
  "summary_fg_mean": 237.16590881347656,
  "summary_fg_median": 230.80722045898438,
  "summary_fg_n": 85372.0,
  "summary_fg_p05": 180.0413505554199,
  "summary_fg_p95": 314.9064102172851,
  "summary_fg_stdv": 44.908870697021484,
  "tsnr": 60.38921356201172
}