{
  "bids_meta": {
    "AcquisitionMatrixPE": 240,
    "AcquisitionNumber": 1,
    "AcquisitionTime": "12:45:7.960000",
    "BaseResolution": 256,
    "BodyPartExamined": "BRAIN",
    "ConsistencyInfo": "N4_VE11C_LATEST_20160120",
    "ConversionSoftware": "dcm2niix",
    "ConversionSoftwareVersion": "v1.0.20181114  Clang4.0.1",
    "DeviceSerialNumber": "67007",
    "DwellTime": 8.2e-06,
    "EchoTime": 0.00298,
    "FlipAngle": 9,
    "ImageOrientationPatientDICOM": [
      0,
      1,
      0,
      0,
      0,
      -1
    ],
    "ImageType": [
      "ORIGINAL",
      "PRIMARY",
      "M",
      "ND",
      "NORM"
    ],
    "ImagingFrequency": 123.211,
    "InPlanePhaseEncodingDirectionDICOM": "ROW",
    "InstitutionAddress": "Perth_Drive_100_London_Ontario_CA_N6A_5K8",
    "InstitutionName": "Robarts_Research_Institute",
    "InstitutionalDepartmentName": "CFMM",
    "InversionTime": 0.9,
    "MRAcquisitionType": "3D",
    "MagneticFieldStrength": 3,
    "Manufacturer": "Siemens",
    "ManufacturersModelName": "Prisma_fit",
    "Modality": "MR",
    "PartialFourier": 1,
    "PatientPosition": "HFS",
    "PercentPhaseFOV": 93.75,
    "PhaseEncodingSteps": 239,
    "PhaseResolution": 1,
    "PixelBandwidth": 240,
    "ProcedureStepDescription": "Ansari_NCNS",
    "ProtocolName": "MPRAGE_SAG_iPAT2",
    "PulseSequenceDetails": "%SiemensSeq%_tfl",
    "ReceiveCoilActiveElements": "HEA;HEP;SP1",
    "ReceiveCoilName": "Spine_32",
    "ReconMatrixPE": 256,
    "RepetitionTime": 2.3,
    "SAR": 0.0605806,
    "ScanOptions": "IR",
    "ScanningSequence": "GR_IR",
    "SequenceName": "_tfl3d1_16ns",
    "SequenceVariant": "SK_SP_MP",
    "SeriesDescription": "MPRAGE_SAG_iPAT2",
    "SeriesNumber": 10,
    "ShimSetting": [
      5248,
      -6134,
      -4051,
      437,
      127,
      -191,
      -67,
      -71
    ],
    "SliceThickness": 1,
    "SoftwareVersions": "syngo_MR_E11",
    "StationName": "MRC35368",
    "TxRefAmp": 245.309,
    "dataset": "ds001838",
    "modality": "T1w",
    "session_id": "01",
    "subject_id": "102"
  },
  "cjv": 0.35428041819503614,
  "cnr": 3.8420444190014944,
  "efc": 0.5222246544396859,
  "fber": 2974.4872614029905,
  "fwhm_avg": 3.8600066666666666,
  "fwhm_x": 3.82066,
  "fwhm_y": 4.12055,
  "fwhm_z": 3.63881,
  "icvs_csf": 0.19708350004243505,
  "icvs_gm": 0.46484144015879364,
  "icvs_wm": 0.3380750597987713,
  "inu_med": 0.39249560236930847,
  "inu_range": 0.10660542845726007,
  "provenance": {
    "md5sum": "bf990c01e594624c3ff019a66ab2f888",
    "settings": {
      "testing": false
    },
    "software": "mriqc",
    "version": "22.0.1",
    "warnings": {
      "large_rot_frame": true,
      "small_air_mask": false
    },
    "webapi_port": null,
    "webapi_url": "https://mriqc.nimh.nih.gov/api/v1"
  },
  "qi_1": 0.0,
  "qi_2": 0.017791616469036344,
  "rpve_csf": 28.56370801184631,
  "rpve_gm": 13.103780128218819,
  "rpve_wm": 19.848134373206616,
  "size_x": 192,
  "size_y": 240,
  "size_z": 256,
  "snr_csf": 2.672110369172295,
  "snr_gm": 12.906503371422367,
  "snr_total": 13.646027976293007,
  "snr_wm": 25.359470188284362,
  "snrd_csf": 22.442250487906026,
  "snrd_gm": 57.86095420853066,
  "snrd_total": 53.09315882984915,
  "snrd_wm": 78.97627179311077,
  "spacing_x": 1.0,
  "spacing_y": 1.0,
  "spacing_z": 1.0,
  "summary_bg_k": 3.795719766578011,
  "summary_bg_mad": 8.295627108883064,
  "summary_bg_mean": 7.854467311164272,
  "summary_bg_median": 5.595315456390381,
  "summary_bg_n": 2750703.0,
  "summary_bg_p05": 0.0,
  "summary_bg_p95": 24.20299243927002,
  "summary_bg_stdv": 8.089829526558276,
  "summary_csf_k": 1.3458920107692611,
  "summary_csf_mad": 76.90335712275608,
  "summary_csf_mean": 288.86624520571524,
  "summary_csf_median": 284.1737102866173,
  "summary_csf_n": 33578.0,
  "summary_csf_p05": 108.80611399412156,
  "summary_csf_p95": 489.95282201170915,
  "summary_csf_stdv": 106.34646008167287,
  "summary_gm_k": -0.0546733247126423,
  "summary_gm_mad": 57.78000742117389,
  "summary_gm_mean": 730.66670369511,
  "summary_gm_median": 732.6610157489777,
  "summary_gm_n": 45813.0,
  "summary_gm_p05": 634.7755261659622,
  "summary_gm_p95": 820.5725302219391,
  "summary_gm_stdv": 56.766189757835434,
  "summary_wm_k": 0.8869097516029942,
  "summary_wm_mad": 36.944478868630384,
  "summary_wm_mean": 1000.7986861194742,
  "summary_wm_median": 1000.0325142145157,
  "summary_wm_n": 177056.0,
  "summary_wm_p05": 937.9228861033916,
  "summary_wm_p95": 1065.7449399232864,
  "summary_wm_stdv": 39.434171247607786,
  "tpm_overlap_csf": 0.15717312205321518,
  "tpm_overlap_gm": 0.4717461406035355,
  "tpm_overlap_wm": 0.4889770995305189,
  "wm2max": 0.524402517869023
}