{
  "bids_meta": {
    "AcquisitionMatrixPE": 256,
    "AcquisitionNumber": 1,
    "AcquisitionTime": "14:29:51.380000",
    "BaseResolution": 256,
    "BodyPartExamined": "BRAIN",
    "ConsistencyInfo": "N4_VE11C_LATEST_20160120",
    "ConversionSoftware": "dcm2niix",
    "ConversionSoftwareVersion": "v1.0.20181114  Clang4.0.1",
    "DeviceSerialNumber": "67007",
    "DwellTime": 8.2e-06,
    "EchoTime": 0.00298,
    "FlipAngle": 9,
    "ImageOrientationPatientDICOM": [
      0,
      1,
      0,
      0,
      0,
      -1
    ],
    "ImageType": [
      "ORIGINAL",
      "PRIMARY",
      "M",
      "ND",
      "NORM"
    ],
    "ImagingFrequency": 123.211,
    "InPlanePhaseEncodingDirectionDICOM": "ROW",
    "InstitutionAddress": "Perth_Drive_100_London_Ontario_CA_N6A_5K8",
    "InstitutionName": "Robarts-CFMM",
    "InstitutionalDepartmentName": "CFMM",
    "InversionTime": 0.9,
    "MRAcquisitionType": "3D",
    "MagneticFieldStrength": 3,
    "Manufacturer": "Siemens",
    "ManufacturersModelName": "Prisma_fit",
    "Modality": "MR",
    "PartialFourier": 1,
    "PatientPosition": "HFS",
    "PercentPhaseFOV": 100,
    "PhaseEncodingSteps": 255,
    "PhaseResolution": 1,
    "PixelBandwidth": 240,
    "ProcedureStepDescription": "Ansari_NCNS",
    "ProtocolName": "MPRAGE_SAG_iPAT2",
    "PulseSequenceDetails": "%SiemensSeq%_tfl",
    "ReceiveCoilActiveElements": "HEA;HEP",
    "ReceiveCoilName": "Head_32",
    "ReconMatrixPE": 256,
    "RepetitionTime": 2.3,
    "SAR": 0.096902,
    "ScanOptions": "IR",
    "ScanningSequence": "GR_IR",
    "SequenceName": "_tfl3d1_16ns",
    "SequenceVariant": "SK_SP_MP",
    "SeriesDescription": "MPRAGE_SAG_iPAT2",
    "SeriesNumber": 10,
    "ShimSetting": [
      5230,
      -6210,
      -3749,
      91,
      -1,
      21,
      112,
      -5
    ],
    "SliceThickness": 1,
    "SoftwareVersions": "syngo_MR_E11",
    "StationName": "MRC35368",
    "TxRefAmp": 299.618,
    "dataset": "ds001838",
    "modality": "T1w",
    "session_id": "01",
    "subject_id": "124"
  },
  "cjv": 0.310714761655499,
  "cnr": 4.213963028456606,
  "efc": 0.5927298906764573,
  "fber": 3480.9999999999995,
  "fwhm_avg": 3.9950166666666664,
  "fwhm_x": 4.00076,
  "fwhm_y": 4.28219,
  "fwhm_z": 3.7021,
  "icvs_csf": 0.18670866191792237,
  "icvs_gm": 0.4501800108104783,
  "icvs_wm": 0.36311132727159934,
  "inu_med": 0.439129501581192,
  "inu_range": 0.1384687662124634,
  "provenance": {
    "md5sum": "e2d76649fb529bf43a446b2f39a5baeb",
    "settings": {
      "testing": false
    },
    "software": "mriqc",
    "version": "22.0.1",
    "warnings": {
      "large_rot_frame": true,
      "small_air_mask": false
    },
    "webapi_port": null,
    "webapi_url": "https://mriqc.nimh.nih.gov/api/v1"
  },
  "qi_1": 0.0,
  "qi_2": 0.009584222296251143,
  "rpve_csf": 26.3508086276097,
  "rpve_gm": 11.926495337337037,
  "rpve_wm": 16.716260462727412,
  "size_x": 192,
  "size_y": 256,
  "size_z": 256,
  "snr_csf": 2.5697384514599895,
  "snr_gm": 11.556587222889545,
  "snr_total": 13.491973594269469,
  "snr_wm": 26.34959510845887,
  "snrd_csf": 22.523356695604026,
  "snrd_gm": 50.59980089641603,
  "snrd_total": 48.55128483498308,
  "snrd_wm": 72.53069691292919,
  "spacing_x": 1.0,
  "spacing_y": 1.0,
  "spacing_z": 1.0,
  "summary_bg_k": 5.048010012270829,
  "summary_bg_mad": 9.032539405996681,
  "summary_bg_mean": 7.209309676946252,
  "summary_bg_median": 6.092355247586966,
  "summary_bg_n": 3197821.0,
  "summary_bg_p05": 0.0,
  "summary_bg_p95": 23.360495917499065,
  "summary_bg_stdv": 8.014101805430625,
  "summary_csf_k": 0.0849108501683804,
  "summary_csf_mad": 121.76668568657308,
  "summary_csf_mean": 312.99293129464525,
  "summary_csf_median": 310.5354959797114,
  "summary_csf_n": 31654.0,
  "summary_csf_p05": 120.86340300571173,
  "summary_csf_p95": 516.9324622767045,
  "summary_csf_stdv": 120.84132165685575,
  "summary_gm_k": 0.14518067385612188,
  "summary_gm_mad": 58.28001540302317,
  "summary_gm_mean": 699.3937626791727,
  "summary_gm_median": 697.6328830644488,
  "summary_gm_n": 50319.0,
  "summary_gm_p05": 602.906460167095,
  "summary_gm_p95": 802.1342377252877,
  "summary_gm_stdv": 60.36608710452474,
  "summary_wm_k": 0.6828278736650755,
  "summary_wm_mad": 35.669900838967784,
  "summary_wm_mean": 999.9617901378406,
  "summary_wm_median": 999.9999664351344,
  "summary_wm_n": 239245.0,
  "summary_wm_p05": 937.9510744549334,
  "summary_wm_p95": 1061.6996151208878,
  "summary_wm_stdv": 37.951166703285004,
  "tpm_overlap_csf": 0.13420791586239653,
  "tpm_overlap_gm": 0.4687285242090214,
  "tpm_overlap_wm": 0.5119063886604538,
  "wm2max": 0.46490231098121987
}