{
  "aor": 0.00026374025974025973,
  "aqi": 0.004892509792207792,
  "bids_meta": {
    "AcquisitionMatrixPE": 84,
    "AcquisitionNumber": 1,
    "AcquisitionTime": "18:55:10.960000",
    "BandwidthPerPixelPhaseEncode": 15.664,
    "BaseResolution": 84,
    "BodyPartExamined": "BRAIN",
    "ConsistencyInfo": "N4_VE11C_LATEST_20160120",
    "ConversionSoftware": "dcm2niix",
    "ConversionSoftwareVersion": "v1.0.20181114  Clang4.0.1",
    "DerivedVendorReportedEchoSpacing": 0.000760008,
    "DeviceSerialNumber": "67007",
    "DwellTime": 3.8e-06,
    "EchoTime": 0.03,
    "EchoTrainLength": 74,
    "EffectiveEchoSpacing": 0.000760008,
    "FlipAngle": 40,
    "ImageComments": "Unaliased_MB4_PE3",
    "ImageOrientationPatientDICOM": [
      0.99895,
      0.0221759,
      -0.0400919,
      -0.0331386,
      0.953983,
      -0.298025
    ],
    "ImageType": [
      "ORIGINAL",
      "PRIMARY",
      "M",
      "MB",
      "ND",
      "NORM",
      "MOSAIC"
    ],
    "ImagingFrequency": 123.211,
    "InPlanePhaseEncodingDirectionDICOM": "COL",
    "InstitutionAddress": "Perth_Drive_100_London_Ontario_CA_N6A_5K8",
    "InstitutionName": "Robarts_Research_Institute",
    "InstitutionalDepartmentName": "CFMM",
    "MRAcquisitionType": "2D",
    "MagneticFieldStrength": 3,
    "Manufacturer": "Siemens",
    "ManufacturersModelName": "Prisma_fit",
    "Modality": "MR",
    "MultibandAccelerationFactor": 4,
    "PartialFourier": 0.875,
    "PatientPosition": "HFS",
    "PercentPhaseFOV": 100,
    "PhaseEncodingDirection": "j-",
    "PhaseEncodingSteps": 74,
    "PhaseResolution": 1,
    "PixelBandwidth": 1565,
    "ProcedureStepDescription": "Ansari_NCNS",
    "ProtocolName": "ep_bold_mb4_adaptation_4",
    "PulseSequenceDetails": "%CustomerSeq%_cmrr_mbep2d_bold",
    "ReceiveCoilActiveElements": "HEA;HEP",
    "ReceiveCoilName": "Head_32",
    "ReconMatrixPE": 84,
    "RepetitionTime": 1,
    "SAR": 0.0659646,
    "ScanOptions": "PFP_FS",
    "ScanningSequence": "EP",
    "SequenceName": "epfid2d1_84",
    "SequenceVariant": "SK_SS",
    "SeriesDescription": "ep_bold_mb4_adaptation_4",
    "SeriesNumber": 8,
    "ShimSetting": [
      5219,
      -6104,
      -3917,
      527,
      -37,
      400,
      300,
      77
    ],
    "SliceThickness": 2.5,
    "SliceTiming": [
      0,
      0.41,
      0.8175,
      0.245,
      0.655,
      0.0825,
      0.49,
      0.9,
      0.3275,
      0.735,
      0.165,
      0.5725,
      0,
      0.41,
      0.8175,
      0.245,
      0.655,
      0.0825,
      0.49,
      0.9,
      0.3275,
      0.735,
      0.165,
      0.5725,
      0,
      0.41,
      0.8175,
      0.245,
      0.655,
      0.0825,
      0.49,
      0.9,
      0.3275,
      0.735,
      0.165,
      0.5725,
      0,
      0.41,
      0.8175,
      0.245,
      0.655,
      0.0825,
      0.49,
      0.9,
      0.3275,
      0.735,
      0.165,
      0.5725
    ],
    "SoftwareVersions": "syngo_MR_E11",
    "SpacingBetweenSlices": 2.5,
    "StationName": "MRC35368",
    "TaskName": "Adaptation",
    "TotalReadoutTime": 0.0630806,
    "TxRefAmp": 231.801,
    "WipMemBlock": "de379047-7350-48c0-b735-43705609bbe1||Sequence: R016 ve11c/master r/e634e98; Dec 19 2017 11:00:25 by eja",
    "dataset": "ds001838",
    "modality": "bold",
    "run_id": 4,
    "session_id": "01",
    "subject_id": "26",
    "task_id": "Adaptation"
  },
  "dummy_trs": 1,
  "dvars_nstd": 25.58392466606772,
  "dvars_std": 1.1321389642187503,
  "dvars_vstd": 0.9965977444791666,
  "efc": 0.5121177046284259,
  "fber": 4437.40087890625,
  "fd_mean": 0.1414899260144117,
  "fd_num": 92,
  "fd_perc": 23.896103896103895,
  "fwhm_avg": 1.939206412183174,
  "fwhm_x": 1.8385539710237806,
  "fwhm_y": 2.0527012655257413,
  "fwhm_z": 1.926364,
  "gcor": 0.0141274,
  "gsr_x": -0.020484134554862976,
  "gsr_y": 0.01939505711197853,
  "provenance": {
    "md5sum": "4191b7cc98ecb6369d57add01a49df1e",
    "settings": {
      "fd_thres": 0.2,
      "testing": false
    },
    "software": "mriqc",
    "version": "22.0.1",
    "webapi_port": null,
    "webapi_url": "https://mriqc.nimh.nih.gov/api/v1"
  },
  "size_t": 385,
  "size_x": 84,
  "size_y": 84,
  "size_z": 48,
  "snr": 4.965956036881774,
  "spacing_tr": 1.0,
  "spacing_x": 2.4761905670166016,
  "spacing_y": 2.4761908054351807,
  "spacing_z": 2.5,
  "summary_bg_k": 22.1770728187775,
  "summary_bg_mad": 2.2396220493278496,
  "summary_bg_mean": 10.749467849731445,
  "summary_bg_median": 3.4545810222625732,
  "summary_bg_n": 214618.0,
  "summary_bg_p05": 1.581817591190338,
  "summary_bg_p95": 44.419526672363276,
  "summary_bg_stdv": 20.408531188964844,
  "summary_fg_k": 3.795348788056133,
  "summary_fg_mad": 43.69068297644663,
  "summary_fg_mean": 244.16864013671875,
  "summary_fg_median": 238.6082763671875,
  "summary_fg_n": 64821.0,
  "summary_fg_p05": 180.92735290527344,
  "summary_fg_p95": 325.56329345703125,
  "summary_fg_stdv": 48.048439025878906,
  "tsnr": 61.310489654541016
}