{
  "aor": 0.0002571204188481675,
  "aqi": 0.004270236544502618,
  "bids_meta": {
    "AcquisitionMatrixPE": 84,
    "AcquisitionNumber": 1,
    "AcquisitionTime": "18:40:48.090000",
    "BandwidthPerPixelPhaseEncode": 15.664,
    "BaseResolution": 84,
    "BodyPartExamined": "BRAIN",
    "ConsistencyInfo": "N4_VE11C_LATEST_20160120",
    "ConversionSoftware": "dcm2niix",
    "ConversionSoftwareVersion": "v1.0.20181114  Clang4.0.1",
    "DerivedVendorReportedEchoSpacing": 0.000760008,
    "DeviceSerialNumber": "67007",
    "DwellTime": 3.8e-06,
    "EchoTime": 0.03,
    "EchoTrainLength": 74,
    "EffectiveEchoSpacing": 0.000760008,
    "FlipAngle": 40,
    "ImageComments": "Unaliased_MB4_PE3",
    "ImageOrientationPatientDICOM": [
      0.99895,
      0.0221759,
      -0.0400919,
      -0.0331386,
      0.953983,
      -0.298025
    ],
    "ImageType": [
      "ORIGINAL",
      "PRIMARY",
      "M",
      "MB",
      "ND",
      "NORM",
      "MOSAIC"
    ],
    "ImagingFrequency": 123.211,
    "InPlanePhaseEncodingDirectionDICOM": "COL",
    "InstitutionAddress": "Perth_Drive_100_London_Ontario_CA_N6A_5K8",
    "InstitutionName": "Robarts_Research_Institute",
    "InstitutionalDepartmentName": "CFMM",
    "MRAcquisitionType": "2D",
    "MagneticFieldStrength": 3,
    "Manufacturer": "Siemens",
    "ManufacturersModelName": "Prisma_fit",
    "Modality": "MR",
    "MultibandAccelerationFactor": 4,
    "PartialFourier": 0.875,
    "PatientPosition": "HFS",
    "PercentPhaseFOV": 100,
    "PhaseEncodingDirection": "j-",
    "PhaseEncodingSteps": 74,
    "PhaseResolution": 1,
    "PixelBandwidth": 1565,
    "ProcedureStepDescription": "Ansari_NCNS",
    "ProtocolName": "ep_bold_mb4_adaptation_2",
    "PulseSequenceDetails": "%CustomerSeq%_cmrr_mbep2d_bold",
    "ReceiveCoilActiveElements": "HEA;HEP",
    "ReceiveCoilName": "Head_32",
    "ReconMatrixPE": 84,
    "RepetitionTime": 1,
    "SAR": 0.0659646,
    "ScanOptions": "PFP_FS",
    "ScanningSequence": "EP",
    "SequenceName": "epfid2d1_84",
    "SequenceVariant": "SK_SS",
    "SeriesDescription": "ep_bold_mb4_adaptation_2",
    "SeriesNumber": 4,
    "ShimSetting": [
      5219,
      -6104,
      -3917,
      527,
      -37,
      400,
      300,
      77
    ],
    "SliceThickness": 2.5,
    "SliceTiming": [
      0,
      0.41,
      0.8175,
      0.245,
      0.655,
      0.0825,
      0.49,
      0.9,
      0.3275,
      0.735,
      0.165,
      0.5725,
      0,
      0.41,
      0.8175,
      0.245,
      0.655,
      0.0825,
      0.49,
      0.9,
      0.3275,
      0.735,
      0.165,
      0.5725,
      0,
      0.41,
      0.8175,
      0.245,
      0.655,
      0.0825,
      0.49,
      0.9,
      0.3275,
      0.735,
      0.165,
      0.5725,
      0,
      0.41,
      0.8175,
      0.245,
      0.655,
      0.0825,
      0.49,
      0.9,
      0.3275,
      0.735,
      0.165,
      0.5725
    ],
    "SoftwareVersions": "syngo_MR_E11",
    "SpacingBetweenSlices": 2.5,
    "StationName": "MRC35368",
    "TaskName": "Adaptation",
    "TotalReadoutTime": 0.0630806,
    "TxRefAmp": 231.801,
    "WipMemBlock": "43a5f50c-462e-490d-ac93-8e161b5bee7f||Sequence: R016 ve11c/master r/e634e98; Dec 19 2017 11:00:25 by eja",
    "dataset": "ds001838",
    "modality": "bold",
    "run_id": 2,
    "session_id": "01",
    "subject_id": "26",
    "task_id": "Adaptation"
  },
  "dummy_trs": 4,
  "dvars_nstd": 27.362742341496052,
  "dvars_std": 1.1774456228608932,
  "dvars_vstd": 1.0035221550918632,
  "efc": 0.5112131794118708,
  "fber": 4496.98828125,
  "fd_mean": 0.1448514066425125,
  "fd_num": 97,
  "fd_perc": 25.392670157068064,
  "fwhm_avg": 1.940955207149346,
  "fwhm_x": 1.843000317014536,
  "fwhm_y": 2.049345304433502,
  "fwhm_z": 1.93052,
  "gcor": 0.00842274,
  "gsr_x": -0.01993376389145851,
  "gsr_y": 0.020879046991467476,
  "provenance": {
    "md5sum": "0f09ecb4d44cf1fc30ba3af65e0ce714",
    "settings": {
      "fd_thres": 0.2,
      "testing": false
    },
    "software": "mriqc",
    "version": "22.0.1",
    "webapi_port": null,
    "webapi_url": "https://mriqc.nimh.nih.gov/api/v1"
  },
  "size_t": 382,
  "size_x": 84,
  "size_y": 84,
  "size_z": 48,
  "snr": 4.950684493184929,
  "spacing_tr": 1.0,
  "spacing_x": 2.4761905670166016,
  "spacing_y": 2.4761908054351807,
  "spacing_z": 2.5,
  "summary_bg_k": 23.439357621812864,
  "summary_bg_mad": 2.1961279365317505,
  "summary_bg_mean": 10.467893600463867,
  "summary_bg_median": 3.4162092208862305,
  "summary_bg_n": 214200.0,
  "summary_bg_p05": 1.5671537041664125,
  "summary_bg_p95": 42.54309120178219,
  "summary_bg_stdv": 19.98933982849121,
  "summary_fg_k": 3.870150385977702,
  "summary_fg_mad": 43.70602117688832,
  "summary_fg_mean": 243.94163513183594,
  "summary_fg_median": 238.2845001220703,
  "summary_fg_n": 64861.0,
  "summary_fg_p05": 180.4582061767578,
  "summary_fg_p95": 325.74542236328125,
  "summary_fg_stdv": 48.131256103515625,
  "tsnr": 63.84703063964844
}