{
  "aor": 0.00200220207253886,
  "aqi": 0.010246929404145077,
  "bids_meta": {
    "AcquisitionMatrixPE": 84,
    "AcquisitionNumber": 1,
    "AcquisitionTime": "12:36:6.342500",
    "BandwidthPerPixelPhaseEncode": 15.664,
    "BaseResolution": 84,
    "BodyPartExamined": "BRAIN",
    "ConsistencyInfo": "N4_VE11C_LATEST_20160120",
    "ConversionSoftware": "dcm2niix",
    "ConversionSoftwareVersion": "v1.0.20181114  Clang4.0.1",
    "DerivedVendorReportedEchoSpacing": 0.000760008,
    "DeviceSerialNumber": "67007",
    "DwellTime": 3.8e-06,
    "EchoTime": 0.03,
    "EchoTrainLength": 74,
    "EffectiveEchoSpacing": 0.000760008,
    "FlipAngle": 40,
    "ImageComments": "Unaliased_MB4_PE3",
    "ImageOrientationPatientDICOM": [
      1,
      0,
      0,
      0,
      0.890213,
      -0.455545
    ],
    "ImageType": [
      "ORIGINAL",
      "PRIMARY",
      "M",
      "MB",
      "ND",
      "NORM",
      "MOSAIC"
    ],
    "ImagingFrequency": 123.211,
    "InPlanePhaseEncodingDirectionDICOM": "COL",
    "InstitutionAddress": "Perth_Drive_100_London_Ontario_CA_N6A_5K8",
    "InstitutionName": "Robarts",
    "InstitutionalDepartmentName": "CFMM",
    "MRAcquisitionType": "2D",
    "MagneticFieldStrength": 3,
    "Manufacturer": "Siemens",
    "ManufacturersModelName": "Prisma_fit",
    "Modality": "MR",
    "MultibandAccelerationFactor": 4,
    "PartialFourier": 0.875,
    "PatientPosition": "HFS",
    "PercentPhaseFOV": 100,
    "PhaseEncodingDirection": "j-",
    "PhaseEncodingSteps": 74,
    "PhaseResolution": 1,
    "PixelBandwidth": 1565,
    "ProcedureStepDescription": "Ansari_NCNS",
    "ProtocolName": "ep_bold_mb4_adaptation_1",
    "PulseSequenceDetails": "%CustomerSeq%_cmrr_mbep2d_bold",
    "ReceiveCoilActiveElements": "HEA;HEP",
    "ReceiveCoilName": "Head_32",
    "ReconMatrixPE": 84,
    "RepetitionTime": 1,
    "SAR": 0.0570579,
    "ScanOptions": "PFP_FS",
    "ScanningSequence": "EP",
    "SequenceName": "epfid2d1_84",
    "SequenceVariant": "SK_SS",
    "SeriesDescription": "ep_bold_mb4_adaptation_1",
    "SeriesNumber": 2,
    "ShimSetting": [
      5239,
      -6165,
      -4034,
      627,
      12,
      91,
      0,
      23
    ],
    "SliceThickness": 2.5,
    "SliceTiming": [
      0,
      0.4075,
      0.8175,
      0.245,
      0.6525,
      0.0825,
      0.49,
      0.8975,
      0.3275,
      0.735,
      0.1625,
      0.5725,
      0,
      0.4075,
      0.8175,
      0.245,
      0.6525,
      0.0825,
      0.49,
      0.8975,
      0.3275,
      0.735,
      0.1625,
      0.5725,
      0,
      0.4075,
      0.8175,
      0.245,
      0.6525,
      0.0825,
      0.49,
      0.8975,
      0.3275,
      0.735,
      0.1625,
      0.5725,
      0,
      0.4075,
      0.8175,
      0.245,
      0.6525,
      0.0825,
      0.49,
      0.8975,
      0.3275,
      0.735,
      0.1625,
      0.5725
    ],
    "SoftwareVersions": "syngo_MR_E11",
    "SpacingBetweenSlices": 2.5,
    "StationName": "MRC35368",
    "TaskName": "Adaptation",
    "TotalReadoutTime": 0.0630806,
    "TxRefAmp": 255.305,
    "WipMemBlock": "a4477119-bd1f-420d-8c67-8fd8fa8b08d7||Sequence: R016 ve11c/master r/e634e98; Dec 19 2017 11:00:25 by eja",
    "dataset": "ds001838",
    "modality": "bold",
    "run_id": 1,
    "session_id": "01",
    "subject_id": "21",
    "task_id": "Adaptation"
  },
  "dummy_trs": 0,
  "dvars_nstd": 25.52224845384417,
  "dvars_std": 1.1060519384935066,
  "dvars_vstd": 1.0018367268571429,
  "efc": 0.535911323805657,
  "fber": 4230.3017578125,
  "fd_mean": 0.10829172612226201,
  "fd_num": 9,
  "fd_perc": 2.33160621761658,
  "fwhm_avg": 1.883684184916416,
  "fwhm_x": 1.748827435853392,
  "fwhm_y": 2.0014251188958565,
  "fwhm_z": 1.9007999999999998,
  "gcor": 0.0138903,
  "gsr_x": -0.007262397091835737,
  "gsr_y": 0.04061901569366455,
  "provenance": {
    "md5sum": "8eb15fa6b6ac4a2af972f36c54f32dbb",
    "settings": {
      "fd_thres": 0.2,
      "testing": false
    },
    "software": "mriqc",
    "version": "22.0.1",
    "webapi_port": null,
    "webapi_url": "https://mriqc.nimh.nih.gov/api/v1"
  },
  "size_t": 386,
  "size_x": 84,
  "size_y": 84,
  "size_z": 48,
  "snr": 5.234501040435755,
  "spacing_tr": 1.0,
  "spacing_x": 2.4761905670166016,
  "spacing_y": 2.4761905670166016,
  "spacing_z": 2.5,
  "summary_bg_k": 27.34326942076201,
  "summary_bg_mad": 2.586115344760485,
  "summary_bg_mean": 9.713358879089355,
  "summary_bg_median": 3.1359481811523438,
  "summary_bg_n": 205556.0,
  "summary_bg_p05": 0.9727419465780258,
  "summary_bg_p95": 40.58967399597168,
  "summary_bg_stdv": 18.09801483154297,
  "summary_fg_k": 3.461126189708893,
  "summary_fg_mad": 35.940548192204595,
  "summary_fg_mean": 213.98248291015625,
  "summary_fg_median": 208.87290954589844,
  "summary_fg_n": 74923.0,
  "summary_fg_p05": 162.48851318359374,
  "summary_fg_p95": 280.95484924316406,
  "summary_fg_stdv": 39.90285110473633,
  "tsnr": 49.31576156616211
}