{
  "aor": 0.004219138381201045,
  "aqi": 0.008445035744125326,
  "bids_meta": {
    "AcquisitionMatrixPE": 84,
    "AcquisitionNumber": 1,
    "AcquisitionTime": "16:08:9.127500",
    "BandwidthPerPixelPhaseEncode": 15.664,
    "BaseResolution": 84,
    "BodyPartExamined": "BRAIN",
    "ConsistencyInfo": "N4_VE11C_LATEST_20160120",
    "ConversionSoftware": "dcm2niix",
    "ConversionSoftwareVersion": "v1.0.20181114  Clang4.0.1",
    "DerivedVendorReportedEchoSpacing": 0.000760008,
    "DeviceSerialNumber": "67007",
    "DwellTime": 3.8e-06,
    "EchoTime": 0.03,
    "EchoTrainLength": 74,
    "EffectiveEchoSpacing": 0.000760008,
    "FlipAngle": 40,
    "ImageComments": "Unaliased_MB4_PE3",
    "ImageOrientationPatientDICOM": [
      1,
      0,
      0,
      0,
      0.994881,
      -0.101056
    ],
    "ImageType": [
      "ORIGINAL",
      "PRIMARY",
      "M",
      "MB",
      "ND",
      "NORM",
      "MOSAIC"
    ],
    "ImagingFrequency": 123.211,
    "InPlanePhaseEncodingDirectionDICOM": "COL",
    "InstitutionAddress": "Perth_Drive_100_London_Ontario_CA_N6A_5K8",
    "InstitutionName": "Robarts_Research_Institute",
    "InstitutionalDepartmentName": "CFMM",
    "MRAcquisitionType": "2D",
    "MagneticFieldStrength": 3,
    "Manufacturer": "Siemens",
    "ManufacturersModelName": "Prisma_fit",
    "Modality": "MR",
    "MultibandAccelerationFactor": 4,
    "PartialFourier": 0.875,
    "PatientPosition": "HFS",
    "PercentPhaseFOV": 100,
    "PhaseEncodingDirection": "j-",
    "PhaseEncodingSteps": 74,
    "PhaseResolution": 1,
    "PixelBandwidth": 1565,
    "ProcedureStepDescription": "Ansari_NCNS",
    "ProtocolName": "ep_bold_mb4_adaptation_1",
    "PulseSequenceDetails": "%CustomerSeq%_cmrr_mbep2d_bold",
    "ReceiveCoilActiveElements": "HEA;HEP",
    "ReceiveCoilName": "Head_32",
    "ReconMatrixPE": 84,
    "RepetitionTime": 1,
    "SAR": 0.0543726,
    "ScanOptions": "PFP_FS",
    "ScanningSequence": "EP",
    "SequenceName": "epfid2d1_84",
    "SequenceVariant": "SK_SS",
    "SeriesDescription": "ep_bold_mb4_adaptation_1",
    "SeriesNumber": 2,
    "ShimSetting": [
      5255,
      -6240,
      -4032,
      404,
      28,
      15,
      52,
      -30
    ],
    "SliceThickness": 2.5,
    "SliceTiming": [
      0,
      0.4075,
      0.815,
      0.245,
      0.6525,
      0.08,
      0.49,
      0.8975,
      0.325,
      0.735,
      0.1625,
      0.57,
      0,
      0.4075,
      0.815,
      0.245,
      0.6525,
      0.08,
      0.49,
      0.8975,
      0.325,
      0.735,
      0.1625,
      0.57,
      0,
      0.4075,
      0.815,
      0.245,
      0.6525,
      0.08,
      0.49,
      0.8975,
      0.325,
      0.735,
      0.1625,
      0.57,
      0,
      0.4075,
      0.815,
      0.245,
      0.6525,
      0.08,
      0.49,
      0.8975,
      0.325,
      0.735,
      0.1625,
      0.57
    ],
    "SoftwareVersions": "syngo_MR_E11",
    "SpacingBetweenSlices": 2.5,
    "StationName": "MRC35368",
    "TaskName": "Adaptation",
    "TotalReadoutTime": 0.0630806,
    "TxRefAmp": 235.188,
    "WipMemBlock": "8fd1e0df-96b7-4e74-87cd-3812f65f0a30||Sequence: R016 ve11c/master r/e634e98; Dec 19 2017 11:00:25 by eja",
    "dataset": "ds001838",
    "modality": "bold",
    "run_id": 1,
    "session_id": "01",
    "subject_id": "16",
    "task_id": "Adaptation"
  },
  "dummy_trs": 3,
  "dvars_nstd": 22.050787731308898,
  "dvars_std": 1.0711679314921478,
  "dvars_vstd": 1.00954998670157,
  "efc": 0.516147872839421,
  "fber": 6867.83740234375,
  "fd_mean": 0.12451033974320479,
  "fd_num": 25,
  "fd_perc": 6.527415143603133,
  "fwhm_avg": 2.052213910598268,
  "fwhm_x": 1.9385826212009056,
  "fwhm_y": 2.1851953044628987,
  "fwhm_z": 2.032863806131,
  "gcor": 0.00933668,
  "gsr_x": -0.004246481694281101,
  "gsr_y": 0.02257595583796501,
  "provenance": {
    "md5sum": "e2c6e07ac4c594e15e6f5c4453d593fd",
    "settings": {
      "fd_thres": 0.2,
      "testing": false
    },
    "software": "mriqc",
    "version": "22.0.1",
    "webapi_port": null,
    "webapi_url": "https://mriqc.nimh.nih.gov/api/v1"
  },
  "size_t": 383,
  "size_x": 84,
  "size_y": 84,
  "size_z": 48,
  "snr": 5.100826323397081,
  "spacing_tr": 1.0,
  "spacing_x": 2.4761905670166016,
  "spacing_y": 2.4761905670166016,
  "spacing_z": 2.500000238418579,
  "summary_bg_k": 21.184051749947788,
  "summary_bg_mad": 2.3675279609907287,
  "summary_bg_mean": 9.40666675567627,
  "summary_bg_median": 2.8339757919311523,
  "summary_bg_n": 209588.0,
  "summary_bg_p05": 0.9683791041374207,
  "summary_bg_p95": 40.407007408142086,
  "summary_bg_stdv": 19.111547470092773,
  "summary_fg_k": 3.205060889480986,
  "summary_fg_mad": 40.68352471536593,
  "summary_fg_mean": 245.5315704345703,
  "summary_fg_median": 239.22015380859375,
  "summary_fg_n": 70994.0,
  "summary_fg_p05": 183.39709243774413,
  "summary_fg_p95": 326.96820678710935,
  "summary_fg_stdv": 46.89798355102539,
  "tsnr": 54.81047058105469
}