{
  "bids_meta": {
    "AcquisitionMatrixPE": 232,
    "AcquisitionNumber": 1,
    "AcquisitionTime": "12:39:34.005000",
    "BaseResolution": 256,
    "BodyPartExamined": "BRAIN",
    "ConsistencyInfo": "N4_VE11C_LATEST_20160120",
    "ConversionSoftware": "dcm2niix",
    "ConversionSoftwareVersion": "v1.0.20181114  Clang4.0.1",
    "DeviceSerialNumber": "67007",
    "DwellTime": 8.2e-06,
    "EchoTime": 0.00298,
    "FlipAngle": 9,
    "ImageOrientationPatientDICOM": [
      0,
      1,
      0,
      0,
      0,
      -1
    ],
    "ImageType": [
      "ORIGINAL",
      "PRIMARY",
      "M",
      "ND",
      "NORM"
    ],
    "ImagingFrequency": 123.211,
    "InPlanePhaseEncodingDirectionDICOM": "ROW",
    "InstitutionAddress": "Perth_Drive_100_London_Ontario_CA_N6A_5K8",
    "InstitutionName": "Robarts_Research_Institute",
    "InstitutionalDepartmentName": "CFMM",
    "InversionTime": 0.9,
    "MRAcquisitionType": "3D",
    "MagneticFieldStrength": 3,
    "Manufacturer": "Siemens",
    "ManufacturersModelName": "Prisma_fit",
    "Modality": "MR",
    "PartialFourier": 1,
    "PatientPosition": "HFS",
    "PercentPhaseFOV": 90.625,
    "PhaseEncodingSteps": 231,
    "PhaseResolution": 1,
    "PixelBandwidth": 240,
    "ProcedureStepDescription": "Ansari_NCNS",
    "ProtocolName": "MPRAGE_SAG_iPAT2",
    "PulseSequenceDetails": "%SiemensSeq%_tfl",
    "ReceiveCoilActiveElements": "HEA;HEP",
    "ReceiveCoilName": "Head_32",
    "ReconMatrixPE": 256,
    "RepetitionTime": 2.3,
    "SAR": 0.0504595,
    "ScanOptions": "IR",
    "ScanningSequence": "GR_IR",
    "SequenceName": "_tfl3d1_16ns",
    "SequenceVariant": "SK_SP_MP",
    "SeriesDescription": "MPRAGE_SAG_iPAT2",
    "SeriesNumber": 10,
    "ShimSetting": [
      5240,
      -6203,
      -3928,
      409,
      39,
      -224,
      26,
      6
    ],
    "SliceThickness": 1,
    "SoftwareVersions": "syngo_MR_E11",
    "StationName": "MRC35368",
    "TxRefAmp": 242.779,
    "dataset": "ds001838",
    "modality": "T1w",
    "session_id": "01",
    "subject_id": "09"
  },
  "cjv": 0.35365137039716477,
  "cnr": 3.701387202859064,
  "efc": 0.5671182892573758,
  "fber": 3075.413438527285,
  "fwhm_avg": 3.735493333333333,
  "fwhm_x": 3.76818,
  "fwhm_y": 3.84454,
  "fwhm_z": 3.59376,
  "icvs_csf": 0.241459236419161,
  "icvs_gm": 0.43318519869909566,
  "icvs_wm": 0.32535556488174333,
  "inu_med": 0.4442860782146454,
  "inu_range": 0.12256879359483719,
  "provenance": {
    "md5sum": "a280168adc214f0ec311285b24d5aa7e",
    "settings": {
      "testing": false
    },
    "software": "mriqc",
    "version": "22.0.1",
    "warnings": {
      "large_rot_frame": true,
      "small_air_mask": false
    },
    "webapi_port": null,
    "webapi_url": "https://mriqc.nimh.nih.gov/api/v1"
  },
  "qi_1": 0.002204476287268563,
  "qi_2": 0.003829429224864455,
  "rpve_csf": 22.816045859123385,
  "rpve_gm": 12.869477744081225,
  "rpve_wm": 19.372118584818093,
  "size_x": 192,
  "size_y": 232,
  "size_z": 256,
  "snr_csf": 2.480621069867888,
  "snr_gm": 12.148909336247256,
  "snr_total": 13.229970352553726,
  "snr_wm": 25.060380651546037,
  "snrd_csf": 23.047173025101056,
  "snrd_gm": 55.45270690752888,
  "snrd_total": 51.56015745785468,
  "snrd_wm": 76.1805924409341,
  "spacing_x": 1.0,
  "spacing_y": 1.0,
  "spacing_z": 1.0,
  "summary_bg_k": 169.7594333017526,
  "summary_bg_mad": 8.599781242954615,
  "summary_bg_mean": 9.126775843707293,
  "summary_bg_median": 5.988587468862534,
  "summary_bg_n": 2631293.0,
  "summary_bg_p05": 0.0,
  "summary_bg_p95": 24.863611847162247,
  "summary_bg_stdv": 14.888318936683554,
  "summary_csf_k": 1.2530557256394301,
  "summary_csf_mad": 112.40146511061761,
  "summary_csf_mean": 312.0676184004137,
  "summary_csf_median": 302.53340569138527,
  "summary_csf_n": 44923.0,
  "summary_csf_p05": 100.92807886004448,
  "summary_csf_p95": 512.1026132404804,
  "summary_csf_stdv": 121.95737676482123,
  "summary_gm_k": 0.08507784960980302,
  "summary_gm_mad": 59.12930670831497,
  "summary_gm_mean": 727.5885131649948,
  "summary_gm_median": 727.9112391471863,
  "summary_gm_n": 26039.0,
  "summary_gm_p05": 628.2059608697891,
  "summary_gm_p95": 826.0206058949232,
  "summary_gm_stdv": 59.91461797432114,
  "summary_wm_k": 0.8150149397622828,
  "summary_wm_mad": 37.09527260474477,
  "summary_wm_mean": 1000.4731060727571,
  "summary_wm_median": 1000.0000457167625,
  "summary_wm_n": 170448.0,
  "summary_wm_p05": 936.1949383914471,
  "summary_wm_p95": 1065.8118001520634,
  "summary_wm_stdv": 39.903508496973124,
  "tpm_overlap_csf": 0.16251430351424873,
  "tpm_overlap_gm": 0.4858324567618452,
  "tpm_overlap_wm": 0.5219267856834364,
  "wm2max": 0.5533466826008456
}