{
  "aor": 0.0003737046632124352,
  "aqi": 0.004732526683937824,
  "bids_meta": {
    "AcquisitionMatrixPE": 84,
    "AcquisitionNumber": 1,
    "AcquisitionTime": "11:24:6.917500",
    "BandwidthPerPixelPhaseEncode": 15.664,
    "BaseResolution": 84,
    "BodyPartExamined": "BRAIN",
    "ConsistencyInfo": "N4_VE11C_LATEST_20160120",
    "ConversionSoftware": "dcm2niix",
    "ConversionSoftwareVersion": "v1.0.20181114  Clang4.0.1",
    "DerivedVendorReportedEchoSpacing": 0.000760008,
    "DeviceSerialNumber": "67007",
    "DwellTime": 3.8e-06,
    "EchoTime": 0.03,
    "EchoTrainLength": 74,
    "EffectiveEchoSpacing": 0.000760008,
    "FlipAngle": 40,
    "ImageComments": "Unaliased_MB4_PE3",
    "ImageOrientationPatientDICOM": [
      1,
      0,
      0,
      0,
      0.929776,
      -0.368125
    ],
    "ImageType": [
      "ORIGINAL",
      "PRIMARY",
      "M",
      "MB",
      "ND",
      "NORM",
      "MOSAIC"
    ],
    "ImagingFrequency": 123.211,
    "InPlanePhaseEncodingDirectionDICOM": "COL",
    "InstitutionAddress": "Perth_Drive_100_London_Ontario_CA_N6A_5K8",
    "InstitutionName": "Robarts_Research_Institute",
    "InstitutionalDepartmentName": "CFMM",
    "MRAcquisitionType": "2D",
    "MagneticFieldStrength": 3,
    "Manufacturer": "Siemens",
    "ManufacturersModelName": "Prisma_fit",
    "Modality": "MR",
    "MultibandAccelerationFactor": 4,
    "PartialFourier": 0.875,
    "PatientPosition": "HFS",
    "PercentPhaseFOV": 100,
    "PhaseEncodingDirection": "j-",
    "PhaseEncodingSteps": 74,
    "PhaseResolution": 1,
    "PixelBandwidth": 1565,
    "ProcedureStepDescription": "Ansari_NCNS",
    "ProtocolName": "ep_bold_mb4_adaptation_4",
    "PulseSequenceDetails": "%CustomerSeq%_cmrr_mbep2d_bold",
    "ReceiveCoilActiveElements": "HEA;HEP",
    "ReceiveCoilName": "Head_32",
    "ReconMatrixPE": 84,
    "RepetitionTime": 1,
    "SAR": 0.0546033,
    "ScanOptions": "PFP_FS",
    "ScanningSequence": "EP",
    "SequenceName": "epfid2d1_84",
    "SequenceVariant": "SK_SS",
    "SeriesDescription": "ep_bold_mb4_adaptation_4",
    "SeriesNumber": 8,
    "ShimSetting": [
      5250,
      -6174,
      -3901,
      743,
      20,
      -58,
      67,
      41
    ],
    "SliceThickness": 2.5,
    "SliceTiming": [
      0,
      0.41,
      0.8175,
      0.245,
      0.655,
      0.0825,
      0.49,
      0.9,
      0.3275,
      0.735,
      0.165,
      0.5725,
      0,
      0.41,
      0.8175,
      0.245,
      0.655,
      0.0825,
      0.49,
      0.9,
      0.3275,
      0.735,
      0.165,
      0.5725,
      0,
      0.41,
      0.8175,
      0.245,
      0.655,
      0.0825,
      0.49,
      0.9,
      0.3275,
      0.735,
      0.165,
      0.5725,
      0,
      0.41,
      0.8175,
      0.245,
      0.655,
      0.0825,
      0.49,
      0.9,
      0.3275,
      0.735,
      0.165,
      0.5725
    ],
    "SoftwareVersions": "syngo_MR_E11",
    "SpacingBetweenSlices": 2.5,
    "StationName": "MRC35368",
    "TaskName": "Adaptation",
    "TotalReadoutTime": 0.0630806,
    "TxRefAmp": 248.2,
    "WipMemBlock": "305030c9-8b7b-462d-870e-3dd14c4ea0b2||Sequence: R016 ve11c/master r/e634e98; Dec 19 2017 11:00:25 by eja",
    "dataset": "ds001838",
    "modality": "bold",
    "run_id": 4,
    "session_id": "01",
    "subject_id": "105",
    "task_id": "Adaptation"
  },
  "dummy_trs": 0,
  "dvars_nstd": 25.388324350831162,
  "dvars_std": 1.1635805625714284,
  "dvars_vstd": 0.9979658345194806,
  "efc": 0.5423452676149123,
  "fber": 6375.99853515625,
  "fd_mean": 0.11489265069940056,
  "fd_num": 42,
  "fd_perc": 10.880829015544041,
  "fwhm_avg": 1.9208829271347732,
  "fwhm_x": 1.8447005092598654,
  "fwhm_y": 2.017716272144454,
  "fwhm_z": 1.9002320000000001,
  "gcor": 0.0166321,
  "gsr_x": -0.010878982953727245,
  "gsr_y": 0.04447624459862709,
  "provenance": {
    "md5sum": "7a0fcef11e7ca8fb81d4a075ce9b695b",
    "settings": {
      "fd_thres": 0.2,
      "testing": false
    },
    "software": "mriqc",
    "version": "22.0.1",
    "webapi_port": null,
    "webapi_url": "https://mriqc.nimh.nih.gov/api/v1"
  },
  "size_t": 386,
  "size_x": 84,
  "size_y": 84,
  "size_z": 48,
  "snr": 4.522847659582446,
  "spacing_tr": 1.0,
  "spacing_x": 2.4761905670166016,
  "spacing_y": 2.4761905670166016,
  "spacing_z": 2.5,
  "summary_bg_k": 18.582278644071966,
  "summary_bg_mad": 2.572713949139269,
  "summary_bg_mean": 13.707953453063965,
  "summary_bg_median": 3.5196855068206787,
  "summary_bg_n": 201475.0,
  "summary_bg_p05": 1.225880825519562,
  "summary_bg_p95": 60.75946083068841,
  "summary_bg_stdv": 26.788497924804688,
  "summary_fg_k": 2.874678534642058,
  "summary_fg_mad": 57.95789017889132,
  "summary_fg_mean": 299.6731262207031,
  "summary_fg_median": 292.36346435546875,
  "summary_fg_n": 78298.0,
  "summary_fg_p05": 214.26674118041993,
  "summary_fg_p95": 409.32777099609365,
  "summary_fg_stdv": 64.64104461669922,
  "tsnr": 62.58250427246094
}