{
  "aor": 0.0003464490861618799,
  "aqi": 0.004451246475195823,
  "bids_meta": {
    "AcquisitionMatrixPE": 84,
    "AcquisitionNumber": 1,
    "AcquisitionTime": "15:12:48.350000",
    "BandwidthPerPixelPhaseEncode": 15.664,
    "BaseResolution": 84,
    "BodyPartExamined": "BRAIN",
    "ConsistencyInfo": "N4_VE11C_LATEST_20160120",
    "ConversionSoftware": "dcm2niix",
    "ConversionSoftwareVersion": "v1.0.20181114  Clang4.0.1",
    "DerivedVendorReportedEchoSpacing": 0.000760008,
    "DeviceSerialNumber": "67007",
    "DwellTime": 3.8e-06,
    "EchoTime": 0.03,
    "EchoTrainLength": 74,
    "EffectiveEchoSpacing": 0.000760008,
    "FlipAngle": 40,
    "ImageComments": "Unaliased_MB4_PE3",
    "ImageOrientationPatientDICOM": [
      1,
      0,
      0,
      0,
      0.986286,
      -0.165048
    ],
    "ImageType": [
      "ORIGINAL",
      "PRIMARY",
      "M",
      "MB",
      "ND",
      "NORM",
      "MOSAIC"
    ],
    "ImagingFrequency": 123.211,
    "InPlanePhaseEncodingDirectionDICOM": "COL",
    "InstitutionAddress": "Perth_Drive_100_London_Ontario_CA_N6A_5K8",
    "InstitutionName": "Robarts_Research_Institute",
    "InstitutionalDepartmentName": "CFMM",
    "MRAcquisitionType": "2D",
    "MagneticFieldStrength": 3,
    "Manufacturer": "Siemens",
    "ManufacturersModelName": "Prisma_fit",
    "Modality": "MR",
    "MultibandAccelerationFactor": 4,
    "PartialFourier": 0.875,
    "PatientPosition": "HFS",
    "PercentPhaseFOV": 100,
    "PhaseEncodingDirection": "j-",
    "PhaseEncodingSteps": 74,
    "PhaseResolution": 1,
    "PixelBandwidth": 1565,
    "ProcedureStepDescription": "Ansari_NCNS",
    "ProtocolName": "ep_bold_mb4_adaptation_2",
    "PulseSequenceDetails": "%CustomerSeq%_cmrr_mbep2d_bold",
    "ReceiveCoilActiveElements": "HEA;HEP",
    "ReceiveCoilName": "Head_32",
    "ReconMatrixPE": 84,
    "RepetitionTime": 1,
    "SAR": 0.0588884,
    "ScanOptions": "PFP_FS",
    "ScanningSequence": "EP",
    "SequenceName": "epfid2d1_84",
    "SequenceVariant": "SK_SS",
    "SeriesDescription": "ep_bold_mb4_adaptation_2",
    "SeriesNumber": 4,
    "ShimSetting": [
      5252,
      -6203,
      -3908,
      372,
      -59,
      -14,
      200,
      -1
    ],
    "SliceThickness": 2.5,
    "SliceTiming": [
      0,
      0.41,
      0.8175,
      0.245,
      0.655,
      0.0825,
      0.49,
      0.9,
      0.3275,
      0.735,
      0.165,
      0.5725,
      0,
      0.41,
      0.8175,
      0.245,
      0.655,
      0.0825,
      0.49,
      0.9,
      0.3275,
      0.735,
      0.165,
      0.5725,
      0,
      0.41,
      0.8175,
      0.245,
      0.655,
      0.0825,
      0.49,
      0.9,
      0.3275,
      0.735,
      0.165,
      0.5725,
      0,
      0.41,
      0.8175,
      0.245,
      0.655,
      0.0825,
      0.49,
      0.9,
      0.3275,
      0.735,
      0.165,
      0.5725
    ],
    "SoftwareVersions": "syngo_MR_E11",
    "SpacingBetweenSlices": 2.5,
    "StationName": "MRC35368",
    "TaskName": "Adaptation",
    "TotalReadoutTime": 0.0630806,
    "TxRefAmp": 256.414,
    "WipMemBlock": "a44676bc-2d30-4ca5-9489-80853e486828||Sequence: R016 ve11c/master r/e634e98; Dec 19 2017 11:00:25 by eja",
    "dataset": "ds001838",
    "modality": "bold",
    "run_id": 2,
    "session_id": "01",
    "subject_id": "114",
    "task_id": "Adaptation"
  },
  "dummy_trs": 3,
  "dvars_nstd": 24.115114561544498,
  "dvars_std": 1.1540375705235606,
  "dvars_vstd": 1.001300199764399,
  "efc": 0.5555119180608333,
  "fber": 6299.9150390625,
  "fd_mean": 0.10737424541875701,
  "fd_num": 10,
  "fd_perc": 2.6109660574412534,
  "fwhm_avg": 1.880965774304692,
  "fwhm_x": 1.7416026284260888,
  "fwhm_y": 2.0377106944879864,
  "fwhm_z": 1.8635840000000001,
  "gcor": 0.00832511,
  "gsr_x": 0.004951490089297295,
  "gsr_y": 0.037119243294000626,
  "provenance": {
    "md5sum": "0c7e4c14cf127cb323dd0ccc1508a52d",
    "settings": {
      "fd_thres": 0.2,
      "testing": false
    },
    "software": "mriqc",
    "version": "22.0.1",
    "webapi_port": null,
    "webapi_url": "https://mriqc.nimh.nih.gov/api/v1"
  },
  "size_t": 383,
  "size_x": 84,
  "size_y": 84,
  "size_z": 48,
  "snr": 5.150086247655091,
  "spacing_tr": 1.0,
  "spacing_x": 2.4761905670166016,
  "spacing_y": 2.4761905670166016,
  "spacing_z": 2.5,
  "summary_bg_k": 23.840766167986768,
  "summary_bg_mad": 2.197645514173857,
  "summary_bg_mean": 9.403155326843262,
  "summary_bg_median": 2.8146862983703613,
  "summary_bg_n": 193766.0,
  "summary_bg_p05": 1.0052021145820618,
  "summary_bg_p95": 40.01698589324951,
  "summary_bg_stdv": 18.80473518371582,
  "summary_fg_k": 3.6914957962587938,
  "summary_fg_mad": 38.39156095098683,
  "summary_fg_mean": 236.53404235839844,
  "summary_fg_median": 230.38059997558594,
  "summary_fg_n": 85273.0,
  "summary_fg_p05": 179.48677673339844,
  "summary_fg_p95": 314.00429687499997,
  "summary_fg_stdv": 44.73308563232422,
  "tsnr": 69.22190856933594
}