{
  "aor": 0.0011344270833333334,
  "aqi": 0.008322716666666667,
  "bids_meta": {
    "AcquisitionMatrixPE": 84,
    "AcquisitionNumber": 1,
    "AcquisitionTime": "13:30:17.285000",
    "BandwidthPerPixelPhaseEncode": 15.664,
    "BaseResolution": 84,
    "BodyPartExamined": "BRAIN",
    "ConsistencyInfo": "N4_VE11C_LATEST_20160120",
    "ConversionSoftware": "dcm2niix",
    "ConversionSoftwareVersion": "v1.0.20181114  Clang4.0.1",
    "DerivedVendorReportedEchoSpacing": 0.000760008,
    "DeviceSerialNumber": "67007",
    "DwellTime": 3.8e-06,
    "EchoTime": 0.03,
    "EchoTrainLength": 74,
    "EffectiveEchoSpacing": 0.000760008,
    "FlipAngle": 40,
    "ImageComments": "Unaliased_MB4_PE3",
    "ImageOrientationPatientDICOM": [
      0.999414,
      -0.00670983,
      -0.0335587,
      4.67533e-08,
      0.980592,
      -0.196061
    ],
    "ImageType": [
      "ORIGINAL",
      "PRIMARY",
      "M",
      "MB",
      "ND",
      "NORM",
      "MOSAIC"
    ],
    "ImagingFrequency": 123.211,
    "InPlanePhaseEncodingDirectionDICOM": "COL",
    "InstitutionAddress": "Perth_Drive_100_London_Ontario_CA_N6A_5K8",
    "InstitutionName": "Robarts_Research_Institute",
    "InstitutionalDepartmentName": "CFMM",
    "MRAcquisitionType": "2D",
    "MagneticFieldStrength": 3,
    "Manufacturer": "Siemens",
    "ManufacturersModelName": "Prisma_fit",
    "Modality": "MR",
    "MultibandAccelerationFactor": 4,
    "PartialFourier": 0.875,
    "PatientPosition": "HFS",
    "PercentPhaseFOV": 100,
    "PhaseEncodingDirection": "j-",
    "PhaseEncodingSteps": 74,
    "PhaseResolution": 1,
    "PixelBandwidth": 1565,
    "ProcedureStepDescription": "Ansari_NCNS",
    "ProtocolName": "ep_bold_mb4_adaptation_3",
    "PulseSequenceDetails": "%CustomerSeq%_cmrr_mbep2d_bold",
    "ReceiveCoilActiveElements": "HEA;HEP",
    "ReceiveCoilName": "Head_32",
    "ReconMatrixPE": 84,
    "RepetitionTime": 1,
    "SAR": 0.0466228,
    "ScanOptions": "PFP_FS",
    "ScanningSequence": "EP",
    "SequenceName": "epfid2d1_84",
    "SequenceVariant": "SK_SS",
    "SeriesDescription": "ep_bold_mb4_adaptation_3",
    "SeriesNumber": 6,
    "ShimSetting": [
      5227,
      -6243,
      -3940,
      542,
      -22,
      -138,
      211,
      48
    ],
    "SliceThickness": 2.5,
    "SliceTiming": [
      0,
      0.41,
      0.8175,
      0.245,
      0.655,
      0.0825,
      0.49,
      0.8975,
      0.3275,
      0.735,
      0.165,
      0.5725,
      0,
      0.41,
      0.8175,
      0.245,
      0.655,
      0.0825,
      0.49,
      0.8975,
      0.3275,
      0.735,
      0.165,
      0.5725,
      0,
      0.41,
      0.8175,
      0.245,
      0.655,
      0.0825,
      0.49,
      0.8975,
      0.3275,
      0.735,
      0.165,
      0.5725,
      0,
      0.41,
      0.8175,
      0.245,
      0.655,
      0.0825,
      0.49,
      0.8975,
      0.3275,
      0.735,
      0.165,
      0.5725
    ],
    "SoftwareVersions": "syngo_MR_E11",
    "SpacingBetweenSlices": 2.5,
    "StationName": "MRC35368",
    "TaskName": "Adaptation",
    "TotalReadoutTime": 0.0630806,
    "TxRefAmp": 235.555,
    "WipMemBlock": "1f47fa97-6b5f-4614-b04c-5c2943bb2443||Sequence: R016 ve11c/master r/e634e98; Dec 19 2017 11:00:25 by eja",
    "dataset": "ds001838",
    "modality": "bold",
    "run_id": 3,
    "session_id": "01",
    "subject_id": "128",
    "task_id": "Adaptation"
  },
  "dummy_trs": 2,
  "dvars_nstd": 22.509976185352485,
  "dvars_std": 1.075973248250653,
  "dvars_vstd": 0.9745999260313315,
  "efc": 0.5198360847882093,
  "fber": 6994.21923828125,
  "fd_mean": 0.07264405067618393,
  "fd_num": 7,
  "fd_perc": 1.8229166666666667,
  "fwhm_avg": 1.9406707406247383,
  "fwhm_x": 1.8022682219012958,
  "fwhm_y": 2.080308184931932,
  "fwhm_z": 1.9394358150409874,
  "gcor": 0.00912185,
  "gsr_x": -0.008384542539715767,
  "gsr_y": 0.041745562106370926,
  "provenance": {
    "md5sum": "c1616210d682c8f224d910adc91ec47d",
    "settings": {
      "fd_thres": 0.2,
      "testing": false
    },
    "software": "mriqc",
    "version": "22.0.1",
    "webapi_port": null,
    "webapi_url": "https://mriqc.nimh.nih.gov/api/v1"
  },
  "size_t": 384,
  "size_x": 84,
  "size_y": 84,
  "size_z": 48,
  "snr": 5.268851046558689,
  "spacing_tr": 1.0,
  "spacing_x": 2.4761908054351807,
  "spacing_y": 2.4761908054351807,
  "spacing_z": 2.500000238418579,
  "summary_bg_k": 19.40048085940124,
  "summary_bg_mad": 2.0239319636757265,
  "summary_bg_mean": 9.496601104736328,
  "summary_bg_median": 3.013226270675659,
  "summary_bg_n": 208547.0,
  "summary_bg_p05": 1.0790255546569825,
  "summary_bg_p95": 43.41031341552734,
  "summary_bg_stdv": 17.090852737426758,
  "summary_fg_k": 3.3946404743747554,
  "summary_fg_mad": 42.71055387005083,
  "summary_fg_mean": 264.53778076171875,
  "summary_fg_median": 258.0478515625,
  "summary_fg_n": 73339.0,
  "summary_fg_p05": 199.80316772460938,
  "summary_fg_p95": 346.4557861328125,
  "summary_fg_stdv": 48.97578048706055,
  "tsnr": 59.10270690917969
}