{
  "aor": 0.0006530809399477806,
  "aqi": 0.006328351070496084,
  "bids_meta": {
    "AcquisitionMatrixPE": 84,
    "AcquisitionNumber": 1,
    "AcquisitionTime": "15:07:14.010000",
    "BandwidthPerPixelPhaseEncode": 15.664,
    "BaseResolution": 84,
    "BodyPartExamined": "BRAIN",
    "ConsistencyInfo": "N4_VE11C_LATEST_20160120",
    "ConversionSoftware": "dcm2niix",
    "ConversionSoftwareVersion": "v1.0.20181114  Clang4.0.1",
    "DerivedVendorReportedEchoSpacing": 0.000760008,
    "DeviceSerialNumber": "67007",
    "DwellTime": 3.8e-06,
    "EchoTime": 0.03,
    "EchoTrainLength": 74,
    "EffectiveEchoSpacing": 0.000760008,
    "FlipAngle": 40,
    "ImageComments": "Unaliased_MB4_PE3",
    "ImageOrientationPatientDICOM": [
      1,
      0,
      0,
      0,
      0.967709,
      -0.252069
    ],
    "ImageType": [
      "ORIGINAL",
      "PRIMARY",
      "M",
      "MB",
      "ND",
      "NORM",
      "MOSAIC"
    ],
    "ImagingFrequency": 123.211,
    "InPlanePhaseEncodingDirectionDICOM": "COL",
    "InstitutionAddress": "Perth_Drive_100_London_Ontario_CA_N6A_5K8",
    "InstitutionName": "Robarts_Research_Institute",
    "InstitutionalDepartmentName": "CFMM",
    "MRAcquisitionType": "2D",
    "MagneticFieldStrength": 3,
    "Manufacturer": "Siemens",
    "ManufacturersModelName": "Prisma_fit",
    "Modality": "MR",
    "MultibandAccelerationFactor": 4,
    "PartialFourier": 0.875,
    "PatientPosition": "HFS",
    "PercentPhaseFOV": 100,
    "PhaseEncodingDirection": "j-",
    "PhaseEncodingSteps": 74,
    "PhaseResolution": 1,
    "PixelBandwidth": 1565,
    "ProcedureStepDescription": "Ansari_NCNS",
    "ProtocolName": "ep_bold_mb4_adaptation_2",
    "PulseSequenceDetails": "%CustomerSeq%_cmrr_mbep2d_bold",
    "ReceiveCoilActiveElements": "HEA;HEP",
    "ReceiveCoilName": "Head_32",
    "ReconMatrixPE": 84,
    "RepetitionTime": 1,
    "SAR": 0.0642114,
    "ScanOptions": "PFP_FS",
    "ScanningSequence": "EP",
    "SequenceName": "epfid2d1_84",
    "SequenceVariant": "SK_SS",
    "SeriesDescription": "ep_bold_mb4_adaptation_2",
    "SeriesNumber": 4,
    "ShimSetting": [
      5239,
      -6244,
      -3965,
      564,
      -23,
      69,
      247,
      -4
    ],
    "SliceThickness": 2.5,
    "SliceTiming": [
      0,
      0.41,
      0.8175,
      0.245,
      0.655,
      0.0825,
      0.49,
      0.9,
      0.3275,
      0.735,
      0.165,
      0.5725,
      0,
      0.41,
      0.8175,
      0.245,
      0.655,
      0.0825,
      0.49,
      0.9,
      0.3275,
      0.735,
      0.165,
      0.5725,
      0,
      0.41,
      0.8175,
      0.245,
      0.655,
      0.0825,
      0.49,
      0.9,
      0.3275,
      0.735,
      0.165,
      0.5725,
      0,
      0.41,
      0.8175,
      0.245,
      0.655,
      0.0825,
      0.49,
      0.9,
      0.3275,
      0.735,
      0.165,
      0.5725
    ],
    "SoftwareVersions": "syngo_MR_E11",
    "SpacingBetweenSlices": 2.5,
    "StationName": "MRC35368",
    "TaskName": "Adaptation",
    "TotalReadoutTime": 0.0630806,
    "TxRefAmp": 262.341,
    "WipMemBlock": "9a316eaa-5621-49d6-8827-7d6088130afc||Sequence: R016 ve11c/master r/e634e98; Dec 19 2017 11:00:25 by eja",
    "dataset": "ds001838",
    "modality": "bold",
    "run_id": 2,
    "session_id": "01",
    "subject_id": "111",
    "task_id": "Adaptation"
  },
  "dummy_trs": 3,
  "dvars_nstd": 30.63219391465966,
  "dvars_std": 1.2444283226963353,
  "dvars_vstd": 1.0075492251047113,
  "efc": 0.5741084873488173,
  "fber": 4879.0537109375,
  "fd_mean": 0.16463350706140042,
  "fd_num": 133,
  "fd_perc": 34.72584856396867,
  "fwhm_avg": 2.0484460264055535,
  "fwhm_x": 1.9335991598452362,
  "fwhm_y": 2.1981749193714246,
  "fwhm_z": 2.0135639999999997,
  "gcor": 0.0072121,
  "gsr_x": -0.0019136100308969617,
  "gsr_y": 0.05595814064145088,
  "provenance": {
    "md5sum": "2783b756a8d166764d1b02f49f458cc1",
    "settings": {
      "fd_thres": 0.2,
      "testing": false
    },
    "software": "mriqc",
    "version": "22.0.1",
    "webapi_port": null,
    "webapi_url": "https://mriqc.nimh.nih.gov/api/v1"
  },
  "size_t": 383,
  "size_x": 84,
  "size_y": 84,
  "size_z": 48,
  "snr": 4.795329264734119,
  "spacing_tr": 1.0,
  "spacing_x": 2.4761905670166016,
  "spacing_y": 2.4761905670166016,
  "spacing_z": 2.5,
  "summary_bg_k": 14.357179827351562,
  "summary_bg_mad": 2.7189809331010326,
  "summary_bg_mean": 13.671655654907227,
  "summary_bg_median": 3.3285017013549805,
  "summary_bg_n": 191412.0,
  "summary_bg_p05": 1.0602235436439515,
  "summary_bg_p95": 63.71054553985593,
  "summary_bg_stdv": 24.7729549407959,
  "summary_fg_k": 5.378043538337563,
  "summary_fg_mad": 41.60736850804649,
  "summary_fg_mean": 250.82550048828125,
  "summary_fg_median": 243.11036682128906,
  "summary_fg_n": 86752.0,
  "summary_fg_p05": 188.58978271484375,
  "summary_fg_p95": 335.36694641113274,
  "summary_fg_stdv": 50.6970329284668,
  "tsnr": 59.59992980957031
}