{
  "bids_meta": {
    "AcquisitionMatrixPE": 224,
    "AcquisitionNumber": 1,
    "AcquisitionTime": "16:34:31.175000",
    "BaseResolution": 256,
    "BodyPartExamined": "BRAIN",
    "ConsistencyInfo": "N4_VE11C_LATEST_20160120",
    "ConversionSoftware": "dcm2niix",
    "ConversionSoftwareVersion": "v1.0.20181114  Clang4.0.1",
    "DeviceSerialNumber": "67007",
    "DwellTime": 8.2e-06,
    "EchoTime": 0.00298,
    "FlipAngle": 9,
    "ImageOrientationPatientDICOM": [
      0.0819594,
      0.996636,
      -1.30989e-08,
      0.022535,
      -0.0018532,
      -0.999744
    ],
    "ImageType": [
      "ORIGINAL",
      "PRIMARY",
      "M",
      "ND",
      "NORM"
    ],
    "ImagingFrequency": 123.211,
    "InPlanePhaseEncodingDirectionDICOM": "ROW",
    "InstitutionAddress": "Perth_Drive_100_London_Ontario_CA_N6A_5K8",
    "InstitutionName": "Robarts_Research_Institute",
    "InstitutionalDepartmentName": "CFMM",
    "InversionTime": 0.9,
    "MRAcquisitionType": "3D",
    "MagneticFieldStrength": 3,
    "Manufacturer": "Siemens",
    "ManufacturersModelName": "Prisma_fit",
    "Modality": "MR",
    "PartialFourier": 1,
    "PatientPosition": "HFS",
    "PercentPhaseFOV": 87.5,
    "PhaseEncodingSteps": 223,
    "PhaseResolution": 1,
    "PixelBandwidth": 240,
    "ProcedureStepDescription": "Ansari_NCNS",
    "ProtocolName": "MPRAGE_SAG_iPAT2",
    "PulseSequenceDetails": "%SiemensSeq%_tfl",
    "ReceiveCoilActiveElements": "HEA;HEP",
    "ReceiveCoilName": "Head_32",
    "ReconMatrixPE": 256,
    "RepetitionTime": 2.3,
    "SAR": 0.0472476,
    "ScanOptions": "IR",
    "ScanningSequence": "GR_IR",
    "SequenceName": "_tfl3d1_16ns",
    "SequenceVariant": "SK_SP_MP",
    "SeriesDescription": "MPRAGE_SAG_iPAT2",
    "SeriesNumber": 10,
    "ShimSetting": [
      5261,
      -6151,
      -3960,
      332,
      44,
      -131,
      61,
      -2
    ],
    "SliceThickness": 1,
    "SoftwareVersions": "syngo_MR_E11",
    "StationName": "MRC35368",
    "TxRefAmp": 231.94,
    "dataset": "ds001838",
    "modality": "T1w",
    "session_id": "01",
    "subject_id": "107"
  },
  "cjv": 0.3321892421634345,
  "cnr": 4.011503891467576,
  "efc": 0.5429082585796576,
  "fber": 2968.1595750943543,
  "fwhm_avg": 3.6525233333333333,
  "fwhm_x": 3.71037,
  "fwhm_y": 3.82623,
  "fwhm_z": 3.42097,
  "icvs_csf": 0.18971759100085026,
  "icvs_gm": 0.45507911013275953,
  "icvs_wm": 0.3552032988663902,
  "inu_med": 0.37368711829185486,
  "inu_range": 0.08613923192024225,
  "provenance": {
    "md5sum": "9e99fdd060bf52df1feaebf55e069a56",
    "settings": {
      "testing": false
    },
    "software": "mriqc",
    "version": "22.0.1",
    "warnings": {
      "large_rot_frame": true,
      "small_air_mask": false
    },
    "webapi_port": null,
    "webapi_url": "https://mriqc.nimh.nih.gov/api/v1"
  },
  "qi_1": 0.0,
  "qi_2": 0.029061383062895654,
  "rpve_csf": 29.384846914528286,
  "rpve_gm": 13.33625996964667,
  "rpve_wm": 19.350202622422135,
  "size_x": 192,
  "size_y": 224,
  "size_z": 256,
  "snr_csf": 2.419161297098409,
  "snr_gm": 12.03123133643816,
  "snr_total": 13.885505397904794,
  "snr_wm": 27.206123560177815,
  "snrd_csf": 29.65452804130388,
  "snrd_gm": 71.01733722138665,
  "snrd_total": 66.53400091755672,
  "snrd_wm": 98.93013748997963,
  "spacing_x": 1.0,
  "spacing_y": 1.0,
  "spacing_z": 1.0,
  "summary_bg_k": 4.262807477934132,
  "summary_bg_mad": 6.6222125443544435,
  "summary_bg_mean": 4.909997277915355,
  "summary_bg_median": 4.466614484786987,
  "summary_bg_n": 2291278.0,
  "summary_bg_p05": 0.0,
  "summary_bg_p95": 18.029473066329956,
  "summary_bg_stdv": 5.999551185133783,
  "summary_csf_k": 0.4605017179328543,
  "summary_csf_mad": 109.43568759429533,
  "summary_csf_mean": 304.6637036968665,
  "summary_csf_median": 299.75221586227417,
  "summary_csf_n": 16534.0,
  "summary_csf_p05": 101.90564645528794,
  "summary_csf_p95": 528.2814925074574,
  "summary_csf_stdv": 123.903747700935,
  "summary_gm_k": -0.011905243072866334,
  "summary_gm_mad": 59.88993680624201,
  "summary_gm_mean": 719.3262245597155,
  "summary_gm_median": 717.8534140586853,
  "summary_gm_n": 32239.0,
  "summary_gm_p05": 623.3698463439941,
  "summary_gm_p95": 819.6107167482376,
  "summary_gm_stdv": 59.66490549396783,
  "summary_wm_k": 0.7391974784313904,
  "summary_wm_mad": 33.836122489402264,
  "summary_wm_mean": 1000.4206381032384,
  "summary_wm_median": 999.9999961853027,
  "summary_wm_n": 174343.0,
  "summary_wm_p05": 940.6005441427232,
  "summary_wm_p95": 1060.935050725937,
  "summary_wm_stdv": 36.75632531990366,
  "tpm_overlap_csf": 0.15295956218822768,
  "tpm_overlap_gm": 0.48310460488466267,
  "tpm_overlap_wm": 0.5169477031398847,
  "wm2max": 0.534541652143604
}