{
  "bids_meta": {
    "AcquisitionMatrixPE": 256,
    "AcquisitionNumber": 1,
    "AcquisitionTime": "15:39:4.972500",
    "BaseResolution": 256,
    "BodyPartExamined": "BRAIN",
    "ConsistencyInfo": "N4_VE11C_LATEST_20160120",
    "ConversionSoftware": "dcm2niix",
    "ConversionSoftwareVersion": "v1.0.20181114  Clang4.0.1",
    "DeviceSerialNumber": "67007",
    "DwellTime": 8.2e-06,
    "EchoTime": 0.00298,
    "FlipAngle": 9,
    "ImageOrientationPatientDICOM": [
      0,
      1,
      0,
      0,
      0,
      -1
    ],
    "ImageType": [
      "ORIGINAL",
      "PRIMARY",
      "M",
      "ND",
      "NORM"
    ],
    "ImagingFrequency": 123.211,
    "InPlanePhaseEncodingDirectionDICOM": "ROW",
    "InstitutionAddress": "Perth_Drive_100_London_Ontario_CA_N6A_5K8",
    "InstitutionName": "Robarts_Research_Institute",
    "InstitutionalDepartmentName": "CFMM",
    "InversionTime": 0.9,
    "MRAcquisitionType": "3D",
    "MagneticFieldStrength": 3,
    "Manufacturer": "Siemens",
    "ManufacturersModelName": "Prisma_fit",
    "Modality": "MR",
    "PartialFourier": 1,
    "PatientPosition": "HFS",
    "PercentPhaseFOV": 100,
    "PhaseEncodingSteps": 255,
    "PhaseResolution": 1,
    "PixelBandwidth": 240,
    "ProcedureStepDescription": "Ansari_NCNS",
    "ProtocolName": "MPRAGE_SAG_iPAT2",
    "PulseSequenceDetails": "%SiemensSeq%_tfl",
    "ReceiveCoilActiveElements": "HEA;HEP;SP1",
    "ReceiveCoilName": "Spine_32",
    "ReconMatrixPE": 256,
    "RepetitionTime": 2.3,
    "SAR": 0.0592108,
    "ScanOptions": "IR",
    "ScanningSequence": "GR_IR",
    "SequenceName": "_tfl3d1_16ns",
    "SequenceVariant": "SK_SP_MP",
    "SeriesDescription": "MPRAGE_SAG_iPAT2",
    "SeriesNumber": 10,
    "ShimSetting": [
      5236,
      -6124,
      -3903,
      343,
      52,
      -299,
      1,
      -16
    ],
    "SliceThickness": 1,
    "SoftwareVersions": "syngo_MR_E11",
    "StationName": "MRC35368",
    "TxRefAmp": 259.855,
    "dataset": "ds001838",
    "modality": "T1w",
    "session_id": "01",
    "subject_id": "07"
  },
  "cjv": 0.35351585745389047,
  "cnr": 3.7600396854603533,
  "efc": 0.5718561016472458,
  "fber": 1832.9275880911205,
  "fwhm_avg": 3.8687766666666668,
  "fwhm_x": 3.80447,
  "fwhm_y": 4.14337,
  "fwhm_z": 3.65849,
  "icvs_csf": 0.18805927993092678,
  "icvs_gm": 0.4629587625707765,
  "icvs_wm": 0.3489819574982967,
  "inu_med": 0.42927777767181396,
  "inu_range": 0.10413664877414702,
  "provenance": {
    "md5sum": "97911b906cc54ab2eaf0d47fd1cbae86",
    "settings": {
      "testing": false
    },
    "software": "mriqc",
    "version": "22.0.1",
    "warnings": {
      "large_rot_frame": true,
      "small_air_mask": false
    },
    "webapi_port": null,
    "webapi_url": "https://mriqc.nimh.nih.gov/api/v1"
  },
  "qi_1": 0.0,
  "qi_2": 0.011049572324529106,
  "rpve_csf": 27.800858245044523,
  "rpve_gm": 12.515734954397496,
  "rpve_wm": 18.529656909966654,
  "size_x": 192,
  "size_y": 256,
  "size_z": 256,
  "snr_csf": 2.6249134696958767,
  "snr_gm": 13.368222919286914,
  "snr_total": 13.487259784374467,
  "snr_wm": 24.468642964140614,
  "snrd_csf": 17.13733431128147,
  "snrd_gm": 41.77759621453905,
  "snrd_total": 38.53989682304391,
  "snrd_wm": 56.704759943311224,
  "spacing_x": 1.0,
  "spacing_y": 1.0,
  "spacing_z": 1.0,
  "summary_bg_k": 1663.603036010939,
  "summary_bg_mad": 11.553464200991371,
  "summary_bg_mean": 10.6170498402655,
  "summary_bg_median": 7.792693182826042,
  "summary_bg_n": 2853870.0,
  "summary_bg_p05": 0.0,
  "summary_bg_p95": 34.34656207635999,
  "summary_bg_stdv": 13.926517251448006,
  "summary_csf_k": 0.897930219482034,
  "summary_csf_mad": 92.44749693704225,
  "summary_csf_mean": 317.0424291143103,
  "summary_csf_median": 302.2203902360052,
  "summary_csf_n": 24992.0,
  "summary_csf_p05": 135.2392545843497,
  "summary_csf_p95": 535.1338482946157,
  "summary_csf_stdv": 115.13306907899766,
  "summary_gm_k": 0.075968501507095,
  "summary_gm_mad": 54.64155500537357,
  "summary_gm_mean": 736.045370006181,
  "summary_gm_median": 736.7564407475293,
  "summary_gm_n": 54573.0,
  "summary_gm_p05": 644.2475652374327,
  "summary_gm_p95": 825.4383566603065,
  "summary_gm_stdv": 55.11201413778084,
  "summary_wm_k": 0.6849589728768541,
  "summary_wm_mad": 38.41922513411856,
  "summary_wm_mean": 1001.5317329531014,
  "summary_wm_median": 1000.0000214166939,
  "summary_wm_n": 211292.0,
  "summary_wm_p05": 937.551726732403,
  "summary_wm_p95": 1070.5345696434379,
  "summary_wm_stdv": 40.86853760079531,
  "tpm_overlap_csf": 0.14601223476296052,
  "tpm_overlap_gm": 0.4666385118902837,
  "tpm_overlap_wm": 0.49096152573548546,
  "wm2max": 0.6341987678559339
}