{
  "bids_meta": {
    "AcquisitionMatrixPE": 216,
    "AcquisitionNumber": 1,
    "AcquisitionTime": "13:42:35.620000",
    "BaseResolution": 256,
    "BodyPartExamined": "BRAIN",
    "ConsistencyInfo": "N4_VE11C_LATEST_20160120",
    "ConversionSoftware": "dcm2niix",
    "ConversionSoftwareVersion": "v1.0.20181114  Clang4.0.1",
    "DeviceSerialNumber": "67007",
    "DwellTime": 8.2e-06,
    "EchoTime": 0.00298,
    "FlipAngle": 9,
    "ImageOrientationPatientDICOM": [
      0,
      1,
      0,
      0,
      0,
      -1
    ],
    "ImageType": [
      "ORIGINAL",
      "PRIMARY",
      "M",
      "ND",
      "NORM"
    ],
    "ImagingFrequency": 123.211,
    "InPlanePhaseEncodingDirectionDICOM": "ROW",
    "InstitutionAddress": "Perth_Drive_100_London_Ontario_CA_N6A_5K8",
    "InstitutionName": "Robarts_Research_Institute",
    "InstitutionalDepartmentName": "CFMM",
    "InversionTime": 0.9,
    "MRAcquisitionType": "3D",
    "MagneticFieldStrength": 3,
    "Manufacturer": "Siemens",
    "ManufacturersModelName": "Prisma_fit",
    "Modality": "MR",
    "PartialFourier": 1,
    "PatientPosition": "HFS",
    "PercentPhaseFOV": 84.375,
    "PhaseEncodingSteps": 215,
    "PhaseResolution": 1,
    "PixelBandwidth": 240,
    "ProcedureStepDescription": "Ansari_NCNS",
    "ProtocolName": "MPRAGE_SAG_iPAT2",
    "PulseSequenceDetails": "%SiemensSeq%_tfl",
    "ReceiveCoilActiveElements": "HEA;HEP",
    "ReceiveCoilName": "Head_32",
    "ReconMatrixPE": 256,
    "RepetitionTime": 2.3,
    "SAR": 0.0509413,
    "ScanOptions": "IR",
    "ScanningSequence": "GR_IR",
    "SequenceName": "_tfl3d1_16ns",
    "SequenceVariant": "SK_SP_MP",
    "SeriesDescription": "MPRAGE_SAG_iPAT2",
    "SeriesNumber": 10,
    "ShimSetting": [
      5247,
      -6129,
      -4000,
      603,
      11,
      -284,
      187,
      5
    ],
    "SliceThickness": 1,
    "SoftwareVersions": "syngo_MR_E11",
    "StationName": "MRC35368",
    "TxRefAmp": 240.361,
    "dataset": "ds001838",
    "modality": "T1w",
    "session_id": "01",
    "subject_id": "13"
  },
  "cjv": 0.3390174249729129,
  "cnr": 3.8300095625609716,
  "efc": 0.5656649984392094,
  "fber": 2903.8392946640383,
  "fwhm_avg": 3.7718066666666665,
  "fwhm_x": 3.81833,
  "fwhm_y": 3.89953,
  "fwhm_z": 3.59756,
  "icvs_csf": 0.19393000141865702,
  "icvs_gm": 0.463029711080092,
  "icvs_wm": 0.343040287501251,
  "inu_med": 0.40744923055171967,
  "inu_range": 0.12365995943546293,
  "provenance": {
    "md5sum": "8cfaa8f3662b975a45fca7eeeee91250",
    "settings": {
      "testing": false
    },
    "software": "mriqc",
    "version": "22.0.1",
    "warnings": {
      "large_rot_frame": true,
      "small_air_mask": false
    },
    "webapi_port": null,
    "webapi_url": "https://mriqc.nimh.nih.gov/api/v1"
  },
  "qi_1": 0.0,
  "qi_2": 0.02138572424090166,
  "rpve_csf": 25.116928484173076,
  "rpve_gm": 11.30303579793584,
  "rpve_wm": 16.75622260693727,
  "size_x": 192,
  "size_y": 216,
  "size_z": 256,
  "snr_csf": 1.9027073328186592,
  "snr_gm": 12.284029419255605,
  "snr_total": 13.149230906911589,
  "snr_wm": 25.260955968660504,
  "snrd_csf": 21.675981802534583,
  "snrd_gm": 55.094479673906996,
  "snrd_total": 51.14224839527639,
  "snrd_wm": 76.6562837093876,
  "spacing_x": 1.0,
  "spacing_y": 1.0,
  "spacing_z": 1.0,
  "summary_bg_k": 5861.35951766534,
  "summary_bg_mad": 8.546414977417985,
  "summary_bg_mean": 7.4821279182071905,
  "summary_bg_median": 5.764469303190708,
  "summary_bg_n": 2600875.0,
  "summary_bg_p05": 0.0,
  "summary_bg_p95": 22.47756151109934,
  "summary_bg_stdv": 20.081496151359428,
  "summary_csf_k": 9.327112417638846,
  "summary_csf_mad": 147.55471496246824,
  "summary_csf_mean": 287.25676454224214,
  "summary_csf_median": 282.76849756389856,
  "summary_csf_n": 33876.0,
  "summary_csf_p05": 77.40444267354906,
  "summary_csf_p95": 528.0582727286965,
  "summary_csf_stdv": 148.6115699846789,
  "summary_gm_k": -0.02257090536063666,
  "summary_gm_mad": 58.47698033206467,
  "summary_gm_mean": 719.3977277701947,
  "summary_gm_median": 718.7209965102375,
  "summary_gm_n": 48276.0,
  "summary_gm_p05": 623.9554424285889,
  "summary_gm_p95": 816.8136939480901,
  "summary_gm_stdv": 58.50796412700831,
  "summary_wm_k": 0.7041241392349598,
  "summary_wm_mad": 36.88150892939439,
  "summary_wm_mean": 1001.3063150807723,
  "summary_wm_median": 1000.000017106533,
  "summary_wm_n": 180882.0,
  "summary_wm_p05": 938.9508052915335,
  "summary_wm_p95": 1068.2818969499313,
  "summary_wm_stdv": 39.58667495047519,
  "tpm_overlap_csf": 0.1303853027215497,
  "tpm_overlap_gm": 0.4766603953506904,
  "tpm_overlap_wm": 0.5036754278731889,
  "wm2max": 0.48518445038271596
}