{
  "bids_meta": {
    "AcquisitionMatrixPE": 256,
    "AcquisitionNumber": 1,
    "AcquisitionTime": "15:37:7.787500",
    "BaseResolution": 256,
    "BodyPartExamined": "BRAIN",
    "ConsistencyInfo": "N4_VE11C_LATEST_20160120",
    "ConversionSoftware": "dcm2niix",
    "ConversionSoftwareVersion": "v1.0.20181114  Clang4.0.1",
    "DeviceSerialNumber": "67007",
    "DwellTime": 8.2e-06,
    "EchoTime": 0.00298,
    "FlipAngle": 9,
    "ImageOrientationPatientDICOM": [
      0.012217,
      0.999925,
      0,
      0,
      0,
      -1
    ],
    "ImageType": [
      "ORIGINAL",
      "PRIMARY",
      "M",
      "ND",
      "NORM"
    ],
    "ImagingFrequency": 123.211,
    "InPlanePhaseEncodingDirectionDICOM": "ROW",
    "InstitutionAddress": "Perth_Drive_100_London_Ontario_CA_N6A_5K8",
    "InstitutionName": "Robarts_Research_Institute",
    "InstitutionalDepartmentName": "CFMM",
    "InversionTime": 0.9,
    "MRAcquisitionType": "3D",
    "MagneticFieldStrength": 3,
    "Manufacturer": "Siemens",
    "ManufacturersModelName": "Prisma_fit",
    "Modality": "MR",
    "PartialFourier": 1,
    "PatientPosition": "HFS",
    "PercentPhaseFOV": 100,
    "PhaseEncodingSteps": 255,
    "PhaseResolution": 1,
    "PixelBandwidth": 240,
    "ProcedureStepDescription": "Ansari_NCNS",
    "ProtocolName": "MPRAGE_SAG_iPAT2",
    "PulseSequenceDetails": "%SiemensSeq%_tfl",
    "ReceiveCoilActiveElements": "HEA;HEP",
    "ReceiveCoilName": "Head_32",
    "ReconMatrixPE": 256,
    "RepetitionTime": 2.3,
    "SAR": 0.0491698,
    "ScanOptions": "IR",
    "ScanningSequence": "GR_IR",
    "SequenceName": "_tfl3d1_16ns",
    "SequenceVariant": "SK_SP_MP",
    "SeriesDescription": "MPRAGE_SAG_iPAT2",
    "SeriesNumber": 10,
    "ShimSetting": [
      5241,
      -6218,
      -3851,
      235,
      -3,
      -205,
      14,
      33
    ],
    "SliceThickness": 1,
    "SoftwareVersions": "syngo_MR_E11",
    "StationName": "MRC35368",
    "TxRefAmp": 228.484,
    "dataset": "ds001838",
    "modality": "T1w",
    "session_id": "01",
    "subject_id": "25"
  },
  "cjv": 0.3150403899472189,
  "cnr": 4.148234911858683,
  "efc": 0.5034202709367367,
  "fber": 4899.536434805491,
  "fwhm_avg": 3.7860633333333333,
  "fwhm_x": 3.78328,
  "fwhm_y": 3.9893,
  "fwhm_z": 3.58561,
  "icvs_csf": 0.19776464193768015,
  "icvs_gm": 0.4622279006949831,
  "icvs_wm": 0.34000745736733673,
  "inu_med": 0.38232754170894623,
  "inu_range": 0.09295597970485686,
  "provenance": {
    "md5sum": "3effc97e855cdc76d06f840121abafe3",
    "settings": {
      "testing": false
    },
    "software": "mriqc",
    "version": "22.0.1",
    "warnings": {
      "large_rot_frame": true,
      "small_air_mask": false
    },
    "webapi_port": null,
    "webapi_url": "https://mriqc.nimh.nih.gov/api/v1"
  },
  "qi_1": 0.0,
  "qi_2": 0.01657130900897134,
  "rpve_csf": 32.1226581404718,
  "rpve_gm": 14.803114938100741,
  "rpve_wm": 22.13256446943262,
  "size_x": 192,
  "size_y": 256,
  "size_z": 256,
  "snr_csf": 2.199786588774959,
  "snr_gm": 12.93928243405178,
  "snr_total": 13.864576817883107,
  "snr_wm": 26.454661430822583,
  "snrd_csf": 31.12743783518446,
  "snrd_gm": 76.54691664432606,
  "snrd_total": 71.34439335060411,
  "snrd_wm": 106.35882557230182,
  "spacing_x": 1.0,
  "spacing_y": 1.0,
  "spacing_z": 1.0,
  "summary_bg_k": 30.829910914022463,
  "summary_bg_mad": 6.159680464358335,
  "summary_bg_mean": 5.2072897711935076,
  "summary_bg_median": 4.154641337692738,
  "summary_bg_n": 3692801.0,
  "summary_bg_p05": 0.0,
  "summary_bg_p95": 17.443150654435158,
  "summary_bg_stdv": 6.567532715106383,
  "summary_csf_k": 0.5927430113851235,
  "summary_csf_mad": 121.92405682504703,
  "summary_csf_mean": 300.21171548618395,
  "summary_csf_median": 292.66435316205025,
  "summary_csf_n": 29032.0,
  "summary_csf_p05": 81.95109325647354,
  "summary_csf_p95": 533.7080805737522,
  "summary_csf_stdv": 133.0398658836697,
  "summary_gm_k": 0.2958326990641069,
  "summary_gm_mad": 52.8980192549857,
  "summary_gm_mean": 721.1058215890405,
  "summary_gm_median": 719.7043960019946,
  "summary_gm_n": 34717.0,
  "summary_gm_p05": 631.1566203162074,
  "summary_gm_p95": 814.3097021877766,
  "summary_gm_stdv": 55.62086107117648,
  "summary_wm_k": 0.7330142249299723,
  "summary_wm_mad": 35.40640755467042,
  "summary_wm_mean": 999.8121171823806,
  "summary_wm_median": 999.9999696090817,
  "summary_wm_n": 166196.0,
  "summary_wm_p05": 937.5852050855756,
  "summary_wm_p95": 1060.702133886516,
  "summary_wm_stdv": 37.80040669670219,
  "tpm_overlap_csf": 0.12189778027814195,
  "tpm_overlap_gm": 0.47998180469946883,
  "tpm_overlap_wm": 0.5054670892402517,
  "wm2max": 0.5546837892514733
}