{
  "bids_meta": {
    "AcquisitionMatrixPE": 256,
    "AcquisitionNumber": 1,
    "AcquisitionTime": "16:08:44.475000",
    "BaseResolution": 256,
    "BodyPartExamined": "BRAIN",
    "ConsistencyInfo": "N4_VE11C_LATEST_20160120",
    "ConversionSoftware": "dcm2niix",
    "ConversionSoftwareVersion": "v1.0.20181114  Clang4.0.1",
    "DeviceSerialNumber": "67007",
    "DwellTime": 8.2e-06,
    "EchoTime": 0.00298,
    "FlipAngle": 9,
    "ImageOrientationPatientDICOM": [
      0,
      1,
      0,
      0,
      0,
      -1
    ],
    "ImageType": [
      "ORIGINAL",
      "PRIMARY",
      "M",
      "ND",
      "NORM"
    ],
    "ImagingFrequency": 123.211,
    "InPlanePhaseEncodingDirectionDICOM": "ROW",
    "InstitutionAddress": "Perth_Drive_100_London_Ontario_CA_N6A_5K8",
    "InstitutionName": "Robarts_Research_Institute",
    "InstitutionalDepartmentName": "CFMM",
    "InversionTime": 0.9,
    "MRAcquisitionType": "3D",
    "MagneticFieldStrength": 3,
    "Manufacturer": "Siemens",
    "ManufacturersModelName": "Prisma_fit",
    "Modality": "MR",
    "PartialFourier": 1,
    "PatientPosition": "HFS",
    "PercentPhaseFOV": 100,
    "PhaseEncodingSteps": 255,
    "PhaseResolution": 1,
    "PixelBandwidth": 240,
    "ProcedureStepDescription": "Ansari_NCNS",
    "ProtocolName": "MPRAGE_SAG_iPAT2",
    "PulseSequenceDetails": "%SiemensSeq%_tfl",
    "ReceiveCoilActiveElements": "HEA;HEP",
    "ReceiveCoilName": "Head_32",
    "ReconMatrixPE": 256,
    "RepetitionTime": 2.3,
    "SAR": 0.0894889,
    "ScanOptions": "IR",
    "ScanningSequence": "GR_IR",
    "SequenceName": "_tfl3d1_16ns",
    "SequenceVariant": "SK_SP_MP",
    "SeriesDescription": "MPRAGE_SAG_iPAT2",
    "SeriesNumber": 10,
    "ShimSetting": [
      5264,
      -6224,
      -3875,
      301,
      26,
      -342,
      -31,
      7
    ],
    "SliceThickness": 1,
    "SoftwareVersions": "syngo_MR_E11",
    "StationName": "MRC35368",
    "TxRefAmp": 283.148,
    "dataset": "ds001838",
    "modality": "T1w",
    "session_id": "01",
    "subject_id": "27"
  },
  "cjv": 0.36674784432959867,
  "cnr": 3.621670355264737,
  "efc": 0.5875139857309885,
  "fber": 9585.009397126198,
  "fwhm_avg": 3.7871466666666667,
  "fwhm_x": 3.90087,
  "fwhm_y": 3.83611,
  "fwhm_z": 3.62446,
  "icvs_csf": 0.20497713636944587,
  "icvs_gm": 0.44145213992323806,
  "icvs_wm": 0.35357072370731607,
  "inu_med": 0.4488380253314972,
  "inu_range": 0.1275910884141922,
  "provenance": {
    "md5sum": "05eb3e426ed9eed69ab24ca82c3c5746",
    "settings": {
      "testing": false
    },
    "software": "mriqc",
    "version": "22.0.1",
    "warnings": {
      "large_rot_frame": true,
      "small_air_mask": false
    },
    "webapi_port": null,
    "webapi_url": "https://mriqc.nimh.nih.gov/api/v1"
  },
  "qi_1": 0.0,
  "qi_2": 0.011249012975484154,
  "rpve_csf": 26.582864795348986,
  "rpve_gm": 13.230345839147702,
  "rpve_wm": 18.502867534127798,
  "size_x": 192,
  "size_y": 256,
  "size_z": 256,
  "snr_csf": 2.6912864185674947,
  "snr_gm": 12.836503422260698,
  "snr_total": 13.1823219513249,
  "snr_wm": 24.019176013146502,
  "snrd_csf": 23.653897785070544,
  "snrd_gm": 57.83689667501351,
  "snrd_total": 53.20541881268867,
  "snrd_wm": 78.12546197798197,
  "spacing_x": 1.0,
  "spacing_y": 1.0,
  "spacing_z": 1.0,
  "summary_bg_k": 3.747323062125913,
  "summary_bg_mad": 8.385696199130894,
  "summary_bg_mean": 8.188977728276452,
  "summary_bg_median": 5.656066134572029,
  "summary_bg_n": 3037987.0,
  "summary_bg_p05": 0.0,
  "summary_bg_p95": 25.471026301383972,
  "summary_bg_stdv": 9.07302962595287,
  "summary_csf_k": 1.2199155538659072,
  "summary_csf_mad": 83.80142757939417,
  "summary_csf_mean": 314.2521733224223,
  "summary_csf_median": 302.7680964618921,
  "summary_csf_n": 37769.0,
  "summary_csf_p05": 121.11473006308078,
  "summary_csf_p95": 525.0777157247066,
  "summary_csf_stdv": 112.49790664807871,
  "summary_gm_k": 0.1528778782537663,
  "summary_gm_mad": 56.367428093495754,
  "summary_gm_mean": 739.2315771452385,
  "summary_gm_median": 740.3078879714012,
  "summary_gm_n": 31724.0,
  "summary_gm_p05": 643.5666826352477,
  "summary_gm_p95": 833.3520487546921,
  "summary_gm_stdv": 57.67117380647909,
  "summary_wm_k": 0.862702596574314,
  "summary_wm_mad": 38.8740883403419,
  "summary_wm_mean": 1000.6403258516357,
  "summary_wm_median": 999.9999840706587,
  "summary_wm_n": 207374.0,
  "summary_wm_p05": 933.7753156870604,
  "summary_wm_p95": 1069.0714142173529,
  "summary_wm_stdv": 41.633300510301126,
  "tpm_overlap_csf": 0.15546877297569844,
  "tpm_overlap_gm": 0.4614781042575684,
  "tpm_overlap_wm": 0.5036331780529346,
  "wm2max": 0.5058401305502117
}