{
  "bids_meta": {
    "AcquisitionMatrixPE": 256,
    "AcquisitionNumber": 1,
    "AcquisitionTime": "11:39:9.642500",
    "BaseResolution": 256,
    "BodyPartExamined": "BRAIN",
    "ConsistencyInfo": "N4_VE11C_LATEST_20160120",
    "ConversionSoftware": "dcm2niix",
    "ConversionSoftwareVersion": "v1.0.20181114  Clang4.0.1",
    "DeviceSerialNumber": "67007",
    "DwellTime": 8.2e-06,
    "EchoTime": 0.00298,
    "FlipAngle": 9,
    "ImageOrientationPatientDICOM": [
      0,
      1,
      0,
      0,
      0,
      -1
    ],
    "ImageType": [
      "ORIGINAL",
      "PRIMARY",
      "M",
      "ND",
      "NORM"
    ],
    "ImagingFrequency": 123.211,
    "InPlanePhaseEncodingDirectionDICOM": "ROW",
    "InstitutionAddress": "Perth_Drive_100_London_Ontario_CA_N6A_5K8",
    "InstitutionName": "Robarts_Research_Institute",
    "InstitutionalDepartmentName": "CFMM",
    "InversionTime": 0.9,
    "MRAcquisitionType": "3D",
    "MagneticFieldStrength": 3,
    "Manufacturer": "Siemens",
    "ManufacturersModelName": "Prisma_fit",
    "Modality": "MR",
    "PartialFourier": 1,
    "PatientPosition": "HFS",
    "PercentPhaseFOV": 100,
    "PhaseEncodingSteps": 255,
    "PhaseResolution": 1,
    "PixelBandwidth": 240,
    "ProcedureStepDescription": "Ansari_NCNS",
    "ProtocolName": "MPRAGE_SAG_iPAT2",
    "PulseSequenceDetails": "%SiemensSeq%_tfl",
    "ReceiveCoilActiveElements": "HEA;HEP",
    "ReceiveCoilName": "Head_32",
    "ReconMatrixPE": 256,
    "RepetitionTime": 2.3,
    "SAR": 0.0803503,
    "ScanOptions": "IR",
    "ScanningSequence": "GR_IR",
    "SequenceName": "_tfl3d1_16ns",
    "SequenceVariant": "SK_SP_MP",
    "SeriesDescription": "MPRAGE_SAG_iPAT2",
    "SeriesNumber": 12,
    "ShimSetting": [
      5247,
      -6196,
      -3848,
      179,
      11,
      -226,
      90,
      30
    ],
    "SliceThickness": 1,
    "SoftwareVersions": "syngo_MR_E11",
    "StationName": "MRC35368",
    "TxRefAmp": 289.352,
    "dataset": "ds001838",
    "modality": "T1w",
    "session_id": "01",
    "subject_id": "17"
  },
  "cjv": 0.3306358973751407,
  "cnr": 4.016955863457535,
  "efc": 0.5715400063701442,
  "fber": 5609.077218264031,
  "fwhm_avg": 3.81239,
  "fwhm_x": 3.82438,
  "fwhm_y": 3.94517,
  "fwhm_z": 3.66762,
  "icvs_csf": 0.21027440358461746,
  "icvs_gm": 0.44874622520084484,
  "icvs_wm": 0.3409793712145377,
  "inu_med": 0.44034481048583984,
  "inu_range": 0.12458901107311249,
  "provenance": {
    "md5sum": "c474f87db3be1684da9bfcb781204f4a",
    "settings": {
      "testing": false
    },
    "software": "mriqc",
    "version": "22.0.1",
    "warnings": {
      "large_rot_frame": true,
      "small_air_mask": false
    },
    "webapi_port": null,
    "webapi_url": "https://mriqc.nimh.nih.gov/api/v1"
  },
  "qi_1": 0.0,
  "qi_2": 0.012385840731470754,
  "rpve_csf": 26.80074919690635,
  "rpve_gm": 13.382421959095803,
  "rpve_wm": 19.723610221929274,
  "size_x": 192,
  "size_y": 256,
  "size_z": 256,
  "snr_csf": 2.4564044683467863,
  "snr_gm": 12.311346531034024,
  "snr_total": 13.440194201808628,
  "snr_wm": 25.55283160604507,
  "snrd_csf": 29.37689925347327,
  "snrd_gm": 71.03681100865325,
  "snrd_total": 66.51609538048926,
  "snrd_wm": 99.13457587934127,
  "spacing_x": 1.0,
  "spacing_y": 1.0,
  "spacing_z": 1.0,
  "summary_bg_k": 2.5267409671897916,
  "summary_bg_mad": 6.608555853388242,
  "summary_bg_mean": 6.419206248040888,
  "summary_bg_median": 4.457403186708689,
  "summary_bg_n": 3408043.0,
  "summary_bg_p05": 0.0,
  "summary_bg_p95": 19.237213753163815,
  "summary_bg_stdv": 7.705619046454285,
  "summary_csf_k": 6.217354727957854,
  "summary_csf_mad": 102.05995280345451,
  "summary_csf_mean": 294.9805826766816,
  "summary_csf_median": 296.33352614194155,
  "summary_csf_n": 36914.0,
  "summary_csf_p05": 92.62182193193586,
  "summary_csf_p95": 486.43842062409965,
  "summary_csf_stdv": 120.635471925202,
  "summary_gm_k": 0.1432644308650799,
  "summary_gm_mad": 56.7441412373637,
  "summary_gm_mean": 716.5161831617115,
  "summary_gm_median": 716.5694551505148,
  "summary_gm_n": 40629.0,
  "summary_gm_p05": 619.4449857138097,
  "summary_gm_p95": 812.2863235808909,
  "summary_gm_stdv": 58.20327084790257,
  "summary_wm_k": 0.6011187853291995,
  "summary_wm_mad": 36.968162067074076,
  "summary_wm_mean": 1000.44763278089,
  "summary_wm_median": 999.9999720677733,
  "summary_wm_n": 194097.0,
  "summary_wm_p05": 937.2946986667812,
  "summary_wm_p95": 1064.7831326685846,
  "summary_wm_stdv": 39.13450420877757,
  "tpm_overlap_csf": 0.15556440906102248,
  "tpm_overlap_gm": 0.47739146325068466,
  "tpm_overlap_wm": 0.5240457468267067,
  "wm2max": 0.5620373335342538
}