{
  "bids_meta": {
    "AcquisitionMatrixPE": 232,
    "AcquisitionNumber": 1,
    "AcquisitionTime": "10:38:11.987500",
    "BaseResolution": 256,
    "BodyPartExamined": "BRAIN",
    "ConsistencyInfo": "N4_VE11C_LATEST_20160120",
    "ConversionSoftware": "dcm2niix",
    "ConversionSoftwareVersion": "v1.0.20181114  Clang4.0.1",
    "DeviceSerialNumber": "67007",
    "DwellTime": 8.2e-06,
    "EchoTime": 0.00298,
    "FlipAngle": 9,
    "ImageOrientationPatientDICOM": [
      0,
      1,
      0,
      0,
      0,
      -1
    ],
    "ImageType": [
      "ORIGINAL",
      "PRIMARY",
      "M",
      "ND",
      "NORM"
    ],
    "ImagingFrequency": 123.211,
    "InPlanePhaseEncodingDirectionDICOM": "ROW",
    "InstitutionAddress": "Perth_Drive_100_London_Ontario_CA_N6A_5K8",
    "InstitutionName": "Robarts_Research_Institute",
    "InstitutionalDepartmentName": "CFMM",
    "InversionTime": 0.9,
    "MRAcquisitionType": "3D",
    "MagneticFieldStrength": 3,
    "Manufacturer": "Siemens",
    "ManufacturersModelName": "Prisma_fit",
    "Modality": "MR",
    "PartialFourier": 1,
    "PatientPosition": "HFS",
    "PercentPhaseFOV": 90.625,
    "PhaseEncodingSteps": 231,
    "PhaseResolution": 1,
    "PixelBandwidth": 240,
    "ProcedureStepDescription": "Ansari_NCNS",
    "ProtocolName": "MPRAGE_SAG_iPAT2",
    "PulseSequenceDetails": "%SiemensSeq%_tfl",
    "ReceiveCoilActiveElements": "HEA;HEP",
    "ReceiveCoilName": "Head_32",
    "ReconMatrixPE": 256,
    "RepetitionTime": 2.3,
    "SAR": 0.0442693,
    "ScanOptions": "IR",
    "ScanningSequence": "GR_IR",
    "SequenceName": "_tfl3d1_16ns",
    "SequenceVariant": "SK_SP_MP",
    "SeriesDescription": "MPRAGE_SAG_iPAT2",
    "SeriesNumber": 10,
    "ShimSetting": [
      5257,
      -6205,
      -3996,
      396,
      39,
      -226,
      -15,
      -20
    ],
    "SliceThickness": 1,
    "SoftwareVersions": "syngo_MR_E11",
    "StationName": "MRC35368",
    "TxRefAmp": 230.807,
    "dataset": "ds001838",
    "modality": "T1w",
    "session_id": "01",
    "subject_id": "04"
  },
  "cjv": 0.3701863446638717,
  "cnr": 3.6125750225221167,
  "efc": 0.5581104514787666,
  "fber": 3689.8412291755144,
  "fwhm_avg": 3.766116666666667,
  "fwhm_x": 3.84785,
  "fwhm_y": 3.81045,
  "fwhm_z": 3.64005,
  "icvs_csf": 0.21830784626588903,
  "icvs_gm": 0.43109903179639797,
  "icvs_wm": 0.350593121937713,
  "inu_med": 0.4297972470521927,
  "inu_range": 0.11099662631750107,
  "provenance": {
    "md5sum": "ade8c2f41000d25cfa0d76f13f936cfa",
    "settings": {
      "testing": false
    },
    "software": "mriqc",
    "version": "22.0.1",
    "warnings": {
      "large_rot_frame": true,
      "small_air_mask": false
    },
    "webapi_port": null,
    "webapi_url": "https://mriqc.nimh.nih.gov/api/v1"
  },
  "qi_1": 0.0,
  "qi_2": 0.020800638048213704,
  "rpve_csf": 23.98211050341196,
  "rpve_gm": 12.50625,
  "rpve_wm": 17.42823847946649,
  "size_x": 192,
  "size_y": 232,
  "size_z": 256,
  "snr_csf": 2.787727686090796,
  "snr_gm": 11.932034463391854,
  "snr_total": 13.091445894016525,
  "snr_wm": 24.554575532566922,
  "snrd_csf": 28.31732619294619,
  "snrd_gm": 73.40558120328635,
  "snrd_total": 67.30013401658331,
  "snrd_wm": 100.1774946535174,
  "spacing_x": 1.0,
  "spacing_y": 1.0,
  "spacing_z": 1.0,
  "summary_bg_k": 6.04088638576472,
  "summary_bg_mad": 0.0,
  "summary_bg_mean": 4.756009064958452,
  "summary_bg_median": 0.0,
  "summary_bg_n": 2234651.0,
  "summary_bg_p05": 0.0,
  "summary_bg_p95": 17.19154099933803,
  "summary_bg_stdv": 6.539756223715061,
  "summary_csf_k": 2.0140305040478186,
  "summary_csf_mad": 88.05840573927438,
  "summary_csf_mean": 295.6553742841417,
  "summary_csf_median": 282.67153253778815,
  "summary_csf_n": 50878.0,
  "summary_csf_p05": 157.72706385534258,
  "summary_csf_p95": 487.53993173874915,
  "summary_csf_stdv": 101.39754897858452,
  "summary_gm_k": -0.04650565568505449,
  "summary_gm_mad": 61.39727982128711,
  "summary_gm_mean": 733.2286002391951,
  "summary_gm_median": 732.7552041523159,
  "summary_gm_n": 29323.0,
  "summary_gm_p05": 632.5604690076783,
  "summary_gm_p95": 835.4723795603959,
  "summary_gm_stdv": 61.40970441770604,
  "summary_wm_k": 0.9905834653640078,
  "summary_wm_mad": 37.53309097083826,
  "summary_wm_mean": 1000.6264512368738,
  "summary_wm_median": 999.9999910499901,
  "summary_wm_n": 199477.0,
  "summary_wm_p05": 935.5241054259241,
  "summary_wm_p95": 1067.6707648243755,
  "summary_wm_stdv": 40.72550483171359,
  "tpm_overlap_csf": 0.1629820287960942,
  "tpm_overlap_gm": 0.4721771811956372,
  "tpm_overlap_wm": 0.509803418568707,
  "wm2max": 0.5732700727380557
}