{
  "bids_meta": {
    "AcquisitionMatrixPE": 256,
    "AcquisitionNumber": 1,
    "AcquisitionTime": "14:34:54.247500",
    "BaseResolution": 256,
    "BodyPartExamined": "BRAIN",
    "ConsistencyInfo": "N4_VE11C_LATEST_20160120",
    "ConversionSoftware": "dcm2niix",
    "ConversionSoftwareVersion": "v1.0.20181114  Clang4.0.1",
    "DeviceSerialNumber": "67007",
    "DwellTime": 8.2e-06,
    "EchoTime": 0.00298,
    "FlipAngle": 9,
    "ImageOrientationPatientDICOM": [
      -0.0888944,
      0.996041,
      0,
      0,
      0,
      -1
    ],
    "ImageType": [
      "ORIGINAL",
      "PRIMARY",
      "M",
      "ND",
      "NORM"
    ],
    "ImagingFrequency": 123.211,
    "InPlanePhaseEncodingDirectionDICOM": "ROW",
    "InstitutionAddress": "Perth_Drive_100_London_Ontario_CA_N6A_5K8",
    "InstitutionName": "Robarts-CFMM",
    "InstitutionalDepartmentName": "CFMM",
    "InversionTime": 0.9,
    "MRAcquisitionType": "3D",
    "MagneticFieldStrength": 3,
    "Manufacturer": "Siemens",
    "ManufacturersModelName": "Prisma_fit",
    "Modality": "MR",
    "PartialFourier": 1,
    "PatientPosition": "HFS",
    "PercentPhaseFOV": 100,
    "PhaseEncodingSteps": 255,
    "PhaseResolution": 1,
    "PixelBandwidth": 240,
    "ProcedureStepDescription": "Ansari_NCNS",
    "ProtocolName": "MPRAGE_SAG_iPAT2",
    "PulseSequenceDetails": "%SiemensSeq%_tfl",
    "ReceiveCoilActiveElements": "HEA;HEP",
    "ReceiveCoilName": "Head_32",
    "ReconMatrixPE": 256,
    "RepetitionTime": 2.3,
    "SAR": 0.0943872,
    "ScanOptions": "IR",
    "ScanningSequence": "GR_IR",
    "SequenceName": "_tfl3d1_16ns",
    "SequenceVariant": "SK_SP_MP",
    "SeriesDescription": "MPRAGE_SAG_iPAT2",
    "SeriesNumber": 10,
    "ShimSetting": [
      5240,
      -6194,
      -3731,
      369,
      20,
      -106,
      66,
      32
    ],
    "SliceThickness": 1,
    "SoftwareVersions": "syngo_MR_E11",
    "StationName": "MRC35368",
    "TxRefAmp": 303.512,
    "dataset": "ds001838",
    "modality": "T1w",
    "session_id": "01",
    "subject_id": "120"
  },
  "cjv": 0.34854366589717545,
  "cnr": 3.737317298129899,
  "efc": 0.5674310575007211,
  "fber": 8353.236055288697,
  "fwhm_avg": 3.7329033333333332,
  "fwhm_x": 3.72152,
  "fwhm_y": 3.954,
  "fwhm_z": 3.52319,
  "icvs_csf": 0.183021015599464,
  "icvs_gm": 0.4211870870322119,
  "icvs_wm": 0.3957918973683241,
  "inu_med": 0.39814504981040955,
  "inu_range": 0.12254113554954527,
  "provenance": {
    "md5sum": "59f346e957752c4e724dd0b5f0819db2",
    "settings": {
      "testing": false
    },
    "software": "mriqc",
    "version": "22.0.1",
    "warnings": {
      "large_rot_frame": true,
      "small_air_mask": false
    },
    "webapi_port": null,
    "webapi_url": "https://mriqc.nimh.nih.gov/api/v1"
  },
  "qi_1": 0.0,
  "qi_2": 0.00977382362297383,
  "rpve_csf": 24.34794274794275,
  "rpve_gm": 11.538933297095245,
  "rpve_wm": 14.569634765773069,
  "size_x": 192,
  "size_y": 256,
  "size_z": 256,
  "snr_csf": 3.589974086043731,
  "snr_gm": 11.455399766111245,
  "snr_total": 13.63495552196178,
  "snr_wm": 25.85949271373037,
  "snrd_csf": 30.308313250849995,
  "snrd_gm": 73.16942945407192,
  "snrd_total": 68.25178476004547,
  "snrd_wm": 101.27761157521448,
  "spacing_x": 1.0,
  "spacing_y": 1.0,
  "spacing_z": 1.0,
  "summary_bg_k": 8.34997339796896,
  "summary_bg_mad": 0.0,
  "summary_bg_mean": 4.32312167797097,
  "summary_bg_median": 0.0,
  "summary_bg_n": 3385990.0,
  "summary_bg_p05": 0.0,
  "summary_bg_p95": 16.14403209090233,
  "summary_bg_stdv": 6.468719117681314,
  "summary_csf_k": 3.6119814163406003,
  "summary_csf_mad": 54.102325842209844,
  "summary_csf_mean": 313.77749376961634,
  "summary_csf_median": 299.25976537168026,
  "summary_csf_n": 48422.0,
  "summary_csf_p05": 212.1787074804306,
  "summary_csf_p95": 481.12005498185744,
  "summary_csf_stdv": 83.35900707395237,
  "summary_gm_k": 0.12751422384623012,
  "summary_gm_mad": 60.996098248199885,
  "summary_gm_mean": 724.3783814482026,
  "summary_gm_median": 722.4640351831913,
  "summary_gm_n": 37864.0,
  "summary_gm_p05": 623.293552339077,
  "summary_gm_p95": 832.5280198656022,
  "summary_gm_stdv": 63.0667204655463,
  "summary_wm_k": 0.8763242656795556,
  "summary_wm_mad": 35.737316152652376,
  "summary_wm_mean": 1000.4131303490341,
  "summary_wm_median": 1000.0000338703394,
  "summary_wm_n": 289098.0,
  "summary_wm_p05": 937.8045922666788,
  "summary_wm_p95": 1063.6462064683437,
  "summary_wm_stdv": 38.67045326146322,
  "tpm_overlap_csf": 0.15671218310236623,
  "tpm_overlap_gm": 0.4429390043736907,
  "tpm_overlap_wm": 0.49421290647721694,
  "wm2max": 0.5118373501496982
}