{
  "aor": 0.0008377486910994765,
  "aqi": 0.006202773926701572,
  "bids_meta": {
    "AcquisitionMatrixPE": 84,
    "AcquisitionNumber": 1,
    "AcquisitionTime": "10:23:31.172500",
    "BandwidthPerPixelPhaseEncode": 15.664,
    "BaseResolution": 84,
    "BodyPartExamined": "BRAIN",
    "ConsistencyInfo": "N4_VE11C_LATEST_20160120",
    "ConversionSoftware": "dcm2niix",
    "ConversionSoftwareVersion": "v1.0.20181114  Clang4.0.1",
    "DerivedVendorReportedEchoSpacing": 0.000760008,
    "DeviceSerialNumber": "67007",
    "DwellTime": 3.8e-06,
    "EchoTime": 0.03,
    "EchoTrainLength": 74,
    "EffectiveEchoSpacing": 0.000760008,
    "FlipAngle": 40,
    "ImageComments": "Unaliased_MB4_PE3",
    "ImageOrientationPatientDICOM": [
      1,
      0,
      0,
      0,
      0.876307,
      -0.481754
    ],
    "ImageType": [
      "ORIGINAL",
      "PRIMARY",
      "M",
      "MB",
      "ND",
      "NORM",
      "MOSAIC"
    ],
    "ImagingFrequency": 123.211,
    "InPlanePhaseEncodingDirectionDICOM": "COL",
    "InstitutionAddress": "Perth_Drive_100_London_Ontario_CA_N6A_5K8",
    "InstitutionName": "Robarts_Research_Institute",
    "InstitutionalDepartmentName": "CFMM",
    "MRAcquisitionType": "2D",
    "MagneticFieldStrength": 3,
    "Manufacturer": "Siemens",
    "ManufacturersModelName": "Prisma_fit",
    "Modality": "MR",
    "MultibandAccelerationFactor": 4,
    "PartialFourier": 0.875,
    "PatientPosition": "HFS",
    "PercentPhaseFOV": 100,
    "PhaseEncodingDirection": "j-",
    "PhaseEncodingSteps": 74,
    "PhaseResolution": 1,
    "PixelBandwidth": 1565,
    "ProcedureStepDescription": "Ansari_NCNS",
    "ProtocolName": "ep_bold_mb4_adaptation_3",
    "PulseSequenceDetails": "%CustomerSeq%_cmrr_mbep2d_bold",
    "ReceiveCoilActiveElements": "HEA;HEP",
    "ReceiveCoilName": "Head_32",
    "ReconMatrixPE": 84,
    "RepetitionTime": 1,
    "SAR": 0.0444447,
    "ScanOptions": "PFP_FS",
    "ScanningSequence": "EP",
    "SequenceName": "epfid2d1_84",
    "SequenceVariant": "SK_SS",
    "SeriesDescription": "ep_bold_mb4_adaptation_3",
    "SeriesNumber": 6,
    "ShimSetting": [
      5256,
      -6222,
      -3984,
      520,
      66,
      -18,
      0,
      7
    ],
    "SliceThickness": 2.5,
    "SliceTiming": [
      0,
      0.4075,
      0.815,
      0.245,
      0.6525,
      0.08,
      0.49,
      0.8975,
      0.325,
      0.735,
      0.1625,
      0.57,
      0,
      0.4075,
      0.815,
      0.245,
      0.6525,
      0.08,
      0.49,
      0.8975,
      0.325,
      0.735,
      0.1625,
      0.57,
      0,
      0.4075,
      0.815,
      0.245,
      0.6525,
      0.08,
      0.49,
      0.8975,
      0.325,
      0.735,
      0.1625,
      0.57,
      0,
      0.4075,
      0.815,
      0.245,
      0.6525,
      0.08,
      0.49,
      0.8975,
      0.325,
      0.735,
      0.1625,
      0.57
    ],
    "SoftwareVersions": "syngo_MR_E11",
    "SpacingBetweenSlices": 2.5,
    "StationName": "MRC35368",
    "TaskName": "Adaptation",
    "TotalReadoutTime": 0.0630806,
    "TxRefAmp": 230.807,
    "WipMemBlock": "cda6942e-13a2-4738-9616-ed04ec743115||Sequence: R016 ve11c/master r/e634e98; Dec 19 2017 11:00:25 by eja",
    "dataset": "ds001838",
    "modality": "bold",
    "run_id": 3,
    "session_id": "01",
    "subject_id": "04",
    "task_id": "Adaptation"
  },
  "dummy_trs": 4,
  "dvars_nstd": 24.121960267007882,
  "dvars_std": 1.1391989100000004,
  "dvars_vstd": 0.9883072035695554,
  "efc": 0.5279067006546362,
  "fber": 6285.40966796875,
  "fd_mean": 0.10339780280948539,
  "fd_num": 19,
  "fd_perc": 4.973821989528796,
  "fwhm_avg": 1.9374063004628377,
  "fwhm_x": 1.885484930840825,
  "fwhm_y": 1.9469341593561111,
  "fwhm_z": 1.9797998111915767,
  "gcor": 0.0202765,
  "gsr_x": 0.0008087147143669426,
  "gsr_y": 0.020592927932739258,
  "provenance": {
    "md5sum": "1e66b423e0e8d5c159fc7a3651ddddec",
    "settings": {
      "fd_thres": 0.2,
      "testing": false
    },
    "software": "mriqc",
    "version": "22.0.1",
    "webapi_port": null,
    "webapi_url": "https://mriqc.nimh.nih.gov/api/v1"
  },
  "size_t": 382,
  "size_x": 84,
  "size_y": 84,
  "size_z": 48,
  "snr": 4.681934742328478,
  "spacing_tr": 1.0,
  "spacing_x": 2.4761905670166016,
  "spacing_y": 2.4761905670166016,
  "spacing_z": 2.500000238418579,
  "summary_bg_k": 30.332057982060853,
  "summary_bg_mad": 2.4409202002688843,
  "summary_bg_mean": 9.19467830657959,
  "summary_bg_median": 3.3369410037994385,
  "summary_bg_n": 201854.0,
  "summary_bg_p05": 1.037415224313736,
  "summary_bg_p95": 35.44845161437981,
  "summary_bg_stdv": 18.201696395874023,
  "summary_fg_k": 3.830883069627194,
  "summary_fg_mad": 46.837016177228364,
  "summary_fg_mean": 280.8495788574219,
  "summary_fg_median": 270.94293212890625,
  "summary_fg_n": 79072.0,
  "summary_fg_p05": 209.69485092163086,
  "summary_fg_p95": 383.8428970336914,
  "summary_fg_stdv": 57.86949920654297,
  "tsnr": 60.564876556396484
}