{
  "aor": 0.0010206005221932116,
  "aqi": 0.0056593462663185375,
  "bids_meta": {
    "AcquisitionMatrixPE": 84,
    "AcquisitionNumber": 1,
    "AcquisitionTime": "10:30:23.470000",
    "BandwidthPerPixelPhaseEncode": 15.664,
    "BaseResolution": 84,
    "BodyPartExamined": "BRAIN",
    "ConsistencyInfo": "N4_VE11C_LATEST_20160120",
    "ConversionSoftware": "dcm2niix",
    "ConversionSoftwareVersion": "v1.0.20181114  Clang4.0.1",
    "DerivedVendorReportedEchoSpacing": 0.000760008,
    "DeviceSerialNumber": "67007",
    "DwellTime": 3.8e-06,
    "EchoTime": 0.03,
    "EchoTrainLength": 74,
    "EffectiveEchoSpacing": 0.000760008,
    "FlipAngle": 40,
    "ImageComments": "Unaliased_MB4_PE3",
    "ImageOrientationPatientDICOM": [
      1,
      0,
      0,
      0,
      0.876307,
      -0.481754
    ],
    "ImageType": [
      "ORIGINAL",
      "PRIMARY",
      "M",
      "MB",
      "ND",
      "NORM",
      "MOSAIC"
    ],
    "ImagingFrequency": 123.211,
    "InPlanePhaseEncodingDirectionDICOM": "COL",
    "InstitutionAddress": "Perth_Drive_100_London_Ontario_CA_N6A_5K8",
    "InstitutionName": "Robarts_Research_Institute",
    "InstitutionalDepartmentName": "CFMM",
    "MRAcquisitionType": "2D",
    "MagneticFieldStrength": 3,
    "Manufacturer": "Siemens",
    "ManufacturersModelName": "Prisma_fit",
    "Modality": "MR",
    "MultibandAccelerationFactor": 4,
    "PartialFourier": 0.875,
    "PatientPosition": "HFS",
    "PercentPhaseFOV": 100,
    "PhaseEncodingDirection": "j-",
    "PhaseEncodingSteps": 74,
    "PhaseResolution": 1,
    "PixelBandwidth": 1565,
    "ProcedureStepDescription": "Ansari_NCNS",
    "ProtocolName": "ep_bold_mb4_adaptation_4",
    "PulseSequenceDetails": "%CustomerSeq%_cmrr_mbep2d_bold",
    "ReceiveCoilActiveElements": "HEA;HEP",
    "ReceiveCoilName": "Head_32",
    "ReconMatrixPE": 84,
    "RepetitionTime": 1,
    "SAR": 0.0444447,
    "ScanOptions": "PFP_FS",
    "ScanningSequence": "EP",
    "SequenceName": "epfid2d1_84",
    "SequenceVariant": "SK_SS",
    "SeriesDescription": "ep_bold_mb4_adaptation_4",
    "SeriesNumber": 8,
    "ShimSetting": [
      5256,
      -6222,
      -3984,
      520,
      66,
      -18,
      0,
      7
    ],
    "SliceThickness": 2.5,
    "SliceTiming": [
      0,
      0.41,
      0.8175,
      0.245,
      0.655,
      0.0825,
      0.49,
      0.9,
      0.3275,
      0.735,
      0.165,
      0.5725,
      0,
      0.41,
      0.8175,
      0.245,
      0.655,
      0.0825,
      0.49,
      0.9,
      0.3275,
      0.735,
      0.165,
      0.5725,
      0,
      0.41,
      0.8175,
      0.245,
      0.655,
      0.0825,
      0.49,
      0.9,
      0.3275,
      0.735,
      0.165,
      0.5725,
      0,
      0.41,
      0.8175,
      0.245,
      0.655,
      0.0825,
      0.49,
      0.9,
      0.3275,
      0.735,
      0.165,
      0.5725
    ],
    "SoftwareVersions": "syngo_MR_E11",
    "SpacingBetweenSlices": 2.5,
    "StationName": "MRC35368",
    "TaskName": "Adaptation",
    "TotalReadoutTime": 0.0630806,
    "TxRefAmp": 230.807,
    "WipMemBlock": "15833ae5-91ea-45f1-966a-1b00086141fe||Sequence: R016 ve11c/master r/e634e98; Dec 19 2017 11:00:25 by eja",
    "dataset": "ds001838",
    "modality": "bold",
    "run_id": 4,
    "session_id": "01",
    "subject_id": "04",
    "task_id": "Adaptation"
  },
  "dummy_trs": 3,
  "dvars_nstd": 24.25467534057593,
  "dvars_std": 1.1617576326963355,
  "dvars_vstd": 1.0045818930366486,
  "efc": 0.5285466290177581,
  "fber": 6263.013671875,
  "fd_mean": 0.10361288645508915,
  "fd_num": 24,
  "fd_perc": 6.266318537859008,
  "fwhm_avg": 1.9362379799855154,
  "fwhm_x": 1.8827266617112286,
  "fwhm_y": 1.9458114670895992,
  "fwhm_z": 1.9801758111557188,
  "gcor": 0.0285945,
  "gsr_x": 0.00045717458124272525,
  "gsr_y": 0.020414404571056366,
  "provenance": {
    "md5sum": "7778e8072701433ac35797b8af16c4e1",
    "settings": {
      "fd_thres": 0.2,
      "testing": false
    },
    "software": "mriqc",
    "version": "22.0.1",
    "webapi_port": null,
    "webapi_url": "https://mriqc.nimh.nih.gov/api/v1"
  },
  "size_t": 383,
  "size_x": 84,
  "size_y": 84,
  "size_z": 48,
  "snr": 4.662801804825685,
  "spacing_tr": 1.0,
  "spacing_x": 2.4761905670166016,
  "spacing_y": 2.4761905670166016,
  "spacing_z": 2.500000238418579,
  "summary_bg_k": 29.809989247051355,
  "summary_bg_mad": 2.4382984397444556,
  "summary_bg_mean": 9.223762512207031,
  "summary_bg_median": 3.333311080932617,
  "summary_bg_n": 201706.0,
  "summary_bg_p05": 1.0412026643753052,
  "summary_bg_p95": 35.726969718933105,
  "summary_bg_stdv": 18.162015914916992,
  "summary_fg_k": 3.92048196249936,
  "summary_fg_mad": 46.771908004851966,
  "summary_fg_mean": 279.8291931152344,
  "summary_fg_median": 270.271728515625,
  "summary_fg_n": 79208.0,
  "summary_fg_p05": 208.84967498779298,
  "summary_fg_p95": 382.5907791137695,
  "summary_fg_stdv": 57.963008880615234,
  "tsnr": 62.200286865234375
}