{
  "bids_meta": {
    "AcquisitionMatrixPE": 248,
    "AcquisitionNumber": 1,
    "AcquisitionTime": "14:39:54.512500",
    "BaseResolution": 256,
    "BodyPartExamined": "BRAIN",
    "ConsistencyInfo": "N4_VE11C_LATEST_20160120",
    "ConversionSoftware": "dcm2niix",
    "ConversionSoftwareVersion": "v1.0.20181114  Clang4.0.1",
    "DeviceSerialNumber": "67007",
    "DwellTime": 8.2e-06,
    "EchoTime": 0.00298,
    "FlipAngle": 9,
    "ImageOrientationPatientDICOM": [
      0.052336,
      0.99863,
      0,
      0,
      0,
      -1
    ],
    "ImageType": [
      "ORIGINAL",
      "PRIMARY",
      "M",
      "ND",
      "NORM"
    ],
    "ImagingFrequency": 123.211,
    "InPlanePhaseEncodingDirectionDICOM": "ROW",
    "InstitutionAddress": "Perth_Drive_100_London_Ontario_CA_N6A_5K8",
    "InstitutionName": "Robarts_Research_Institute",
    "InstitutionalDepartmentName": "CFMM",
    "InversionTime": 0.9,
    "MRAcquisitionType": "3D",
    "MagneticFieldStrength": 3,
    "Manufacturer": "Siemens",
    "ManufacturersModelName": "Prisma_fit",
    "Modality": "MR",
    "PartialFourier": 1,
    "PatientPosition": "HFS",
    "PercentPhaseFOV": 96.875,
    "PhaseEncodingSteps": 255,
    "PhaseOversampling": 0.03,
    "PhaseResolution": 1,
    "PixelBandwidth": 240,
    "ProcedureStepDescription": "Ansari_NCNS",
    "ProtocolName": "MPRAGE_SAG_iPAT2",
    "PulseSequenceDetails": "%SiemensSeq%_tfl",
    "ReceiveCoilActiveElements": "HEA;HEP",
    "ReceiveCoilName": "Head_32",
    "ReconMatrixPE": 256,
    "RepetitionTime": 2.3,
    "SAR": 0.0712322,
    "ScanOptions": "IR",
    "ScanningSequence": "GR_IR",
    "SequenceName": "_tfl3d1_16ns",
    "SequenceVariant": "SK_SP_MP_OSP",
    "SeriesDescription": "MPRAGE_SAG_iPAT2",
    "SeriesNumber": 10,
    "ShimSetting": [
      5253,
      -6180,
      -3875,
      366,
      -4,
      -216,
      -21,
      26
    ],
    "SliceThickness": 1,
    "SoftwareVersions": "syngo_MR_E11",
    "StationName": "MRC35368",
    "TxRefAmp": 280.882,
    "dataset": "ds001838",
    "modality": "T1w",
    "session_id": "01",
    "subject_id": "01"
  },
  "cjv": 0.3123955206807358,
  "cnr": 4.205129106695157,
  "efc": 0.5778430928069042,
  "fber": 14479.28408970135,
  "fwhm_avg": 3.7626500000000003,
  "fwhm_x": 3.77102,
  "fwhm_y": 3.96661,
  "fwhm_z": 3.55032,
  "icvs_csf": 0.160247948020925,
  "icvs_gm": 0.4672276868005061,
  "icvs_wm": 0.37252436517856885,
  "inu_med": 0.39972370862960815,
  "inu_range": 0.10310310721397403,
  "provenance": {
    "md5sum": "964d871b90d4348f0914922ede369744",
    "settings": {
      "testing": false
    },
    "software": "mriqc",
    "version": "22.0.1",
    "warnings": {
      "large_rot_frame": true,
      "small_air_mask": false
    },
    "webapi_port": null,
    "webapi_url": "https://mriqc.nimh.nih.gov/api/v1"
  },
  "qi_1": 0.0,
  "qi_2": 0.011842712933867287,
  "rpve_csf": 32.89899239342518,
  "rpve_gm": 12.866363551889982,
  "rpve_wm": 17.806486232193,
  "size_x": 192,
  "size_y": 248,
  "size_z": 256,
  "snr_csf": 2.3254923132883025,
  "snr_gm": 13.472228491349943,
  "snr_total": 13.520307177117589,
  "snr_wm": 24.76320072671452,
  "snrd_csf": 36.73375199048117,
  "snrd_gm": 87.30238700446776,
  "snrd_total": 81.92075761750046,
  "snrd_wm": 121.72613385755241,
  "spacing_x": 1.0,
  "spacing_y": 1.0,
  "spacing_z": 1.0,
  "summary_bg_k": 219.05199952072925,
  "summary_bg_mad": 5.382052196696386,
  "summary_bg_mean": 4.673303193064241,
  "summary_bg_median": 3.6301390416920185,
  "summary_bg_n": 2670678.0,
  "summary_bg_p05": 0.0,
  "summary_bg_p95": 20.24614132195711,
  "summary_bg_stdv": 7.6087174866431155,
  "summary_csf_k": 0.7306987604640374,
  "summary_csf_mad": 120.6367309454629,
  "summary_csf_mean": 300.0972391915806,
  "summary_csf_median": 301.7737536691129,
  "summary_csf_n": 18129.0,
  "summary_csf_p05": 89.46669504866004,
  "summary_csf_p95": 519.930353412032,
  "summary_csf_stdv": 129.76410580829562,
  "summary_gm_k": 0.32832228762822924,
  "summary_gm_mad": 50.5387828226368,
  "summary_gm_mean": 718.2818871735387,
  "summary_gm_median": 717.2033240012825,
  "summary_gm_n": 55210.0,
  "summary_gm_p05": 632.6609273193404,
  "summary_gm_p95": 808.4747589068486,
  "summary_gm_stdv": 53.23520375282457,
  "summary_wm_k": 0.6229605592129692,
  "summary_wm_mad": 37.805634942647785,
  "summary_wm_mean": 1000.3274815801931,
  "summary_wm_median": 1000.0000093467534,
  "summary_wm_n": 219706.0,
  "summary_wm_p05": 934.7460465729237,
  "summary_wm_p95": 1066.7001250721514,
  "summary_wm_stdv": 40.38241036009609,
  "tpm_overlap_csf": 0.14483134636878828,
  "tpm_overlap_gm": 0.48452146039676636,
  "tpm_overlap_wm": 0.5375542267632017,
  "wm2max": 0.5686211988991072
}