{
  "bids_meta": {
    "AcquisitionMatrixPE": 224,
    "AcquisitionNumber": 1,
    "AcquisitionTime": "14:46:50.242500",
    "BaseResolution": 256,
    "BodyPartExamined": "BRAIN",
    "ConsistencyInfo": "N4_VE11C_LATEST_20160120",
    "ConversionSoftware": "dcm2niix",
    "ConversionSoftwareVersion": "v1.0.20181114  Clang4.0.1",
    "DeviceSerialNumber": "67007",
    "DwellTime": 8.2e-06,
    "EchoTime": 0.00298,
    "FlipAngle": 9,
    "ImageOrientationPatientDICOM": [
      -0.050593,
      0.998719,
      0,
      0,
      0,
      -1
    ],
    "ImageType": [
      "ORIGINAL",
      "PRIMARY",
      "M",
      "ND",
      "NORM"
    ],
    "ImagingFrequency": 123.211,
    "InPlanePhaseEncodingDirectionDICOM": "ROW",
    "InstitutionAddress": "Perth_Drive_100_London_Ontario_CA_N6A_5K8",
    "InstitutionName": "Robarts_Research_Institute",
    "InstitutionalDepartmentName": "CFMM",
    "InversionTime": 0.9,
    "MRAcquisitionType": "3D",
    "MagneticFieldStrength": 3,
    "Manufacturer": "Siemens",
    "ManufacturersModelName": "Prisma_fit",
    "Modality": "MR",
    "PartialFourier": 1,
    "PatientPosition": "HFS",
    "PercentPhaseFOV": 87.5,
    "PhaseEncodingSteps": 223,
    "PhaseResolution": 1,
    "PixelBandwidth": 240,
    "ProcedureStepDescription": "Ansari_NCNS",
    "ProtocolName": "MPRAGE_SAG_iPAT2",
    "PulseSequenceDetails": "%SiemensSeq%_tfl",
    "ReceiveCoilActiveElements": "HEA;HEP",
    "ReceiveCoilName": "Head_32",
    "ReconMatrixPE": 256,
    "RepetitionTime": 2.3,
    "SAR": 0.0485345,
    "ScanOptions": "IR",
    "ScanningSequence": "GR_IR",
    "SequenceName": "_tfl3d1_16ns",
    "SequenceVariant": "SK_SP_MP",
    "SeriesDescription": "MPRAGE_SAG_iPAT2",
    "SeriesNumber": 10,
    "ShimSetting": [
      5222,
      -6149,
      -3940,
      432,
      -27,
      166,
      129,
      14
    ],
    "SliceThickness": 1,
    "SoftwareVersions": "syngo_MR_E11",
    "StationName": "MRC35368",
    "TxRefAmp": 234.245,
    "dataset": "ds001838",
    "modality": "T1w",
    "session_id": "01",
    "subject_id": "106"
  },
  "cjv": 0.35978274763269136,
  "cnr": 3.6097330106379686,
  "efc": 0.5658137574771457,
  "fber": 2213.939300643048,
  "fwhm_avg": 3.7712766666666666,
  "fwhm_x": 3.83193,
  "fwhm_y": 3.91294,
  "fwhm_z": 3.56896,
  "icvs_csf": 0.2308674225026287,
  "icvs_gm": 0.421017708643429,
  "icvs_wm": 0.34811486885394227,
  "inu_med": 0.37309008836746216,
  "inu_range": 0.08620235770940765,
  "provenance": {
    "md5sum": "349f3e293d9b22dae65cbc083b9730de",
    "settings": {
      "testing": false
    },
    "software": "mriqc",
    "version": "22.0.1",
    "warnings": {
      "large_rot_frame": true,
      "small_air_mask": false
    },
    "webapi_port": null,
    "webapi_url": "https://mriqc.nimh.nih.gov/api/v1"
  },
  "qi_1": 0.0,
  "qi_2": 0.011911638531002786,
  "rpve_csf": 22.736277784822363,
  "rpve_gm": 12.531573624898671,
  "rpve_wm": 17.351790192685044,
  "size_x": 192,
  "size_y": 224,
  "size_z": 256,
  "snr_csf": 2.928339027304438,
  "snr_gm": 11.985442326761088,
  "snr_total": 13.898269977635882,
  "snr_wm": 26.781028578842122,
  "snrd_csf": 34.719361818456875,
  "snrd_gm": 90.16079835647508,
  "snrd_total": 82.29726517884028,
  "snrd_wm": 122.01163536158887,
  "spacing_x": 1.0,
  "spacing_y": 1.0,
  "spacing_z": 1.0,
  "summary_bg_k": 8.305096383114165,
  "summary_bg_mad": 5.3694583121316,
  "summary_bg_mean": 4.085329229361369,
  "summary_bg_median": 3.6216445956379175,
  "summary_bg_n": 2274130.0,
  "summary_bg_p05": 0.0,
  "summary_bg_p95": 16.86042946204543,
  "summary_bg_stdv": 5.873128901940823,
  "summary_csf_k": 2.3257501307484665,
  "summary_csf_mad": 84.82841703199503,
  "summary_csf_mean": 293.16011521939726,
  "summary_csf_median": 284.55778965726495,
  "summary_csf_n": 56250.0,
  "summary_csf_p05": 154.1009775443934,
  "summary_csf_p95": 473.3732958404345,
  "summary_csf_stdv": 97.17292212076411,
  "summary_gm_k": 0.22472355361034513,
  "summary_gm_mad": 59.40245267160716,
  "summary_gm_mean": 738.9527762616887,
  "summary_gm_median": 738.952450457029,
  "summary_gm_n": 26996.0,
  "summary_gm_p05": 636.9529390092939,
  "summary_gm_p95": 840.776966472622,
  "summary_gm_stdv": 61.65302404802681,
  "summary_wm_k": 0.9683329308747277,
  "summary_wm_mad": 34.51794629227457,
  "summary_wm_mean": 1000.3570742935634,
  "summary_wm_median": 999.9999842308462,
  "summary_wm_n": 199408.0,
  "summary_wm_p05": 940.1667634323239,
  "summary_wm_p95": 1061.1114325337112,
  "summary_wm_stdv": 37.33977109437101,
  "tpm_overlap_csf": 0.1499523599785034,
  "tpm_overlap_gm": 0.4641486252085327,
  "tpm_overlap_wm": 0.5122710138952651,
  "wm2max": 0.5851721251625083
}