{
  "aor": 0.0008114248021108179,
  "aqi": 0.014763127097625332,
  "bids_meta": {
    "AcquisitionMatrixPE": 84,
    "AcquisitionNumber": 1,
    "AcquisitionTime": "10:32:19.527500",
    "BandwidthPerPixelPhaseEncode": 15.664,
    "BaseResolution": 84,
    "BodyPartExamined": "BRAIN",
    "ConsistencyInfo": "N4_VE11C_LATEST_20160120",
    "ConversionSoftware": "dcm2niix",
    "ConversionSoftwareVersion": "v1.0.20181114  Clang4.0.1",
    "DerivedVendorReportedEchoSpacing": 0.000760008,
    "DeviceSerialNumber": "67007",
    "DwellTime": 3.8e-06,
    "EchoTime": 0.03,
    "EchoTrainLength": 74,
    "EffectiveEchoSpacing": 0.000760008,
    "FlipAngle": 40,
    "ImageComments": "Unaliased_MB4_PE3",
    "ImageOrientationPatientDICOM": [
      1,
      0,
      0,
      0,
      0.910684,
      -0.413104
    ],
    "ImageType": [
      "ORIGINAL",
      "PRIMARY",
      "M",
      "MB",
      "ND",
      "NORM",
      "MOSAIC"
    ],
    "ImagingFrequency": 123.211,
    "InPlanePhaseEncodingDirectionDICOM": "COL",
    "InstitutionAddress": "Perth_Drive_100_London_Ontario_CA_N6A_5K8",
    "InstitutionName": "Robarts_Research_Institute",
    "InstitutionalDepartmentName": "CFMM",
    "MRAcquisitionType": "2D",
    "MagneticFieldStrength": 3,
    "Manufacturer": "Siemens",
    "ManufacturersModelName": "Prisma_fit",
    "Modality": "MR",
    "MultibandAccelerationFactor": 4,
    "PartialFourier": 0.875,
    "PatientPosition": "HFS",
    "PercentPhaseFOV": 100,
    "PhaseEncodingDirection": "j-",
    "PhaseEncodingSteps": 74,
    "PhaseResolution": 1,
    "PixelBandwidth": 1565,
    "ProcedureStepDescription": "Ansari_NCNS",
    "ProtocolName": "ep_bold_mb4_adaptation_2",
    "PulseSequenceDetails": "%CustomerSeq%_cmrr_mbep2d_bold",
    "ReceiveCoilActiveElements": "HEA;HEP",
    "ReceiveCoilName": "Head_32",
    "ReconMatrixPE": 84,
    "RepetitionTime": 1,
    "SAR": 0.0661631,
    "ScanOptions": "PFP_FS",
    "ScanningSequence": "EP",
    "SequenceName": "epfid2d1_84",
    "SequenceVariant": "SK_SS",
    "SeriesDescription": "ep_bold_mb4_adaptation_2",
    "SeriesNumber": 10,
    "ShimSetting": [
      5257,
      -6199,
      -3910,
      451,
      -11,
      -66,
      195,
      8
    ],
    "SliceThickness": 2.5,
    "SliceTiming": [
      0,
      0.41,
      0.8175,
      0.245,
      0.655,
      0.0825,
      0.49,
      0.9,
      0.3275,
      0.735,
      0.165,
      0.5725,
      0,
      0.41,
      0.8175,
      0.245,
      0.655,
      0.0825,
      0.49,
      0.9,
      0.3275,
      0.735,
      0.165,
      0.5725,
      0,
      0.41,
      0.8175,
      0.245,
      0.655,
      0.0825,
      0.49,
      0.9,
      0.3275,
      0.735,
      0.165,
      0.5725,
      0,
      0.41,
      0.8175,
      0.245,
      0.655,
      0.0825,
      0.49,
      0.9,
      0.3275,
      0.735,
      0.165,
      0.5725
    ],
    "SoftwareVersions": "syngo_MR_E11",
    "SpacingBetweenSlices": 2.5,
    "StationName": "MRC35368",
    "TaskName": "Adaptation",
    "TotalReadoutTime": 0.0630806,
    "TxRefAmp": 256.972,
    "WipMemBlock": "032c48c0-c541-4a58-a35c-371c53a8366c||Sequence: R016 ve11c/master r/e634e98; Dec 19 2017 11:00:25 by eja",
    "dataset": "ds001838",
    "modality": "bold",
    "run_id": 2,
    "session_id": "01",
    "subject_id": "12",
    "task_id": "Adaptation"
  },
  "dummy_trs": 7,
  "dvars_nstd": 33.4575670482804,
  "dvars_std": 1.1417272065608464,
  "dvars_vstd": 0.9900714296031753,
  "efc": 0.5361839597117906,
  "fber": 4666.10546875,
  "fd_mean": 0.3516599848229586,
  "fd_num": 275,
  "fd_perc": 72.55936675461741,
  "fwhm_avg": 1.9744118895381417,
  "fwhm_x": 1.8512710859419352,
  "fwhm_y": 2.1273887681216914,
  "fwhm_z": 1.944575814550799,
  "gcor": 0.0179649,
  "gsr_x": -0.00483622495085001,
  "gsr_y": 0.0402366928756237,
  "provenance": {
    "md5sum": "e8eb0192afdbdfded7ce5a61b0f53748",
    "settings": {
      "fd_thres": 0.2,
      "testing": false
    },
    "software": "mriqc",
    "version": "22.0.1",
    "webapi_port": null,
    "webapi_url": "https://mriqc.nimh.nih.gov/api/v1"
  },
  "size_t": 379,
  "size_x": 84,
  "size_y": 84,
  "size_z": 48,
  "snr": 4.8762153157282135,
  "spacing_tr": 1.0,
  "spacing_x": 2.4761905670166016,
  "spacing_y": 2.4761905670166016,
  "spacing_z": 2.500000238418579,
  "summary_bg_k": 15.578077256906429,
  "summary_bg_mad": 2.8779389064262295,
  "summary_bg_mean": 11.367744445800781,
  "summary_bg_median": 3.2995564937591553,
  "summary_bg_n": 207575.0,
  "summary_bg_p05": 1.0795435309410095,
  "summary_bg_p95": 45.6917816162108,
  "summary_bg_stdv": 18.770111083984375,
  "summary_fg_k": 4.474007969052352,
  "summary_fg_mad": 41.0402962346369,
  "summary_fg_mean": 239.89967346191406,
  "summary_fg_median": 233.31735229492188,
  "summary_fg_n": 73814.0,
  "summary_fg_p05": 180.06393280029297,
  "summary_fg_p95": 318.4917053222654,
  "summary_fg_stdv": 47.84771728515625,
  "tsnr": 41.77914810180664
}