{
  "aor": 0.0006302857142857143,
  "aqi": 0.006787600857142857,
  "bids_meta": {
    "AcquisitionMatrixPE": 84,
    "AcquisitionNumber": 1,
    "AcquisitionTime": "13:43:41.497500",
    "BandwidthPerPixelPhaseEncode": 15.664,
    "BaseResolution": 84,
    "BodyPartExamined": "BRAIN",
    "ConsistencyInfo": "N4_VE11C_LATEST_20160120",
    "ConversionSoftware": "dcm2niix",
    "ConversionSoftwareVersion": "v1.0.20181114  Clang4.0.1",
    "DerivedVendorReportedEchoSpacing": 0.000760008,
    "DeviceSerialNumber": "67007",
    "DwellTime": 3.8e-06,
    "EchoTime": 0.03,
    "EchoTrainLength": 74,
    "EffectiveEchoSpacing": 0.000760008,
    "FlipAngle": 40,
    "ImageComments": "Unaliased_MB4_PE3",
    "ImageOrientationPatientDICOM": [
      1,
      0,
      0,
      0,
      0.904083,
      -0.427358
    ],
    "ImageType": [
      "ORIGINAL",
      "PRIMARY",
      "M",
      "MB",
      "ND",
      "NORM",
      "MOSAIC"
    ],
    "ImagingFrequency": 123.211,
    "InPlanePhaseEncodingDirectionDICOM": "COL",
    "InstitutionAddress": "Perth_Drive_100_London_Ontario_CA_N6A_5K8",
    "InstitutionName": "Robarts",
    "InstitutionalDepartmentName": "CFMM",
    "MRAcquisitionType": "2D",
    "MagneticFieldStrength": 3,
    "Manufacturer": "Siemens",
    "ManufacturersModelName": "Prisma_fit",
    "Modality": "MR",
    "MultibandAccelerationFactor": 4,
    "PartialFourier": 0.875,
    "PatientPosition": "HFS",
    "PercentPhaseFOV": 100,
    "PhaseEncodingDirection": "j-",
    "PhaseEncodingSteps": 74,
    "PhaseResolution": 1,
    "PixelBandwidth": 1565,
    "ProcedureStepDescription": "Ansari_NCNS",
    "ProtocolName": "ep_bold_mb4_adaptation_2",
    "PulseSequenceDetails": "%CustomerSeq%_cmrr_mbep2d_bold",
    "ReceiveCoilActiveElements": "HEA;HEP",
    "ReceiveCoilName": "Head_32",
    "ReconMatrixPE": 84,
    "RepetitionTime": 1,
    "SAR": 0.0622296,
    "ScanOptions": "PFP_FS",
    "ScanningSequence": "EP",
    "SequenceName": "epfid2d1_84",
    "SequenceVariant": "SK_SS",
    "SeriesDescription": "ep_bold_mb4_adaptation_2",
    "SeriesNumber": 4,
    "ShimSetting": [
      5239,
      -6146,
      -4074,
      794,
      37,
      -156,
      154,
      2
    ],
    "SliceThickness": 2.5,
    "SliceTiming": [
      0,
      0.41,
      0.8175,
      0.245,
      0.655,
      0.0825,
      0.49,
      0.9,
      0.3275,
      0.735,
      0.165,
      0.5725,
      0,
      0.41,
      0.8175,
      0.245,
      0.655,
      0.0825,
      0.49,
      0.9,
      0.3275,
      0.735,
      0.165,
      0.5725,
      0,
      0.41,
      0.8175,
      0.245,
      0.655,
      0.0825,
      0.49,
      0.9,
      0.3275,
      0.735,
      0.165,
      0.5725,
      0,
      0.41,
      0.8175,
      0.245,
      0.655,
      0.0825,
      0.49,
      0.9,
      0.3275,
      0.735,
      0.165,
      0.5725
    ],
    "SoftwareVersions": "syngo_MR_E11",
    "SpacingBetweenSlices": 2.5,
    "StationName": "MRC35368",
    "TaskName": "Adaptation",
    "TotalReadoutTime": 0.0630806,
    "TxRefAmp": 248.064,
    "WipMemBlock": "6523cbc9-f435-4e0b-8653-8d24db729964||Sequence: R016 ve11c/master r/e634e98; Dec 19 2017 11:00:25 by eja",
    "dataset": "ds001838",
    "modality": "bold",
    "run_id": 2,
    "session_id": "01",
    "subject_id": "22",
    "task_id": "Adaptation"
  },
  "dummy_trs": 1,
  "dvars_nstd": 27.372770006250008,
  "dvars_std": 1.1378099278125002,
  "dvars_vstd": 0.9982221245312505,
  "efc": 0.5202018287391446,
  "fber": 5487.87255859375,
  "fd_mean": 0.25088921955558685,
  "fd_num": 249,
  "fd_perc": 64.67532467532467,
  "fwhm_avg": 1.9333366667326544,
  "fwhm_x": 1.8319187789594658,
  "fwhm_y": 2.0642070396699523,
  "fwhm_z": 1.9038841815685446,
  "gcor": 0.018736,
  "gsr_x": -0.010538395494222641,
  "gsr_y": 0.0348886102437973,
  "provenance": {
    "md5sum": "d43839561d64535a52c4c6d5a2b11b61",
    "settings": {
      "fd_thres": 0.2,
      "testing": false
    },
    "software": "mriqc",
    "version": "22.0.1",
    "webapi_port": null,
    "webapi_url": "https://mriqc.nimh.nih.gov/api/v1"
  },
  "size_t": 385,
  "size_x": 84,
  "size_y": 84,
  "size_z": 48,
  "snr": 5.210587592128178,
  "spacing_tr": 1.0,
  "spacing_x": 2.4761905670166016,
  "spacing_y": 2.4761905670166016,
  "spacing_z": 2.499999761581421,
  "summary_bg_k": 19.172544819480436,
  "summary_bg_mad": 2.5253135298101417,
  "summary_bg_mean": 10.665730476379395,
  "summary_bg_median": 3.2255918979644775,
  "summary_bg_n": 210232.0,
  "summary_bg_p05": 1.0594230711460113,
  "summary_bg_p95": 44.9199207305907,
  "summary_bg_stdv": 18.77662467956543,
  "summary_fg_k": 2.821886454432244,
  "summary_fg_mad": 45.388234916923835,
  "summary_fg_mean": 254.04080200195312,
  "summary_fg_median": 249.28799438476562,
  "summary_fg_n": 69416.0,
  "summary_fg_p05": 188.99961471557617,
  "summary_fg_p95": 332.4825439453125,
  "summary_fg_stdv": 47.84224319458008,
  "tsnr": 55.69286346435547
}